##TITLE=Parameter List, ParaVision 360 V3.5
##JCAMPDX=4.24
##DATATYPE=Parameter Values
##ORIGIN=Bruker BioSpin MRI GmbH
##OWNER=cristina
$$ Write Options: Symbolic Enums, RLE encoded arrays, symbol visibility
$$ 2025-07-16 09:45:52.467 +0200  cristina@cibmsafe94t1
$$ /opt/PV-360.3.5/data/cristina/20250716_090103_MAR_003121_MAR_003121_1_1/7/pdata/1/visu_pars
$$ process /opt/PV-360.3.5/prog/bin/parxserver
##$VisuVersion=8
##$VisuUid=( 65 )
<2.16.756.5.5.200.8323328.2963398.1752650933.443>
##$VisuCreator=( 65 )
<ParaVision>
##$VisuCreatorVersion=( 195 )
<360.3.5>
##$VisuCreationDate=<2025-07-16T09:45:52,416+0200>
##$VisuInstanceType=STANDARD_INSTANCE
##$VisuInstanceModality=( 65 )
<MR>
##$VisuInstanceDeIdentified=No
##$VisuCoreFrameCount=40
##$VisuCoreDim=2
##$VisuCoreSize=( 2 )
128 128
##$VisuCoreDimDesc=( 2 )
spatial spatial
##$VisuCoreExtent=( 2 )
24 24
##$VisuCoreFrameThickness=( 1 )
0.3
##$VisuCoreUnits=( 2, 65 )
<mm> <mm>
##$VisuCoreOrientation=( 40, 9 )
-1 0 0 0 0 1 0 1 0 -1 0 0 0 0 1 0 1 0 -1 0 0 0 0 1 0 1 0 -1 0 0 0 0 1 0 1 0 
-1 0 0 0 0 1 0 1 0 -1 0 0 0 0 1 0 1 0 -1 0 0 0 0 1 0 1 0 -1 0 0 0 0 1 0 1 0 
-1 0 0 0 0 1 0 1 0 -1 0 0 0 0 1 0 1 0 -1 0 0 0 0 1 0 1 0 -1 0 0 0 0 1 0 1 0 
-1 0 0 0 0 1 0 1 0 -1 0 0 0 0 1 0 1 0 -1 0 0 0 0 1 0 1 0 -1 0 0 0 0 1 0 1 0 
-1 0 0 0 0 1 0 1 0 -1 0 0 0 0 1 0 1 0 -1 0 0 0 0 1 0 1 0 -1 0 0 0 0 1 0 1 0 
-1 0 0 0 0 1 0 1 0 -1 0 0 0 0 1 0 1 0 -1 0 0 0 0 1 0 1 0 -1 0 0 0 0 1 0 1 0 
-1 0 0 0 0 1 0 1 0 -1 0 0 0 0 1 0 1 0 -1 0 0 0 0 1 0 1 0 -1 0 0 0 0 1 0 1 0 
-1 0 0 0 0 1 0 1 0 -1 0 0 0 0 1 0 1 0 -1 0 0 0 0 1 0 1 0 -1 0 0 0 0 1 0 1 0 
-1 0 0 0 0 1 0 1 0 -1 0 0 0 0 1 0 1 0 -1 0 0 0 0 1 0 1 0 -1 0 0 0 0 1 0 1 0 
-1 0 0 0 0 1 0 1 0 -1 0 0 0 0 1 0 1 0 -1 0 0 0 0 1 0 1 0 -1 0 0 0 0 1 0 1 0
##$VisuCorePosition=( 40, 3 )
11.9862090699719 4.13589348837209 -14.0178005617291 11.9862090699719 
3.83589348837209 -14.0178005617291 11.9862090699719 3.53589348837209 
-14.0178005617291 11.9862090699719 3.23589348837209 -14.0178005617291 
11.9862090699719 2.93589348837209 -14.0178005617291 11.9862090699719 
2.63589348837209 -14.0178005617291 11.9862090699719 2.33589348837209 
-14.0178005617291 11.9862090699719 2.03589348837209 -14.0178005617291 
11.9862090699719 1.73589348837209 -14.0178005617291 11.9862090699719 
1.43589348837209 -14.0178005617291 11.9862090699719 1.13589348837209 
-14.0178005617291 11.9862090699719 0.83589348837209 -14.0178005617291 
11.9862090699719 0.53589348837209 -14.0178005617291 11.9862090699719 
0.23589348837209 -14.0178005617291 11.9862090699719 -0.0641065116279105 
-14.0178005617291 11.9862090699719 -0.36410651162791 -14.0178005617291 
11.9862090699719 -0.66410651162791 -14.0178005617291 11.9862090699719 
-0.96410651162791 -14.0178005617291 11.9862090699719 -1.26410651162791 
-14.0178005617291 11.9862090699719 -1.56410651162791 -14.0178005617291 
11.9862090699719 -1.86410651162791 -14.0178005617291 11.9862090699719 
-2.16410651162791 -14.0178005617291 11.9862090699719 -2.46410651162791 
-14.0178005617291 11.9862090699719 -2.76410651162791 -14.0178005617291 
11.9862090699719 -3.06410651162791 -14.0178005617291 11.9862090699719 
-3.36410651162791 -14.0178005617291 11.9862090699719 -3.66410651162791 
-14.0178005617291 11.9862090699719 -3.96410651162791 -14.0178005617291 
11.9862090699719 -4.26410651162791 -14.0178005617291 11.9862090699719 
-4.56410651162791 -14.0178005617291 11.9862090699719 -4.86410651162791 
-14.0178005617291 11.9862090699719 -5.16410651162791 -14.0178005617291 
11.9862090699719 -5.46410651162791 -14.0178005617291 11.9862090699719 
-5.76410651162791 -14.0178005617291 11.9862090699719 -6.06410651162791 
-14.0178005617291 11.9862090699719 -6.36410651162791 -14.0178005617291 
11.9862090699719 -6.66410651162791 -14.0178005617291 11.9862090699719 
-6.96410651162791 -14.0178005617291 11.9862090699719 -7.26410651162791 
-14.0178005617291 11.9862090699719 -7.56410651162791 -14.0178005617291
##$VisuCoreModalityOffset=( 1, 3 )
0 0 0
##$VisuCoreAtsCenterDistance=0
##$VisuCoreDataMin=( 40 )
65.2136691701952 68.7804105816361 63.8015869149377 61.210234542723 
66.9453331306801 85.1788927305295 64.4697223277078 90.4807348564038 
61.2025467053703 73.2602085566768 66.3827148626294 98.4236822611886 
101.267227677714 105.976149073839 107.217266756341 114.718988655074 
86.8364544949088 109.752544608602 86.6042736758985 82.1634463783916 
155.182064881463 93.4851544705888 100.461678298643 98.5012081170571 
84.9791564406491 79.3933169268155 52.3491370815673 96.8441229547624 
81.9715732305046 77.7816402153821 87.5101606948568 66.4818084239119 
101.476874372002 82.633710222925 59.6768514331332 89.480860796086 
45.8495290429943 59.3700653283477 81.5736737976063 78.5282440499515
##$VisuCoreDataMax=( 40 )
643.702900735235 668.666905772098 2046.15743499392 10404.9953681288 
20668.0878327281 25368.0482091405 22694.2613723605 32766.5 29123.6981576313 
27867.3580350079 27990.1096244615 25814.7535728999 27855.841726993 
30631.1102869083 27001.8606842692 26253.8105353013 24930.3777211395 
22025.6132472772 19183.0758968751 20050.3274908702 20776.8861806662 
19416.8365325791 18004.3806508917 16363.5107461056 16857.5489727562 
15797.1961771332 14932.6917985409 13182.4199510562 13019.2122367233 
14484.829869493 11841.2168410682 11528.2471996968 11946.9962766926 
10523.4188827586 10594.3168701455 9429.50146390009 11610.8615352 
13541.8580314687 14660.8545318158 17437.2494680394
##$VisuCoreDataOffs=( 40 )
@40*(0)
##$VisuCoreDataSlope=( 40 )
@40*(1.12233700277293)
##$VisuCoreFrameType=( 1 )
MAGNITUDE_IMAGE
##$VisuCoreSlicePacksDef=(0, 1)
##$VisuCoreSlicePacksSlices=( 1 )
(0, 40)
##$VisuCoreSlicePacksSliceDist=( 1 )
0.3
##$VisuCoreWordType=_16BIT_SGN_INT
##$VisuCoreByteOrder=littleEndian
##$VisuFGOrderDescDim=1
##$VisuFGOrderDesc=( 1 )
(40, <FG_SLICE>, <>, 0, 2)
##$VisuGroupDepVals=( 2 )
(<VisuCoreOrientation>, 0) (<VisuCorePosition>, 0)
##$VisuSubjectName=( 65 )
<20251607_Sham835_2Hind_M_w4^^^^>
##$VisuSubjectId=( 65 )
<MAR-003121>
##$VisuSubjectUid=( 65 )
<2.16.756.5.5.200.8323328.2963398.1752649263.13>
##$VisuSubjectInstanceCreationDate=(1752649263, 567, 120)
##$VisuSubjectBirthDate=( 9 )
<20250716>
##$VisuSubjectSex=UNKNOWN
##$VisuSubjectType=Quadruped
##$VisuStudyUid=( 65 )
<2.16.756.5.5.200.8323328.2963398.1752649263.14>
##$VisuStudyDate=<2025-07-16T09:01:03,568+0200>
##$VisuStudyId=( 65 )
<MAR-003121>
##$VisuStudyNumber=1
##$VisuSubjectWeight=0.227
##$VisuStudyReferringPhysician=( 65 )
<gianna>
##$VisuExperimentNumber=7
##$VisuProcessingNumber=1
##$VisuSeriesDate=<2025-07-16T09:45:52,416+0200>
##$VisuSubjectPosition=Head_Prone
##$VisuSeriesTypeId=( 65 )
<ACQ_BRUKER_PVM>
##$VisuSeriesCreationId=VCMN_ACQUISITION
##$VisuSeriesExperimentComment=( 65 )
<5_T2_TurboRARE_6_52K_Cor_250924_atlas_03_RC>
##$VisuSeriesFrameOfReferenceUid=( 65 )
<2.16.756.5.5.200.8323328.2963398.1752649263.14>
##$VisuManufacturer=( 65 )
<Bruker BioSpin MRI GmbH>
##$VisuAcqSoftwareVersion=( 65 )
<PV-360.3.5>
##$VisuInstitution=( 65 )
<EPFL AVP CP CIBM, Lausanne>
##$VisuStation=( 65 )
<BAP94/31>
##$VisuSystemOrderNumber=( 65 )
<5074720>
##$VisuAcqDate=<2025-07-16T09:32:18,505+0200>
##$VisuAcqSequenceName=( 40 )
<Bruker:RARE>
##$VisuAcquisitionProtocol=( 65 )
<5_T2_TurboRARE_6_52K_Cor_250924_atlas_03_RC>
##$VisuAcqScanTime=800000
##$VisuAcqFrameNumbers=( 40 )
0 20 1 21 2 22 3 23 4 24 5 25 6 26 7 27 8 28 9 29 10 30 11 31 12 32 13 33 14 
34 15 35 16 36 17 37 18 38 19 39
##$VisuCardiacSynchUsed=No
##$VisuRespSynchUsed=No
##$VisuAcqNumberOfAverages=10
##$VisuAcqRepetitionTime=( 1 )
4000
##$VisuCoilReceiveName=( 65 )
<RF CP F2.5 400 1H R.BR1 ARR[2X2] S RO>
##$VisuCoilReceiveManufacturer=( 65 )
<BCH>
##$VisuCoilReceiveType=MULTICOIL
##$VisuCoilReceiveIsQuadrature=No
##$VisuCoilReceiveMultiName=( 4 )
(<Element 1>, Yes) (<Element 2>, Yes) (<Element 3>, Yes) (<Element 4>, Yes)
##$VisuCoilTransmitName=( 65 )
<RF RES 400 1H 112/086 QSN TR AD>
##$VisuCoilTransmitManufacturer=( 65 )
<BMRIDE>
##$VisuCoilTransmitType=MULTICOIL
##$VisuCoilTransmitIsQuadrature=Yes
##$VisuCoilTransmitMultiName=( 2 )
(<Element 1>, Yes) (<Element 2>, Yes)
##$VisuAcqEchoTrainLength=6
##$VisuAcqImagingFrequency=400.264166650867
##$VisuAcqImagedNucleus=( 8 )
<1H>
##$VisuAcqPixelBandwidth=406.901041666667
##$VisuAcqFlipAngle=180
##$VisuMrAcqFlipAngleVariable=No
##$VisuAcqSize=( 2 )
120 128
##$VisuAcqImageSizeAccellerated=Yes
##$VisuAcqGradEncoding=( 2 )
phase_enc read_enc
##$VisuAcqEchoTime=( 1 )
32
##$VisuAcqAntiAlias=( 2 )
1 1
##$VisuAcqEchoSequenceType=SpinEcho
##$VisuAcqSpinsVelocityEncoded=No
##$VisuAcqHasTimeOfFlightContrast=No
##$VisuAcqIsEpiSequence=No
##$VisuAcqSpectralSuppression=FatSuppression
##$VisuAcqKSpaceTraversal=RectilinearTraversal
##$VisuAcqEncodingOrder=( 2 )
LinearEncoding LinearEncoding
##$VisuAcqKSpaceTrajectoryCnt=0
##$VisuAcqKSpaceFiltering=( 2 )
DICOM_NONE DICOM_NONE
##$VisuAcqFlowCompensation=FlowNone
##$VisuAcqSpoiling=GradientSpoiled
##$VisuAcqSaturation=( 2 )
(FovSaturation, 6, 1 -0 0, 12.5817992444885 -0 0) (FovSaturation, 6, 1 -0 0, 
-12.8127346714931 0 -0)
##$VisuAcqPartialFourier=( 2 )
1.0666666667 1
##$VisuAcqParallelReductionFactor=( 2 )
1 1
##$VisuAcqMagnetizationTransfer=No
##$VisuAcqBloodSignalNulling=No
##$VisuMagneticFieldStrength=9.40116888977046
##$VisuMrMultiSpinEcho=Yes
##$VisuMrMultiPlanar=No
##$VisuMrSteadyStatePulse=MR_ST_TRANSVERSE
##$VisuMrSegmentedKSpaceTraversal=MR_SKST_PARTIAL
##$VisuMrCoverageOfKSpace=MR_CKS_FULL
##$VisuMrPercentSampling=93.75
$$ @vis= Visu VisuInstance VisuVersion VisuUid VisuCreator VisuCreatorVersion
$$ @vis= VisuCreationDate VisuInstanceType VisuInstanceModality
$$ @vis= VisuInstanceDeIdentified VisuCore VisuCoreFrameCount VisuCoreDim
$$ @vis= VisuCoreSize VisuCoreDimDesc VisuCoreExtent VisuCoreFrameThickness
$$ @vis= VisuCoreUnits VisuCoreOrientation VisuCorePosition
$$ @vis= VisuCoreModalityOffset VisuCoreAtsCenterDistance VisuCoreDataMin
$$ @vis= VisuCoreDataMax VisuCoreDataOffs VisuCoreDataSlope VisuCoreFrameType
$$ @vis= VisuCoreSlicePacksDef VisuCoreSlicePacksSlices
$$ @vis= VisuCoreSlicePacksSliceDist VisuPixel VisuCoreWordType
$$ @vis= VisuCoreByteOrder VisuFrameOrderDesc VisuFGOrderDescDim
$$ @vis= VisuFGOrderDesc VisuGroupDepVals VisuSubject VisuSubjectName
$$ @vis= VisuSubjectId VisuSubjectUid VisuSubjectInstanceCreationDate
$$ @vis= VisuSubjectBirthDate VisuSubjectSex VisuSubjectType VisuStudy
$$ @vis= VisuStudyUid VisuStudyDate VisuStudyId VisuStudyNumber
$$ @vis= VisuSubjectWeight VisuStudyReferringPhysician VisuSeries
$$ @vis= VisuExperimentNumber VisuProcessingNumber VisuSeriesDate
$$ @vis= VisuSubjectPosition VisuSeriesTypeId VisuSeriesCreationId
$$ @vis= VisuSeriesExperimentComment VisuSeriesFrameOfReferenceUid
$$ @vis= VisuContrastAgent VisuEquipment VisuManufacturer
$$ @vis= VisuAcqSoftwareVersion VisuInstitution VisuStation
$$ @vis= VisuSystemOrderNumber VisuAcq VisuAcqDate VisuAcqSequenceName
$$ @vis= VisuAcquisitionProtocol VisuAcqScanTime VisuAcqFrameNumbers
$$ @vis= VisuCardiacSynchUsed VisuRespSynchUsed VisuAcqNumberOfAverages
$$ @vis= VisuMxi VisuAcqRepetitionTime VisuCoilReceive VisuCoilReceiveName
$$ @vis= VisuCoilReceiveManufacturer VisuCoilReceiveType
$$ @vis= VisuCoilReceiveIsQuadrature VisuCoilReceiveMultiName VisuCoilTransmit
$$ @vis= VisuCoilTransmitName VisuCoilTransmitManufacturer
$$ @vis= VisuCoilTransmitType VisuCoilTransmitIsQuadrature
$$ @vis= VisuCoilTransmitMultiName VisuMri VisuAcqEchoTrainLength
$$ @vis= VisuAcqImagingFrequency VisuAcqImagedNucleus VisuAcqPixelBandwidth
$$ @vis= VisuAcqFlipAngle VisuMrAcqFlipAngleVariable VisuAcqSize
$$ @vis= VisuAcqImageSizeAccellerated VisuAcqGradEncoding VisuAcqEchoTime
$$ @vis= VisuAcqAntiAlias VisuAcqEchoSequenceType VisuAcqSpinsVelocityEncoded
$$ @vis= VisuAcqHasTimeOfFlightContrast VisuAcqIsEpiSequence
$$ @vis= VisuAcqSpectralSuppression VisuAcqKSpaceTraversal
$$ @vis= VisuAcqEncodingOrder VisuAcqKSpaceTrajectoryCnt
$$ @vis= VisuAcqKSpaceFiltering VisuAcqFlowCompensation VisuAcqSpoiling
$$ @vis= VisuAcqSaturation VisuAcqPartialFourier
$$ @vis= VisuAcqParallelReductionFactor VisuAcqMagnetizationTransfer
$$ @vis= VisuAcqBloodSignalNulling VisuMagneticFieldStrength
$$ @vis= VisuMrMultiSpinEcho VisuMrMultiPlanar VisuMrSteadyStatePulse
$$ @vis= VisuMrSegmentedKSpaceTraversal VisuMrCoverageOfKSpace
$$ @vis= VisuMrPercentSampling VisuMrs
##END=
$$ File finished by PARX at 2025-07-16 09:45:52.468 +0200
