##TITLE=Parameter List, ParaVision 360 V1.1
##JCAMPDX=4.24
##DATATYPE=Parameter Values
##ORIGIN=Bruker BioSpin MRI GmbH
##OWNER=cristina
$$ Write Options: Symbolic Enums
$$ 2024-03-06 16:33:37.523 +0100  cristina@cibmscannerd
$$ /opt/nmrdata/user/Cristina/data/20240306_153617_SHAM761_SVS_malefemale_hippostriat_w6_JM_1_1/12/visu_pars
$$ process /opt/PV-360.1.1/prog/bin/parxserver
##$VisuVersion=4
##$VisuUid=( 65 )
<2.16.756.5.5.100.8323328.56524.1709739217.1>
##$VisuCreator=( 65 )
<ParaVision>
##$VisuCreatorVersion=( 195 )
<360.1.1>
##$VisuCreationDate=<2024-03-06T16:33:37,236+0100>
##$VisuInstanceType=STANDARD_INSTANCE
##$VisuInstanceModality=( 65 )
<MR>
##$VisuCoreFrameCount=256
##$VisuCoreDim=1
##$VisuCoreSize=( 1 )
4096
##$VisuCoreDimDesc=( 1 )
spectroscopic
##$VisuCoreExtent=( 1 )
0
##$VisuCoreUnits=( 1, 65 )
<[ppm]>
##$VisuCoreAtsCenterDistance=0
##$VisuCoreDataMin=( 256 )
20.0989098880273 8.93758091551413 22.4963092198482 33.3333053532501 
19.0301014899512 17.2371265690675 19.20300768685 12.5880954474135 
40.2312453878003 27.4323957498501 30.6049349366838 14.6872774907073 
40.5912432151129 19.7448808249285 34.160575288824 10.9366920056076 
31.1381181865602 14.8688410194086 53.6162519349914 21.6965447603782 
25.9224582019801 8.94200873755701 8.66583831506533 26.9217822481552 
27.9949972092253 16.2751312196206 6.02735620066823 18.6473870669445 
28.073256477096 21.2881533825637 13.2924415576378 16.3346620964052 
23.9393805403911 19.1385464095245 11.5434229137407 6.25641978673595 
20.913106794607 7.97382022383634 11.0053956351182 29.9330623716341 
11.4448598332429 39.8177887092334 22.7104766123974 4.04660341370927 
4.49130719637578 11.974098217949 10.0539891970424 34.0012160333441 
17.9853915539164 11.6087061844103 11.288307200341 18.1548600524626 
18.100074024266 14.6331005790455 12.1308590961349 4.43508854012139 
21.5305546968936 55.8517494984671 40.3172738177831 26.8038367570613 
37.3642065309296 22.4977414371672 26.0430240367428 21.5318882340976 
24.8006138396384 14.538291023642 20.7427825064818 17.5455564860446 
43.8248833803444 7.56930150000833 39.9713157312573 39.6012742422988 
29.320928501434 26.3150299386998 29.8098438619402 24.3571220159876 
46.9750269079473 23.8048962167699 9.34907720923778 21.8264416189812 
17.9647349713515 16.6762918070381 24.0994295469727 38.7327791337136 
44.1782810985744 10.5246691034243 40.6039011778344 10.22132190916 
16.3163291970524 6.02414545618351 7.89326268796106 42.1196830548041 
21.2568219103547 19.1752887995968 15.9221817378303 9.79709802270302 
16.4222929511465 26.7510714205898 8.90957902293463 28.4816158115229 
19.959090916389 19.3334167591611 21.1712559063229 10.975648369847 
19.0700624518783 41.9966356286777 16.1432883590417 42.5023557814842 
33.6681222522216 7.73251638196167 6.64165740049148 44.1326781811048 
16.4078421735968 24.6739627569836 25.9905893386283 8.5962499491973 
5.92465305714094 23.3315322258356 25.3658057736492 33.4111380079483 
3.18983284295846 32.2018049370029 39.8258904052067 13.9645427449446 
5.29409537798234 14.8403397259072 53.9134492500851 9.46606705438363 
24.2414925056614 28.8189710753786 11.9333466085185 12.1778977617734 
20.2594235475248 16.8569489420352 11.0060421489002 18.086099888252 
17.7777922475394 8.28925867297829 13.3121279451941 19.3118910072294 
42.670321763096 6.88276339887863 19.9295466350107 13.3208129563864 
22.7070221867343 13.8760765620611 19.8670125204882 24.2158659726352 
22.8356619892498 27.9707132931913 30.731969584619 21.2402653048726 
21.621651540102 16.1843489279419 17.4947204819914 32.1239827915736 
30.3730777878324 10.496547760379 33.6251666411846 17.1436931970918 
9.20300212112047 12.7264148453564 8.15104800100047 6.39648388871841 
16.4893370849616 25.3107393236796 21.1483876568358 24.6348354202655 
36.6567801262182 14.8068749960183 15.5484660041563 11.6394060492702 
44.9437383858303 25.3268988187649 30.4040813367363 30.8679252796765 
54.9289746605333 27.4116024113886 27.3847440315636 20.3066068949551 
30.8746950987577 10.9919782106326 16.4926872782162 14.8544922759642 
11.0687436261445 31.1062357439965 15.4094760026073 11.6766237138653 
5.3768724728415 27.6779366577214 14.4883922050558 43.356157777459 
26.3701010815602 10.1580868147452 20.037685256693 21.5111386587144 
23.4028293102952 25.5382021077845 37.4700513186475 5.94157405120552 
31.4584355708313 36.4666383551833 30.9459315713571 20.655025447664 
7.88249843027804 42.5700520088842 2.77386281140774 74.789019641305 
26.806445330904 29.3449209316936 56.8084888445841 34.4280825876909 
33.1601509092421 27.2677187942517 33.6150050655246 35.7247801142493 
4.18997500268152 9.67431081158965 37.8349017719952 28.4983858986561 
25.6284270699942 15.881876947578 20.8267645169666 27.4211440310226 
27.5349232485219 22.9727632128002 49.2348823032742 12.6083467594645 
40.5834201872991 27.98588680617 13.0056255762103 14.0686499687736 
18.750044094817 25.0681598887169 26.1566630950891 37.6015167057973 
15.7984998809526 7.98733043842457 10.8691242201998 31.431315284484 
18.8952020775048 22.5434308131162 19.6544452043752 18.2754811790904 
27.6777661499376 32.2302789208725 12.232185789319 19.5632135167133 
14.236818804771 18.5101997447248 16.9597789328324 22.8984425863184 
12.9015592969091 18.6680386449803 26.492297952784 26.4712712973357
##$VisuCoreDataMax=( 256 )
30064.1649310225 29758.1333668631 29803.560862443 28219.4023819377 
31100.7929428536 28048.9541707939 30688.9009693412 29084.033290779 
29723.9556794396 27637.5051856218 29972.95237086 28533.4777824797 
31513.3899447928 27790.5425749013 29977.9012768565 27480.4015573639 
30695.1462040831 28332.5079164877 31269.9384561401 28261.0046084965 
29120.2842394705 27990.9012708282 30503.9071740864 28320.059874784 
30732.3166983233 29473.67618076 29464.9249894611 28826.1895979424 
29637.8871886711 28313.8984264988 30821.4801822481 27954.308324485 
31215.7621438755 29517.359644438 29659.2149558143 27237.7951840446 
31849.6013270925 28665.0308272746 30738.1851597519 29638.7196766211 
29828.4784230372 28995.5993450433 32766.5 28902.8692220153 30639.3962346082 
27675.3990690712 29947.3226497165 27945.6989477327 30286.4970189293 
27669.2043152251 30388.6090503053 28263.4744360911 29498.3242329823 
27777.0702143549 30411.7113106658 28523.7087464959 30849.5457499206 
28925.1145316764 29680.868147799 27374.9940983285 31259.0787802034 
28086.3330212266 30203.7092309801 27804.8248798794 30264.4010324026 
27946.5767650427 30646.1224118919 28033.2578069812 28841.9505484127 
28967.896116152 30238.0836077133 28585.6511952945 29943.2985974053 
27440.1594263455 29810.1937700333 28602.2395186337 29310.5411344305 
26962.1384165236 30937.8726613783 28268.9883290509 30595.8227924228 
27309.7136095712 30474.1173541102 28095.681204727 31101.1356401828 
27444.0913779591 30517.3575116235 28321.2000900256 31048.5268550458 
27684.947149373 30577.1962012923 28279.0291844822 30008.6038770145 
27984.6261319653 30867.8463300683 27772.9335913213 29906.4873325434 
27227.4803891706 31502.8226306419 28479.5393841682 29897.806054254 
27752.2893460392 30437.3586319774 28147.9119276629 30144.7337269383 
28245.9711008924 30234.904065781 27001.0745176979 29689.4900041595 
30043.8403818113 30876.3759955416 26818.3073844599 30048.5349361562 
27488.4523555929 28859.3132668406 28913.2177751497 30648.6714331307 
28401.01277586 32171.4009255996 27031.646059939 29768.3061193954 
28749.4052632964 31192.5400582706 27071.2011643632 29773.7988378379 
29135.8852183387 29861.3908878654 28202.2715887301 30078.3478103512 
28087.5051533123 31737.3308460751 28867.4062865983 29377.2011176337 
27343.7694268171 30079.8308973061 27623.2615831963 30994.4096637184 
27265.9684878469 30736.0167071055 27547.8153836273 30982.4755863428 
27537.9161900713 29722.6275855297 29376.7876828983 28865.6034680638 
27623.5522272741 31176.8964012914 28229.7460176693 30815.937281068 
27983.1530123387 29003.7103948062 29803.7883976577 30062.453275008 
27387.9636968637 29401.0158748717 29743.5730590264 29252.9583253001 
28542.5528292658 30491.1031119438 28160.6897412024 29278.7618867003 
28839.7220382713 30129.3495218514 28058.7199447063 29571.0349240553 
28073.1084154973 29022.9379519961 28354.4181221603 29487.3943887754 
27282.9538340437 28874.1560721595 28055.6881404138 30439.5740811072 
27693.6195877874 30353.498704799 28480.7207817137 30602.0992268484 
27203.029226345 30261.0297635024 26930.8600561517 30176.7023304639 
28770.7436023841 31004.7296369997 27427.2418876279 31507.1686803326 
27780.6653234847 29522.8721751246 27467.844418051 31029.9606548754 
28192.2000176689 30753.9327708987 27817.1995271315 31043.9904704119 
28063.2813063639 29798.4105972772 27543.3656795202 30269.2138770151 
28246.7873174137 31380.0375870257 28750.4217160621 31166.0115447802 
28962.7108207674 30808.808054579 27589.5999365646 30574.5149333713 
27826.7356338409 30261.8902434915 28328.747035881 29523.1100660699 
28634.8376217417 30568.2394735332 28873.5506306749 29364.1847822124 
27907.4551616762 29936.8726765782 28259.1596157432 30623.5055895817 
27139.0682176421 29837.1652463133 27966.5331706923 31028.4064076284 
27225.5151710737 30169.0045749705 26848.3574394142 30784.3040343516 
29049.718468121 30135.8183208693 28889.3086390436 29931.2138737085 
28350.0972117427 29812.5328899684 27511.2334620236 30047.3444716952 
28433.1066996889 30951.1900389744 28979.7725807573 29905.1275605315 
29125.8122553597 29106.7050702255 27469.5071473002 30892.2650359068 
27670.0068823231 29933.4843447435 28282.0701805169 31390.8640719625 
26544.7074841522 29170.257798448 27190.7165673252 29877.5700540777 
28679.9295488356 30814.5714508887 29378.9282013458 30732.1369631777 
28027.4200669293 30407.7310911174 29236.5942277094
##$VisuCoreDataOffs=( 256 )
0 0 0 0 0 0 0 0 0 0 0 0 0 0 0 0 0 0 0 0 0 0 0 0 0 0 0 0 0 0 0 0 0 0 0 0 0 0 0 
0 0 0 0 0 0 0 0 0 0 0 0 0 0 0 0 0 0 0 0 0 0 0 0 0 0 0 0 0 0 0 0 0 0 0 0 0 0 0 
0 0 0 0 0 0 0 0 0 0 0 0 0 0 0 0 0 0 0 0 0 0 0 0 0 0 0 0 0 0 0 0 0 0 0 0 0 0 0 
0 0 0 0 0 0 0 0 0 0 0 0 0 0 0 0 0 0 0 0 0 0 0 0 0 0 0 0 0 0 0 0 0 0 0 0 0 0 0 
0 0 0 0 0 0 0 0 0 0 0 0 0 0 0 0 0 0 0 0 0 0 0 0 0 0 0 0 0 0 0 0 0 0 0 0 0 0 0 
0 0 0 0 0 0 0 0 0 0 0 0 0 0 0 0 0 0 0 0 0 0 0 0 0 0 0 0 0 0 0 0 0 0 0 0 0 0 0 
0 0 0 0 0 0 0 0 0 0 0 0 0 0 0 0 0 0 0 0 0 0
##$VisuCoreDataSlope=( 256 )
1.11240567196627 1.11240567196627 1.11240567196627 1.11240567196627 
1.11240567196627 1.11240567196627 1.11240567196627 1.11240567196627 
1.11240567196627 1.11240567196627 1.11240567196627 1.11240567196627 
1.11240567196627 1.11240567196627 1.11240567196627 1.11240567196627 
1.11240567196627 1.11240567196627 1.11240567196627 1.11240567196627 
1.11240567196627 1.11240567196627 1.11240567196627 1.11240567196627 
1.11240567196627 1.11240567196627 1.11240567196627 1.11240567196627 
1.11240567196627 1.11240567196627 1.11240567196627 1.11240567196627 
1.11240567196627 1.11240567196627 1.11240567196627 1.11240567196627 
1.11240567196627 1.11240567196627 1.11240567196627 1.11240567196627 
1.11240567196627 1.11240567196627 1.11240567196627 1.11240567196627 
1.11240567196627 1.11240567196627 1.11240567196627 1.11240567196627 
1.11240567196627 1.11240567196627 1.11240567196627 1.11240567196627 
1.11240567196627 1.11240567196627 1.11240567196627 1.11240567196627 
1.11240567196627 1.11240567196627 1.11240567196627 1.11240567196627 
1.11240567196627 1.11240567196627 1.11240567196627 1.11240567196627 
1.11240567196627 1.11240567196627 1.11240567196627 1.11240567196627 
1.11240567196627 1.11240567196627 1.11240567196627 1.11240567196627 
1.11240567196627 1.11240567196627 1.11240567196627 1.11240567196627 
1.11240567196627 1.11240567196627 1.11240567196627 1.11240567196627 
1.11240567196627 1.11240567196627 1.11240567196627 1.11240567196627 
1.11240567196627 1.11240567196627 1.11240567196627 1.11240567196627 
1.11240567196627 1.11240567196627 1.11240567196627 1.11240567196627 
1.11240567196627 1.11240567196627 1.11240567196627 1.11240567196627 
1.11240567196627 1.11240567196627 1.11240567196627 1.11240567196627 
1.11240567196627 1.11240567196627 1.11240567196627 1.11240567196627 
1.11240567196627 1.11240567196627 1.11240567196627 1.11240567196627 
1.11240567196627 1.11240567196627 1.11240567196627 1.11240567196627 
1.11240567196627 1.11240567196627 1.11240567196627 1.11240567196627 
1.11240567196627 1.11240567196627 1.11240567196627 1.11240567196627 
1.11240567196627 1.11240567196627 1.11240567196627 1.11240567196627 
1.11240567196627 1.11240567196627 1.11240567196627 1.11240567196627 
1.11240567196627 1.11240567196627 1.11240567196627 1.11240567196627 
1.11240567196627 1.11240567196627 1.11240567196627 1.11240567196627 
1.11240567196627 1.11240567196627 1.11240567196627 1.11240567196627 
1.11240567196627 1.11240567196627 1.11240567196627 1.11240567196627 
1.11240567196627 1.11240567196627 1.11240567196627 1.11240567196627 
1.11240567196627 1.11240567196627 1.11240567196627 1.11240567196627 
1.11240567196627 1.11240567196627 1.11240567196627 1.11240567196627 
1.11240567196627 1.11240567196627 1.11240567196627 1.11240567196627 
1.11240567196627 1.11240567196627 1.11240567196627 1.11240567196627 
1.11240567196627 1.11240567196627 1.11240567196627 1.11240567196627 
1.11240567196627 1.11240567196627 1.11240567196627 1.11240567196627 
1.11240567196627 1.11240567196627 1.11240567196627 1.11240567196627 
1.11240567196627 1.11240567196627 1.11240567196627 1.11240567196627 
1.11240567196627 1.11240567196627 1.11240567196627 1.11240567196627 
1.11240567196627 1.11240567196627 1.11240567196627 1.11240567196627 
1.11240567196627 1.11240567196627 1.11240567196627 1.11240567196627 
1.11240567196627 1.11240567196627 1.11240567196627 1.11240567196627 
1.11240567196627 1.11240567196627 1.11240567196627 1.11240567196627 
1.11240567196627 1.11240567196627 1.11240567196627 1.11240567196627 
1.11240567196627 1.11240567196627 1.11240567196627 1.11240567196627 
1.11240567196627 1.11240567196627 1.11240567196627 1.11240567196627 
1.11240567196627 1.11240567196627 1.11240567196627 1.11240567196627 
1.11240567196627 1.11240567196627 1.11240567196627 1.11240567196627 
1.11240567196627 1.11240567196627 1.11240567196627 1.11240567196627 
1.11240567196627 1.11240567196627 1.11240567196627 1.11240567196627 
1.11240567196627 1.11240567196627 1.11240567196627 1.11240567196627 
1.11240567196627 1.11240567196627 1.11240567196627 1.11240567196627 
1.11240567196627 1.11240567196627 1.11240567196627 1.11240567196627 
1.11240567196627 1.11240567196627 1.11240567196627 1.11240567196627 
1.11240567196627 1.11240567196627 1.11240567196627 1.11240567196627 
1.11240567196627 1.11240567196627 1.11240567196627 1.11240567196627 
1.11240567196627 1.11240567196627 1.11240567196627 1.11240567196627
##$VisuCoreFrameType=( 1 )
MAGNITUDE_IMAGE
##$VisuCoreWordType=_16BIT_SGN_INT
##$VisuCoreByteOrder=littleEndian
##$VisuFGOrderDescDim=1
##$VisuFGOrderDesc=( 1 )
(256, <FG_CYCLE>, <>, 0, 0)
##$VisuSubjectName=( 65 )
<SHAM761^^^^>
##$VisuSubjectId=( 65 )
<SHAM761>
##$VisuSubjectUid=( 65 )
<2.16.756.5.5.100.8323328.44446.1709735776.11383>
##$VisuSubjectInstanceCreationDate=(1709735776, 806, 60)
##$VisuSubjectBirthDate=( 9 )
<20240306>
##$VisuSubjectSex=UNKNOWN
##$VisuSubjectType=Quadruped
##$VisuStudyUid=( 65 )
<2.16.756.5.5.100.8323328.44446.1709735777.11384>
##$VisuStudyDate=<2024-03-06T15:36:16,806+0100>
##$VisuStudyId=( 65 )
<SVS_malefemale_hippostriat_w6_JM>
##$VisuStudyNumber=1
##$VisuSubjectWeight=0.001
##$VisuStudyReferringPhysician=( 65 )
<cristina>
##$VisuExperimentNumber=12
##$VisuProcessingNumber=1
##$VisuSeriesDate=<2024-03-06T16:33:37,236+0100>
##$VisuSubjectPosition=Foot_Prone
##$VisuSeriesTypeId=( 65 )
<ACQ_USER_PVM>
##$VisuSeriesComment=( 65 )
<specialjm_adiabIR_hippo_metab>
##$VisuManufacturer=( 65 )
<Bruker BioSpin MRI GmbH>
##$VisuAcqSoftwareVersion=( 65 )
<PV-360.1.1>
##$VisuInstitution=( 65 )
<EPFL Lausanne>
##$VisuStation=( 65 )
<BAP141/26>
##$VisuSystemOrderNumber=( 65 )
<411136>
##$VisuAcqDate=<2024-03-06T15:16:24,980+0000>
##$VisuAcqSequenceName=( 40 )
<User:specialjm_adiabIR>
##$VisuAcquisitionProtocol=( 65 )
<specialjm_adiabIR>
##$VisuAcqScanTime=1024000
##$VisuAcqFrameNumbers=( 256 )
0 1 2 3 4 5 6 7 8 9 10 11 12 13 14 15 16 17 18 19 20 21 22 23 24 25 26 27 28 
29 30 31 32 33 34 35 36 37 38 39 40 41 42 43 44 45 46 47 48 49 50 51 52 53 54 
55 56 57 58 59 60 61 62 63 64 65 66 67 68 69 70 71 72 73 74 75 76 77 78 79 80 
81 82 83 84 85 86 87 88 89 90 91 92 93 94 95 96 97 98 99 100 101 102 103 104 
105 106 107 108 109 110 111 112 113 114 115 116 117 118 119 120 121 122 123 
124 125 126 127 128 129 130 131 132 133 134 135 136 137 138 139 140 141 142 
143 144 145 146 147 148 149 150 151 152 153 154 155 156 157 158 159 160 161 
162 163 164 165 166 167 168 169 170 171 172 173 174 175 176 177 178 179 180 
181 182 183 184 185 186 187 188 189 190 191 192 193 194 195 196 197 198 199 
200 201 202 203 204 205 206 207 208 209 210 211 212 213 214 215 216 217 218 
219 220 221 222 223 224 225 226 227 228 229 230 231 232 233 234 235 236 237 
238 239 240 241 242 243 244 245 246 247 248 249 250 251 252 253 254 255
##$VisuCardiacSynchUsed=No
##$VisuRespSynchUsed=No
##$VisuAcqNumberOfAverages=1
##$VisuCoilReceiveName=( 65 )
<QRES_Rat>
##$VisuCoilReceiveManufacturer=( 65 )
<Lausanne>
##$VisuCoilReceiveType=MULTICOIL
##$VisuCoilReceiveMultiName=( 2 )
(<Element 1>, Yes) (<Element 2>, Yes)
##$VisuCoilTransmitName=( 65 )
<QRES_Rat>
##$VisuCoilTransmitManufacturer=( 65 )
<Lausanne>
##$VisuCoilTransmitType=MULTICOIL
##$VisuCoilTransmitMultiName=( 2 )
(<Element 1>, Yes) (<Element 2>, Yes)
##$VisuAcqEchoTrainLength=1
##$VisuAcqImagingFrequency=599.41891199098
##$VisuAcqImagedNucleus=( 8 )
<1H>
##$VisuAcqPixelBandwidth=390.625
##$VisuAcqFlipAngle=180
##$VisuAcqSize=( 1 )
512
##$VisuAcqImageSizeAccellerated=Yes
##$VisuAcqGradEncoding=( 1 )
no_gradient_enc
##$VisuAcqEchoTime=( 1 )
0
##$VisuAcqAntiAlias=( 1 )
1
##$VisuAcqEchoSequenceType=Both
##$VisuAcqSpinsVelocityEncoded=No
##$VisuAcqHasTimeOfFlightContrast=No
##$VisuAcqIsEpiSequence=No
##$VisuAcqSpectralSuppression=WaterSuppression
##$VisuAcqKSpaceTraversal=RectilinearTraversal
##$VisuAcqKSpaceTrajectoryCnt=1
##$VisuAcqKSpaceFiltering=( 1 )
DICOM_NONE
##$VisuAcqFlowCompensation=FlowNone
##$VisuAcqSpoiling=GradientSpoiled
##$VisuAcqMagnetizationTransfer=No
##$VisuAcqBloodSignalNulling=No
##$VisuMagneticFieldStrength=14.078798195955
##END=
$$ File finished by PARX at 2024-03-06 16:33:37.526 +0100
