##TITLE=Parameter List, ParaVision 360 V3.3
##JCAMPDX=4.24
##DATATYPE=Parameter Values
##ORIGIN=Bruker BioSpin MRI GmbH
##OWNER=cristina
$$ Write Options: Symbolic Enums, RLE encoded arrays, symbol visibility
$$ 2025-12-04 16:32:18.446 +0100  cristina@cibmsafe14t1
$$ /opt/nmrdata/PV-360.3.3/data/cristina/20240306_153617_SHAM761_SVS_malefemale_hippostriat_w6_JM_1_1/12/pdata/2/visu_pars
$$ process /opt/PV-360.3.3/prog/bin/parxserver
##$VisuVersion=6
##$VisuUid=( 65 )
<2.16.756.5.5.200.8323328.7578.1764862316.65>
##$VisuCreator=( 65 )
<ParaVision>
##$VisuCreatorVersion=( 195 )
<360.3.3>
##$VisuCreationDate=<2025-12-04T16:32:16,493+0100>
##$VisuInstanceType=STANDARD_INSTANCE
##$VisuInstanceModality=( 65 )
<MR>
##$VisuCoreFrameCount=256
##$VisuCoreDim=1
##$VisuCoreSize=( 1 )
4096
##$VisuCoreDimDesc=( 1 )
spectroscopic
##$VisuCoreExtent=( 1 )
11.9162809763724
##$VisuCoreUnits=( 1, 65 )
<[ppm]>
##$VisuCoreAtsCenterDistance=0
##$VisuCoreDataMin=( 256 )
20.8519193213275 19.7510373356531 22.6816710963546 12.4920012101753 
46.0262444855219 24.3635940281588 13.4400559225592 22.619195608985 
13.1552417564264 22.8579219791168 14.2558228811671 9.01187316406399 
2.35851734447575 26.5090520503559 21.7646241256803 29.2495496323384 
24.9093775144677 8.61095144439428 14.0109904020514 14.6137822271306 
13.5456362119418 16.535864534274 6.95680360485316 20.2568806397632 
3.960358897367 20.9835356327417 33.8208694314389 14.6120084616785 
22.0270297263056 5.84133322615864 16.5677654891494 32.1327582264446 
24.3266781394146 19.6180791137297 27.5181589717684 13.281362073222 
4.62020433357591 8.61362966799367 18.7836306750055 31.4447481327853 
23.0137137267506 14.3613291118122 21.7366288544365 26.3865644757886 
33.2297597111713 39.5874110881137 13.948410104689 9.40189383540755 
11.4124663413692 18.7778997933482 7.60629617793015 21.5814128079618 
8.01802045786066 32.7536036520994 25.9101751616655 10.4943562645777 
13.7872024461308 11.8865301339823 33.263941907191 12.4188833701221 
17.1640002271803 13.6281991738453 13.840745593451 15.8843683543932 
52.875960446116 14.9393772963919 18.4447890184525 18.7461596072908 
27.679376120547 33.5925496327454 14.1179443100183 23.3529603711799 
15.4117684819019 29.0584843518105 22.0313515217357 21.3079437180088 
13.4684685590908 30.2709283518881 2.58312872023857 30.0494791737116 
52.6140763069205 14.0264311333881 30.5112029035879 6.3303102681541 
33.676806933869 5.13825379322483 18.4566667459126 14.8069880909942 
15.5198199971018 12.3733637584147 5.79271196746397 27.3436148263213 
30.3743331690527 25.8727228019411 7.09449168082946 20.2438426542352 
9.53595799898336 17.8536286498883 8.45941188264236 17.788999770352 
28.565797600898 13.8738274666427 24.9979823024386 16.5767392440361 
12.4350182368199 23.1316452605415 7.34398143528976 23.2783264474453 
5.68977858401246 20.6559787549735 49.3345388167608 8.22376440863679 
23.7383258391794 18.013546073011 15.0851077134288 7.16378412298541 
4.67096736593558 9.91489709157152 3.88520107006498 13.9346509530223 
8.58841339051641 20.5818606173701 11.6874491989624 33.9220510470982 
47.0256409546939 13.2918153214449 23.3686934536116 11.2540336525175 
9.25869549345706 20.462699237282 22.16646698702 12.88903180384 
13.1691776154374 19.028118633978 19.1066569401965 10.4290640243882 
40.8391195798682 7.65090167915193 13.6444386134485 6.22769484130236 
26.8184536356884 12.0283002455133 32.1585873044602 25.4770201129438 
4.47297367422322 14.3349472183882 3.30468478615859 4.24858297587121 
43.5425800110814 15.2192874744009 23.1627702338469 13.8741351667443 
8.87687827956337 22.5314224837904 7.70888877099403 9.39682294637902 
50.2276354161871 18.9868292144284 4.70115733591928 13.9178541108199 
24.3734252538558 9.80832576717132 20.312565460717 5.43632108642063 
14.5354285493237 16.5757661037034 23.2184673238016 40.2057971025041 
27.1657726715575 14.6983838014721 23.1737605629658 27.4872977693158 
22.6365263647865 23.4417970374326 7.84348329734789 24.8687843439549 
15.3953836382601 5.3017131032699 23.2199671809467 21.8734710712582 
7.42021685273897 13.4173798201731 18.3090709817733 13.7886786110295 
12.4586733180609 30.9840011339083 24.5893540138478 12.8952259558342 
20.1239414162002 5.90692749704563 9.03277940806156 28.2953380218868 
3.94349969953914 33.458130318892 17.2720337103782 17.8677394105806 
19.9320958736414 35.8435734304355 0.25907703571977 9.86673676416823 
6.73446666721656 28.8408351148198 28.7367296679833 42.0762030644547 
21.1914829514199 23.9072685303071 29.8099751990382 3.8116690429425 
24.7925622865887 19.248014604447 28.6209358816276 30.942307833354 
25.2048378041828 21.0723666582898 22.2284141939113 18.2317094685089 
22.6393727505926 9.98759140848764 1.1094113052497 26.4519950287969 
22.4359389769376 22.7097216640731 22.0701783177922 13.8078952453135 
16.9165842307156 17.1888798219584 3.36666243979362 15.2795804443944 
46.2510266093145 21.4930172576851 14.1556979489812 14.294267197002 
37.5639456275538 20.8249668662427 18.7411558353076 11.8294452863665 
17.9458401170499 20.7135413567594 32.5996337726458 23.4721547780622 
24.0364335552436 5.05157727130707 14.3800236772469 44.2683375634362 
18.431226073812 28.7239983351574 29.1778620509907 16.2581539369604 
29.2467496357983 6.54275261022715 13.9444995296907 11.5080848720276 
23.7336337703558 12.4495004631483 22.5389402228337 15.6887141803491
##$VisuCoreDataMax=( 256 )
30644.0082714493 28637.4274205589 30580.7415233741 28313.2000974474 
30819.9812824833 28205.6840301048 30837.805302012 28512.0037071077 
31117.423683272 28421.3889248694 30266.1065000164 27392.4121559263 
31674.6866571624 28224.1020549169 30838.4650742694 27750.3638331075 
30582.585457126 27830.3310308891 30337.8015553868 28191.0682862939 
29708.8023262466 28195.4523374223 31197.1240849842 30340.1113486241 
30322.6561169575 28945.9041276991 31089.1318365489 28790.9450351029 
29931.2286135338 28211.8754992073 30947.1564585567 27999.9926937051 
31262.7388804666 28425.7508897678 30473.1135581939 28007.7554276711 
30168.6097562337 28258.3679940498 29942.2793652399 28717.2040595226 
30370.7990277123 28312.1277107141 31969.4651999392 28131.7078446349 
30762.4100869654 27126.4720824957 29619.6002595487 28244.7348651489 
30339.5799017116 27226.512918144 30776.9427990233 28283.9860344313 
30757.1197121532 28939.1877657865 30574.7327857466 29823.4597291848 
30896.3830389995 29454.2947757367 30066.4872177914 27925.7416056146 
31525.1401045458 27413.1109528311 30472.7129557854 28301.215225918 
30891.7574854011 28489.4375100298 31683.8717789168 28466.3986085701 
30050.8782802955 28008.1607478812 31972.50405081 27723.2469053546 
29786.9655056851 28303.9023181831 30098.6365228578 28602.0465350674 
31191.8705834494 28801.0377662845 31755.4046741934 28129.9487761944 
30269.4836030339 28064.8396516626 31550.672041483 27900.5669427704 
31142.4570847252 27186.3511192469 31487.1711248047 29390.4078199597 
31310.8931628934 27842.5270973339 30564.6096633108 29241.520706191 
31432.2439884651 27979.4989972242 30738.6952813598 28636.7236657621 
31315.8068517236 27821.8690572252 30510.027338595 29550.5923341148 
30182.7927268606 27908.0222403779 31160.2171099548 28753.3741558446 
31095.8092183075 27594.3275865963 31323.835858139 28301.7925351727 
30883.9158121606 29918.7878752511 31409.3089181823 27280.2151022475 
30624.2095695452 27602.9917987618 30916.6564457454 28739.4333860071 
30477.7726052772 28421.1328168078 32238.9964499666 27576.0770715877 
30531.3037453276 27810.2434411173 31202.7294134238 28382.568792965 
31035.1610405517 28423.9003771664 31625.4395286982 28551.7945315908 
30347.1177016074 28179.7814742269 31156.5056678898 28144.4242007163 
30069.7523680618 27406.7371324232 31574.1992608933 28872.8468836883 
30023.2714060198 29111.1142724636 30862.2628328613 28094.5362640955 
30740.2402976244 29644.182483682 30560.8610947045 28671.1795926971 
30941.9394139006 28180.2711702521 30717.9397073429 28183.3735538397 
30657.5385417275 28020.7927670196 30770.5481459678 28633.2236090908 
29650.694322462 27024.7865975466 30243.8921096585 27836.3772746952 
30974.6916308784 27636.3773557354 30745.3208093975 27982.6087492731 
30758.6366333793 28005.6493046633 29938.448506504 27615.3960499098 
30298.8565478009 28825.1285542338 29629.3647313178 28244.3552255706 
30264.1775162927 27964.3601817806 29828.6446798535 28466.5925108892 
31536.7388142671 29060.3542249026 30834.5198534007 28349.3414886785 
30587.5644924869 27816.9637656351 30948.5868831576 27529.8883796995 
31662.0667278746 27864.8790505783 31722.9161303403 27894.5550425554 
31650.9445333949 27916.4719015379 30986.2423603628 28050.727986096 
31253.6761278906 27861.5954623897 31371.7223866718 28227.5009673203 
30217.3975777055 27970.0715374122 32766.5 27882.4211309801 30040.0966575354 
29019.2842714488 31412.8661506362 27011.4077090187 30958.8481518399 
27574.8720843125 31306.6924392628 28131.1963630896 30174.8550959506 
28194.712391423 30972.2197377251 28440.3471575741 31431.9022807052 
27452.1693975671 31597.1321912758 28183.603501939 30140.3623892566 
29224.9233747351 31034.9421289552 29235.7195848761 31130.6008329971 
28519.4622199347 31246.9502948721 28744.4272138486 30951.2409393011 
28063.5314085589 30383.001392699 27441.7777895905 30463.0204115777 
28595.3377591943 30492.5265536909 28219.6225906353 30171.3969090825 
28276.8068575524 29707.7899277022 28384.066613829 29636.2813725578 
28009.3679416314 30631.4286672018 28673.6336119299 32340.8195017554 
27975.7968755657 30893.0166264349 27129.8902088069 30353.1026872737 
28675.3709932629 30608.7926650269 26854.6359557109 30956.1467708171 
27676.6149614897 30335.4570457559 27654.6381482778 31352.3528236167 
28027.657233831 31341.8337443797 27803.2967624604 29857.8232999673 
28071.3718621002 30243.5829506428 28632.9606232073
##$VisuCoreDataOffs=( 256 )
@256*(0)
##$VisuCoreDataSlope=( 256 )
@256*(1.24959048779862)
##$VisuCoreFrameType=( 1 )
MAGNITUDE_IMAGE
##$VisuCoreWordType=_16BIT_SGN_INT
##$VisuCoreByteOrder=littleEndian
##$VisuFGOrderDescDim=1
##$VisuFGOrderDesc=( 1 )
(256, <FG_CYCLE>, <>, 0, 0)
##$VisuSubjectName=( 65 )
<SHAM761^^^^>
##$VisuSubjectId=( 65 )
<SHAM761>
##$VisuSubjectUid=( 65 )
<2.16.756.5.5.100.8323328.44446.1709735776.11383>
##$VisuSubjectInstanceCreationDate=(1709735776, 806, 60)
##$VisuSubjectBirthDate=( 9 )
<20240306>
##$VisuSubjectSex=UNKNOWN
##$VisuSubjectType=Quadruped
##$VisuStudyUid=( 65 )
<2.16.756.5.5.100.8323328.44446.1709735777.11384>
##$VisuStudyDate=<2024-03-06T15:36:16,806+0100>
##$VisuStudyId=( 65 )
<SVS_malefemale_hippostriat_w6_JM>
##$VisuStudyNumber=1
##$VisuSubjectWeight=0.001
##$VisuStudyReferringPhysician=( 65 )
<cristina>
##$VisuExperimentNumber=12
##$VisuProcessingNumber=2
##$VisuSeriesDate=<2025-12-04T16:32:16,493+0100>
##$VisuSubjectPosition=Foot_Prone
##$VisuSeriesTypeId=( 65 )
<ACQ_USER_PVM>
##$VisuSeriesCreationId=VCMN_ACQUISITION
##$VisuSeriesExperimentComment=( 65 )
<specialjm_adiabIR_hippo_metab>
##$VisuSeriesFrameOfReferenceUid=( 65 )
<2.16.756.5.5.100.8323328.44446.1709735777.11384>
##$VisuManufacturer=( 65 )
<Bruker BioSpin MRI GmbH>
##$VisuAcqSoftwareVersion=( 65 )
<PV-360.1.1>
##$VisuInstitution=( 65 )
<EPFL Lausanne>
##$VisuStation=( 65 )
<BAP141/26>
##$VisuSystemOrderNumber=( 65 )
<411136>
##$VisuAcqDate=<2024-03-06T15:16:24,980+0000>
##$VisuAcqSequenceName=( 40 )
<User:specialjm_adiabIR>
##$VisuAcquisitionProtocol=( 65 )
<specialjm_adiabIR>
##$VisuAcqScanTime=1024000
##$VisuAcqFrameNumbers=( 256 )
0 1 2 3 4 5 6 7 8 9 10 11 12 13 14 15 16 17 18 19 20 21 22 23 24 25 26 27 28 
29 30 31 32 33 34 35 36 37 38 39 40 41 42 43 44 45 46 47 48 49 50 51 52 53 54 
55 56 57 58 59 60 61 62 63 64 65 66 67 68 69 70 71 72 73 74 75 76 77 78 79 80 
81 82 83 84 85 86 87 88 89 90 91 92 93 94 95 96 97 98 99 100 101 102 103 104 
105 106 107 108 109 110 111 112 113 114 115 116 117 118 119 120 121 122 123 
124 125 126 127 128 129 130 131 132 133 134 135 136 137 138 139 140 141 142 
143 144 145 146 147 148 149 150 151 152 153 154 155 156 157 158 159 160 161 
162 163 164 165 166 167 168 169 170 171 172 173 174 175 176 177 178 179 180 
181 182 183 184 185 186 187 188 189 190 191 192 193 194 195 196 197 198 199 
200 201 202 203 204 205 206 207 208 209 210 211 212 213 214 215 216 217 218 
219 220 221 222 223 224 225 226 227 228 229 230 231 232 233 234 235 236 237 
238 239 240 241 242 243 244 245 246 247 248 249 250 251 252 253 254 255
##$VisuCardiacSynchUsed=No
##$VisuRespSynchUsed=No
##$VisuAcqNumberOfAverages=1
##$VisuCoilReceiveName=( 65 )
<QRES_Rat>
##$VisuCoilReceiveManufacturer=( 65 )
<Lausanne>
##$VisuCoilReceiveType=MULTICOIL
##$VisuCoilReceiveMultiName=( 2 )
(<Element 1>, Yes) (<Element 2>, Yes)
##$VisuCoilTransmitName=( 65 )
<QRES_Rat>
##$VisuCoilTransmitManufacturer=( 65 )
<Lausanne>
##$VisuCoilTransmitType=MULTICOIL
##$VisuCoilTransmitMultiName=( 2 )
(<Element 1>, Yes) (<Element 2>, Yes)
##$VisuAcqEchoTrainLength=1
##$VisuAcqImagingFrequency=599.41891199098
##$VisuAcqImagedNucleus=( 8 )
<1H>
##$VisuAcqPixelBandwidth=390.625
##$VisuAcqFlipAngle=180
##$VisuAcqSize=( 1 )
512
##$VisuAcqImageSizeAccellerated=Yes
##$VisuAcqGradEncoding=( 1 )
no_gradient_enc
##$VisuAcqEchoTime=( 1 )
0
##$VisuAcqAntiAlias=( 1 )
1
##$VisuAcqEchoSequenceType=Both
##$VisuAcqSpinsVelocityEncoded=No
##$VisuAcqHasTimeOfFlightContrast=No
##$VisuAcqIsEpiSequence=No
##$VisuAcqSpectralSuppression=WaterSuppression
##$VisuAcqKSpaceTraversal=RectilinearTraversal
##$VisuAcqKSpaceTrajectoryCnt=1
##$VisuAcqKSpaceFiltering=( 1 )
DICOM_NONE
##$VisuAcqFlowCompensation=FlowNone
##$VisuAcqSpoiling=GradientSpoiled
##$VisuAcqMagnetizationTransfer=No
##$VisuAcqBloodSignalNulling=No
##$VisuMagneticFieldStrength=14.078798195955
$$ @vis= Visu VisuInstance VisuVersion VisuUid VisuCreator VisuCreatorVersion
$$ @vis= VisuCreationDate VisuInstanceType VisuInstanceModality VisuCore
$$ @vis= VisuCoreFrameCount VisuCoreDim VisuCoreSize VisuCoreDimDesc
$$ @vis= VisuCoreExtent VisuCoreUnits VisuCoreAtsCenterDistance
$$ @vis= VisuCoreDataMin VisuCoreDataMax VisuCoreDataOffs VisuCoreDataSlope
$$ @vis= VisuCoreFrameType VisuPixel VisuCoreWordType VisuCoreByteOrder
$$ @vis= VisuFrameOrderDesc VisuFGOrderDescDim VisuFGOrderDesc VisuSubject
$$ @vis= VisuSubjectName VisuSubjectId VisuSubjectUid
$$ @vis= VisuSubjectInstanceCreationDate VisuSubjectBirthDate VisuSubjectSex
$$ @vis= VisuSubjectType VisuStudy VisuStudyUid VisuStudyDate VisuStudyId
$$ @vis= VisuStudyNumber VisuSubjectWeight VisuStudyReferringPhysician
$$ @vis= VisuSeries VisuExperimentNumber VisuProcessingNumber VisuSeriesDate
$$ @vis= VisuSubjectPosition VisuSeriesTypeId VisuSeriesCreationId
$$ @vis= VisuSeriesExperimentComment VisuSeriesFrameOfReferenceUid
$$ @vis= VisuContrastAgent VisuEquipment VisuManufacturer
$$ @vis= VisuAcqSoftwareVersion VisuInstitution VisuStation
$$ @vis= VisuSystemOrderNumber VisuAcq VisuAcqDate VisuAcqSequenceName
$$ @vis= VisuAcquisitionProtocol VisuAcqScanTime VisuAcqFrameNumbers
$$ @vis= VisuCardiacSynchUsed VisuRespSynchUsed VisuAcqNumberOfAverages
$$ @vis= VisuMxi VisuCoilReceive VisuCoilReceiveName
$$ @vis= VisuCoilReceiveManufacturer VisuCoilReceiveType
$$ @vis= VisuCoilReceiveMultiName VisuCoilTransmit VisuCoilTransmitName
$$ @vis= VisuCoilTransmitManufacturer VisuCoilTransmitType
$$ @vis= VisuCoilTransmitMultiName VisuMri VisuAcqEchoTrainLength
$$ @vis= VisuAcqImagingFrequency VisuAcqImagedNucleus VisuAcqPixelBandwidth
$$ @vis= VisuAcqFlipAngle VisuAcqSize VisuAcqImageSizeAccellerated
$$ @vis= VisuAcqGradEncoding VisuAcqEchoTime VisuAcqAntiAlias
$$ @vis= VisuAcqEchoSequenceType VisuAcqSpinsVelocityEncoded
$$ @vis= VisuAcqHasTimeOfFlightContrast VisuAcqIsEpiSequence
$$ @vis= VisuAcqSpectralSuppression VisuAcqKSpaceTraversal
$$ @vis= VisuAcqKSpaceTrajectoryCnt VisuAcqKSpaceFiltering
$$ @vis= VisuAcqFlowCompensation VisuAcqSpoiling VisuAcqMagnetizationTransfer
$$ @vis= VisuAcqBloodSignalNulling VisuMagneticFieldStrength
##END=
$$ File finished by PARX at 2025-12-04 16:32:18.449 +0100
