##TITLE=Parameter List, ParaVision 360 V3.3
##JCAMPDX=4.24
##DATATYPE=Parameter Values
##ORIGIN=Bruker BioSpin MRI GmbH
##OWNER=cristina
$$ Write Options: Symbolic Enums, RLE encoded arrays, symbol visibility
$$ 2024-05-30 11:28:32.721 +0200  cristina@cibmscannerd
$$ /opt/nmrdata/PV-360.3.3/data/cristina/20240530_092213_BDL776_sham_male_30052024_BDL776_sham_male_30052024_1_1/26/pdata/1/reco
$$ process /opt/PV-360.3.3/prog/bin/parxserver
##$RECO_time=<2024-05-30T11:28:32,528+0200>
##$RECO_abs_time=(1717061312, 528, 120)
##$RECO_base_image_uid=( 65 )
<2.16.756.5.5.200.8323328.53286.1717058222.1810>
##$RECO_fov=( 1 )
5.8
##$RECO_size=( 1 )
4096
##$RecoAutoDerive=No
##$RecoDim=1
##$RecoSpatDim=0
##$RecoObjectsPerRepetition=1
##$RecoObjectsPerSetupStep=1
##$RecoSortObjectsPerRepetition=1
##$RecoNumRepetitions=320
##$RecoNumOutputChan=1
##$RecoEncodingFrames=1
##$RecoRepetitionGroupSize=1
##$RecoPreppassProcDim=0
##$RECO_inp_order=NO_REORDERING
##$RECO_inp_size=( 1 )
4096
##$RECO_ft_size=( 1 )
4096
##$RECO_offset=( 1, 1 )
0
##$RECO_qopts=( 1 )
NO_QOPTS
##$RECO_wdw_mode=( 1 )
NO_WDW
##$RECO_lb=( 1 )
-0.5
##$RECO_sw=( 1 )
7142.85714285714
##$RECO_gb=( 1 )
0.5
##$RECO_sbs=( 1 )
1
##$RECO_tm1=( 1 )
0.25
##$RECO_tm2=( 1 )
0.75
##$RECO_ft_mode=( 1 )
COMPLEX_FT
##$RECO_pc_mode=( 1 )
NO_PC
##$RECO_pc_lin=( 1 )
(0, 0)
##$RECO_rotate=( 1, 1 )
0.5
##$RECO_ppc_mode=NO_PPC
##$RECO_ppc_degree=1
##$RECO_transposition=( 1 )
0
##$RECO_image_type=MAGNITUDE_IMAGE
##$RECO_image_threshold=0.15
##$RECO_wordtype=_16BIT_SGN_INT
##$RECO_map_mode=ABSOLUTE_MAPPING
##$RECO_map_range=( 2 )
-2147483647 2147483647
##$RECO_map_percentile=( 2 )
1 99.9
##$RECO_map_error=0.025
##$RECO_minima=( 320 )
74.0534416883964 39.5550502193058 109.313673659093 95.0441706179373 
47.4673537515614 23.9596379722122 98.3715879824664 119.039735777792 
92.2640498229844 106.319496569942 50.7463434493144 53.5500158576159 
49.7532081806911 94.2101781173935 149.749277673591 28.6443050398484 
88.0754801396074 63.8006216268367 44.2491464074284 57.1588281376826 
29.3295026681099 46.1524072033504 25.1841849062244 115.876996260732 
124.972307471314 88.4873674476296 46.9158833228334 129.669881172248 
50.4774437709302 129.976632895671 123.638157647175 40.4966270981001 
85.8377904068235 144.464611811108 101.383664868855 61.0686532011644 
57.3929170818717 40.6759957876284 114.292671001778 53.7585547856492 
23.3596346286018 60.3847679385896 90.2907102247158 13.2156665108978 
80.0384049982454 23.2314510714467 69.4269518946154 46.4282471788552 
99.7119487173898 61.7648394265921 45.1266700187797 74.6592780960738 
181.329310214501 40.3718458053236 95.3506432603563 33.189709110778 
95.9212519746234 91.212421543542 78.3625073112703 61.5946004942836 
109.465547508523 60.8155046707345 77.8653729778089 80.4802970000206 
29.9964305036677 172.899587931644 171.731602280825 151.476041135229 
82.5013007912888 121.602791924909 75.4350903964094 145.670779922278 
54.2567008370571 146.035707477869 16.4635466792348 12.6885158869542 
110.588890389582 35.7481815636391 113.821323625832 94.1578159448893 
143.787376841079 36.0770233299895 54.2485808726345 149.294772660678 
110.450274305908 123.234200171537 68.1109395587583 63.9529813111311 
73.9571840721629 45.1206701027529 44.7770567479821 118.12571094881 
76.688637769626 10.4440720611899 81.6787784383018 64.004516112366 
88.6650252981527 27.8938681172394 132.169355729313 100.825442644481 
85.0885601907344 33.2479898117677 36.2410877675563 86.2517811773199 
18.8102285525967 37.4807049382035 153.947518555608 117.107732837936 
98.7109589972349 51.939986689362 158.241789595382 42.5177932196855 
40.1514925003068 199.482220965458 41.5108198384152 9.42934112315526 
92.9492587060943 79.2811053907088 112.366804370823 101.407027740166 
68.8431771303319 32.9884126524761 33.6421083145957 144.806158675121 
82.4853600469697 86.7598935479463 78.1430431670966 89.6975367895045 
116.579886040671 28.7355720879301 34.2860760489522 109.554947831429 
99.491458010741 145.343260354859 52.4966549922351 84.7994709258322 
23.23493436397 106.320327240603 27.6728368615164 103.046193407658 
57.8650694118004 53.971185741591 67.9447291164418 104.717390861924 
89.3556559174442 60.4896685261279 15.9686432873673 44.6080778513972 
122.47197953083 23.9111477981569 143.642483241407 83.4273912241649 
69.0573755790549 98.9525859729659 83.0560467502856 114.077163678233 
107.414839764387 74.4231246541768 133.665478803881 93.9773166851494 
65.9685571523998 7.53978510178715 7.72449039160352 105.953155738687 
137.774446492851 75.8030720059814 23.5912421530493 43.1435445591165 
33.0821405623445 57.834220482535 96.7952742172961 28.4618844121712 
7.83300353062478 75.2954496251674 85.7181592395623 92.3173131883296 
42.326560572862 85.6567086500888 78.9199600499516 50.8706162116366 
77.5778035762125 38.3625954966125 111.693200413869 83.7247454741401 
75.6996606365126 79.0062437378648 53.8560888513869 77.1212191575496 
134.197964281137 75.2430968678421 30.8459425544294 49.6712623097374 
71.1519581648939 146.974996185707 77.58469428362 108.59457114561 
51.9902969433576 94.5540006260371 39.9320811824757 92.6078811438032 
103.035876047861 23.4740856524519 30.4252615600644 130.191224799622 
105.467033731066 135.007977174222 141.345715270445 13.5949403789669 
42.3827418055691 63.2571972867779 178.698901226773 82.531194171705 
130.217561767583 44.5198437628706 129.723444511258 73.2747221980124 
87.0144939326197 32.2455467273848 122.97311579982 57.5009100496901 
23.9767955339461 70.6358592813444 71.6656261098514 78.4601195863534 
58.959572995895 67.2195278574238 149.038728413686 104.478327739235 
41.6613465836032 92.1089559601378 31.2503372278168 106.842598380329 
9.11750140897567 137.92772383258 156.374296968573 44.1865900067616 
179.383218126134 66.4703399410452 32.7851465832747 105.06869998924 
137.649383387049 22.6331361526974 53.6026441225498 31.2902734482517 
89.5744222506516 201.852722044512 91.1053904002128 89.2555276383063 
37.3683830101538 98.4226092277643 75.7516148051283 62.4763897216684 
68.1374993501939 137.616046581195 20.35173920549 174.181709748759 
121.809422488318 161.559313472988 87.5491995674473 89.7942487327734 
110.391180403139 109.741338885444 39.2412025068127 53.9387911140692 
66.9857681925401 62.2550600854358 46.3033217567102 31.2945829801618 
65.4638494808273 96.5711190043682 29.5750119872086 57.961628447273 
115.256615009543 80.067382747491 124.943943051293 52.1916912828492 
48.174753542505 203.508352689489 106.494201839486 49.6069078539599 
50.291399439569 94.349245010899 64.5838258923542 46.8556050962521 
38.2538668554322 25.270646419094 33.1430820534278 145.345293896259 
78.4689192885586 60.1479505664182 33.345547788971 59.8152699030089 
123.819605044658 89.4892912862452 14.6090723439428 78.9044986626784 
65.0336887902278 35.3207322471381 37.7260329183448 76.4653435758423 
125.30785711525 35.6312231364076 107.588851781921 41.9131188397634 
85.2729131204643 42.0884859307746 75.0633496775752 58.6127221396497 
10.1082486893284 40.7694946312476 94.3893158419093 64.6876139993696 
127.061460537477 58.7823944772222 128.435537395969 93.7322386924953 
83.172286133179 39.4684663658076 132.621550728275 66.7936631015492
##$RECO_maxima=( 320 )
26177.4749331581 24876.4261871556 26981.0586015822 26852.9050680717 
29820.5091860325 25644.458099714 29276.9891287257 24382.3638436044 
30637.2167393529 27012.9200157262 28055.7527675479 26146.9100091334 
26868.1331331529 25578.1328959609 27244.2190141434 29063.9553059055 
30482.4200813381 26287.2801517832 27731.7056471049 26151.578632801 
30179.2113622709 28311.1089921451 29693.6118678947 29992.2530640522 
29375.8681855051 27461.3953421708 29371.2387766715 26604.6260996764 
26334.3315817337 28226.7812991939 27713.5053327549 26287.6127524375 
27263.9906105261 25413.6830040407 29097.5710032474 29329.1439866341 
27853.1963338733 28433.8410092918 27228.8342063632 26402.9292050824 
26627.886126807 27631.0305874727 30833.6764644412 26912.555802871 
29804.9314241875 27973.9993912988 30547.6414931522 26754.6083302101 
31198.5252620919 31256.5590817915 26869.7422428689 27005.6327244286 
25365.8145640103 25297.4226064758 28121.7526062296 26788.5073334897 
27336.5757539517 25128.7517748879 28040.9066690263 27657.3640488029 
26825.0796887762 24308.4826194272 28028.4775445774 23412.6458747888 
27064.3571060586 28769.9169366477 27830.3330493707 24255.638455869 
30047.8208812325 26211.3350908354 25737.9571037046 25981.1415586462 
27790.4295866525 30778.3275041258 26289.598914092 28034.1576217834 
25707.7286408547 26306.6356711568 32766.5 26693.6948756181 26254.4422146249 
26514.2740029652 27445.9393987274 26855.6730403543 26920.6837723996 
25689.0021822213 27513.9523644582 25218.3413202719 29324.5245141725 
24771.8626199751 28058.3178614779 26296.6522190715 25367.546183339 
24563.2349386207 29340.0080370939 27724.8771978224 24989.5098971831 
25895.4864652415 31625.3705576389 25106.0906491193 27207.276331126 
25468.053193903 26145.2370347565 28533.0472856737 25746.1004261665 
25862.2340565746 28336.8833835208 29602.8218651195 26479.3538874716 
25998.1487590475 30589.0936104338 25838.2727663726 25732.301274826 
23672.9282623165 27182.7117828114 27573.6986875233 26640.6694504623 
26536.5093993057 28067.4233237708 25695.5595925457 27439.1650374959 
26874.2306196592 28322.5349639479 28398.2277602294 26958.4341445232 
27051.1424758756 26224.6970606012 29148.9375476077 28595.561361998 
26037.2680528393 26840.0036554171 27388.1258511701 25603.3987342304 
26833.1584299127 31512.713390251 24763.2173021873 29571.7901546748 
26639.1783829558 26626.1955812381 27412.3296398161 25742.8445318976 
26214.7007044192 27727.0991305708 29783.4361065606 25774.327885661 
27334.1988350529 27957.2707371863 23947.6644821014 27832.4665906165 
26208.3091893292 27198.5440281394 25788.2446357172 27150.9188450487 
25854.8436741064 27055.9323365935 25826.8378352019 27104.8786063244 
25447.2889940103 29817.7171289597 25967.0317204901 26916.1156171818 
25773.5281473284 27960.6721832939 24828.4932673212 26919.6398259543 
26646.5074482339 29144.3334088943 23567.236934608 25427.0698882809 
27065.7620413966 26139.1412705359 26335.3966322127 26024.8757521621 
25061.2680833516 26143.6695674403 24813.7183731489 27430.5527017812 
25647.3041687471 24080.891519671 26449.7622806045 26016.3731334814 
24506.2556197611 28999.6545459434 25655.4631272591 28004.9073606908 
26226.7905172289 28766.8547927301 26278.0242500422 24052.1746061321 
21200.8720085407 27923.1596427511 25286.4972960869 25951.5524110279 
25060.6638059784 30759.9571024753 28195.3861338314 26642.4324870538 
24831.2566007296 26349.3024418808 26315.0970466322 25720.0539348307 
22751.1745458689 25240.8861531423 25858.3724439046 28590.0564414241 
26941.665639617 25883.435115451 28891.5201494769 25636.3344157301 
22525.029186809 25501.7101639576 26534.7323157983 27471.6659595056 
26547.3364431572 24938.9319320366 23709.9533949771 26034.3674144969 
27709.3766163848 26604.5118731109 27608.2105521577 25652.883646795 
24095.3255904622 27879.1260517765 30103.982374646 24901.2071874181 
24931.1437602814 25784.6912045091 25981.8695494285 27244.8263446516 
27219.9777515708 25516.1311416309 24063.6949101202 26800.6130338105 
27061.5187745346 31104.8294119643 27479.1255817388 31250.3077667798 
26271.2553027274 27410.3809583309 24648.7358870577 25627.3467722038 
26200.507219284 26749.1282339408 25845.1687184333 27631.8091490754 
25767.1916846253 28242.8677435633 25223.2069526027 25519.472544096 
21949.0036219205 25748.6538780031 25022.2748703831 28036.5729072648 
25002.6921878077 28152.9172405372 25216.7632978755 26648.9411867667 
24824.4442392393 26674.9389001988 27179.4099801165 24971.295118982 
25152.8931457361 26201.8331424892 23802.9739747741 26987.9155035839 
22768.3470100307 25566.7200371309 23179.8101159547 26728.4907617351 
23637.9620614263 23956.4673542313 28402.3281631842 24879.4824084441 
23555.4058248334 24430.9637845799 23072.6725687041 24443.4555903731 
28407.8259982009 23304.3365253204 24433.9051611521 27058.6949983297 
26924.421462786 26946.7438167521 25592.0583165224 26250.4177595049 
26540.9656920186 23946.5801921266 25059.1696727418 26393.4967775544 
28698.963353734 26427.8302906578 26653.8241012942 26716.7274403685 
26206.5521557963 26511.0103928295 23166.1304940085 25455.6452444085 
27607.0833528672 27415.2258585894 24847.3053198558 31221.1885722656 
26416.0268264173 26228.6275635533 24238.2175196712 26365.6471269 
25426.5578945238 24424.3603680361 27096.5618744404 25527.5646336415 
25363.9624134911 27309.6372887014 25972.8374709358 25986.8474192185 
25757.2882347473 26307.1718246031 25163.1828609593 30806.2655476081 
24441.3833483687 23703.933499539 25748.907459166
##$RECO_map_min=( 320 )
@320*(-9783.31530143082)
##$RECO_map_max=( 320 )
@320*(9783.31530143082)
##$RECO_map_offset=( 320 )
@320*(0)
##$RECO_map_slope=( 320 )
@320*(3.34922252737861)
##$RECO_byte_order=littleEndian
##$RecoUserUpdate=Yes
##$RecoReverseSegment=0
##$RecoB0DemodOff=0
##$RecoB0DemodDelay=0
##$RecoFTOrder=( 1 )
-1
##$RecoHalfFTAlgorithm=ZEROFILLING
##$RecoHalfFT=( 1 )
No
##$RecoHalfFTPos=( 1 )
2048
##$RecoHalfFTAcq=No
##$RecoNoFT=No
##$RecoExportSortedData=No
##$RecoCorrPhase=RecoCorrPhaseOff
##$RecoCorrPhaseRef=-1
##$RECO_map_user_slope=1
##$RECO_map_user_offset=0
##$RecoNumInputChan=2
##$RecoScaleChan=( 2 )
1 1
##$RecoPhaseChan=( 2 )
0 0
##$RecoCombineMode=AddImages
##$RecoEncGenInt=0
##$RecoSortDim=0
##$RecoSortSize=( 1 )
0
##$RecoSortRange=( 1 )
0
##$RecoSortSegment=( 1 )
0
##$RecoSortMaps=( 1 )
0
##$RecoGrappaAccelFactor=1
##$RecoGrappaAccelFactor2=1
##$RecoGrappaKernelRead=5
##$RecoGrappaKernelPhase=4
##$RecoGrappaKernelPhase2=4
##$RecoGrappaKernelTime=3
##$RecoGrappaNumRefRead=64
##$RecoGrappaNumRefPhase=0
##$RecoGrappaNumRefPhase2=0
##$RecoGrappaIncludeRefLines=Yes
##$RecoGrappaFirstRepOnly=No
##$RecoGrappaReadCenter=0
##$RecoGrappaPhaseCenter=0
##$RecoGrappaPhaseCenter2=0
##$RecoGrappaTruncThresh=0.01
##$RecoGrappaLambda=0.01
##$RecoGrappaCoefReps=1
##$RecoSliceGrappaAccelFactor=1
##$RecoSliceGrappaBlipValue=1
##$RecoSliceGrappaKernelRead=5
##$RecoSliceGrappaKernelPhase=4
##$RecoSliceGrappaNumRefRead=0
##$RecoSliceGrappaNumRefPhase=0
##$RecoSliceGrappaReadCenter=0
##$RecoSliceGrappaPhaseCenter=0
##$RecoSliceGrappaTruncThresh=0.01
##$RecoSliceGrappaLambda=0.01
##$RecoSliceGrappaOff=No
##$RecoGrappa3D=No
##$RecoGrappaCaipirinha=No
##$RecoGrappaTCaipirinha=No
##$RecoGrappaVirtualCoils=No
##$RecoGrappaVirtualCoilsLambda=2
##$RecoGrappaPeak=No
##$RecoGrappaOne=No
##$RecoGrappaOneLambda=0.1
##$RecoSegGrappa=No
##$RecoSegGrappaCalibrateFromB0=No
##$RecoSegGrappaInt=0
##$RecoSegGrappaSegments=1
##$RecoSegGrappaTruncThresh=0.01
##$RecoSegGrappaLambda=0.01
##$RecoSegGrappaLambdaSeg=2
##$RecoItGrappa=1
##$RecoCS=No
##$RecoRegridN=Off
##$RecoStageNrPasses=3
##$RecoStagePasses=( 3 )
(<FIRSTPASS>, 0) (<PREPPASS>, 1) (<MAPPASS>, 2)
##$RecoStageNrNodes=55
##$RecoStageNodes=( 55 )
(<job0>, 0, <RecoSharedQueueSource 
Q0{queueId=Job_In0;initQueue=true;appendPsId=true;dim=2;procDim=1;sizes={8192,
1};nr=320;dataRep=SIGNED;baseField=COMPLEX;wordSize=4}>) (<job0>, 0, 
<RecoSharedQueueSink QS{queueId=Job_Out0;initQueue=true;appendPsId=true}>) 
(<job0>, 0, <RecoFileSink 
FS{jobNdx=0;writeAcqPars=true;filename="/opt/nmrdata/PV-360.3.3/data/cristina/20240530_092213_BDL776_sham_male_30052024_BDL776_sham_male_30052024_1_1/26/rawdata.job0"}>) (<job0>, 0, <RecoProgressMonitorFilter PM{reportScanProgress="1/1"}>) (<job0>, 0, <RecoTeeFilter TeeStorage>) (<job0>, 0, <RecoCastFilter CastToFloatMain{dataRep=FLOAT;wordSize=8}>) (<job0>, 0, <RecoTeeFilter TeeAverage>) (<job0>, 0, <RecoDummySink DummyAverage>) (<job0>, 0, <RecoAcqOutFilter Av{displayEachAccumulation=1;displayEachScan=0;displayEachPeStep=0;displayFt=0;magnitudeImage=1;shuffle=0;ftSize=4096;size=4096;offset=0;cnt=2;ndx=0;procnoPath="/opt/nmrdata/PV-360.3.3/data/cristina/20240530_092213_BDL776_sham_male_30052024_BDL776_sham_male_30052024_1_1/26/pdata/1/";displayObjects=1;modalityType=1;innerObjects=1;outerObjects=1;average=1;numRecs=2;}>) (<job0>, 0, <RecoCastFilter CastToIntMain{dataRep=SIGNED;wordSize=4}>) (<job1>, 0, <RecoSharedQueueSource Q0{queueId=Job_In1;initQueue=true;appendPsId=true;dim=2;procDim=1;sizes={256,1};nr=320;dataRep=SIGNED;baseField=COMPLEX;wordSize=4}>) (<job1>, 0, <RecoSharedQueueSink QS{queueId=Job_Out1;initQueue=true;appendPsId=true}>) (<job1>, 0, <RecoFileSink FS{jobNdx=1;writeAcqPars=false;filename="/opt/nmrdata/PV-360.3.3/data/cristina/20240530_092213_BDL776_sham_male_30052024_BDL776_sham_male_30052024_1_1/26/rawdata.Navigator"}>) (<job1>, 0, <RecoCastFilter CastToFloatMain{dataRep=FLOAT;wordSize=8}>) (<job1>, 0, <RecoDetermineB0Filter DB{width=\<ACQ_DriftCompFilterWidth\>;step=\<ACQ_DriftCompStep\>;sampleBW=20000.000000;B0Value=\<ACQ_DriftCompOffset\>;activeReceivers=2;debugFiles=0;}>) (<job1>, 0, <RecoReloadB0Filter B0{B0Value=\<ACQ_DriftCompOffset\>;B0CC=625000.000000;simulationMode=false}>) (<job1>, 0, <RecoAcqOutFilter Av{displayEachAccumulation=0;displayEachScan=1;displayEachPeStep=0;displayFt=0;magnitudeImage=1;shuffle=0;ftSize=4096;size=4096;offset=0;cnt=2;ndx=1;procnoPath="/opt/nmrdata/PV-360.3.3/data/cristina/20240530_092213_BDL776_sham_male_30052024_BDL776_sham_male_30052024_1_1/26/pdata/1/";displayObjects=1;modalityType=1;innerObjects=1;outerObjects=1;average=1;numRecs=2;}>) (<job1>, 0, <RecoCastFilter CastToIntMain{dataRep=SIGNED;wordSize=4}>) (<job1>, 0, <RecoTeeFilter TeeStorage>) (<input>, 0, <RecoFileSource FS0{initFromRawJob=0;procDim=1;numChan=2;contData=true;}>) (<input>, 0, <RecoSharedQueueSink JQ0{queueId=Job_Out0;appendPsId=true;initQueue=true;}>) (<input>, 0, <RecoFileSource FS1{initFromRawJob=1;procDim=1;numChan=2;contData=true;}>) (<input>, 0, <RecoSharedQueueSink JQ1{queueId=Job_Out1;appendPsId=true;initQueue=true;}>) (<compute>, 0, <RecoSharedQueueSource Q0{initFromJob=0;queueId=Job_Out0;appendPsId=true;}>) (<compute>, 0, <RecoSharedQueueSource JQ1{initFromJob=1;queueId=Job_Out1;appendPsId=true;}>) (<compute>, 0, <RecoDummySink JS1{verbose=false}>) (<compute>, 0, <RecoBufferSink S0{procDim=1;frameDim=2;bufferId="FIRSTPASS0";memId="out0"}>) (<compute>, 0, <RecoBufferSink S1{procDim=1;frameDim=2;bufferId="FIRSTPASS1";memId="out1"}>) (<compute>, 0, <RecoSplitFilter SP0{dim=1; keepBlocksize=1}>) (<compute>, 0, <RecoCastFilter CAST0{dataRep=FLOAT; wordSize=8}>) (<compute>, 0, <RecoCastFilter CAST1{dataRep=FLOAT; wordSize=8}>) (<compute>, 1, <RecoBufferSource Q0{procDim=1;frameDim=2;bufferId="FIRSTPASS0";memId="out0"}>) (<compute>, 1, <RecoBufferSource Q1{procDim=1;frameDim=2;bufferId="FIRSTPASS1";memId="out1"}>) (<compute>, 1, <RecoBufferSink S0{procDim=1;frameDim=2;bufferId="PREPPASS0";memId="in0"}>) (<compute>, 1, <RecoAddFilter SOS0>) (<compute>, 1, <RecoMagnitudeFilter G0>) (<compute>, 1, <RecoMinMaxFilter M0{map_min=\<RECO_map_min\>;map_max=\<RECO_map_max\>;}>) (<compute>, 2, <RecoBufferSource Q0{procDim=1;frameDim=2;bufferId="PREPPASS0";memId="in0"}>) (<compute>, 2, <RecoSharedQueueSink S0{initQueue=true;queueId=RecoComp_Out;appendPsId=true;}>) (<compute>, 2, <RecoMapFilter MAP0{symmetricMode=true;minima=\<RECO_minima\>;maxima=\<RECO_maxima\>;slope=\<RECO_map_slope\>;offset=\<RECO_map_offset\>;map_min=\<RECO_map_min\>;map_max=\<RECO_map_max\>;rangeMin=-32766.500000;rangeMax=32766.500000;perObjectMode=false;cutoffMode=true;}>) (<compute>, 2, <RecoCastFilter CAST0{dataRep=SIGNED;wordSize=2}>) (<output>, 2, <RecoSharedQueueSource Q{queueId=RecoComp_Out;appendPsId=true;procDim=1;initFromRECO=true;}>) (<output>, 2, <RecoProfileDisplayFilter DISP{isRecoDisp=true;dim=1;modalityType=1;procnoPath="/opt/nmrdata/PV-360.3.3/data/cristina/20240530_092213_BDL776_sham_male_30052024_BDL776_sham_male_30052024_1_1/26/pdata/1/";}>) (<output>, 2, <RecoFileSink S{writePars=true;shuffle=false;filename="2dseq";numChans=1;}>) (<compute>, 0, <RecoAverageFilter AVE0{avList=\<AverageList\>;avListSize=1;nObj=1;newSize=\<RECO_inp_size\>;}>) (<compute>, 0, <RecoAverageFilter AVE1{avList=\<AverageList\>;avListSize=1;nObj=1;newSize=\<RECO_inp_size\>;}>) (<compute>, 0, <RecoSpectCorrFilter SPECTCORR0{useNav  = 0;refPoint = 0;digShift = 76.125;refcor = 1;refData = \<PVM_RefScan[0]\>;filterWidth = 0;relNavBw = 2.8}>) (<compute>, 0, <RecoSpectCorrFilter SPECTCORR1{useNav  = 0;refPoint = 0;digShift = 76.125;refcor = 1;refData = \<PVM_RefScan[1]\>;filterWidth = 0;relNavBw = 2.8}>) (<compute>, 1, <RecoFTShiftFilter FTS0{shift=0.5; winDirection=0; exponent=1}>) (<compute>, 1, <RecoFTFilter FT0{direction=0; exponent=1}>) (<compute>, 1, <RecoTeeFilter T0>) (<compute>, 1, <RecoCastFilter FILECAST0{wordSize=4; dataRep=SIGNED}>) (<compute>, 1, <RecoFileSink FSINK0{filename="/opt/nmrdata/PV-360.3.3/data/cristina/20240530_092213_BDL776_sham_male_30052024_BDL776_sham_male_30052024_1_1/26/fid";shuffle=true}>) (<compute>, 1, <RecoZfillFilter ZFILL0{fillingPosition=1.0;fixedSize=4096}>) (<compute>, 1, <RecoDivideFilter DIV0{divisor=2}>)
##$RecoStageNrEdges=46
##$RecoStageEdges=( 46 )
(<job0>, 0, <Q0-\>PM>) (<job0>, 0, <PM-\>TeeStorage>) (<job0>, 0, 
<TeeStorage-\>CastToFloatMain>) (<job0>, 0, <CastToFloatMain-\>TeeAverage>) 
(<job0>, 0, <TeeAverage-\>Av>) (<job0>, 0, <Av-\>DummyAverage>) (<job0>, 0, 
<TeeAverage-\>CastToIntMain>) (<job0>, 0, <CastToIntMain-\>QS>) (<job0>, 0, 
<TeeStorage-\>FS>) (<job1>, 0, <Q0-\>CastToFloatMain>) (<job1>, 0, 
<CastToFloatMain-\>DB>) (<job1>, 0, <DB-\>B0>) (<job1>, 0, <B0-\>Av>) (<job1>,
 0, <Av-\>CastToIntMain>) (<job1>, 0, <CastToIntMain-\>TeeStorage>) (<job1>, 
0, <TeeStorage-\>QS>) (<job1>, 0, <TeeStorage-\>FS>) (<input>, 0, <FS0-\>JQ0>)
 (<input>, 0, <FS1-\>JQ1>) (<compute>, 0, <JQ1-\>JS1>) (<compute>, 0, 
<Q0-\>SP0>) (<compute>, 0, <SP0-\>CAST0>) (<compute>, 0, <SP0-\>CAST1>) 
(<compute>, 0, <AVE0-\>S0>) (<compute>, 0, <AVE1-\>S1>) (<compute>, 1, 
<Q0-\>SOS0.0>) (<compute>, 1, <Q1-\>SOS0.1>) (<compute>, 1, <FT0-\>G0>) 
(<compute>, 1, <G0-\>M0>) (<compute>, 1, <M0-\>S0>) (<compute>, 2, <Q0-\>MAP0>
) (<compute>, 2, <MAP0-\>CAST0>) (<compute>, 2, <CAST0-\>S0>) (<output>, 2, 
<Q-\>DISP>) (<output>, 2, <DISP-\>S>) (<compute>, 0, <SPECTCORR0-\>AVE0>) 
(<compute>, 0, <SPECTCORR1-\>AVE1>) (<compute>, 0, <CAST0-\>SPECTCORR0>) 
(<compute>, 0, <CAST1-\>SPECTCORR1>) (<compute>, 1, <T0-\>FTS0>) (<compute>, 
1, <FTS0-\>FT0>) (<compute>, 1, <SOS0-\>T0>) (<compute>, 1, <T0-\>DIV0>) 
(<compute>, 1, <FILECAST0-\>ZFILL0>) (<compute>, 1, <ZFILL0-\>FSINK0>) 
(<compute>, 1, <DIV0-\>FILECAST0>)
##$ACQ_SetupRecoDisplay=Yes
##$ACQ_SetupImageType=MAGNITUDE_IMAGE
##$RecoDisplay=Yes
##$RecoEachNR=No
##$RecoPrototype=No
##$RecoGradientLinearityCorrection=No
##$RecoGradientLinearityCorrectionDebug=1
##$RecoGradientLinearityCorrectionApprox=No
$$ @vis= RECO RECO_INSTANCE RECO_fov RECO_size RecoAutoDerive RecoDim
$$ @vis= RecoSpatDim RecoObjectsPerRepetition RecoObjectsPerSetupStep
$$ @vis= RecoSortObjectsPerRepetition RecoNumRepetitions RecoNumOutputChan
$$ @vis= RecoEncodingFrames RecoRepetitionGroupSize RECO_inp_order
$$ @vis= RECO_inp_size RECO_ft_size RECO_wdw_mode RECO_ft_mode RECO_pc_mode
$$ @vis= RECO_rotate RECO_transposition RECO_image_type RECO_wordtype
$$ @vis= RECO_map_mode RECO_byte_order RecoModeUser RecoUserUpdate
$$ @vis= RecoB0DemodOff RecoWindow RecoFTOrder RecoHalfFT RecoHalfFTPos
$$ @vis= RecoHalfFTAcq RecoNoFT RecoExportSortedData RecoCorrPhase
$$ @vis= RecoCorrPhaseRef RecoMap RecoNumInputChan RecoScaleChan RecoPhaseChan
$$ @vis= RecoCombineMode RecoEncGenInt RecoSortGroup RecoSortDim
$$ @vis= RecoGrappaGroup RecoGrappaAccelFactor RecoGrappaAccelFactor2
$$ @vis= RecoGrappaFirstRepOnly RecoGrappaCoefReps RecoSliceGrappaAccelFactor
$$ @vis= RecoSliceGrappaBlipValue RecoSliceGrappaOff RecoGrappa3D
$$ @vis= RecoGrappaCaipirinha RecoGrappaTCaipirinha RecoGrappaOne
$$ @vis= RecoSegGrappa RecoSegGrappaCalibrateFromB0 RecoSegGrappaInt
$$ @vis= RecoSegGrappaSegments RecoItGrappa RecoCSGroup RecoCS
$$ @vis= RecoRegridNGroup RecoRegridN RecoStageGroup RecoStageNrPasses
$$ @vis= RecoStagePasses RecoStageNrNodes RecoStageNodes RecoStageNrEdges
$$ @vis= RecoStageEdges RECO_GS ACQ_SetupRecoDisplay ACQ_SetupImageType
$$ @vis= RECO_GO RecoDisplay RecoEachNR RecoPrototype
$$ @vis= RecoGradientLinearityCorrectionDebug
$$ @vis= RecoGradientLinearityCorrectionApprox
##END=
$$ File finished by PARX at 2024-05-30 11:28:32.725 +0200
