##TITLE=Parameter List, ParaVision 360 V3.3
##JCAMPDX=4.24
##DATATYPE=Parameter Values
##ORIGIN=Bruker BioSpin MRI GmbH
##OWNER=cristina
$$ Write Options: Symbolic Enums, RLE encoded arrays, symbol visibility
$$ 2024-05-30 11:45:40.694 +0200  cristina@cibmscannerd
$$ /opt/nmrdata/PV-360.3.3/data/cristina/20240530_092213_BDL776_sham_male_30052024_BDL776_sham_male_30052024_1_1/27/pdata/1/reco
$$ process /opt/PV-360.3.3/prog/bin/parxserver
##$RECO_time=<2024-05-30T11:45:40,508+0200>
##$RECO_abs_time=(1717062340, 508, 120)
##$RECO_base_image_uid=( 65 )
<2.16.756.5.5.200.8323328.53286.1717058251.1820>
##$RECO_fov=( 1 )
5.8
##$RECO_size=( 1 )
4096
##$RecoAutoDerive=No
##$RecoDim=1
##$RecoSpatDim=0
##$RecoObjectsPerRepetition=1
##$RecoObjectsPerSetupStep=1
##$RecoSortObjectsPerRepetition=1
##$RecoNumRepetitions=320
##$RecoNumOutputChan=1
##$RecoEncodingFrames=1
##$RecoRepetitionGroupSize=1
##$RecoPreppassProcDim=0
##$RECO_inp_order=NO_REORDERING
##$RECO_inp_size=( 1 )
4096
##$RECO_ft_size=( 1 )
4096
##$RECO_offset=( 1, 1 )
0
##$RECO_qopts=( 1 )
NO_QOPTS
##$RECO_wdw_mode=( 1 )
NO_WDW
##$RECO_lb=( 1 )
-0.5
##$RECO_sw=( 1 )
7142.85714285714
##$RECO_gb=( 1 )
0.5
##$RECO_sbs=( 1 )
1
##$RECO_tm1=( 1 )
0.25
##$RECO_tm2=( 1 )
0.75
##$RECO_ft_mode=( 1 )
COMPLEX_FT
##$RECO_pc_mode=( 1 )
NO_PC
##$RECO_pc_lin=( 1 )
(0, 0)
##$RECO_rotate=( 1, 1 )
0.5
##$RECO_ppc_mode=NO_PPC
##$RECO_ppc_degree=1
##$RECO_transposition=( 1 )
0
##$RECO_image_type=MAGNITUDE_IMAGE
##$RECO_image_threshold=0.15
##$RECO_wordtype=_16BIT_SGN_INT
##$RECO_map_mode=ABSOLUTE_MAPPING
##$RECO_map_range=( 2 )
-2147483647 2147483647
##$RECO_map_percentile=( 2 )
1 99.9
##$RECO_map_error=0.025
##$RECO_minima=( 320 )
80.2403052989831 58.9456607171704 73.4331976054576 111.631820356118 
113.695950055459 67.3757029384209 127.444952959721 40.1338497797517 
81.7918512248937 68.3842546330877 110.74162029579 164.075372850261 
80.3719101299137 40.2760709785953 22.3014143041027 48.7920390705146 
105.654776728434 102.000925315158 31.4469275620528 59.8779693185926 
77.7084531769481 41.9632036988518 143.541322690388 59.9644441417996 
50.5240139299754 90.8539653864965 34.0910061091478 123.781692883724 
62.8570575102317 45.1631966243023 137.947073669439 164.393640696627 
61.6171416403051 147.333631325802 53.5738940114546 20.5809566955374 
62.2104843678075 125.713657818142 62.6503073051092 178.310031048232 
6.40927020307542 35.7681431835021 148.195158363533 38.8850350400506 
109.78491067917 96.7275291007495 164.800397885281 83.4933960784468 
24.4979826835167 135.085969899937 68.6614045228393 73.5638426974431 
52.4143021474258 68.2359424491779 82.1082251164209 100.617482031688 
9.8995603752391 47.4410865576056 33.5265225405386 120.651685790858 
81.4320384664512 50.8795023590065 110.179068032709 98.9154496661722 
91.820579825494 34.3349658654721 138.328549353823 49.671842586785 
86.8195208040678 44.1102428915444 141.288081146292 65.7389110266824 
150.535255346336 56.8128560362859 153.067130172138 68.8509582549722 
119.045182028497 78.1857355122742 131.904386111643 175.614795543189 
191.100084093201 67.7601512729301 58.7561516626178 30.3662256362553 
122.073262687831 14.4328471322878 13.004317223586 127.419515858036 
99.3490962758016 211.608266230388 82.5029479642261 164.244868504785 
94.4961320881016 128.489918037506 134.888298632988 100.95549480737 
103.734711483256 107.537223195631 102.403143637674 35.4023872331605 
30.5720075194303 52.715237101853 80.1875755537696 99.3157394227756 
103.994089971353 237.137572948031 78.9224658892807 69.0755402465342 
61.2297063266353 77.6994909061004 86.7864962636748 43.459251167592 
137.123088874217 5.03108879292663 32.6565135624704 150.435274637894 
123.736041682692 28.4871646140028 54.436739236228 76.5977481674207 
96.126331460803 42.0089443732737 17.3773272775327 83.9811452496663 
47.4896586900943 71.8735643236564 147.028287105576 95.3889002153849 
128.934698259589 84.5096292983445 29.3332731796008 60.1903683009799 
103.773971999548 94.4362455103311 32.7262204251094 41.3477523254121 
67.9837789379826 55.4621320349728 15.6653291184249 51.9872988424798 
12.4322807371639 64.2390814122956 98.3355893647151 30.3688247199367 
155.407140156594 61.7164149287892 40.8520145947709 51.9522363498177 
28.4610327992472 29.1313974611995 148.686471264263 87.6429429473573 
27.2664552030271 31.7839391547653 33.8954627610042 73.1693732676181 
97.0282055656012 39.7284515188744 114.659266973939 55.3940598766091 
64.2080377659506 178.488250869361 101.012374114873 37.5902589745841 
182.451027996581 24.2295769981525 77.6494048244386 81.5398864102632 
142.97979773857 62.1077713120974 99.4902508770913 71.4387748267919 
125.398728411968 28.9368915923754 107.572393508933 74.7260257241503 
62.095076662216 56.1154309558277 31.4838119708901 125.554294037099 
78.6878000253498 120.250460366531 189.924995172167 106.583598845262 
161.535095461372 38.7388720692086 35.6317487870104 172.195435352034 
143.663617842413 49.7777037082956 50.8900628076515 42.5842297376249 
87.1046554817208 47.3622500295534 153.732307251275 37.5505337493687 
78.611480019401 122.0759410335 114.063537333814 95.7232632363308 
83.8050234470718 111.008685665883 69.6558579127489 35.3923270208846 
82.1373644452137 130.875127492096 125.284989620688 41.8458010144849 
188.975430290833 46.2170978669948 90.7200854582379 52.7480118286603 
126.320534848105 11.1805346802011 141.072803082167 62.1493352772127 
43.9181894898453 97.747628387617 169.858927779772 66.9691696971658 
53.4777920294463 134.090414105004 115.617187777649 24.528687094189 
77.2378487140049 92.6864049106155 42.8266942464852 87.7527242140985 
105.761803516085 29.7439165383974 181.725563751768 28.1609310934858 
121.461574747181 67.0038699820256 61.1655057517442 20.9411179575563 
37.9395623249123 76.78929673844 78.91679136009 100.497270999989 
87.0948288595568 18.2016357460962 22.4993111618263 73.505868010574 
54.7887986617848 57.798240491462 102.09461610091 37.7810377906625 
31.8814994008613 125.307739516005 21.5723551489927 129.223295280601 
39.0590197318924 61.4539559852618 104.172119465617 76.636955007357 
146.80320643382 75.6882599023721 9.49031999177124 173.370177753187 
29.1944357825232 50.8290817278332 58.436507832265 90.9016599142559 
36.5811880724894 76.4747238123045 79.05850761855 146.703676082229 
66.0364664169359 27.2230920484976 24.5435464191318 145.100347053903 
58.1818388493931 76.0856021812524 38.7633788750322 129.567362653535 
138.964351134241 71.2351738692402 131.278985147174 55.2473747993336 
74.989694349506 80.4381016355011 169.386991425549 65.9625641159534 
36.6248457018933 97.1128762797386 169.453709064902 87.1888531710914 
85.4672336111384 85.6113921002546 183.859503413716 44.7327193046863 
4.9922822874211 85.5175054996405 27.1589665260307 141.459049132067 
115.376043806759 68.8107347289685 162.430519900833 74.1170393958749 
4.75554661674836 135.707568227714 94.58260331945 32.6813049678779 
34.4312909474538 44.9143246955654 98.0347040357133 80.3161690952938 
48.9135311358367 20.3195372886575 47.7418385163749 155.794115111182 
108.640324187597 29.7730236570612 119.73889285165 27.7396274977162 
115.05342354952 45.7592086665881 53.5374977559276 87.2818700891427
##$RECO_maxima=( 320 )
27650.0964081867 23952.9220028134 24584.1007995996 22637.2184447291 
28245.475563819 20850.0011649247 26847.9202878774 24773.3781956919 
23570.5799920024 28059.9245734778 27465.3454346155 24944.4044707729 
27772.2874583133 23405.2333631744 26355.6769259639 24377.6348363336 
29314.3637636193 26169.1872340957 25523.503734183 28801.2023098243 
25339.8847464803 23615.7680812198 25346.5955566357 25170.8379274123 
24442.1864025036 24890.4138456337 23477.2666539831 24213.1984793559 
25354.1745002754 25602.6026556439 25297.003794207 24481.0702859374 
25792.6522230374 27295.0775896634 27291.0605164428 25410.5764763354 
24963.769115304 25883.0388599483 24055.4494306587 23982.7399155649 
25738.2117223759 24964.085423098 26408.9044345028 25958.8706908846 
27413.2745662923 22022.6432812678 24996.7841065794 27879.0511083236 
24563.4991344942 27249.4025619675 26346.5899826474 25864.5765632031 
26841.6417924491 26495.4100543939 25121.1847005085 25514.3703220185 
26473.7700424886 23369.9498949994 24841.8859281103 25237.0133892796 
25150.1074301904 28424.1989618492 24356.0007229272 25112.3356654361 
23845.6983633896 24096.9474702838 22235.9622077648 28423.5573321098 
28126.0719083878 24500.3680088553 23070.9693335757 24548.8988821268 
23553.1958557968 24867.9646456601 26563.6591172995 25990.4843728885 
26032.9632963083 25761.6914716895 25946.3999626866 25877.5007934705 
24156.2196241329 25793.8616257971 23902.7105277401 24101.4070102893 
24559.4586665853 28578.9206445837 27370.941632487 24653.1516312197 
25052.017358496 25893.1675503012 26198.7623540136 26403.0292798917 
26136.1893187342 25391.2913556832 25380.7596910495 24838.9447846325 
27814.1674569815 29617.5420086949 27863.8697411452 29279.4632338801 
25787.8561886435 25930.8593445439 25837.9025175103 27057.6909336874 
26499.7493978605 25209.7769940407 27009.2904017567 22219.8372850331 
22338.6445398798 25762.3234783848 24843.9421593386 25076.7689473257 
24292.6783254999 22993.2157400093 25471.7061136471 24176.1891511597 
26636.2439552951 24191.852138254 27979.827328139 22020.4458568901 
26221.2425320021 27230.5165643125 26590.8211778478 23487.005653837 
26238.2873402346 23598.645000048 26231.5730135803 26062.4037056976 
29861.7726176716 24121.7820696999 24839.9425797235 23632.7102570785 
26316.9319891032 23800.8370611528 27111.9866156059 26097.8897617744 
25756.4031140968 24852.5296608829 25384.7061468571 26634.3035518919 
24856.4907029626 24241.9753384581 24586.6021506839 24689.8237873789 
22417.2315806248 22907.0291607946 24985.4347682296 26899.8961522104 
23773.4746540956 24353.16758258 25450.6941355934 26859.7154376527 
25916.5781308309 27314.9863596329 24746.4526005309 23853.7085675747 
26899.1948174397 26875.9173163757 25238.972767086 25084.7990578813 
25700.7308452664 25447.4707296346 26519.7558209208 22054.3065616171 
25647.3212280782 23103.3550770226 26503.6625481116 23987.6124759788 
24268.1717623305 26099.7605537706 26701.308649157 26858.6622943977 
26870.2200085041 25815.4133224086 26417.3403368272 23738.4424288141 
22919.1538861151 21595.1168438425 23825.0865756093 21029.5124984691 
26186.5888526938 26107.99773373 24605.9360526917 26915.824967779 
26490.3072663869 26989.477012914 24667.9466430736 25558.5626968353 
25912.9152541894 25113.74890243 24565.749415613 23655.6913042568 
28856.0632181413 25067.0222724555 25535.8221088013 20053.1154399691 
26787.9598445613 25036.4730372198 26341.4993647657 26782.3520413303 
27725.7727119012 23769.8472133047 26338.4556446511 23841.5137408304 
27923.3981994582 24611.3281390846 25558.6549195056 27907.709100126 
27730.8801226616 25131.6348710599 22300.1414951039 24612.0226998652 
26656.0824732646 21266.960497315 28300.6038852711 23589.7676662813 
23580.3895235694 24033.0822315153 25413.3109413796 22198.2215788961 
25727.6123844222 28242.3151972313 25316.6474259318 23781.2551555488 
28997.2323369172 22306.0671396707 23471.9321129059 25889.7713269295 
25343.3410806793 32766.5 26389.2656787059 23714.5798423038 28146.0521001623 
28641.6245218057 23970.917398512 24598.8488593093 25809.6158411358 
24199.5036772104 26068.7277863256 27386.0823349974 21529.1706186143 
27697.916810672 27257.4301553353 22851.7441753663 26909.8648561358 
23395.9111479009 26970.3809815161 24488.7944545159 24370.1853411757 
27327.4552583832 25192.1903095311 23487.2357581299 29237.7326478425 
25229.6769569697 24680.9623358043 25076.6581847211 25501.7254462275 
24713.0338439812 26157.8933757774 21854.0555389275 26894.1274008864 
23122.5696831071 25295.4520178094 21399.259933764 26474.6034253828 
25799.3605973795 26091.3823793787 23033.0406187487 25283.2641945548 
24991.0844811885 23283.852404084 24021.9045891468 26660.1442705014 
22650.3657926279 25124.588983473 21756.3341348294 22886.7053788846 
23152.4830222827 25340.0042672148 23326.7072862643 26904.5423753124 
27658.7159383866 25991.583548482 23849.2347194685 25410.4180903168 
22860.616717909 25026.9600900889 24747.2509838282 24851.7916494141 
23387.0640227944 27359.8636893838 23376.7663362735 23565.2732188489 
24579.5866353165 26696.4514255434 26113.8513020344 24248.5059231226 
24012.5872681475 26001.7007671836 24659.4242297294 24550.000706429 
26238.994600103 25355.5410929 26202.2592364329 26667.2897507459 
26831.2028886658 25120.9827189733 24980.3554607904 24131.3581994526 
21622.662522683 23711.8112099889 21550.6829376569 24473.1094751345 
22922.114357332 25254.4779894936 25287.2615847857 25423.4707521584 
27152.0655597749 21112.8162864443 23556.8035444062
##$RECO_map_min=( 320 )
@320*(-9332.17754116545)
##$RECO_map_max=( 320 )
@320*(9332.17754116545)
##$RECO_map_offset=( 320 )
@320*(0)
##$RECO_map_slope=( 320 )
@320*(3.51113122906875)
##$RECO_byte_order=littleEndian
##$RecoUserUpdate=Yes
##$RecoReverseSegment=0
##$RecoB0DemodOff=0
##$RecoB0DemodDelay=0
##$RecoFTOrder=( 1 )
-1
##$RecoHalfFTAlgorithm=ZEROFILLING
##$RecoHalfFT=( 1 )
No
##$RecoHalfFTPos=( 1 )
2048
##$RecoHalfFTAcq=No
##$RecoNoFT=No
##$RecoExportSortedData=No
##$RecoCorrPhase=RecoCorrPhaseOff
##$RecoCorrPhaseRef=-1
##$RECO_map_user_slope=1
##$RECO_map_user_offset=0
##$RecoNumInputChan=2
##$RecoScaleChan=( 2 )
1 1
##$RecoPhaseChan=( 2 )
0 0
##$RecoCombineMode=AddImages
##$RecoEncGenInt=0
##$RecoSortDim=0
##$RecoSortSize=( 1 )
0
##$RecoSortRange=( 1 )
0
##$RecoSortSegment=( 1 )
0
##$RecoSortMaps=( 1 )
0
##$RecoGrappaAccelFactor=1
##$RecoGrappaAccelFactor2=1
##$RecoGrappaKernelRead=5
##$RecoGrappaKernelPhase=4
##$RecoGrappaKernelPhase2=4
##$RecoGrappaKernelTime=3
##$RecoGrappaNumRefRead=64
##$RecoGrappaNumRefPhase=0
##$RecoGrappaNumRefPhase2=0
##$RecoGrappaIncludeRefLines=Yes
##$RecoGrappaFirstRepOnly=No
##$RecoGrappaReadCenter=0
##$RecoGrappaPhaseCenter=0
##$RecoGrappaPhaseCenter2=0
##$RecoGrappaTruncThresh=0.01
##$RecoGrappaLambda=0.01
##$RecoGrappaCoefReps=1
##$RecoSliceGrappaAccelFactor=1
##$RecoSliceGrappaBlipValue=1
##$RecoSliceGrappaKernelRead=5
##$RecoSliceGrappaKernelPhase=4
##$RecoSliceGrappaNumRefRead=0
##$RecoSliceGrappaNumRefPhase=0
##$RecoSliceGrappaReadCenter=0
##$RecoSliceGrappaPhaseCenter=0
##$RecoSliceGrappaTruncThresh=0.01
##$RecoSliceGrappaLambda=0.01
##$RecoSliceGrappaOff=No
##$RecoGrappa3D=No
##$RecoGrappaCaipirinha=No
##$RecoGrappaTCaipirinha=No
##$RecoGrappaVirtualCoils=No
##$RecoGrappaVirtualCoilsLambda=2
##$RecoGrappaPeak=No
##$RecoGrappaOne=No
##$RecoGrappaOneLambda=0.1
##$RecoSegGrappa=No
##$RecoSegGrappaCalibrateFromB0=No
##$RecoSegGrappaInt=0
##$RecoSegGrappaSegments=1
##$RecoSegGrappaTruncThresh=0.01
##$RecoSegGrappaLambda=0.01
##$RecoSegGrappaLambdaSeg=2
##$RecoItGrappa=1
##$RecoCS=No
##$RecoRegridN=Off
##$RecoStageNrPasses=3
##$RecoStagePasses=( 3 )
(<FIRSTPASS>, 0) (<PREPPASS>, 1) (<MAPPASS>, 2)
##$RecoStageNrNodes=55
##$RecoStageNodes=( 55 )
(<job0>, 0, <RecoSharedQueueSource 
Q0{queueId=Job_In0;initQueue=true;appendPsId=true;dim=2;procDim=1;sizes={8192,
1};nr=320;dataRep=SIGNED;baseField=COMPLEX;wordSize=4}>) (<job0>, 0, 
<RecoSharedQueueSink QS{queueId=Job_Out0;initQueue=true;appendPsId=true}>) 
(<job0>, 0, <RecoFileSink 
FS{jobNdx=0;writeAcqPars=true;filename="/opt/nmrdata/PV-360.3.3/data/cristina/20240530_092213_BDL776_sham_male_30052024_BDL776_sham_male_30052024_1_1/27/rawdata.job0"}>) (<job0>, 0, <RecoProgressMonitorFilter PM{reportScanProgress="1/1"}>) (<job0>, 0, <RecoTeeFilter TeeStorage>) (<job0>, 0, <RecoCastFilter CastToFloatMain{dataRep=FLOAT;wordSize=8}>) (<job0>, 0, <RecoTeeFilter TeeAverage>) (<job0>, 0, <RecoDummySink DummyAverage>) (<job0>, 0, <RecoAcqOutFilter Av{displayEachAccumulation=1;displayEachScan=0;displayEachPeStep=0;displayFt=0;magnitudeImage=1;shuffle=0;ftSize=4096;size=4096;offset=0;cnt=2;ndx=0;procnoPath="/opt/nmrdata/PV-360.3.3/data/cristina/20240530_092213_BDL776_sham_male_30052024_BDL776_sham_male_30052024_1_1/27/pdata/1/";displayObjects=1;modalityType=1;innerObjects=1;outerObjects=1;average=1;numRecs=2;}>) (<job0>, 0, <RecoCastFilter CastToIntMain{dataRep=SIGNED;wordSize=4}>) (<job1>, 0, <RecoSharedQueueSource Q0{queueId=Job_In1;initQueue=true;appendPsId=true;dim=2;procDim=1;sizes={256,1};nr=320;dataRep=SIGNED;baseField=COMPLEX;wordSize=4}>) (<job1>, 0, <RecoSharedQueueSink QS{queueId=Job_Out1;initQueue=true;appendPsId=true}>) (<job1>, 0, <RecoFileSink FS{jobNdx=1;writeAcqPars=false;filename="/opt/nmrdata/PV-360.3.3/data/cristina/20240530_092213_BDL776_sham_male_30052024_BDL776_sham_male_30052024_1_1/27/rawdata.Navigator"}>) (<job1>, 0, <RecoCastFilter CastToFloatMain{dataRep=FLOAT;wordSize=8}>) (<job1>, 0, <RecoDetermineB0Filter DB{width=\<ACQ_DriftCompFilterWidth\>;step=\<ACQ_DriftCompStep\>;sampleBW=20000.000000;B0Value=\<ACQ_DriftCompOffset\>;activeReceivers=2;debugFiles=0;}>) (<job1>, 0, <RecoReloadB0Filter B0{B0Value=\<ACQ_DriftCompOffset\>;B0CC=625000.000000;simulationMode=false}>) (<job1>, 0, <RecoAcqOutFilter Av{displayEachAccumulation=0;displayEachScan=1;displayEachPeStep=0;displayFt=0;magnitudeImage=1;shuffle=0;ftSize=4096;size=4096;offset=0;cnt=2;ndx=1;procnoPath="/opt/nmrdata/PV-360.3.3/data/cristina/20240530_092213_BDL776_sham_male_30052024_BDL776_sham_male_30052024_1_1/27/pdata/1/";displayObjects=1;modalityType=1;innerObjects=1;outerObjects=1;average=1;numRecs=2;}>) (<job1>, 0, <RecoCastFilter CastToIntMain{dataRep=SIGNED;wordSize=4}>) (<job1>, 0, <RecoTeeFilter TeeStorage>) (<input>, 0, <RecoFileSource FS0{initFromRawJob=0;procDim=1;numChan=2;contData=true;}>) (<input>, 0, <RecoSharedQueueSink JQ0{queueId=Job_Out0;appendPsId=true;initQueue=true;}>) (<input>, 0, <RecoFileSource FS1{initFromRawJob=1;procDim=1;numChan=2;contData=true;}>) (<input>, 0, <RecoSharedQueueSink JQ1{queueId=Job_Out1;appendPsId=true;initQueue=true;}>) (<compute>, 0, <RecoSharedQueueSource Q0{initFromJob=0;queueId=Job_Out0;appendPsId=true;}>) (<compute>, 0, <RecoSharedQueueSource JQ1{initFromJob=1;queueId=Job_Out1;appendPsId=true;}>) (<compute>, 0, <RecoDummySink JS1{verbose=false}>) (<compute>, 0, <RecoBufferSink S0{procDim=1;frameDim=2;bufferId="FIRSTPASS0";memId="out0"}>) (<compute>, 0, <RecoBufferSink S1{procDim=1;frameDim=2;bufferId="FIRSTPASS1";memId="out1"}>) (<compute>, 0, <RecoSplitFilter SP0{dim=1; keepBlocksize=1}>) (<compute>, 0, <RecoCastFilter CAST0{dataRep=FLOAT; wordSize=8}>) (<compute>, 0, <RecoCastFilter CAST1{dataRep=FLOAT; wordSize=8}>) (<compute>, 1, <RecoBufferSource Q0{procDim=1;frameDim=2;bufferId="FIRSTPASS0";memId="out0"}>) (<compute>, 1, <RecoBufferSource Q1{procDim=1;frameDim=2;bufferId="FIRSTPASS1";memId="out1"}>) (<compute>, 1, <RecoBufferSink S0{procDim=1;frameDim=2;bufferId="PREPPASS0";memId="in0"}>) (<compute>, 1, <RecoAddFilter SOS0>) (<compute>, 1, <RecoMagnitudeFilter G0>) (<compute>, 1, <RecoMinMaxFilter M0{map_min=\<RECO_map_min\>;map_max=\<RECO_map_max\>;}>) (<compute>, 2, <RecoBufferSource Q0{procDim=1;frameDim=2;bufferId="PREPPASS0";memId="in0"}>) (<compute>, 2, <RecoSharedQueueSink S0{initQueue=true;queueId=RecoComp_Out;appendPsId=true;}>) (<compute>, 2, <RecoMapFilter MAP0{symmetricMode=true;minima=\<RECO_minima\>;maxima=\<RECO_maxima\>;slope=\<RECO_map_slope\>;offset=\<RECO_map_offset\>;map_min=\<RECO_map_min\>;map_max=\<RECO_map_max\>;rangeMin=-32766.500000;rangeMax=32766.500000;perObjectMode=false;cutoffMode=true;}>) (<compute>, 2, <RecoCastFilter CAST0{dataRep=SIGNED;wordSize=2}>) (<output>, 2, <RecoSharedQueueSource Q{queueId=RecoComp_Out;appendPsId=true;procDim=1;initFromRECO=true;}>) (<output>, 2, <RecoProfileDisplayFilter DISP{isRecoDisp=true;dim=1;modalityType=1;procnoPath="/opt/nmrdata/PV-360.3.3/data/cristina/20240530_092213_BDL776_sham_male_30052024_BDL776_sham_male_30052024_1_1/27/pdata/1/";}>) (<output>, 2, <RecoFileSink S{writePars=true;shuffle=false;filename="2dseq";numChans=1;}>) (<compute>, 0, <RecoAverageFilter AVE0{avList=\<AverageList\>;avListSize=1;nObj=1;newSize=\<RECO_inp_size\>;}>) (<compute>, 0, <RecoAverageFilter AVE1{avList=\<AverageList\>;avListSize=1;nObj=1;newSize=\<RECO_inp_size\>;}>) (<compute>, 0, <RecoSpectCorrFilter SPECTCORR0{useNav  = 0;refPoint = 0;digShift = 76.125;refcor = 1;refData = \<PVM_RefScan[0]\>;filterWidth = 0;relNavBw = 2.8}>) (<compute>, 0, <RecoSpectCorrFilter SPECTCORR1{useNav  = 0;refPoint = 0;digShift = 76.125;refcor = 1;refData = \<PVM_RefScan[1]\>;filterWidth = 0;relNavBw = 2.8}>) (<compute>, 1, <RecoFTShiftFilter FTS0{shift=0.5; winDirection=0; exponent=1}>) (<compute>, 1, <RecoFTFilter FT0{direction=0; exponent=1}>) (<compute>, 1, <RecoTeeFilter T0>) (<compute>, 1, <RecoCastFilter FILECAST0{wordSize=4; dataRep=SIGNED}>) (<compute>, 1, <RecoFileSink FSINK0{filename="/opt/nmrdata/PV-360.3.3/data/cristina/20240530_092213_BDL776_sham_male_30052024_BDL776_sham_male_30052024_1_1/27/fid";shuffle=true}>) (<compute>, 1, <RecoZfillFilter ZFILL0{fillingPosition=1.0;fixedSize=4096}>) (<compute>, 1, <RecoDivideFilter DIV0{divisor=2}>)
##$RecoStageNrEdges=46
##$RecoStageEdges=( 46 )
(<job0>, 0, <Q0-\>PM>) (<job0>, 0, <PM-\>TeeStorage>) (<job0>, 0, 
<TeeStorage-\>CastToFloatMain>) (<job0>, 0, <CastToFloatMain-\>TeeAverage>) 
(<job0>, 0, <TeeAverage-\>Av>) (<job0>, 0, <Av-\>DummyAverage>) (<job0>, 0, 
<TeeAverage-\>CastToIntMain>) (<job0>, 0, <CastToIntMain-\>QS>) (<job0>, 0, 
<TeeStorage-\>FS>) (<job1>, 0, <Q0-\>CastToFloatMain>) (<job1>, 0, 
<CastToFloatMain-\>DB>) (<job1>, 0, <DB-\>B0>) (<job1>, 0, <B0-\>Av>) (<job1>,
 0, <Av-\>CastToIntMain>) (<job1>, 0, <CastToIntMain-\>TeeStorage>) (<job1>, 
0, <TeeStorage-\>QS>) (<job1>, 0, <TeeStorage-\>FS>) (<input>, 0, <FS0-\>JQ0>)
 (<input>, 0, <FS1-\>JQ1>) (<compute>, 0, <JQ1-\>JS1>) (<compute>, 0, 
<Q0-\>SP0>) (<compute>, 0, <SP0-\>CAST0>) (<compute>, 0, <SP0-\>CAST1>) 
(<compute>, 0, <AVE0-\>S0>) (<compute>, 0, <AVE1-\>S1>) (<compute>, 1, 
<Q0-\>SOS0.0>) (<compute>, 1, <Q1-\>SOS0.1>) (<compute>, 1, <FT0-\>G0>) 
(<compute>, 1, <G0-\>M0>) (<compute>, 1, <M0-\>S0>) (<compute>, 2, <Q0-\>MAP0>
) (<compute>, 2, <MAP0-\>CAST0>) (<compute>, 2, <CAST0-\>S0>) (<output>, 2, 
<Q-\>DISP>) (<output>, 2, <DISP-\>S>) (<compute>, 0, <SPECTCORR0-\>AVE0>) 
(<compute>, 0, <SPECTCORR1-\>AVE1>) (<compute>, 0, <CAST0-\>SPECTCORR0>) 
(<compute>, 0, <CAST1-\>SPECTCORR1>) (<compute>, 1, <T0-\>FTS0>) (<compute>, 
1, <FTS0-\>FT0>) (<compute>, 1, <SOS0-\>T0>) (<compute>, 1, <T0-\>DIV0>) 
(<compute>, 1, <FILECAST0-\>ZFILL0>) (<compute>, 1, <ZFILL0-\>FSINK0>) 
(<compute>, 1, <DIV0-\>FILECAST0>)
##$ACQ_SetupRecoDisplay=Yes
##$ACQ_SetupImageType=MAGNITUDE_IMAGE
##$RecoDisplay=Yes
##$RecoEachNR=No
##$RecoPrototype=No
##$RecoGradientLinearityCorrection=No
##$RecoGradientLinearityCorrectionDebug=1
##$RecoGradientLinearityCorrectionApprox=No
$$ @vis= RECO RECO_INSTANCE RECO_fov RECO_size RecoAutoDerive RecoDim
$$ @vis= RecoSpatDim RecoObjectsPerRepetition RecoObjectsPerSetupStep
$$ @vis= RecoSortObjectsPerRepetition RecoNumRepetitions RecoNumOutputChan
$$ @vis= RecoEncodingFrames RecoRepetitionGroupSize RECO_inp_order
$$ @vis= RECO_inp_size RECO_ft_size RECO_wdw_mode RECO_ft_mode RECO_pc_mode
$$ @vis= RECO_rotate RECO_transposition RECO_image_type RECO_wordtype
$$ @vis= RECO_map_mode RECO_byte_order RecoModeUser RecoUserUpdate
$$ @vis= RecoB0DemodOff RecoWindow RecoFTOrder RecoHalfFT RecoHalfFTPos
$$ @vis= RecoHalfFTAcq RecoNoFT RecoExportSortedData RecoCorrPhase
$$ @vis= RecoCorrPhaseRef RecoMap RecoNumInputChan RecoScaleChan RecoPhaseChan
$$ @vis= RecoCombineMode RecoEncGenInt RecoSortGroup RecoSortDim
$$ @vis= RecoGrappaGroup RecoGrappaAccelFactor RecoGrappaAccelFactor2
$$ @vis= RecoGrappaFirstRepOnly RecoGrappaCoefReps RecoSliceGrappaAccelFactor
$$ @vis= RecoSliceGrappaBlipValue RecoSliceGrappaOff RecoGrappa3D
$$ @vis= RecoGrappaCaipirinha RecoGrappaTCaipirinha RecoGrappaOne
$$ @vis= RecoSegGrappa RecoSegGrappaCalibrateFromB0 RecoSegGrappaInt
$$ @vis= RecoSegGrappaSegments RecoItGrappa RecoCSGroup RecoCS
$$ @vis= RecoRegridNGroup RecoRegridN RecoStageGroup RecoStageNrPasses
$$ @vis= RecoStagePasses RecoStageNrNodes RecoStageNodes RecoStageNrEdges
$$ @vis= RecoStageEdges RECO_GS ACQ_SetupRecoDisplay ACQ_SetupImageType
$$ @vis= RECO_GO RecoDisplay RecoEachNR RecoPrototype
$$ @vis= RecoGradientLinearityCorrectionDebug
$$ @vis= RecoGradientLinearityCorrectionApprox
##END=
$$ File finished by PARX at 2024-05-30 11:45:40.696 +0200
