##TITLE=Parameter List, ParaVision 360 V3.3
##JCAMPDX=4.24
##DATATYPE=Parameter Values
##ORIGIN=Bruker BioSpin MRI GmbH
##OWNER=cristina
$$ Write Options: Symbolic Enums, RLE encoded arrays, symbol visibility
$$ 2024-05-30 10:44:31.262 +0200  cristina@cibmscannerd
$$ /opt/nmrdata/PV-360.3.3/data/cristina/20240530_092213_BDL776_sham_male_30052024_BDL776_sham_male_30052024_1_1/22/pdata/1/reco
$$ process /opt/PV-360.3.3/prog/bin/parxserver
##$RECO_time=<2024-05-30T10:44:31,008+0200>
##$RECO_abs_time=(1717058671, 8, 120)
##$RECO_base_image_uid=( 65 )
<2.16.756.5.5.200.8323328.53286.1717058032.1656>
##$RECO_fov=( 1 )
5.8
##$RECO_size=( 1 )
4096
##$RecoAutoDerive=No
##$RecoDim=1
##$RecoSpatDim=0
##$RecoObjectsPerRepetition=1
##$RecoObjectsPerSetupStep=1
##$RecoSortObjectsPerRepetition=1
##$RecoNumRepetitions=160
##$RecoNumOutputChan=1
##$RecoEncodingFrames=1
##$RecoRepetitionGroupSize=1
##$RecoPreppassProcDim=0
##$RECO_inp_order=NO_REORDERING
##$RECO_inp_size=( 1 )
4096
##$RECO_ft_size=( 1 )
4096
##$RECO_offset=( 1, 1 )
0
##$RECO_qopts=( 1 )
NO_QOPTS
##$RECO_wdw_mode=( 1 )
NO_WDW
##$RECO_lb=( 1 )
-0.5
##$RECO_sw=( 1 )
7142.85714285714
##$RECO_gb=( 1 )
0.5
##$RECO_sbs=( 1 )
1
##$RECO_tm1=( 1 )
0.25
##$RECO_tm2=( 1 )
0.75
##$RECO_ft_mode=( 1 )
COMPLEX_FT
##$RECO_pc_mode=( 1 )
NO_PC
##$RECO_pc_lin=( 1 )
(0, 0)
##$RECO_rotate=( 1, 1 )
0.5
##$RECO_ppc_mode=NO_PPC
##$RECO_ppc_degree=1
##$RECO_transposition=( 1 )
0
##$RECO_image_type=MAGNITUDE_IMAGE
##$RECO_image_threshold=0.15
##$RECO_wordtype=_16BIT_SGN_INT
##$RECO_map_mode=ABSOLUTE_MAPPING
##$RECO_map_range=( 2 )
-2147483647 2147483647
##$RECO_map_percentile=( 2 )
1 99.9
##$RECO_map_error=0.025
##$RECO_minima=( 160 )
27.7801654591056 8.45069839326735 31.0226266569915 32.2307584480071 
40.005997434039 49.6188785481705 15.4222760478368 12.1823608943359 
15.6623970558455 19.295161830294 16.1440124793873 18.9163878167208 
17.8121604631516 26.2912941403724 23.920497054581 29.191043775299 
14.5007600625231 6.15328552455947 25.8804692305568 8.28411621926274 
20.5757528914599 31.4801324648635 20.5736962517103 23.2430807328189 
51.0149726423206 17.1439348338993 22.2780978091851 21.3878414389816 
21.2685923428845 5.19884650014258 35.213773128072 34.7798729080575 
25.0159094244191 25.7882057351308 28.6595580713447 31.8740054001552 
51.5953760963538 30.1291529594479 18.0244469586055 10.2687475947272 
12.0555800677141 23.4794894498097 12.4610607588814 20.0349649812432 
28.1300970344612 12.025015381311 5.49819342258603 2.55473978712622 
15.3811489772536 12.1905070070602 21.9616919052757 8.98062270443003 
10.1907882522969 6.8802581655932 45.1755684955112 12.1567360186917 
53.7122514832231 38.4910884963459 9.13305916733528 15.227648626968 
7.38927034974203 14.8832643109287 25.043018497785 21.0963223644623 
28.0971488335693 29.9681488365972 22.0879758914982 13.5108214012021 
11.5047360175268 17.9909871031071 45.73659567609 10.646766642258 
22.011541383414 15.2645360966239 48.20575697583 25.5452660546003 
39.0155370034656 36.9429886202931 14.2046749508644 14.9956918655286 
21.4807999867357 27.8250786927415 22.7963378056387 22.7929180975316 
36.3475889496703 29.8341421296415 45.0633417582404 30.3231075245458 
11.9620576229495 39.6170956538473 49.4046146795842 3.34532395289352 
20.3027301315099 24.829471450069 16.8073793386682 13.1636677013253 
6.45937004471858 32.5563290509289 35.2185385113726 26.6900490285784 
25.5115104492148 25.8621663969614 36.11966666881 26.3406975838605 
28.1087588627048 23.6062913213229 21.4988559383666 32.6984137774159 
17.3353562227035 9.06060214794034 45.5545728365478 19.8313111540844 
31.3911266208151 35.7047503695792 37.2325633249781 12.519405048103 
21.5464131704231 39.7011171139006 44.6668193973038 31.9438897820254 
35.1679447992885 19.9343898896033 32.4665466656933 33.1791898047559 
9.38983562283395 18.6734737330617 30.106271996005 15.1862670457161 
37.6636669849337 40.9199742703501 45.9279155979376 45.3942542891911 
11.3951018422747 25.274842833765 13.2948037986498 32.0274555667716 
18.3322639860634 32.8766243103901 42.6394579845084 33.8983490535288 
7.53426001409832 30.5091816171829 29.4934457618833 3.67815229803854 
29.7784835070267 34.2535667271478 18.0026571332557 25.0372614453351 
27.0585345159321 47.4456196740404 23.7951618220642 8.85304285182186 
30.8767612727132 11.459576598042 32.8763992093635 34.7301216120802 
9.31358819050395 27.9225125949803 18.0973454605036 19.6256862471138
##$RECO_maxima=( 160 )
27596.8955746707 25714.4427199871 29985.2727456439 27031.2096058325 
30941.9174297844 26594.9677911729 30888.2609793752 26095.1387887866 
30804.0614785643 25824.1323942381 31270.8030824034 27064.4938752467 
31222.4970097876 27383.8965633482 29587.9015068873 25821.7404557648 
30890.2089552358 25898.6832173315 30322.8745048544 27308.7588460934 
30116.9667478651 23423.1687296123 30248.0875480843 27133.6666596967 
31000.5016887064 27463.3896294077 27898.3968132351 27060.5581724388 
30509.9651394265 26838.9208306658 31578.5171988269 26632.3425292809 
27436.0994944657 26055.1792531153 30190.9650423671 26591.6172996484 
29535.0720443106 24431.760743147 28090.384313336 26803.5606471777 
29746.0851912348 28033.3970053604 30035.2720633661 26892.4673835679 
29630.1349864059 27255.997307489 29832.9512244084 26131.0008884116 
30154.371470862 26620.0032425051 27665.0300911038 24087.1207992347 
31274.850048501 27283.6743645403 30901.3650087504 26830.5588423673 
30273.2749787573 26489.6037655783 29422.026517045 27603.1769543105 
30821.3079495867 25586.4958719426 27851.3071434153 28003.5631443549 
29931.5458877785 28099.9454815013 30547.9400222636 27215.5625635025 
31044.2085589201 24878.3202795853 30319.5799005393 26573.7857871769 
30872.0441624499 27154.8489779084 29905.3978839093 27134.1861258789 
30532.5864510378 26315.8605424332 30601.8765738083 25777.7044524309 
26276.4186329218 25623.0761819682 30915.2918822335 27392.142935729 
30937.6278962897 26958.1135018151 31302.8714336028 26321.2771149624 
29811.9179316149 27057.490200504 29848.3378579523 26176.726154633 
29619.545806546 26266.9776251427 29663.9418642222 26753.8357158723 
29942.6855955283 26370.6079447897 27924.7598507846 24676.2448243746 
29164.6604539584 25236.4449070148 27789.3433062811 25491.4810571075 
30735.1637709781 25895.9413315463 29135.6420624137 25103.8300434884 
29671.4471710122 24817.8074240358 31117.3653870333 25634.9587819575 
28510.4579886823 26539.9192089622 31380.2244667718 26678.5585024375 
28195.90297589 22427.0925893478 31074.1549653265 26676.8889708633 
29799.806578776 27114.4588218885 28528.0609579303 27304.7152796916 
29759.3012187725 27016.9019795909 32534.9427279838 24623.3953707286 
31184.2266327067 27359.0723105539 30534.5055182307 25292.4474380365 
30282.1960319421 26022.5485108993 31289.813162613 26456.2943039714 32766.5 
26220.2823768885 30094.4718529178 24395.4010827478 30727.7634012341 
27723.2979979251 29059.2811367472 26059.5735282254 29866.1096188208 
27295.597834226 29362.6497086565 26185.9023565878 29456.1849276813 
27398.0491902144 28052.8801954667 27067.5233714889 30846.0050735041 
25786.0648411608 30558.3746653024 24900.6943843552 27257.7599518796 
26794.3101068924 30858.6548365842 28272.7828681237
##$RECO_map_min=( 160 )
@160*(-32486.3976214988)
##$RECO_map_max=( 160 )
@160*(32486.3976214988)
##$RECO_map_offset=( 160 )
@160*(0)
##$RECO_map_slope=( 160 )
@160*(1.00862214338951)
##$RECO_byte_order=littleEndian
##$RecoUserUpdate=Yes
##$RecoReverseSegment=0
##$RecoB0DemodOff=0
##$RecoB0DemodDelay=0
##$RecoFTOrder=( 1 )
-1
##$RecoHalfFTAlgorithm=ZEROFILLING
##$RecoHalfFT=( 1 )
No
##$RecoHalfFTPos=( 1 )
2048
##$RecoHalfFTAcq=No
##$RecoNoFT=No
##$RecoExportSortedData=No
##$RecoCorrPhase=RecoCorrPhaseOff
##$RecoCorrPhaseRef=-1
##$RECO_map_user_slope=1
##$RECO_map_user_offset=0
##$RecoNumInputChan=2
##$RecoScaleChan=( 2 )
1 1
##$RecoPhaseChan=( 2 )
0 0
##$RecoCombineMode=AddImages
##$RecoEncGenInt=0
##$RecoSortDim=0
##$RecoSortSize=( 1 )
0
##$RecoSortRange=( 1 )
0
##$RecoSortSegment=( 1 )
0
##$RecoSortMaps=( 1 )
0
##$RecoGrappaAccelFactor=1
##$RecoGrappaAccelFactor2=1
##$RecoGrappaKernelRead=5
##$RecoGrappaKernelPhase=4
##$RecoGrappaKernelPhase2=4
##$RecoGrappaKernelTime=3
##$RecoGrappaNumRefRead=64
##$RecoGrappaNumRefPhase=0
##$RecoGrappaNumRefPhase2=0
##$RecoGrappaIncludeRefLines=Yes
##$RecoGrappaFirstRepOnly=No
##$RecoGrappaReadCenter=0
##$RecoGrappaPhaseCenter=0
##$RecoGrappaPhaseCenter2=0
##$RecoGrappaTruncThresh=0.01
##$RecoGrappaLambda=0.01
##$RecoGrappaCoefReps=1
##$RecoSliceGrappaAccelFactor=1
##$RecoSliceGrappaBlipValue=1
##$RecoSliceGrappaKernelRead=5
##$RecoSliceGrappaKernelPhase=4
##$RecoSliceGrappaNumRefRead=0
##$RecoSliceGrappaNumRefPhase=0
##$RecoSliceGrappaReadCenter=0
##$RecoSliceGrappaPhaseCenter=0
##$RecoSliceGrappaTruncThresh=0.01
##$RecoSliceGrappaLambda=0.01
##$RecoSliceGrappaOff=No
##$RecoGrappa3D=No
##$RecoGrappaCaipirinha=No
##$RecoGrappaTCaipirinha=No
##$RecoGrappaVirtualCoils=No
##$RecoGrappaVirtualCoilsLambda=2
##$RecoGrappaPeak=No
##$RecoGrappaOne=No
##$RecoGrappaOneLambda=0.1
##$RecoSegGrappa=No
##$RecoSegGrappaCalibrateFromB0=No
##$RecoSegGrappaInt=0
##$RecoSegGrappaSegments=1
##$RecoSegGrappaTruncThresh=0.01
##$RecoSegGrappaLambda=0.01
##$RecoSegGrappaLambdaSeg=2
##$RecoItGrappa=1
##$RecoCS=No
##$RecoRegridN=Off
##$RecoStageNrPasses=3
##$RecoStagePasses=( 3 )
(<FIRSTPASS>, 0) (<PREPPASS>, 1) (<MAPPASS>, 2)
##$RecoStageNrNodes=55
##$RecoStageNodes=( 55 )
(<job0>, 0, <RecoSharedQueueSource 
Q0{queueId=Job_In0;initQueue=true;appendPsId=true;dim=2;procDim=1;sizes={8192,
1};nr=160;dataRep=SIGNED;baseField=COMPLEX;wordSize=4}>) (<job0>, 0, 
<RecoSharedQueueSink QS{queueId=Job_Out0;initQueue=true;appendPsId=true}>) 
(<job0>, 0, <RecoFileSink 
FS{jobNdx=0;writeAcqPars=true;filename="/opt/nmrdata/PV-360.3.3/data/cristina/20240530_092213_BDL776_sham_male_30052024_BDL776_sham_male_30052024_1_1/22/rawdata.job0"}>) (<job0>, 0, <RecoProgressMonitorFilter PM{reportScanProgress="1/1"}>) (<job0>, 0, <RecoTeeFilter TeeStorage>) (<job0>, 0, <RecoCastFilter CastToFloatMain{dataRep=FLOAT;wordSize=8}>) (<job0>, 0, <RecoTeeFilter TeeAverage>) (<job0>, 0, <RecoDummySink DummyAverage>) (<job0>, 0, <RecoAcqOutFilter Av{displayEachAccumulation=1;displayEachScan=0;displayEachPeStep=0;displayFt=0;magnitudeImage=1;shuffle=0;ftSize=4096;size=4096;offset=0;cnt=2;ndx=0;procnoPath="/opt/nmrdata/PV-360.3.3/data/cristina/20240530_092213_BDL776_sham_male_30052024_BDL776_sham_male_30052024_1_1/22/pdata/1/";displayObjects=1;modalityType=1;innerObjects=1;outerObjects=1;average=1;numRecs=2;}>) (<job0>, 0, <RecoCastFilter CastToIntMain{dataRep=SIGNED;wordSize=4}>) (<job1>, 0, <RecoSharedQueueSource Q0{queueId=Job_In1;initQueue=true;appendPsId=true;dim=2;procDim=1;sizes={256,1};nr=160;dataRep=SIGNED;baseField=COMPLEX;wordSize=4}>) (<job1>, 0, <RecoSharedQueueSink QS{queueId=Job_Out1;initQueue=true;appendPsId=true}>) (<job1>, 0, <RecoFileSink FS{jobNdx=1;writeAcqPars=false;filename="/opt/nmrdata/PV-360.3.3/data/cristina/20240530_092213_BDL776_sham_male_30052024_BDL776_sham_male_30052024_1_1/22/rawdata.Navigator"}>) (<job1>, 0, <RecoCastFilter CastToFloatMain{dataRep=FLOAT;wordSize=8}>) (<job1>, 0, <RecoDetermineB0Filter DB{width=\<ACQ_DriftCompFilterWidth\>;step=\<ACQ_DriftCompStep\>;sampleBW=20000.000000;B0Value=\<ACQ_DriftCompOffset\>;activeReceivers=2;debugFiles=0;}>) (<job1>, 0, <RecoReloadB0Filter B0{B0Value=\<ACQ_DriftCompOffset\>;B0CC=625000.000000;simulationMode=false}>) (<job1>, 0, <RecoAcqOutFilter Av{displayEachAccumulation=0;displayEachScan=1;displayEachPeStep=0;displayFt=0;magnitudeImage=1;shuffle=0;ftSize=4096;size=4096;offset=0;cnt=2;ndx=1;procnoPath="/opt/nmrdata/PV-360.3.3/data/cristina/20240530_092213_BDL776_sham_male_30052024_BDL776_sham_male_30052024_1_1/22/pdata/1/";displayObjects=1;modalityType=1;innerObjects=1;outerObjects=1;average=1;numRecs=2;}>) (<job1>, 0, <RecoCastFilter CastToIntMain{dataRep=SIGNED;wordSize=4}>) (<job1>, 0, <RecoTeeFilter TeeStorage>) (<input>, 0, <RecoFileSource FS0{initFromRawJob=0;procDim=1;numChan=2;contData=true;}>) (<input>, 0, <RecoSharedQueueSink JQ0{queueId=Job_Out0;appendPsId=true;initQueue=true;}>) (<input>, 0, <RecoFileSource FS1{initFromRawJob=1;procDim=1;numChan=2;contData=true;}>) (<input>, 0, <RecoSharedQueueSink JQ1{queueId=Job_Out1;appendPsId=true;initQueue=true;}>) (<compute>, 0, <RecoSharedQueueSource Q0{initFromJob=0;queueId=Job_Out0;appendPsId=true;}>) (<compute>, 0, <RecoSharedQueueSource JQ1{initFromJob=1;queueId=Job_Out1;appendPsId=true;}>) (<compute>, 0, <RecoDummySink JS1{verbose=false}>) (<compute>, 0, <RecoBufferSink S0{procDim=1;frameDim=2;bufferId="FIRSTPASS0";memId="out0"}>) (<compute>, 0, <RecoBufferSink S1{procDim=1;frameDim=2;bufferId="FIRSTPASS1";memId="out1"}>) (<compute>, 0, <RecoSplitFilter SP0{dim=1; keepBlocksize=1}>) (<compute>, 0, <RecoCastFilter CAST0{dataRep=FLOAT; wordSize=8}>) (<compute>, 0, <RecoCastFilter CAST1{dataRep=FLOAT; wordSize=8}>) (<compute>, 1, <RecoBufferSource Q0{procDim=1;frameDim=2;bufferId="FIRSTPASS0";memId="out0"}>) (<compute>, 1, <RecoBufferSource Q1{procDim=1;frameDim=2;bufferId="FIRSTPASS1";memId="out1"}>) (<compute>, 1, <RecoBufferSink S0{procDim=1;frameDim=2;bufferId="PREPPASS0";memId="in0"}>) (<compute>, 1, <RecoAddFilter SOS0>) (<compute>, 1, <RecoMagnitudeFilter G0>) (<compute>, 1, <RecoMinMaxFilter M0{map_min=\<RECO_map_min\>;map_max=\<RECO_map_max\>;}>) (<compute>, 2, <RecoBufferSource Q0{procDim=1;frameDim=2;bufferId="PREPPASS0";memId="in0"}>) (<compute>, 2, <RecoSharedQueueSink S0{initQueue=true;queueId=RecoComp_Out;appendPsId=true;}>) (<compute>, 2, <RecoMapFilter MAP0{symmetricMode=true;minima=\<RECO_minima\>;maxima=\<RECO_maxima\>;slope=\<RECO_map_slope\>;offset=\<RECO_map_offset\>;map_min=\<RECO_map_min\>;map_max=\<RECO_map_max\>;rangeMin=-32766.500000;rangeMax=32766.500000;perObjectMode=false;cutoffMode=true;}>) (<compute>, 2, <RecoCastFilter CAST0{dataRep=SIGNED;wordSize=2}>) (<output>, 2, <RecoSharedQueueSource Q{queueId=RecoComp_Out;appendPsId=true;procDim=1;initFromRECO=true;}>) (<output>, 2, <RecoProfileDisplayFilter DISP{isRecoDisp=true;dim=1;modalityType=1;procnoPath="/opt/nmrdata/PV-360.3.3/data/cristina/20240530_092213_BDL776_sham_male_30052024_BDL776_sham_male_30052024_1_1/22/pdata/1/";}>) (<output>, 2, <RecoFileSink S{writePars=true;shuffle=false;filename="2dseq";numChans=1;}>) (<compute>, 0, <RecoAverageFilter AVE0{avList=\<AverageList\>;avListSize=1;nObj=1;newSize=\<RECO_inp_size\>;}>) (<compute>, 0, <RecoAverageFilter AVE1{avList=\<AverageList\>;avListSize=1;nObj=1;newSize=\<RECO_inp_size\>;}>) (<compute>, 0, <RecoSpectCorrFilter SPECTCORR0{useNav  = 0;refPoint = 0;digShift = 76.125;refcor = 1;refData = \<PVM_RefScan[0]\>;filterWidth = 0;relNavBw = 2.8}>) (<compute>, 0, <RecoSpectCorrFilter SPECTCORR1{useNav  = 0;refPoint = 0;digShift = 76.125;refcor = 1;refData = \<PVM_RefScan[1]\>;filterWidth = 0;relNavBw = 2.8}>) (<compute>, 1, <RecoFTShiftFilter FTS0{shift=0.5; winDirection=0; exponent=1}>) (<compute>, 1, <RecoFTFilter FT0{direction=0; exponent=1}>) (<compute>, 1, <RecoTeeFilter T0>) (<compute>, 1, <RecoCastFilter FILECAST0{wordSize=4; dataRep=SIGNED}>) (<compute>, 1, <RecoFileSink FSINK0{filename="/opt/nmrdata/PV-360.3.3/data/cristina/20240530_092213_BDL776_sham_male_30052024_BDL776_sham_male_30052024_1_1/22/fid";shuffle=true}>) (<compute>, 1, <RecoZfillFilter ZFILL0{fillingPosition=1.0;fixedSize=4096}>) (<compute>, 1, <RecoDivideFilter DIV0{divisor=2}>)
##$RecoStageNrEdges=46
##$RecoStageEdges=( 46 )
(<job0>, 0, <Q0-\>PM>) (<job0>, 0, <PM-\>TeeStorage>) (<job0>, 0, 
<TeeStorage-\>CastToFloatMain>) (<job0>, 0, <CastToFloatMain-\>TeeAverage>) 
(<job0>, 0, <TeeAverage-\>Av>) (<job0>, 0, <Av-\>DummyAverage>) (<job0>, 0, 
<TeeAverage-\>CastToIntMain>) (<job0>, 0, <CastToIntMain-\>QS>) (<job0>, 0, 
<TeeStorage-\>FS>) (<job1>, 0, <Q0-\>CastToFloatMain>) (<job1>, 0, 
<CastToFloatMain-\>DB>) (<job1>, 0, <DB-\>B0>) (<job1>, 0, <B0-\>Av>) (<job1>,
 0, <Av-\>CastToIntMain>) (<job1>, 0, <CastToIntMain-\>TeeStorage>) (<job1>, 
0, <TeeStorage-\>QS>) (<job1>, 0, <TeeStorage-\>FS>) (<input>, 0, <FS0-\>JQ0>)
 (<input>, 0, <FS1-\>JQ1>) (<compute>, 0, <JQ1-\>JS1>) (<compute>, 0, 
<Q0-\>SP0>) (<compute>, 0, <SP0-\>CAST0>) (<compute>, 0, <SP0-\>CAST1>) 
(<compute>, 0, <AVE0-\>S0>) (<compute>, 0, <AVE1-\>S1>) (<compute>, 1, 
<Q0-\>SOS0.0>) (<compute>, 1, <Q1-\>SOS0.1>) (<compute>, 1, <FT0-\>G0>) 
(<compute>, 1, <G0-\>M0>) (<compute>, 1, <M0-\>S0>) (<compute>, 2, <Q0-\>MAP0>
) (<compute>, 2, <MAP0-\>CAST0>) (<compute>, 2, <CAST0-\>S0>) (<output>, 2, 
<Q-\>DISP>) (<output>, 2, <DISP-\>S>) (<compute>, 0, <SPECTCORR0-\>AVE0>) 
(<compute>, 0, <SPECTCORR1-\>AVE1>) (<compute>, 0, <CAST0-\>SPECTCORR0>) 
(<compute>, 0, <CAST1-\>SPECTCORR1>) (<compute>, 1, <T0-\>FTS0>) (<compute>, 
1, <FTS0-\>FT0>) (<compute>, 1, <SOS0-\>T0>) (<compute>, 1, <T0-\>DIV0>) 
(<compute>, 1, <FILECAST0-\>ZFILL0>) (<compute>, 1, <ZFILL0-\>FSINK0>) 
(<compute>, 1, <DIV0-\>FILECAST0>)
##$ACQ_SetupRecoDisplay=Yes
##$ACQ_SetupImageType=MAGNITUDE_IMAGE
##$RecoDisplay=Yes
##$RecoEachNR=No
##$RecoPrototype=No
##$RecoGradientLinearityCorrection=No
##$RecoGradientLinearityCorrectionDebug=1
##$RecoGradientLinearityCorrectionApprox=No
$$ @vis= RECO RECO_INSTANCE RECO_fov RECO_size RecoAutoDerive RecoDim
$$ @vis= RecoSpatDim RecoObjectsPerRepetition RecoObjectsPerSetupStep
$$ @vis= RecoSortObjectsPerRepetition RecoNumRepetitions RecoNumOutputChan
$$ @vis= RecoEncodingFrames RecoRepetitionGroupSize RECO_inp_order
$$ @vis= RECO_inp_size RECO_ft_size RECO_wdw_mode RECO_ft_mode RECO_pc_mode
$$ @vis= RECO_rotate RECO_transposition RECO_image_type RECO_wordtype
$$ @vis= RECO_map_mode RECO_byte_order RecoModeUser RecoUserUpdate
$$ @vis= RecoB0DemodOff RecoWindow RecoFTOrder RecoHalfFT RecoHalfFTPos
$$ @vis= RecoHalfFTAcq RecoNoFT RecoExportSortedData RecoCorrPhase
$$ @vis= RecoCorrPhaseRef RecoMap RecoNumInputChan RecoScaleChan RecoPhaseChan
$$ @vis= RecoCombineMode RecoEncGenInt RecoSortGroup RecoSortDim
$$ @vis= RecoGrappaGroup RecoGrappaAccelFactor RecoGrappaAccelFactor2
$$ @vis= RecoGrappaFirstRepOnly RecoGrappaCoefReps RecoSliceGrappaAccelFactor
$$ @vis= RecoSliceGrappaBlipValue RecoSliceGrappaOff RecoGrappa3D
$$ @vis= RecoGrappaCaipirinha RecoGrappaTCaipirinha RecoGrappaOne
$$ @vis= RecoSegGrappa RecoSegGrappaCalibrateFromB0 RecoSegGrappaInt
$$ @vis= RecoSegGrappaSegments RecoItGrappa RecoCSGroup RecoCS
$$ @vis= RecoRegridNGroup RecoRegridN RecoStageGroup RecoStageNrPasses
$$ @vis= RecoStagePasses RecoStageNrNodes RecoStageNodes RecoStageNrEdges
$$ @vis= RecoStageEdges RECO_GS ACQ_SetupRecoDisplay ACQ_SetupImageType
$$ @vis= RECO_GO RecoDisplay RecoEachNR RecoPrototype
$$ @vis= RecoGradientLinearityCorrectionDebug
$$ @vis= RecoGradientLinearityCorrectionApprox
##END=
$$ File finished by PARX at 2024-05-30 10:44:31.264 +0200
