##TITLE=Parameter List, ParaVision 360 V3.5
##JCAMPDX=4.24
##DATATYPE=Parameter Values
##ORIGIN=Bruker BioSpin MRI GmbH
##OWNER=cristina
$$ Write Options: Symbolic Enums, RLE encoded arrays, symbol visibility
$$ 2025-02-28 11:12:16.584 +0100  cristina@cibmsafe94t1
$$ /opt/PV-360.3.5/data/cristina/20250228_092135_28022025_RatMRSI_HighResAnd3D_BA_28022025_RatMRSI_HighResAnd3D_BA_1_1/14/acqp
$$ process /opt/PV-360.3.5/prog/bin/parxserver
##$ACQ_protocol_name=( 64 )
<9_CSI_fid_cor_metab_TE13_BL4_WScc_100225>
##$ACQ_scan_name=( 64 )
<9_CSI_fid_cor_metab_TE13_BL4_WScc_100225 (E14)>
##$ACQ_method=( 40 )
<Bruker:CSI>
##$ACQ_patient_pos=Head_Prone
##$ACQ_time=<1970-01-01T00:00:00,000+0000>
##$ACQ_abs_time=(1740736738, 623, 60)
##$ACQ_operator=( 16 )
<cristina>
##$ACQ_institution=( 48 )
<EPFL AVP CP CIBM, Lausanne>
##$ACQ_station=( 64 )
<BAP94/31>
##$ACQ_system_order_number=( 24 )
<5074720>
##$ACQ_sw_version=( 65 )
<PV-360.3.5>
##$ACQ_contrast_agent=( 20 )
<>
##$ACQ_AtsOffsetsSize=0
##$PULPROG=( 32 )
<CSI.ppg>
##$ACQ_experiment_mode=SingleExperiment
##$ACQ_DS_enabled=Yes
##$ACQ_switch_pll_enabled=No
##$ACQ_GradRes=1
##$ACQ_dim_desc=( 3 )
Spectroscopic Spatial Spatial
##$ACQ_size=( 3 )
1024 1 1
##$ACQ_ns_list_size=1
##$ACQ_ns=1
##$ACQ_ns_list=( 1 )
1
##$ACQ_phase_factor=1
##$ACQ_scan_size=One_scan
##$NI=1
##$NA=1
##$NAE=1
##$NR=1
##$DS=0
##$SW_h=0
##$SF0ppm=400.262251728779
##$ACQ_O1_list_size=1
##$ACQ_O1_list=( 1 )
2003.4
##$ACQ_O1B_list_size=1
##$ACQ_O1B_list=( 1 )
0
##$ACQ_O2_list_size=1
##$ACQ_O2_list=( 1 )
0
##$ACQ_O3_list_size=1
##$ACQ_O3_list=( 1 )
0
##$NUCLEUS=( 8 )
<1H>
##$ACQ_vd_list_size=0
##$ACQ_vp_list_size=0
##$ACQ_completed=Yes
##$ACQ_word_size=_32_BIT
##$NECHOES=1
##$ACQ_n_echo_images=1
##$ACQ_n_movie_frames=1
##$ACQ_echo_descr=( 1, 20 )
<>
##$ACQ_movie_descr=( 1, 20 )
<>
##$ACQ_fov=( 3 )
2.4 2.4 2.4
##$ACQ_read_ext=1
##$ACQ_slice_angle=( 1 )
0
##$ACQ_slice_orient=Arbitrary_Oblique
##$ACQ_read_offset=( 1 )
0.213662888353162
##$ACQ_phase1_offset=( 1 )
-0.234785964197361
##$ACQ_phase2_offset=( 1 )
0
##$ACQ_slice_sepn=( 1 )
2
##$ACQ_slice_sepn_mode=Contiguous
##$ACQ_slice_thick=2
##$ACQ_slice_offset=( 1 )
0.477
##$ACQ_obj_order=( 1 )
0
##$ACQ_flip_angle=55
##$ACQ_echo_time=( 1 )
1.3
##$ACQ_inter_echo_time=( 1 )
1.3
##$ACQ_recov_time=( 1 )
821.5
##$ACQ_inversion_time=( 1 )
0
##$ACQ_temporal_delay=( 1 )
0
##$ACQ_RF_power=0
##$ACQ_transmitter_coil=( 16 )
<>
##$ACQ_position_X=0
##$ACQ_position_Y=0
##$ACQ_position_Z=0
##$BYTORDA=little
##$ACQ_adc_overflow=( 2 )
No No
##$GRPDLY=-1
##$FRQLO3=0
##$FQ1LIST=( 16 )
<ACQ_O1_list>
##$FQ2LIST=( 16 )
<ACQ_O2_list>
##$FQ3LIST=( 16 )
<ACQ_O3_list>
##$FQ8LIST=( 16 )
<ACQ_O1B_list>
##$HPPRGN=normal
##$LOCNUC=( 8 )
<off>
##$SOLVENT=( 16 )
<>
##$DE=5.25
##$ACQ_scaling_read=1
##$ACQ_scaling_phase=1
##$ACQ_scaling_slice=1
##$ACQ_grad_matrix_size=1
##$ACQ_grad_matrix=( 1, 3, 3 )
0 0 1 -1 0 0 0 -1 0
##$ACQ_GradientMatrixSize=1
##$ACQ_GradientMatrix=( 1, 3, 3 )
0 0 1 -1 0 0 0 -1 0
##$NSLICES=1
##$ACQ_phase_encoding_mode=( 2 )
User_Defined_Encoding User_Defined_Encoding
##$ACQ_phase_enc_start=( 2 )
-1 -1
##$ACQ_spatial_size_0=961
##$ACQ_spatial_phase_0=( 961 )
-0.967741935483871 -0.903225806451613 -0.838709677419355 -0.774193548387097 
-0.709677419354839 -0.645161290322581 -0.580645161290323 -0.516129032258065 
-0.451612903225806 -0.387096774193548 -0.32258064516129 -0.258064516129032 
-0.193548387096774 -0.129032258064516 -0.0645161290322581 0 
0.0645161290322581 0.129032258064516 0.193548387096774 0.258064516129032 
0.32258064516129 0.387096774193548 0.451612903225806 0.516129032258065 
0.580645161290323 0.645161290322581 0.709677419354839 0.774193548387097 
0.838709677419355 0.903225806451613 0.967741935483871 -0.967741935483871 
-0.903225806451613 -0.838709677419355 -0.774193548387097 -0.709677419354839 
-0.645161290322581 -0.580645161290323 -0.516129032258065 -0.451612903225806 
-0.387096774193548 -0.32258064516129 -0.258064516129032 -0.193548387096774 
-0.129032258064516 -0.0645161290322581 0 0.0645161290322581 0.129032258064516 
0.193548387096774 0.258064516129032 0.32258064516129 0.387096774193548 
0.451612903225806 0.516129032258065 0.580645161290323 0.645161290322581 
0.709677419354839 0.774193548387097 0.838709677419355 0.903225806451613 
0.967741935483871 -0.967741935483871 -0.903225806451613 -0.838709677419355 
-0.774193548387097 -0.709677419354839 -0.645161290322581 -0.580645161290323 
-0.516129032258065 -0.451612903225806 -0.387096774193548 -0.32258064516129 
-0.258064516129032 -0.193548387096774 -0.129032258064516 -0.0645161290322581 
0 0.0645161290322581 0.129032258064516 0.193548387096774 0.258064516129032 
0.32258064516129 0.387096774193548 0.451612903225806 0.516129032258065 
0.580645161290323 0.645161290322581 0.709677419354839 0.774193548387097 
0.838709677419355 0.903225806451613 0.967741935483871 -0.967741935483871 
-0.903225806451613 -0.838709677419355 -0.774193548387097 -0.709677419354839 
-0.645161290322581 -0.580645161290323 -0.516129032258065 -0.451612903225806 
-0.387096774193548 -0.32258064516129 -0.258064516129032 -0.193548387096774 
-0.129032258064516 -0.0645161290322581 0 0.0645161290322581 0.129032258064516 
0.193548387096774 0.258064516129032 0.32258064516129 0.387096774193548 
0.451612903225806 0.516129032258065 0.580645161290323 0.645161290322581 
0.709677419354839 0.774193548387097 0.838709677419355 0.903225806451613 
0.967741935483871 -0.967741935483871 -0.903225806451613 -0.838709677419355 
-0.774193548387097 -0.709677419354839 -0.645161290322581 -0.580645161290323 
-0.516129032258065 -0.451612903225806 -0.387096774193548 -0.32258064516129 
-0.258064516129032 -0.193548387096774 -0.129032258064516 -0.0645161290322581 
0 0.0645161290322581 0.129032258064516 0.193548387096774 0.258064516129032 
0.32258064516129 0.387096774193548 0.451612903225806 0.516129032258065 
0.580645161290323 0.645161290322581 0.709677419354839 0.774193548387097 
0.838709677419355 0.903225806451613 0.967741935483871 -0.967741935483871 
-0.903225806451613 -0.838709677419355 -0.774193548387097 -0.709677419354839 
-0.645161290322581 -0.580645161290323 -0.516129032258065 -0.451612903225806 
-0.387096774193548 -0.32258064516129 -0.258064516129032 -0.193548387096774 
-0.129032258064516 -0.0645161290322581 0 0.0645161290322581 0.129032258064516 
0.193548387096774 0.258064516129032 0.32258064516129 0.387096774193548 
0.451612903225806 0.516129032258065 0.580645161290323 0.645161290322581 
0.709677419354839 0.774193548387097 0.838709677419355 0.903225806451613 
0.967741935483871 -0.967741935483871 -0.903225806451613 -0.838709677419355 
-0.774193548387097 -0.709677419354839 -0.645161290322581 -0.580645161290323 
-0.516129032258065 -0.451612903225806 -0.387096774193548 -0.32258064516129 
-0.258064516129032 -0.193548387096774 -0.129032258064516 -0.0645161290322581 
0 0.0645161290322581 0.129032258064516 0.193548387096774 0.258064516129032 
0.32258064516129 0.387096774193548 0.451612903225806 0.516129032258065 
0.580645161290323 0.645161290322581 0.709677419354839 0.774193548387097 
0.838709677419355 0.903225806451613 0.967741935483871 -0.967741935483871 
-0.903225806451613 -0.838709677419355 -0.774193548387097 -0.709677419354839 
-0.645161290322581 -0.580645161290323 -0.516129032258065 -0.451612903225806 
-0.387096774193548 -0.32258064516129 -0.258064516129032 -0.193548387096774 
-0.129032258064516 -0.0645161290322581 0 0.0645161290322581 0.129032258064516 
0.193548387096774 0.258064516129032 0.32258064516129 0.387096774193548 
0.451612903225806 0.516129032258065 0.580645161290323 0.645161290322581 
0.709677419354839 0.774193548387097 0.838709677419355 0.903225806451613 
0.967741935483871 -0.967741935483871 -0.903225806451613 -0.838709677419355 
-0.774193548387097 -0.709677419354839 -0.645161290322581 -0.580645161290323 
-0.516129032258065 -0.451612903225806 -0.387096774193548 -0.32258064516129 
-0.258064516129032 -0.193548387096774 -0.129032258064516 -0.0645161290322581 
0 0.0645161290322581 0.129032258064516 0.193548387096774 0.258064516129032 
0.32258064516129 0.387096774193548 0.451612903225806 0.516129032258065 
0.580645161290323 0.645161290322581 0.709677419354839 0.774193548387097 
0.838709677419355 0.903225806451613 0.967741935483871 -0.967741935483871 
-0.903225806451613 -0.838709677419355 -0.774193548387097 -0.709677419354839 
-0.645161290322581 -0.580645161290323 -0.516129032258065 -0.451612903225806 
-0.387096774193548 -0.32258064516129 -0.258064516129032 -0.193548387096774 
-0.129032258064516 -0.0645161290322581 0 0.0645161290322581 0.129032258064516 
0.193548387096774 0.258064516129032 0.32258064516129 0.387096774193548 
0.451612903225806 0.516129032258065 0.580645161290323 0.645161290322581 
0.709677419354839 0.774193548387097 0.838709677419355 0.903225806451613 
0.967741935483871 -0.967741935483871 -0.903225806451613 -0.838709677419355 
-0.774193548387097 -0.709677419354839 -0.645161290322581 -0.580645161290323 
-0.516129032258065 -0.451612903225806 -0.387096774193548 -0.32258064516129 
-0.258064516129032 -0.193548387096774 -0.129032258064516 -0.0645161290322581 
0 0.0645161290322581 0.129032258064516 0.193548387096774 0.258064516129032 
0.32258064516129 0.387096774193548 0.451612903225806 0.516129032258065 
0.580645161290323 0.645161290322581 0.709677419354839 0.774193548387097 
0.838709677419355 0.903225806451613 0.967741935483871 -0.967741935483871 
-0.903225806451613 -0.838709677419355 -0.774193548387097 -0.709677419354839 
-0.645161290322581 -0.580645161290323 -0.516129032258065 -0.451612903225806 
-0.387096774193548 -0.32258064516129 -0.258064516129032 -0.193548387096774 
-0.129032258064516 -0.0645161290322581 0 0.0645161290322581 0.129032258064516 
0.193548387096774 0.258064516129032 0.32258064516129 0.387096774193548 
0.451612903225806 0.516129032258065 0.580645161290323 0.645161290322581 
0.709677419354839 0.774193548387097 0.838709677419355 0.903225806451613 
0.967741935483871 -0.967741935483871 -0.903225806451613 -0.838709677419355 
-0.774193548387097 -0.709677419354839 -0.645161290322581 -0.580645161290323 
-0.516129032258065 -0.451612903225806 -0.387096774193548 -0.32258064516129 
-0.258064516129032 -0.193548387096774 -0.129032258064516 -0.0645161290322581 
0 0.0645161290322581 0.129032258064516 0.193548387096774 0.258064516129032 
0.32258064516129 0.387096774193548 0.451612903225806 0.516129032258065 
0.580645161290323 0.645161290322581 0.709677419354839 0.774193548387097 
0.838709677419355 0.903225806451613 0.967741935483871 -0.967741935483871 
-0.903225806451613 -0.838709677419355 -0.774193548387097 -0.709677419354839 
-0.645161290322581 -0.580645161290323 -0.516129032258065 -0.451612903225806 
-0.387096774193548 -0.32258064516129 -0.258064516129032 -0.193548387096774 
-0.129032258064516 -0.0645161290322581 0 0.0645161290322581 0.129032258064516 
0.193548387096774 0.258064516129032 0.32258064516129 0.387096774193548 
0.451612903225806 0.516129032258065 0.580645161290323 0.645161290322581 
0.709677419354839 0.774193548387097 0.838709677419355 0.903225806451613 
0.967741935483871 -0.967741935483871 -0.903225806451613 -0.838709677419355 
-0.774193548387097 -0.709677419354839 -0.645161290322581 -0.580645161290323 
-0.516129032258065 -0.451612903225806 -0.387096774193548 -0.32258064516129 
-0.258064516129032 -0.193548387096774 -0.129032258064516 -0.0645161290322581 
0 0.0645161290322581 0.129032258064516 0.193548387096774 0.258064516129032 
0.32258064516129 0.387096774193548 0.451612903225806 0.516129032258065 
0.580645161290323 0.645161290322581 0.709677419354839 0.774193548387097 
0.838709677419355 0.903225806451613 0.967741935483871 -0.967741935483871 
-0.903225806451613 -0.838709677419355 -0.774193548387097 -0.709677419354839 
-0.645161290322581 -0.580645161290323 -0.516129032258065 -0.451612903225806 
-0.387096774193548 -0.32258064516129 -0.258064516129032 -0.193548387096774 
-0.129032258064516 -0.0645161290322581 0 0.0645161290322581 0.129032258064516 
0.193548387096774 0.258064516129032 0.32258064516129 0.387096774193548 
0.451612903225806 0.516129032258065 0.580645161290323 0.645161290322581 
0.709677419354839 0.774193548387097 0.838709677419355 0.903225806451613 
0.967741935483871 -0.967741935483871 -0.903225806451613 -0.838709677419355 
-0.774193548387097 -0.709677419354839 -0.645161290322581 -0.580645161290323 
-0.516129032258065 -0.451612903225806 -0.387096774193548 -0.32258064516129 
-0.258064516129032 -0.193548387096774 -0.129032258064516 -0.0645161290322581 
0 0.0645161290322581 0.129032258064516 0.193548387096774 0.258064516129032 
0.32258064516129 0.387096774193548 0.451612903225806 0.516129032258065 
0.580645161290323 0.645161290322581 0.709677419354839 0.774193548387097 
0.838709677419355 0.903225806451613 0.967741935483871 -0.967741935483871 
-0.903225806451613 -0.838709677419355 -0.774193548387097 -0.709677419354839 
-0.645161290322581 -0.580645161290323 -0.516129032258065 -0.451612903225806 
-0.387096774193548 -0.32258064516129 -0.258064516129032 -0.193548387096774 
-0.129032258064516 -0.0645161290322581 0 0.0645161290322581 0.129032258064516 
0.193548387096774 0.258064516129032 0.32258064516129 0.387096774193548 
0.451612903225806 0.516129032258065 0.580645161290323 0.645161290322581 
0.709677419354839 0.774193548387097 0.838709677419355 0.903225806451613 
0.967741935483871 -0.967741935483871 -0.903225806451613 -0.838709677419355 
-0.774193548387097 -0.709677419354839 -0.645161290322581 -0.580645161290323 
-0.516129032258065 -0.451612903225806 -0.387096774193548 -0.32258064516129 
-0.258064516129032 -0.193548387096774 -0.129032258064516 -0.0645161290322581 
0 0.0645161290322581 0.129032258064516 0.193548387096774 0.258064516129032 
0.32258064516129 0.387096774193548 0.451612903225806 0.516129032258065 
0.580645161290323 0.645161290322581 0.709677419354839 0.774193548387097 
0.838709677419355 0.903225806451613 0.967741935483871 -0.967741935483871 
-0.903225806451613 -0.838709677419355 -0.774193548387097 -0.709677419354839 
-0.645161290322581 -0.580645161290323 -0.516129032258065 -0.451612903225806 
-0.387096774193548 -0.32258064516129 -0.258064516129032 -0.193548387096774 
-0.129032258064516 -0.0645161290322581 0 0.0645161290322581 0.129032258064516 
0.193548387096774 0.258064516129032 0.32258064516129 0.387096774193548 
0.451612903225806 0.516129032258065 0.580645161290323 0.645161290322581 
0.709677419354839 0.774193548387097 0.838709677419355 0.903225806451613 
0.967741935483871 -0.967741935483871 -0.903225806451613 -0.838709677419355 
-0.774193548387097 -0.709677419354839 -0.645161290322581 -0.580645161290323 
-0.516129032258065 -0.451612903225806 -0.387096774193548 -0.32258064516129 
-0.258064516129032 -0.193548387096774 -0.129032258064516 -0.0645161290322581 
0 0.0645161290322581 0.129032258064516 0.193548387096774 0.258064516129032 
0.32258064516129 0.387096774193548 0.451612903225806 0.516129032258065 
0.580645161290323 0.645161290322581 0.709677419354839 0.774193548387097 
0.838709677419355 0.903225806451613 0.967741935483871 -0.967741935483871 
-0.903225806451613 -0.838709677419355 -0.774193548387097 -0.709677419354839 
-0.645161290322581 -0.580645161290323 -0.516129032258065 -0.451612903225806 
-0.387096774193548 -0.32258064516129 -0.258064516129032 -0.193548387096774 
-0.129032258064516 -0.0645161290322581 0 0.0645161290322581 0.129032258064516 
0.193548387096774 0.258064516129032 0.32258064516129 0.387096774193548 
0.451612903225806 0.516129032258065 0.580645161290323 0.645161290322581 
0.709677419354839 0.774193548387097 0.838709677419355 0.903225806451613 
0.967741935483871 -0.967741935483871 -0.903225806451613 -0.838709677419355 
-0.774193548387097 -0.709677419354839 -0.645161290322581 -0.580645161290323 
-0.516129032258065 -0.451612903225806 -0.387096774193548 -0.32258064516129 
-0.258064516129032 -0.193548387096774 -0.129032258064516 -0.0645161290322581 
0 0.0645161290322581 0.129032258064516 0.193548387096774 0.258064516129032 
0.32258064516129 0.387096774193548 0.451612903225806 0.516129032258065 
0.580645161290323 0.645161290322581 0.709677419354839 0.774193548387097 
0.838709677419355 0.903225806451613 0.967741935483871 -0.967741935483871 
-0.903225806451613 -0.838709677419355 -0.774193548387097 -0.709677419354839 
-0.645161290322581 -0.580645161290323 -0.516129032258065 -0.451612903225806 
-0.387096774193548 -0.32258064516129 -0.258064516129032 -0.193548387096774 
-0.129032258064516 -0.0645161290322581 0 0.0645161290322581 0.129032258064516 
0.193548387096774 0.258064516129032 0.32258064516129 0.387096774193548 
0.451612903225806 0.516129032258065 0.580645161290323 0.645161290322581 
0.709677419354839 0.774193548387097 0.838709677419355 0.903225806451613 
0.967741935483871 -0.967741935483871 -0.903225806451613 -0.838709677419355 
-0.774193548387097 -0.709677419354839 -0.645161290322581 -0.580645161290323 
-0.516129032258065 -0.451612903225806 -0.387096774193548 -0.32258064516129 
-0.258064516129032 -0.193548387096774 -0.129032258064516 -0.0645161290322581 
0 0.0645161290322581 0.129032258064516 0.193548387096774 0.258064516129032 
0.32258064516129 0.387096774193548 0.451612903225806 0.516129032258065 
0.580645161290323 0.645161290322581 0.709677419354839 0.774193548387097 
0.838709677419355 0.903225806451613 0.967741935483871 -0.967741935483871 
-0.903225806451613 -0.838709677419355 -0.774193548387097 -0.709677419354839 
-0.645161290322581 -0.580645161290323 -0.516129032258065 -0.451612903225806 
-0.387096774193548 -0.32258064516129 -0.258064516129032 -0.193548387096774 
-0.129032258064516 -0.0645161290322581 0 0.0645161290322581 0.129032258064516 
0.193548387096774 0.258064516129032 0.32258064516129 0.387096774193548 
0.451612903225806 0.516129032258065 0.580645161290323 0.645161290322581 
0.709677419354839 0.774193548387097 0.838709677419355 0.903225806451613 
0.967741935483871 -0.967741935483871 -0.903225806451613 -0.838709677419355 
-0.774193548387097 -0.709677419354839 -0.645161290322581 -0.580645161290323 
-0.516129032258065 -0.451612903225806 -0.387096774193548 -0.32258064516129 
-0.258064516129032 -0.193548387096774 -0.129032258064516 -0.0645161290322581 
0 0.0645161290322581 0.129032258064516 0.193548387096774 0.258064516129032 
0.32258064516129 0.387096774193548 0.451612903225806 0.516129032258065 
0.580645161290323 0.645161290322581 0.709677419354839 0.774193548387097 
0.838709677419355 0.903225806451613 0.967741935483871 -0.967741935483871 
-0.903225806451613 -0.838709677419355 -0.774193548387097 -0.709677419354839 
-0.645161290322581 -0.580645161290323 -0.516129032258065 -0.451612903225806 
-0.387096774193548 -0.32258064516129 -0.258064516129032 -0.193548387096774 
-0.129032258064516 -0.0645161290322581 0 0.0645161290322581 0.129032258064516 
0.193548387096774 0.258064516129032 0.32258064516129 0.387096774193548 
0.451612903225806 0.516129032258065 0.580645161290323 0.645161290322581 
0.709677419354839 0.774193548387097 0.838709677419355 0.903225806451613 
0.967741935483871 -0.967741935483871 -0.903225806451613 -0.838709677419355 
-0.774193548387097 -0.709677419354839 -0.645161290322581 -0.580645161290323 
-0.516129032258065 -0.451612903225806 -0.387096774193548 -0.32258064516129 
-0.258064516129032 -0.193548387096774 -0.129032258064516 -0.0645161290322581 
0 0.0645161290322581 0.129032258064516 0.193548387096774 0.258064516129032 
0.32258064516129 0.387096774193548 0.451612903225806 0.516129032258065 
0.580645161290323 0.645161290322581 0.709677419354839 0.774193548387097 
0.838709677419355 0.903225806451613 0.967741935483871 -0.967741935483871 
-0.903225806451613 -0.838709677419355 -0.774193548387097 -0.709677419354839 
-0.645161290322581 -0.580645161290323 -0.516129032258065 -0.451612903225806 
-0.387096774193548 -0.32258064516129 -0.258064516129032 -0.193548387096774 
-0.129032258064516 -0.0645161290322581 0 0.0645161290322581 0.129032258064516 
0.193548387096774 0.258064516129032 0.32258064516129 0.387096774193548 
0.451612903225806 0.516129032258065 0.580645161290323 0.645161290322581 
0.709677419354839 0.774193548387097 0.838709677419355 0.903225806451613 
0.967741935483871 -0.967741935483871 -0.903225806451613 -0.838709677419355 
-0.774193548387097 -0.709677419354839 -0.645161290322581 -0.580645161290323 
-0.516129032258065 -0.451612903225806 -0.387096774193548 -0.32258064516129 
-0.258064516129032 -0.193548387096774 -0.129032258064516 -0.0645161290322581 
0 0.0645161290322581 0.129032258064516 0.193548387096774 0.258064516129032 
0.32258064516129 0.387096774193548 0.451612903225806 0.516129032258065 
0.580645161290323 0.645161290322581 0.709677419354839 0.774193548387097 
0.838709677419355 0.903225806451613 0.967741935483871
##$ACQ_spatial_size_1=961
##$ACQ_spatial_phase_1=( 961 )
@31*(-0.967741935483871) @31*(-0.903225806451613) @31*(-0.838709677419355) 
@31*(-0.774193548387097) @31*(-0.709677419354839) @31*(-0.645161290322581) 
@31*(-0.580645161290323) @31*(-0.516129032258065) @31*(-0.451612903225806) 
@31*(-0.387096774193548) @31*(-0.32258064516129) @31*(-0.258064516129032) 
@31*(-0.193548387096774) @31*(-0.129032258064516) @31*(-0.0645161290322581) 
@31*(0) @31*(0.0645161290322581) @31*(0.129032258064516) 
@31*(0.193548387096774) @31*(0.258064516129032) @31*(0.32258064516129) 
@31*(0.387096774193548) @31*(0.451612903225806) @31*(0.516129032258065) 
@31*(0.580645161290323) @31*(0.645161290322581) @31*(0.709677419354839) 
@31*(0.774193548387097) @31*(0.838709677419355) @31*(0.903225806451613) 
@31*(0.967741935483871)
##$ACQ_gradient_amplitude=( 100 )
14.5124841917583 -9.37506478787586 4.46316478119551 4.46316478119551 -0 35 
@94*(0)
##$ACQ_ScanPipeJobSettings=( 2 )
(STORE_raw, STORE_32bit_signed, DISPLAY_each_scan, LOG_none, ACCUM_average, 
961, 1, 0, 0, 961, 961, NORMALIZE_none, PIPELINE_raw, 0, STREAMING_none, 
DISPLAY_CoilsSideBySide) (STORE_processed, STORE_32bit_signed, 
DISPLAY_each_scan, LOG_none, ACCUM_average, 0, 0, 0, 0, 961, 961, 
NORMALIZE_none, PIPELINE_processed, 0, STREAMING_none, 
DISPLAY_CoilsSideBySide)
##$ACQ_SetupPipeJobSettings=( 2 )
(DISPLAY_each_accumulation, 1) (DISPLAY_each_scan, 1)
##$ACQ_ScanInnerAccumWeights=( 2, 961 )
@961*(1) @961*(0)
##$ACQ_ScanOuterAccumWeights=( 2, 1 )
0 0
##$ACQ_ScanOnlineReco=Yes
##$ACQ_ScanTagFilterLength=( 8 )
0 0 0 0 0 0 0 0
##$ACQ_ScanFtDisplay=No
##$ACQ_jobs_size=2
##$ACQ_repetition_time=( 1 )
822
##$ACQ_scan_type=Scan_Experiment
##$ACQ_DebugOptions=(20, 0, No)
##$ACQ_TriggerTimeout=(30, No, No)
##$ACQ_dim=3
##$ACQ_RxFilterDefaultOptions=( 2 )
(No, No) (Yes, Yes)
##$ACQ_SetupRecoDisplay=No
##$ACQ_SetupDim=1
##$ACQ_SetupImageType=MAGNITUDE_IMAGE
##$ACQ_SetupOnlineReco=Yes
##$ACQ_SetupShowDigFilling=Yes
##$ACQ_SetupType=Spectrometer_Parameters
##$ACQ_SetupFtDisplay=Yes
##$ACQ_RxFilterSettings=( 2 )
(HwFilter_BypassFir, SwFilter_LowPassSharp_Decim, 3000, 16, 0, 0, 
SwDataExt_Zero, 0) (HwFilter_BypassFir, SwFilter_LowPassSmooth_Decim, 1650, 
24, 2, 360, SwDataExt_Zero, 0)
##$ACQ_RxFilterInfo=( 2 )
(76.125, 0, 8, 19.7753733926916, 31) (0, 15.0833333333333, 21.75, 
19.6366064049272, 31)
##$ACQ_jobs=( 2 )
(1536, 1, 8, 961, 101, 5000, 961, 1, <job0>) (272, 1, 8, 961, 101, 
6060.60606060606, 961, 1, <Navigator>)
##$ACQ_preload=0
##$ACQ_branch_preload=( 10, 2 )
@18*(1000000) 500 500
##$ACQ_ReceiverSelect=( 9 )
No No No Yes Yes Yes Yes No No
##$ACQ_ReceiverSelectPerChan=( 1, 9 )
No No No Yes Yes Yes Yes No No
##$ACQ_TxSguSelect=( 9 )
No Yes Yes No No No No No No
##$ACQ_RfShapes=( 64 )
(<$ExcPulse1Shape>, 40.4293203016463, 0, 0.5, 1, 0 100 100 @21*(0), 0 0 90 
@21*(0)) (<$RefPulse1Shape>, 233.105385580405, 0, 0, 1, 0 100 100 @21*(0), 0 
0 90 @21*(0)) (<gauss.exc>, 0.0614575951042065, 0, 0.5, 1, 0 100 100 @21*(0), 
0 0 90 @21*(0)) (<>, 0, 0, 0.5, 0, @24*(0), @24*(0)) (<>, 0, 0, 0.5, 0, 
@24*(0), @24*(0)) (<>, 0, 0, 0.5, 0, @24*(0), @24*(0)) (<>, 0, 0, 0.5, 0, 
@24*(0), @24*(0)) (<>, 0, 0, 0.5, 0, @24*(0), @24*(0)) (<>, 0, 0, 0.5, 0, 
@24*(0), @24*(0)) (<>, 0, 0, 0.5, 0, @24*(0), @24*(0)) (<>, 0, 0, 0.5, 0, 
@24*(0), @24*(0)) (<>, 0, 0, 0.5, 0, @24*(0), @24*(0)) (<>, 0, 0, 0.5, 0, 
@24*(0), @24*(0)) (<>, 0, 0, 0.5, 0, @24*(0), @24*(0)) (<>, 0, 0, 0.5, 0, 
@24*(0), @24*(0)) (<>, 0, 0, 0.5, 0, @24*(0), @24*(0)) (<>, 0, 0, 0.5, 0, 
@24*(0), @24*(0)) (<>, 0, 0, 0.5, 0, @24*(0), @24*(0)) (<>, 0, 0, 0.5, 0, 
@24*(0), @24*(0)) (<>, 0, 0, 0.5, 0, @24*(0), @24*(0)) (<>, 0, 0, 0.5, 0, 
@24*(0), @24*(0)) (<>, 0, 0, 0.5, 0, @24*(0), @24*(0)) (<>, 0, 0, 0.5, 0, 
@24*(0), @24*(0)) (<>, 0, 0, 0.5, 0, @24*(0), @24*(0)) (<>, 0, 0, 0.5, 0, 
@24*(0), @24*(0)) (<>, 0, 0, 0.5, 0, @24*(0), @24*(0)) (<>, 0, 0, 0.5, 0, 
@24*(0), @24*(0)) (<>, 0, 0, 0.5, 0, @24*(0), @24*(0)) (<>, 0, 0, 0.5, 0, 
@24*(0), @24*(0)) (<>, 0, 0, 0.5, 0, @24*(0), @24*(0)) (<>, 0, 0, 0.5, 0, 
@24*(0), @24*(0)) (<>, 0, 0, 0.5, 0, @24*(0), @24*(0)) (<>, 0, 0, 0.5, 0, 
@24*(0), @24*(0)) (<>, 0, 0, 0.5, 0, @24*(0), @24*(0)) (<>, 0, 0, 0.5, 0, 
@24*(0), @24*(0)) (<>, 0, 0, 0.5, 0, @24*(0), @24*(0)) (<>, 0, 0, 0.5, 0, 
@24*(0), @24*(0)) (<>, 0, 0, 0.5, 0, @24*(0), @24*(0)) (<>, 0, 0, 0.5, 0, 
@24*(0), @24*(0)) (<>, 0, 0, 0.5, 0, @24*(0), @24*(0)) (<$PVM_FatSupPulShape>,
 8.4080785830729, 0, 0.5, 1, 0 100 100 @21*(0), 0 0 90 @21*(0)) (<sech.exc>, 
144.245431908663, 0, 0.5, 1, 0 100 100 @21*(0), 0 0 90 @21*(0)) (<>, 0, 0, 
0.5, 0, @24*(0), @24*(0)) (<>, 0, 0, 0.5, 0, @24*(0), @24*(0)) (<>, 0, 0, 0.5,
 0, @24*(0), @24*(0)) (<>, 0, 0, 0.5, 0, @24*(0), @24*(0)) (<>, 0, 0, 0.5, 0, 
@24*(0), @24*(0)) (<>, 0, 0, 0.5, 0, @24*(0), @24*(0)) (<>, 0, 0, 0.5, 0, 
@24*(0), @24*(0)) (<>, 0, 0, 0.5, 0, @24*(0), @24*(0)) (<hermite.exc>, 
0.242646134368723, 0, 0.5, 1, 0 100 100 @21*(0), 0 0 90 @21*(0)) 
(<hermite.inv>, 1.9290017889989, 0, 0, 1, 0 100 100 @21*(0), 0 0 90 @21*(0)) 
(<>, 0, 0, 0.5, 0, @24*(0), @24*(0)) (<sech.exc>, 255.853844, 0, 0.5, 1, 0 
100 100 @21*(0), 0 0 90 @21*(0)) (<>, 0, 0, 0.5, 0, @24*(0), @24*(0)) (<>, 0, 
0, 0.5, 0, @24*(0), @24*(0)) (<>, 0, 0, 0.5, 0, @24*(0), @24*(0)) (<>, 0, 0, 
0.5, 0, @24*(0), @24*(0)) (<>, 0, 0, 0.5, 0, @24*(0), @24*(0)) (<>, 0, 0, 0.5,
 0, @24*(0), @24*(0)) (<>, 0, 0, 0.5, 0, @24*(0), @24*(0)) (<>, 0, 0, 0.5, 0, 
@24*(0), @24*(0)) (<>, 0, 0, 0.5, 0, @24*(0), @24*(0)) (<>, 0, 0, 0.5, 0, 
@24*(0), @24*(0))
##$ACQ_WriteServerIOR=( 445 )
<IOR:010000002600000049444c3a73632e6e6d722e6272756b65722e64652f6163712f41637157726974653a312e300000000100000000000000a0000000010102000d0000003134392e3233362e39392e310000adba0e000000fedf88c1670000101d000000000300000400000000000000080000000100000000545441010000001c000000010000000100010501000000010001050901010001000000090101000300000016000000010000000b00000031302e34322e312e31310000d7ec00000300000014000000010000000a0000003132372e302e302e31004fd2>
##$ACQ_WobbleElemTable=( 6 )
(<1H:RES:0deg>, <'RF RES 400 1H 112/086 QSN TR AD' - Element 1>, 0, 0, 0, 0, 
0, 0, 0) (<1H:RES:90deg>, <'RF RES 400 1H 112/086 QSN TR AD' - Element 2>, 0, 
1, 0, 0, 0, 0, 0) (<1H:SUC:1>, <'RF CP F2.5 400 1H R.BR1 ARR[2X2] S RO' - 
Element 1>, 1, 0, 1, 0, 10.6852, -23.8544, 0) (<1H:SUC:2>, <'RF CP F2.5 400 
1H R.BR1 ARR[2X2] S RO' - Element 2>, 1, 1, 2, 0, 14.038, -23.264, 0) 
(<1H:SUC:3>, <'RF CP F2.5 400 1H R.BR1 ARR[2X2] S RO' - Element 3>, 1, 2, 3, 
0, 21.2108, -13.3584, 0) (<1H:SUC:4>, <'RF CP F2.5 400 1H R.BR1 ARR[2X2] S 
RO' - Element 4>, 1, 3, 4, 0, 8.94, -22.6, 0)
##$D=( 64 )
0.00669628571428575 0.0005 0 0 0.000146 0 0.0012 @57*(0)
##$P=( 64 )
500 425 1370 @61*(0)
##$PLW=( 64 )
@64*(0)
##$PH_ref=0
##$BF1=400.263332436859
##$SFO1=400.263332436859
##$O1=0
##$BF2=400.26
##$SFO2=400.26
##$O2=0
##$BF3=400.26
##$SFO3=400.26
##$O3=0
##$BF4=400.26
##$SFO4=400.26
##$O4=0
##$BF5=400.26
##$SFO5=400.26
##$O5=0
##$BF6=400.26
##$SFO6=400.26
##$O6=0
##$BF7=400.26
##$SFO7=400.26
##$O7=0
##$BF8=400.26
##$SFO8=400.26
##$O8=0
##$NUC1=( 8 )
<1H>
##$NUC2=( 8 )
<off>
##$NUC3=( 8 )
<off>
##$NUC4=( 8 )
<off>
##$NUC5=( 8 )
<off>
##$NUC6=( 8 )
<off>
##$NUC7=( 8 )
<off>
##$NUC8=( 8 )
<off>
##$L=( 32 )
0 961 @30*(0)
##$ACQ_DriftCompActive=Yes
##$ACQ_DriftCompJob=1
##$ACQ_DriftCompFilterWidth=4
##$ACQ_DriftCompStep=0
##$ACQ_DriftCompOffset=-8.71406090464709
##$ACQ_DriftCompDebug=No
##$DTYPA=Double
##$GOSI_RepetitionTime=822
##$GOSI_ExperimentDurationFactor=0.1
$$ @vis= ACQP ACQ_COMMON ACQ_protocol_name ACQ_scan_name ACQ_method
$$ @vis= ACQ_patient_pos ACQ_time ACQ_abs_time ACQ_operator ACQ_institution
$$ @vis= ACQ_station ACQ_system_order_number ACQ_sw_version ACQ_contrast_agent
$$ @vis= ACQ_contrast ACQ_ATS ACQ_AtsOffsetsSize PULPROG ACQ_experiment_mode
$$ @vis= ACQ_n_experiments ACQ_experiments ACQ_DS_enabled
$$ @vis= ACQ_switch_pll_enabled ACQ_GradRes ACQ_dim_desc ACQ_size
$$ @vis= ACQ_ns_list_size ACQ_ns ACQ_ns_list ACQ_phase_factor ACQ_scan_size NI
$$ @vis= NA NAE NR DS SW_h SF0ppm ACQ_O1_mode ACQ_O1_list_size ACQ_O1_list
$$ @vis= ACQ_O1B_list_size ACQ_O1B_list ACQ_O2_mode ACQ_O2_list_size
$$ @vis= ACQ_O2_list ACQ_O3_mode ACQ_O3_list_size ACQ_O3_list NUCLEUS
$$ @vis= ACQ_vd_list_size ACQ_vp_list_size ACQ_INFO ACQ_completed
$$ @vis= ACQ_word_size NECHOES ACQ_n_echo_images ACQ_n_movie_frames
$$ @vis= ACQ_echo_descr ACQ_movie_descr ACQ_fov ACQ_read_ext ACQ_slice_angle
$$ @vis= ACQ_slice_orient ACQ_read_offset ACQ_phase1_offset ACQ_phase2_offset
$$ @vis= ACQ_slice_sepn ACQ_slice_sepn_mode ACQ_slice_thick ACQ_slice_offset
$$ @vis= ACQ_obj_order ACQ_flip_angle ACQ_echo_time ACQ_inter_echo_time
$$ @vis= ACQ_recov_time ACQ_inversion_time ACQ_temporal_delay ACQ_RF_power
$$ @vis= ACQ_transmitter_coil ACQ_position_X ACQ_position_Y ACQ_position_Z
$$ @vis= BYTORDA ACQ_adc_overflow GRPDLY FRQLO3 HIRES FQ1LIST FQ2LIST FQ3LIST
$$ @vis= FQ8LIST HPPRGN LOCNUC SOLVENT AVANCE_PARS DE GRAD_PARS
$$ @vis= ACQ_scaling_read ACQ_scaling_phase ACQ_scaling_slice
$$ @vis= ACQ_grad_matrix_size ACQ_grad_matrix ACQ_GradientMatrixSize
$$ @vis= ACQ_GradientMatrix NSLICES ACQ_phase_encoding_mode
$$ @vis= ACQ_phase_enc_start ACQ_spatial_size_0 ACQ_spatial_phase_0
$$ @vis= ACQ_spatial_size_1 ACQ_spatial_phase_1 ACQ_spatial_size_2
$$ @vis= ACQ_spatial_phase_2 ACQ_gradient_amplitude ACQ_SCAN
$$ @vis= ACQ_ScanPipeJobSettings ACQ_SetupPipeJobSettings
$$ @vis= ACQ_ScanInnerAccumWeights ACQ_ScanOuterAccumWeights
$$ @vis= ACQ_ScanOnlineReco ACQ_ScanTagFilterLength ACQ_ScanFtDisplay
$$ @vis= ACQ_jobs_size ACQ_repetition_time ACQ_scan_type ACQ_DebugOptions
$$ @vis= ACQ_TriggerTimeout ACQ_dim ACQ_RxFilterDefaultOptions ACQ_SETUP
$$ @vis= ACQ_SetupRecoDisplay ACQ_SetupDim ACQ_SetupImageType
$$ @vis= ACQ_SetupOnlineReco ACQ_SetupShowDigFilling ACQ_SetupType
$$ @vis= ACQ_SetupFtDisplay ACQ_CONTROL ACQ_RxFilterSettings ACQ_RxFilterInfo
$$ @vis= ACQ_jobs ACQ_preload ACQ_branch_preload ACQ_ReceiverSelect
$$ @vis= ACQ_ReceiverSelectPerChan ACQ_TxSguSelect ACQ_RfShapes
$$ @vis= ACQ_WriteServerIOR ACQ_WobbleElemTable D P PLW PH_ref BF1 SFO1 O1 BF2
$$ @vis= SFO2 O2 BF3 SFO3 O3 BF4 SFO4 O4 BF5 SFO5 O5 BF6 SFO6 O6 BF7 SFO7 O7
$$ @vis= BF8 SFO8 O8 NUC1 NUC2 NUC3 NUC4 NUC5 NUC6 NUC7 NUC8 L Drift
$$ @vis= ACQ_DriftCompActive ACQ_DriftCompJob ACQ_DriftCompFilterWidth
$$ @vis= ACQ_DriftCompStep ACQ_DriftCompOffset ACQ_DriftCompDebug DTYPA GOSI
$$ @vis= GOSI_RepetitionTime GOSI_ExperimentDurationFactor
##END=
$$ File finished by PARX at 2025-02-28 11:12:16.585 +0100
