##TITLE=Parameter List, ParaVision 360 V3.5
##JCAMPDX=4.24
##DATATYPE=Parameter Values
##ORIGIN=Bruker BioSpin MRI GmbH
##OWNER=cristina
$$ Write Options: Symbolic Enums, RLE encoded arrays, symbol visibility
$$ 2025-07-11 11:30:46.303 +0200  cristina@cibmsafe94t1
$$ /opt/PV-360.3.5/data/cristina/20250711_084756_Toi_dMRS_20250711_RatFem_dSPECIAL_dMRI_1_4/40/pdata/1/reco
$$ process /opt/PV-360.3.5/prog/bin/parxserver
##$RECO_time=<2025-07-11T11:30:46,267+0200>
##$RECO_abs_time=(1752226246, 267, 120)
##$RECO_base_image_uid=( 65 )
<2.16.756.5.5.200.8323328.1372159.1752224451.2155>
##$RECO_fov=( 1 )
5.8
##$RECO_size=( 1 )
4096
##$RecoAutoDerive=No
##$RecoDim=1
##$RecoSpatDim=0
##$RecoObjectsPerRepetition=1
##$RecoObjectsPerSetupStep=1
##$RecoSortObjectsPerRepetition=1
##$RecoNumRepetitions=128
##$RecoNumOutputChan=1
##$RecoEncodingFrames=1
##$RecoRepetitionGroupSize=1
##$RecoPreppassProcDim=0
##$RECO_inp_order=NO_REORDERING
##$RECO_inp_size=( 1 )
4096
##$RECO_ft_size=( 1 )
4096
##$RECO_offset=( 1, 1 )
0
##$RECO_qopts=( 1 )
NO_QOPTS
##$RECO_wdw_mode=( 1 )
NO_WDW
##$RECO_lb=( 1 )
-0.5
##$RECO_sw=( 1 )
0
##$RECO_gb=( 1 )
0.5
##$RECO_sbs=( 1 )
1
##$RECO_tm1=( 1 )
0.25
##$RECO_tm2=( 1 )
0.75
##$RECO_ft_mode=( 1 )
COMPLEX_FT
##$RECO_pc_mode=( 1 )
NO_PC
##$RECO_pc_lin=( 1 )
(0, 0)
##$RECO_rotate=( 1, 1 )
0.5
##$RECO_ppc_mode=NO_PPC
##$RECO_ppc_degree=1
##$RECO_transposition=( 1 )
0
##$RECO_image_type=MAGNITUDE_IMAGE
##$RECO_image_threshold=0.15
##$RECO_wordtype=_16BIT_SGN_INT
##$RECO_map_mode=ABSOLUTE_MAPPING
##$RECO_map_range=( 2 )
-2147483647 2147483647
##$RECO_map_percentile=( 2 )
1 99.9
##$RECO_map_error=0.025
##$RECO_minima=( 128 )
101.235220882669 104.056005335687 159.770120659372 97.0208114947457 
109.001898608417 52.6995440907141 95.7993186393444 48.922779247731 
78.1957487201966 98.5237538734821 31.8748807607591 15.8453637775003 
70.1536988083248 103.899275367953 106.809044411978 29.5979894373552 
27.4057128950446 55.9039531255582 96.0189735436004 81.8916892623575 
35.4862605165978 5.54346028729237 48.5936282017395 27.8849333844319 
158.636590182166 27.8138743979044 34.4089587695495 27.6859925834192 
94.7262733418383 69.5892223054557 68.0979932786777 121.924821309931 
132.617750819776 28.7546751128946 129.395237765279 135.778531734489 
75.9291029563312 106.789040980069 83.3498187847028 110.94290331048 
139.571457394746 81.4569221575552 82.5508356010406 126.106403469127 
50.4215082863043 67.9366010389432 170.283637784836 106.827925519192 
60.6682166683088 47.613021881836 36.9505534003745 46.9816120595053 
109.611065580449 71.8809269682782 59.9317129543314 117.915326547038 
115.031875591963 49.6180510743094 122.755980901398 74.6929561053899 
131.335611682496 106.872347121345 168.812823892432 65.8616842563916 
56.6540832399973 68.0842644145142 226.03235348491 84.813241420185 
72.8257406443403 49.2483411481442 133.936538016553 44.3202332410882 
48.2292649366547 153.69690838638 47.1575916973436 69.8518285340429 
146.613831251436 90.2874064708914 153.082604681657 102.620991133024 
145.974643817428 107.031160707563 77.1876553113337 209.911334435823 
106.230693920462 87.7508212028711 173.670926900826 145.459266230607 
79.6564229914087 40.3613073333621 72.7173481143163 36.6910201205615 
76.0203098659187 103.806282174422 144.473422850474 60.642476833141 
157.850582583901 69.7216283076747 50.2945099967463 120.792252770386 
19.0417946705677 33.613778558453 96.0756910534235 58.862756253392 
80.7770311912177 30.3015790757226 58.2722520790366 101.489775415911 
54.2256790275094 51.1804575682169 67.0042544024238 61.6581818130782 
21.7200509213077 85.8104895869799 51.2982742747918 71.8328372815684 
127.454713283919 51.2963553211111 157.330348745765 100.249373952268 
174.828885239368 47.3891342074449 98.9631090309466 91.1664403000897 
73.4687628538 20.2678472963627 36.9949808458495 44.399898988206
##$RECO_maxima=( 128 )
31720.0861161748 24877.3007940543 23508.1645825258 20024.0301145231 
27741.4380274934 24161.6065484048 30311.8142847522 21978.1393933603 
22771.1699405101 19785.2101734215 29825.5874985959 16245.6507111588 
28686.4290519048 19413.1795394947 27655.6518410921 18052.6100528961 
24961.7684375379 26881.5089490987 27797.0143562676 24211.8169204232 
28621.0428670694 21911.704239748 24489.0581770563 22948.9413125097 
28215.2450355602 18970.73216625 24309.4495295908 23048.6938695032 
24780.9470184459 21011.4493341041 26264.1136515716 21332.2845817724 
29974.6593548618 19348.1994306245 28327.5754067252 22115.9433525862 
26368.3147959492 19887.7033517191 31238.169057062 17281.928601603 
31816.1982318368 20951.4056052812 29877.9083206601 18943.1201193814 
27482.9442573937 23524.7648523691 31153.7417813306 21856.7846626509 
26782.1904369107 19184.533359585 26884.1695243707 17257.0399792002 
29626.8518828792 20381.6180596934 22291.2691407299 21380.1142000657 
23589.2141049551 18689.6963068518 27745.4641487074 20059.4295471388 
29556.2751382088 24109.5549203652 32766.5 25684.4200071644 30513.9101407777 
22833.5218408804 24170.989442988 20710.2430491576 28094.0235581605 
22766.2388895093 29746.2737684111 17010.3417308992 24296.9643408349 
20238.0553443376 26660.1493869449 24350.0800505611 24531.5681378572 
25967.1813874985 26635.9313822819 23965.0029803264 27290.38266365 
17819.8563220746 24070.5761264878 20634.0263681314 23386.7488340593 
22688.4158349388 30518.0793042877 28106.9565311339 23296.8417872528 
18470.2909783029 29462.1554370402 20042.5028710963 29635.9999934007 
21685.397574506 29439.5592069306 27203.7031190854 24573.6195794938 
21409.9899608291 32007.2295542596 16647.0868478421 28070.3414710302 
27732.0437500949 26066.152822152 16428.3517457989 28271.9222790414 
22535.2453042327 24727.331855718 19815.0857522374 24626.7271024144 
18243.7605178604 25806.9638033169 21458.8845582369 26280.4360389903 
17400.1316207776 27714.8537627087 23298.089226341 31548.3032498515 
14336.4340232069 25880.4078313896 22568.7595476253 30400.8773612246 
22660.7992765363 30620.9501029313 19997.0207473997 29322.3399576675 
15053.5047554678 19892.8021932531 21044.9378065566
##$RECO_map_min=( 128 )
@128*(-4880.11439488566)
##$RECO_map_max=( 128 )
@128*(4880.11439488566)
##$RECO_map_offset=( 128 )
@128*(0)
##$RECO_map_slope=( 128 )
@128*(6.7142893277951)
##$RECO_byte_order=littleEndian
##$RecoUserUpdate=Yes
##$RecoReverseSegment=0
##$RecoB0DemodOff=0
##$RecoB0DemodDelay=0
##$RecoFTOrder=( 1 )
-1
##$RecoHalfFTAlgorithm=ZEROFILLING
##$RecoHalfFT=( 1 )
No
##$RecoHalfFTPos=( 1 )
2048
##$RecoHalfFTAcq=No
##$RecoNoFT=No
##$RecoExportSortedData=No
##$RecoCorrPhase=RecoCorrPhaseOff
##$RecoCorrPhaseRef=-1
##$RECO_map_user_slope=1
##$RECO_map_user_offset=0
##$RecoNumInputChan=4
##$RecoScaleChan=( 4 )
0.530920052 0.548250066 0.671002 0.520566084
##$RecoPhaseChan=( 4 )
0 0 0 0
##$RecoCombineMode=AddImages
##$RecoEncGenInt=0
##$RecoSortDim=0
##$RecoSortSize=( 1 )
0
##$RecoSortRange=( 1 )
0
##$RecoSortSegment=( 1 )
0
##$RecoSortMaps=( 1 )
0
##$RecoGrappaAccelFactor=1
##$RecoGrappaAccelFactor2=1
##$RecoGrappaKernelRead=5
##$RecoGrappaKernelPhase=4
##$RecoGrappaKernelPhase2=4
##$RecoGrappaKernelTime=3
##$RecoGrappaNumRefRead=64
##$RecoGrappaNumRefPhase=0
##$RecoGrappaNumRefPhase2=0
##$RecoGrappaIncludeRefLines=Yes
##$RecoGrappaFirstRepOnly=No
##$RecoGrappaReadCenter=0
##$RecoGrappaPhaseCenter=0
##$RecoGrappaPhaseCenter2=0
##$RecoGrappaTruncThresh=0.01
##$RecoGrappaLambda=0.01
##$RecoGrappaCoefReps=1
##$RecoSliceGrappaAccelFactor=1
##$RecoSliceGrappaBlipValue=1
##$RecoSliceGrappaKernelRead=5
##$RecoSliceGrappaKernelPhase=4
##$RecoSliceGrappaNumRefRead=0
##$RecoSliceGrappaNumRefPhase=0
##$RecoSliceGrappaReadCenter=0
##$RecoSliceGrappaPhaseCenter=0
##$RecoSliceGrappaTruncThresh=0.01
##$RecoSliceGrappaLambda=0.01
##$RecoSliceGrappaOff=No
##$RecoGrappa3D=No
##$RecoGrappaCaipirinha=No
##$RecoGrappaTCaipirinha=No
##$RecoGrappaVirtualCoils=No
##$RecoGrappaVirtualCoilsLambda=2
##$RecoGrappaPeak=No
##$RecoGrappaTimeLoop=No
##$RecoGrappaOne=No
##$RecoGrappaOneLambda=0.1
##$RecoSegGrappa=No
##$RecoSegGrappaCalibrateFromB0=No
##$RecoSegGrappaInt=0
##$RecoSegGrappaSegments=1
##$RecoSegGrappaTruncThresh=0.01
##$RecoSegGrappaLambda=0.01
##$RecoSegGrappaLambdaSeg=2
##$RecoItGrappa=1
##$RecoCS=No
##$RecoRegridN=Off
##$RecoStageNrPasses=3
##$RecoStagePasses=( 3 )
(<FIRSTPASS>, 0) (<PREPPASS>, 1) (<MAPPASS>, 2)
##$RecoStageNrNodes=69
##$RecoStageNodes=( 69 )
(<job0>, 0, <RecoSharedQueueSource 
Q0{queueId=Job_In0;initQueue=true;appendPsId=true;dim=2;procDim=1;sizes={16384,1};nr=128;dataRep=SIGNED;baseField=COMPLEX;wordSize=4}>) (<job0>, 0, <RecoSharedQueueSink QS{queueId=Job_Out0;initQueue=true;appendPsId=true}>) (<job0>, 0, <RecoFileSink FS{jobNdx=0;writeAcqPars=true;filename="/opt/PV-360.3.5/data/cristina/20250711_084756_Toi_dMRS_20250711_RatFem_dSPECIAL_dMRI_1_4/40/rawdata.job0"}>) (<job0>, 0, <RecoProgressMonitorFilter PM{reportScanProgress="1/1"}>) (<job0>, 0, <RecoTeeFilter TeeStorage>) (<job0>, 0, <RecoCastFilter CastToFloatMain{dataRep=FLOAT;wordSize=8}>) (<job0>, 0, <RecoTeeFilter TeeAverage>) (<job0>, 0, <RecoDummySink DummyAverage>) (<job0>, 0, <RecoAcqOutFilter Av{displayEachAccumulation=1;displayEachScan=0;displayEachPeStep=0;displayFt=0;magnitudeImage=1;shuffle=0;ftSize=4096;size=4096;offset=0;cnt=2;ndx=0;procnoPath="/opt/PV-360.3.5/data/cristina/20250711_084756_Toi_dMRS_20250711_RatFem_dSPECIAL_dMRI_1_4/40/pdata/1/";displayObjects=1;modalityType=1;innerObjects=1;outerObjects=1;average=1;numRecs=4;overlayCurves=0;}>) (<job0>, 0, <RecoCastFilter CastToIntMain{dataRep=SIGNED;wordSize=4}>) (<job1>, 0, <RecoSharedQueueSource Q0{queueId=Job_In1;initQueue=true;appendPsId=true;dim=2;procDim=1;sizes={512,1};nr=128;dataRep=SIGNED;baseField=COMPLEX;wordSize=4}>) (<job1>, 0, <RecoSharedQueueSink QS{queueId=Job_Out1;initQueue=true;appendPsId=true}>) (<job1>, 0, <RecoFileSink FS{jobNdx=1;writeAcqPars=false;filename="/opt/PV-360.3.5/data/cristina/20250711_084756_Toi_dMRS_20250711_RatFem_dSPECIAL_dMRI_1_4/40/rawdata.Navigator"}>) (<job1>, 0, <RecoCastFilter CastToFloatMain{dataRep=FLOAT;wordSize=8}>) (<job1>, 0, <RecoDetermineB0Filter DB{width=\<ACQ_DriftCompFilterWidth\>;step=\<ACQ_DriftCompStep\>;sampleBW=20000.000000;B0Value=\<ACQ_DriftCompOffset\>;activeReceivers=4;debugFiles=0;}>) (<job1>, 0, <RecoReloadB0Filter B0{B0Value=\<ACQ_DriftCompOffset\>;B0CC=625000.000000;simulationMode=false}>) (<job1>, 0, <RecoAcqOutFilter Av{displayEachAccumulation=0;displayEachScan=1;displayEachPeStep=0;displayFt=0;magnitudeImage=1;shuffle=0;ftSize=4096;size=4096;offset=0;cnt=2;ndx=1;procnoPath="/opt/PV-360.3.5/data/cristina/20250711_084756_Toi_dMRS_20250711_RatFem_dSPECIAL_dMRI_1_4/40/pdata/1/";displayObjects=1;modalityType=1;innerObjects=1;outerObjects=1;average=1;numRecs=4;overlayCurves=0;}>) (<job1>, 0, <RecoCastFilter CastToIntMain{dataRep=SIGNED;wordSize=4}>) (<job1>, 0, <RecoTeeFilter TeeStorage>) (<input>, 0, <RecoFileSource FS0{initFromRawJob=0;procDim=1;numChan=4;contData=true;}>) (<input>, 0, <RecoSharedQueueSink JQ0{queueId=Job_Out0;appendPsId=true;initQueue=true;}>) (<input>, 0, <RecoFileSource FS1{initFromRawJob=1;procDim=1;numChan=4;contData=true;}>) (<input>, 0, <RecoSharedQueueSink JQ1{queueId=Job_Out1;appendPsId=true;initQueue=true;}>) (<compute>, 0, <RecoSharedQueueSource Q0{initFromJob=0;queueId=Job_Out0;appendPsId=true;}>) (<compute>, 0, <RecoSharedQueueSource JQ1{initFromJob=1;queueId=Job_Out1;appendPsId=true;}>) (<compute>, 0, <RecoDummySink JS1{verbose=false}>) (<compute>, 0, <RecoBufferSink S0{procDim=1;frameDim=2;bufferId="FIRSTPASS0";memId="out0"}>) (<compute>, 0, <RecoBufferSink S1{procDim=1;frameDim=2;bufferId="FIRSTPASS1";memId="out1"}>) (<compute>, 0, <RecoBufferSink S2{procDim=1;frameDim=2;bufferId="FIRSTPASS2";memId="out2"}>) (<compute>, 0, <RecoBufferSink S3{procDim=1;frameDim=2;bufferId="FIRSTPASS3";memId="out3"}>) (<compute>, 0, <RecoSplitFilter SP0{dim=1; keepBlocksize=1}>) (<compute>, 0, <RecoCastFilter CAST0{dataRep=FLOAT; wordSize=8}>) (<compute>, 0, <RecoCastFilter CAST1{dataRep=FLOAT; wordSize=8}>) (<compute>, 0, <RecoCastFilter CAST2{dataRep=FLOAT; wordSize=8}>) (<compute>, 0, <RecoCastFilter CAST3{dataRep=FLOAT; wordSize=8}>) (<compute>, 1, <RecoBufferSource Q0{procDim=1;frameDim=2;bufferId="FIRSTPASS0";memId="out0"}>) (<compute>, 1, <RecoBufferSource Q1{procDim=1;frameDim=2;bufferId="FIRSTPASS1";memId="out1"}>) (<compute>, 1, <RecoBufferSource Q2{procDim=1;frameDim=2;bufferId="FIRSTPASS2";memId="out2"}>) (<compute>, 1, <RecoBufferSource Q3{procDim=1;frameDim=2;bufferId="FIRSTPASS3";memId="out3"}>) (<compute>, 1, <RecoBufferSink S0{procDim=1;frameDim=2;bufferId="PREPPASS0";memId="in0"}>) (<compute>, 1, <RecoScaleFilter SCALE0{scaleFactor=\<RecoScaleChan[0]\>; phaseOffset=\<RecoPhaseChan[0]\>}>) (<compute>, 1, <RecoScaleFilter SCALE1{scaleFactor=\<RecoScaleChan[1]\>; phaseOffset=\<RecoPhaseChan[1]\>}>) (<compute>, 1, <RecoScaleFilter SCALE2{scaleFactor=\<RecoScaleChan[2]\>; phaseOffset=\<RecoPhaseChan[2]\>}>) (<compute>, 1, <RecoScaleFilter SCALE3{scaleFactor=\<RecoScaleChan[3]\>; phaseOffset=\<RecoPhaseChan[3]\>}>) (<compute>, 1, <RecoAddFilter SOS0>) (<compute>, 1, <RecoMagnitudeFilter G0>) (<compute>, 1, <RecoMinMaxFilter M0{map_min=\<RECO_map_min\>;map_max=\<RECO_map_max\>;}>) (<compute>, 2, <RecoBufferSource Q0{procDim=1;frameDim=2;bufferId="PREPPASS0";memId="in0"}>) (<compute>, 2, <RecoSharedQueueSink S0{initQueue=true;queueId=RecoComp_Out;appendPsId=true;}>) (<compute>, 2, <RecoMapFilter MAP0{symmetricMode=true;minima=\<RECO_minima\>;maxima=\<RECO_maxima\>;slope=\<RECO_map_slope\>;offset=\<RECO_map_offset\>;map_min=\<RECO_map_min\>;map_max=\<RECO_map_max\>;rangeMin=-32766.500000;rangeMax=32766.500000;perObjectMode=false;cutoffMode=true;}>) (<compute>, 2, <RecoCastFilter CAST0{dataRep=SIGNED;wordSize=2}>) (<output>, 2, <RecoSharedQueueSource Q{queueId=RecoComp_Out;appendPsId=true;procDim=1;initFromRECO=true;}>) (<output>, 2, <RecoProfileDisplayFilter DISP{isRecoDisp=true;dim=1;modalityType=1;procnoPath="/opt/PV-360.3.5/data/cristina/20250711_084756_Toi_dMRS_20250711_RatFem_dSPECIAL_dMRI_1_4/40/pdata/1/";}>) (<output>, 2, <RecoFileSink S{writePars=true;shuffle=false;filename="2dseq";numChans=1;}>) (<compute>, 0, <RecoAverageFilter AVE0{avList=\<AverageList\>;avListSize=1;nObj=1;newSize=\<RECO_inp_size\>;}>) (<compute>, 0, <RecoAverageFilter AVE1{avList=\<AverageList\>;avListSize=1;nObj=1;newSize=\<RECO_inp_size\>;}>) (<compute>, 0, <RecoAverageFilter AVE2{avList=\<AverageList\>;avListSize=1;nObj=1;newSize=\<RECO_inp_size\>;}>) (<compute>, 0, <RecoAverageFilter AVE3{avList=\<AverageList\>;avListSize=1;nObj=1;newSize=\<RECO_inp_size\>;}>) (<compute>, 0, <RecoSpectCorrFilter SPECTCORR0{useNav  = 0;refPoint = 0;digShift = 76.125;refcor = 1;refData = \<PVM_RefScan[0]\>;filterWidth = 0;relNavBw = 4}>) (<compute>, 0, <RecoSpectCorrFilter SPECTCORR1{useNav  = 0;refPoint = 0;digShift = 76.125;refcor = 1;refData = \<PVM_RefScan[1]\>;filterWidth = 0;relNavBw = 4}>) (<compute>, 0, <RecoSpectCorrFilter SPECTCORR2{useNav  = 0;refPoint = 0;digShift = 76.125;refcor = 1;refData = \<PVM_RefScan[2]\>;filterWidth = 0;relNavBw = 4}>) (<compute>, 0, <RecoSpectCorrFilter SPECTCORR3{useNav  = 0;refPoint = 0;digShift = 76.125;refcor = 1;refData = \<PVM_RefScan[3]\>;filterWidth = 0;relNavBw = 4}>) (<compute>, 1, <RecoFTShiftFilter FTS0{shift=0.5; winDirection=0; exponent=1}>) (<compute>, 1, <RecoFTFilter FT0{direction=0; exponent=1}>) (<compute>, 1, <RecoTeeFilter T0>) (<compute>, 1, <RecoCastFilter FILECAST0{wordSize=4; dataRep=SIGNED}>) (<compute>, 1, <RecoFileSink FSINK0{filename="/opt/PV-360.3.5/data/cristina/20250711_084756_Toi_dMRS_20250711_RatFem_dSPECIAL_dMRI_1_4/40/fid";shuffle=true}>) (<compute>, 1, <RecoZfillFilter ZFILL0{fillingPosition=1.0;fixedSize=4096}>) (<compute>, 1, <RecoDivideFilter DIV0{divisor=4}>)
##$RecoStageNrEdges=60
##$RecoStageEdges=( 60 )
(<job0>, 0, <Q0-\>PM>) (<job0>, 0, <PM-\>TeeStorage>) (<job0>, 0, 
<TeeStorage-\>CastToFloatMain>) (<job0>, 0, <CastToFloatMain-\>TeeAverage>) 
(<job0>, 0, <TeeAverage-\>Av>) (<job0>, 0, <Av-\>DummyAverage>) (<job0>, 0, 
<TeeAverage-\>CastToIntMain>) (<job0>, 0, <CastToIntMain-\>QS>) (<job0>, 0, 
<TeeStorage-\>FS>) (<job1>, 0, <Q0-\>CastToFloatMain>) (<job1>, 0, 
<CastToFloatMain-\>DB>) (<job1>, 0, <DB-\>B0>) (<job1>, 0, <B0-\>Av>) (<job1>,
 0, <Av-\>CastToIntMain>) (<job1>, 0, <CastToIntMain-\>TeeStorage>) (<job1>, 
0, <TeeStorage-\>QS>) (<job1>, 0, <TeeStorage-\>FS>) (<input>, 0, <FS0-\>JQ0>)
 (<input>, 0, <FS1-\>JQ1>) (<compute>, 0, <JQ1-\>JS1>) (<compute>, 0, 
<Q0-\>SP0>) (<compute>, 0, <SP0-\>CAST0>) (<compute>, 0, <SP0-\>CAST1>) 
(<compute>, 0, <SP0-\>CAST2>) (<compute>, 0, <SP0-\>CAST3>) (<compute>, 0, 
<AVE0-\>S0>) (<compute>, 0, <AVE1-\>S1>) (<compute>, 0, <AVE2-\>S2>) 
(<compute>, 0, <AVE3-\>S3>) (<compute>, 1, <Q0-\>SCALE0>) (<compute>, 1, 
<Q1-\>SCALE1>) (<compute>, 1, <Q2-\>SCALE2>) (<compute>, 1, <Q3-\>SCALE3>) 
(<compute>, 1, <SCALE0-\>SOS0.0>) (<compute>, 1, <SCALE1-\>SOS0.1>) (<compute>
, 1, <SCALE2-\>SOS0.2>) (<compute>, 1, <SCALE3-\>SOS0.3>) (<compute>, 1, 
<FT0-\>G0>) (<compute>, 1, <G0-\>M0>) (<compute>, 1, <M0-\>S0>) (<compute>, 2,
 <Q0-\>MAP0>) (<compute>, 2, <MAP0-\>CAST0>) (<compute>, 2, <CAST0-\>S0>) 
(<output>, 2, <Q-\>DISP>) (<output>, 2, <DISP-\>S>) (<compute>, 0, 
<SPECTCORR0-\>AVE0>) (<compute>, 0, <SPECTCORR1-\>AVE1>) (<compute>, 0, 
<SPECTCORR2-\>AVE2>) (<compute>, 0, <SPECTCORR3-\>AVE3>) (<compute>, 0, 
<CAST0-\>SPECTCORR0>) (<compute>, 0, <CAST1-\>SPECTCORR1>) (<compute>, 0, 
<CAST2-\>SPECTCORR2>) (<compute>, 0, <CAST3-\>SPECTCORR3>) (<compute>, 1, 
<T0-\>FTS0>) (<compute>, 1, <FTS0-\>FT0>) (<compute>, 1, <SOS0-\>T0>) 
(<compute>, 1, <T0-\>DIV0>) (<compute>, 1, <FILECAST0-\>ZFILL0>) (<compute>, 
1, <ZFILL0-\>FSINK0>) (<compute>, 1, <DIV0-\>FILECAST0>)
##$ACQ_SetupRecoDisplay=Yes
##$ACQ_SetupImageType=MAGNITUDE_IMAGE
##$RecoDisplay=Yes
##$RecoEachNR=No
##$RecoPrototype=No
##$RecoGradientLinearityCorrection=No
##$RecoGradientLinearityCorrectionDebug=1
##$RecoGradientLinearityCorrectionApprox=No
$$ @vis= RECO RECO_INSTANCE RECO_fov RECO_size RecoAutoDerive RecoDim
$$ @vis= RecoSpatDim RecoObjectsPerRepetition RecoObjectsPerSetupStep
$$ @vis= RecoSortObjectsPerRepetition RecoNumRepetitions RecoNumOutputChan
$$ @vis= RecoEncodingFrames RecoRepetitionGroupSize RECO_inp_order
$$ @vis= RECO_inp_size RECO_ft_size RECO_wdw_mode RECO_ft_mode RECO_pc_mode
$$ @vis= RECO_rotate RECO_transposition RECO_image_type RECO_wordtype
$$ @vis= RECO_map_mode RECO_byte_order RecoModeUser RecoUserUpdate
$$ @vis= RecoB0DemodOff RecoWindow RecoFTOrder RecoHalfFT RecoHalfFTPos
$$ @vis= RecoHalfFTAcq RecoNoFT RecoExportSortedData RecoCorrPhase
$$ @vis= RecoCorrPhaseRef RecoMap RecoNumInputChan RecoScaleChan RecoPhaseChan
$$ @vis= RecoCombineMode RecoEncGenInt RecoSortGroup RecoSortDim
$$ @vis= RecoGrappaGroup RecoGrappaAccelFactor RecoGrappaAccelFactor2
$$ @vis= RecoGrappaFirstRepOnly RecoGrappaCoefReps RecoSliceGrappaAccelFactor
$$ @vis= RecoSliceGrappaBlipValue RecoSliceGrappaOff RecoGrappa3D
$$ @vis= RecoGrappaCaipirinha RecoGrappaTCaipirinha RecoGrappaOne
$$ @vis= RecoSegGrappa RecoSegGrappaCalibrateFromB0 RecoSegGrappaInt
$$ @vis= RecoSegGrappaSegments RecoItGrappa RecoCSGroup RecoCS
$$ @vis= RecoRegridNGroup RecoRegridN RecoStageGroup RecoStageNrPasses
$$ @vis= RecoStagePasses RecoStageNrNodes RecoStageNodes RecoStageNrEdges
$$ @vis= RecoStageEdges RECO_GS ACQ_SetupRecoDisplay ACQ_SetupImageType
$$ @vis= RECO_GO RecoDisplay RecoEachNR RecoPrototype
$$ @vis= RecoGradientLinearityCorrection RecoGradientLinearityCorrectionDebug
$$ @vis= RecoGradientLinearityCorrectionApprox
##END=
$$ File finished by PARX at 2025-07-11 11:30:46.304 +0200
