##TITLE=Parameter List, ParaVision 360 V3.5
##JCAMPDX=4.24
##DATATYPE=Parameter Values
##ORIGIN=Bruker BioSpin MRI GmbH
##OWNER=cristina
$$ Write Options: Symbolic Enums, RLE encoded arrays, symbol visibility
$$ 2025-07-11 11:24:04.896 +0200  cristina@cibmsafe94t1
$$ /opt/PV-360.3.5/data/cristina/20250711_084756_Toi_dMRS_20250711_RatFem_dSPECIAL_dMRI_1_4/39/pdata/1/reco
$$ process /opt/PV-360.3.5/prog/bin/parxserver
##$RECO_time=<2025-07-11T11:24:04,872+0200>
##$RECO_abs_time=(1752225844, 872, 120)
##$RECO_base_image_uid=( 65 )
<2.16.756.5.5.200.8323328.1372159.1752224331.2137>
##$RECO_fov=( 1 )
5.8
##$RECO_size=( 1 )
4096
##$RecoAutoDerive=No
##$RecoDim=1
##$RecoSpatDim=0
##$RecoObjectsPerRepetition=1
##$RecoObjectsPerSetupStep=1
##$RecoSortObjectsPerRepetition=1
##$RecoNumRepetitions=96
##$RecoNumOutputChan=1
##$RecoEncodingFrames=1
##$RecoRepetitionGroupSize=1
##$RecoPreppassProcDim=0
##$RECO_inp_order=NO_REORDERING
##$RECO_inp_size=( 1 )
4096
##$RECO_ft_size=( 1 )
4096
##$RECO_offset=( 1, 1 )
0
##$RECO_qopts=( 1 )
NO_QOPTS
##$RECO_wdw_mode=( 1 )
NO_WDW
##$RECO_lb=( 1 )
-0.5
##$RECO_sw=( 1 )
0
##$RECO_gb=( 1 )
0.5
##$RECO_sbs=( 1 )
1
##$RECO_tm1=( 1 )
0.25
##$RECO_tm2=( 1 )
0.75
##$RECO_ft_mode=( 1 )
COMPLEX_FT
##$RECO_pc_mode=( 1 )
NO_PC
##$RECO_pc_lin=( 1 )
(0, 0)
##$RECO_rotate=( 1, 1 )
0.5
##$RECO_ppc_mode=NO_PPC
##$RECO_ppc_degree=1
##$RECO_transposition=( 1 )
0
##$RECO_image_type=MAGNITUDE_IMAGE
##$RECO_image_threshold=0.15
##$RECO_wordtype=_16BIT_SGN_INT
##$RECO_map_mode=ABSOLUTE_MAPPING
##$RECO_map_range=( 2 )
-2147483647 2147483647
##$RECO_map_percentile=( 2 )
1 99.9
##$RECO_map_error=0.025
##$RECO_minima=( 96 )
131.171649160438 12.8902272315503 17.2511214612875 68.8350064485917 
103.013572504347 65.6768644566246 49.9898513826492 52.3937499135222 
163.937318248591 59.2000852755167 139.782021174015 93.2602826225113 
96.5644722743814 48.2936588853358 19.943789514483 24.9131062416569 
27.9411597563097 51.1209807391987 80.8701498079681 79.2415548684046 
75.3189881521101 78.2349018410432 55.6008917662734 26.3918218760531 
33.7874230765926 70.562317653359 116.3219619033 32.6040943673815 
42.1379201360715 129.630005750611 78.1654895913287 44.2265383541501 
151.596038751918 43.8589374691625 86.84769592047 44.2139749005961 
90.9182174681942 21.347207066404 60.2740175647105 11.5446758115486 
48.0626742798474 49.049641395912 96.2513328447291 28.1905366015329 
47.638590799209 49.3144922463057 126.371891834793 31.4501330906119 
30.5805467590195 42.9615222154679 55.1937254988312 34.3302719864029 
50.4314395930608 43.9304634753693 64.4044976865532 124.927383094109 
23.4738728749879 8.91222507520891 75.1334947345003 40.1915588584834 
7.68765140167513 15.3040448034585 18.2173677291615 46.5692429329916 
128.097256753905 24.8894790972962 37.8221821949094 145.55423163282 
75.6186964696292 40.465625391451 57.0267672097202 64.4557074881307 
49.5085768945649 63.912475197671 31.4077059318179 23.1716565691525 
126.721455734756 28.2657144187492 22.4740916186252 39.6982688704443 
204.200315978103 44.9529729921911 61.6019848344761 74.1034068603503 
65.061966242526 91.078679883221 43.803791090895 51.0538409475773 
50.3482806790085 80.3946840670832 70.0692411616264 23.3244107988249 
125.960243030829 37.3392539799207 100.588727933239 47.3979468693509
##$RECO_maxima=( 96 )
30863.270039322 17923.061990127 32766.5 19660.2970393363 25753.9467004017 
13003.4632733423 26200.2152251702 14970.5005109032 28368.3498830538 
20793.3916281525 30558.6987171618 13459.4101115466 29454.5755830583 
17053.9126796828 29743.8862860126 12199.3784446029 26140.8883431272 
16692.4750356636 24517.3176790237 22759.5551081561 26985.8443834254 
13300.3330282305 28880.7069983202 15337.5787659065 28847.1802267249 
20682.6919708648 27775.6796068181 19544.8591520622 26450.7307834349 
23411.1980074109 28669.2412971206 14548.0747509371 30699.2542230952 
11752.17666764 27840.92507602 18557.4634942555 29003.8135518841 
17700.638505063 24562.3592989482 18222.6223847772 21739.1328027042 
18644.9093657577 25152.9939441838 21391.4530569025 32005.1288194784 
15462.9266038543 24952.2598155971 21684.4330455315 24801.8901801021 
19056.2434216374 29121.1444149696 13044.1550595497 26882.5520057056 
12588.610555354 28316.9333544169 17949.6891449399 23123.0403726493 
19016.7994319886 28954.1744677166 21599.6227405381 24738.7335737391 
16589.0252020514 23796.4711208948 15270.1295117898 26216.2812789235 
23526.7041713182 27087.7931394511 14115.0513761244 31757.3935423192 
13520.6714060481 27324.6174041874 20009.0780029054 20431.1911558168 
21736.4380109755 26633.04175935 19301.9266168943 30002.5837083478 
18355.9405787534 27038.8750025688 19583.0588762796 30667.8760340812 
19649.1488887751 25904.6956930697 17943.2995571789 27577.3815201522 
21641.1872810125 25725.8141558572 15154.7110216564 31808.2221668505 
12390.9652917201 28369.2340110911 18973.6944194157 30872.1499945824 
18021.9998164231 27868.0786834839 15353.5414304019
##$RECO_map_min=( 96 )
@96*(-6780.11193803921)
##$RECO_map_max=( 96 )
@96*(6780.11193803921)
##$RECO_map_offset=( 96 )
@96*(0)
##$RECO_map_slope=( 96 )
@96*(4.83273732048087)
##$RECO_byte_order=littleEndian
##$RecoUserUpdate=Yes
##$RecoReverseSegment=0
##$RecoB0DemodOff=0
##$RecoB0DemodDelay=0
##$RecoFTOrder=( 1 )
-1
##$RecoHalfFTAlgorithm=ZEROFILLING
##$RecoHalfFT=( 1 )
No
##$RecoHalfFTPos=( 1 )
2048
##$RecoHalfFTAcq=No
##$RecoNoFT=No
##$RecoExportSortedData=No
##$RecoCorrPhase=RecoCorrPhaseOff
##$RecoCorrPhaseRef=-1
##$RECO_map_user_slope=1
##$RECO_map_user_offset=0
##$RecoNumInputChan=4
##$RecoScaleChan=( 4 )
0.530920052 0.548250066 0.671002 0.520566084
##$RecoPhaseChan=( 4 )
0 0 0 0
##$RecoCombineMode=AddImages
##$RecoEncGenInt=0
##$RecoSortDim=0
##$RecoSortSize=( 1 )
0
##$RecoSortRange=( 1 )
0
##$RecoSortSegment=( 1 )
0
##$RecoSortMaps=( 1 )
0
##$RecoGrappaAccelFactor=1
##$RecoGrappaAccelFactor2=1
##$RecoGrappaKernelRead=5
##$RecoGrappaKernelPhase=4
##$RecoGrappaKernelPhase2=4
##$RecoGrappaKernelTime=3
##$RecoGrappaNumRefRead=64
##$RecoGrappaNumRefPhase=0
##$RecoGrappaNumRefPhase2=0
##$RecoGrappaIncludeRefLines=Yes
##$RecoGrappaFirstRepOnly=No
##$RecoGrappaReadCenter=0
##$RecoGrappaPhaseCenter=0
##$RecoGrappaPhaseCenter2=0
##$RecoGrappaTruncThresh=0.01
##$RecoGrappaLambda=0.01
##$RecoGrappaCoefReps=1
##$RecoSliceGrappaAccelFactor=1
##$RecoSliceGrappaBlipValue=1
##$RecoSliceGrappaKernelRead=5
##$RecoSliceGrappaKernelPhase=4
##$RecoSliceGrappaNumRefRead=0
##$RecoSliceGrappaNumRefPhase=0
##$RecoSliceGrappaReadCenter=0
##$RecoSliceGrappaPhaseCenter=0
##$RecoSliceGrappaTruncThresh=0.01
##$RecoSliceGrappaLambda=0.01
##$RecoSliceGrappaOff=No
##$RecoGrappa3D=No
##$RecoGrappaCaipirinha=No
##$RecoGrappaTCaipirinha=No
##$RecoGrappaVirtualCoils=No
##$RecoGrappaVirtualCoilsLambda=2
##$RecoGrappaPeak=No
##$RecoGrappaTimeLoop=No
##$RecoGrappaOne=No
##$RecoGrappaOneLambda=0.1
##$RecoSegGrappa=No
##$RecoSegGrappaCalibrateFromB0=No
##$RecoSegGrappaInt=0
##$RecoSegGrappaSegments=1
##$RecoSegGrappaTruncThresh=0.01
##$RecoSegGrappaLambda=0.01
##$RecoSegGrappaLambdaSeg=2
##$RecoItGrappa=1
##$RecoCS=No
##$RecoRegridN=Off
##$RecoStageNrPasses=3
##$RecoStagePasses=( 3 )
(<FIRSTPASS>, 0) (<PREPPASS>, 1) (<MAPPASS>, 2)
##$RecoStageNrNodes=69
##$RecoStageNodes=( 69 )
(<job0>, 0, <RecoSharedQueueSource 
Q0{queueId=Job_In0;initQueue=true;appendPsId=true;dim=2;procDim=1;sizes={16384,1};nr=96;dataRep=SIGNED;baseField=COMPLEX;wordSize=4}>) (<job0>, 0, <RecoSharedQueueSink QS{queueId=Job_Out0;initQueue=true;appendPsId=true}>) (<job0>, 0, <RecoFileSink FS{jobNdx=0;writeAcqPars=true;filename="/opt/PV-360.3.5/data/cristina/20250711_084756_Toi_dMRS_20250711_RatFem_dSPECIAL_dMRI_1_4/39/rawdata.job0"}>) (<job0>, 0, <RecoProgressMonitorFilter PM{reportScanProgress="1/1"}>) (<job0>, 0, <RecoTeeFilter TeeStorage>) (<job0>, 0, <RecoCastFilter CastToFloatMain{dataRep=FLOAT;wordSize=8}>) (<job0>, 0, <RecoTeeFilter TeeAverage>) (<job0>, 0, <RecoDummySink DummyAverage>) (<job0>, 0, <RecoAcqOutFilter Av{displayEachAccumulation=1;displayEachScan=0;displayEachPeStep=0;displayFt=0;magnitudeImage=1;shuffle=0;ftSize=4096;size=4096;offset=0;cnt=2;ndx=0;procnoPath="/opt/PV-360.3.5/data/cristina/20250711_084756_Toi_dMRS_20250711_RatFem_dSPECIAL_dMRI_1_4/39/pdata/1/";displayObjects=1;modalityType=1;innerObjects=1;outerObjects=1;average=1;numRecs=4;overlayCurves=0;}>) (<job0>, 0, <RecoCastFilter CastToIntMain{dataRep=SIGNED;wordSize=4}>) (<job1>, 0, <RecoSharedQueueSource Q0{queueId=Job_In1;initQueue=true;appendPsId=true;dim=2;procDim=1;sizes={512,1};nr=96;dataRep=SIGNED;baseField=COMPLEX;wordSize=4}>) (<job1>, 0, <RecoSharedQueueSink QS{queueId=Job_Out1;initQueue=true;appendPsId=true}>) (<job1>, 0, <RecoFileSink FS{jobNdx=1;writeAcqPars=false;filename="/opt/PV-360.3.5/data/cristina/20250711_084756_Toi_dMRS_20250711_RatFem_dSPECIAL_dMRI_1_4/39/rawdata.Navigator"}>) (<job1>, 0, <RecoCastFilter CastToFloatMain{dataRep=FLOAT;wordSize=8}>) (<job1>, 0, <RecoDetermineB0Filter DB{width=\<ACQ_DriftCompFilterWidth\>;step=\<ACQ_DriftCompStep\>;sampleBW=20000.000000;B0Value=\<ACQ_DriftCompOffset\>;activeReceivers=4;debugFiles=0;}>) (<job1>, 0, <RecoReloadB0Filter B0{B0Value=\<ACQ_DriftCompOffset\>;B0CC=625000.000000;simulationMode=false}>) (<job1>, 0, <RecoAcqOutFilter Av{displayEachAccumulation=0;displayEachScan=1;displayEachPeStep=0;displayFt=0;magnitudeImage=1;shuffle=0;ftSize=4096;size=4096;offset=0;cnt=2;ndx=1;procnoPath="/opt/PV-360.3.5/data/cristina/20250711_084756_Toi_dMRS_20250711_RatFem_dSPECIAL_dMRI_1_4/39/pdata/1/";displayObjects=1;modalityType=1;innerObjects=1;outerObjects=1;average=1;numRecs=4;overlayCurves=0;}>) (<job1>, 0, <RecoCastFilter CastToIntMain{dataRep=SIGNED;wordSize=4}>) (<job1>, 0, <RecoTeeFilter TeeStorage>) (<input>, 0, <RecoFileSource FS0{initFromRawJob=0;procDim=1;numChan=4;contData=true;}>) (<input>, 0, <RecoSharedQueueSink JQ0{queueId=Job_Out0;appendPsId=true;initQueue=true;}>) (<input>, 0, <RecoFileSource FS1{initFromRawJob=1;procDim=1;numChan=4;contData=true;}>) (<input>, 0, <RecoSharedQueueSink JQ1{queueId=Job_Out1;appendPsId=true;initQueue=true;}>) (<compute>, 0, <RecoSharedQueueSource Q0{initFromJob=0;queueId=Job_Out0;appendPsId=true;}>) (<compute>, 0, <RecoSharedQueueSource JQ1{initFromJob=1;queueId=Job_Out1;appendPsId=true;}>) (<compute>, 0, <RecoDummySink JS1{verbose=false}>) (<compute>, 0, <RecoBufferSink S0{procDim=1;frameDim=2;bufferId="FIRSTPASS0";memId="out0"}>) (<compute>, 0, <RecoBufferSink S1{procDim=1;frameDim=2;bufferId="FIRSTPASS1";memId="out1"}>) (<compute>, 0, <RecoBufferSink S2{procDim=1;frameDim=2;bufferId="FIRSTPASS2";memId="out2"}>) (<compute>, 0, <RecoBufferSink S3{procDim=1;frameDim=2;bufferId="FIRSTPASS3";memId="out3"}>) (<compute>, 0, <RecoSplitFilter SP0{dim=1; keepBlocksize=1}>) (<compute>, 0, <RecoCastFilter CAST0{dataRep=FLOAT; wordSize=8}>) (<compute>, 0, <RecoCastFilter CAST1{dataRep=FLOAT; wordSize=8}>) (<compute>, 0, <RecoCastFilter CAST2{dataRep=FLOAT; wordSize=8}>) (<compute>, 0, <RecoCastFilter CAST3{dataRep=FLOAT; wordSize=8}>) (<compute>, 1, <RecoBufferSource Q0{procDim=1;frameDim=2;bufferId="FIRSTPASS0";memId="out0"}>) (<compute>, 1, <RecoBufferSource Q1{procDim=1;frameDim=2;bufferId="FIRSTPASS1";memId="out1"}>) (<compute>, 1, <RecoBufferSource Q2{procDim=1;frameDim=2;bufferId="FIRSTPASS2";memId="out2"}>) (<compute>, 1, <RecoBufferSource Q3{procDim=1;frameDim=2;bufferId="FIRSTPASS3";memId="out3"}>) (<compute>, 1, <RecoBufferSink S0{procDim=1;frameDim=2;bufferId="PREPPASS0";memId="in0"}>) (<compute>, 1, <RecoScaleFilter SCALE0{scaleFactor=\<RecoScaleChan[0]\>; phaseOffset=\<RecoPhaseChan[0]\>}>) (<compute>, 1, <RecoScaleFilter SCALE1{scaleFactor=\<RecoScaleChan[1]\>; phaseOffset=\<RecoPhaseChan[1]\>}>) (<compute>, 1, <RecoScaleFilter SCALE2{scaleFactor=\<RecoScaleChan[2]\>; phaseOffset=\<RecoPhaseChan[2]\>}>) (<compute>, 1, <RecoScaleFilter SCALE3{scaleFactor=\<RecoScaleChan[3]\>; phaseOffset=\<RecoPhaseChan[3]\>}>) (<compute>, 1, <RecoAddFilter SOS0>) (<compute>, 1, <RecoMagnitudeFilter G0>) (<compute>, 1, <RecoMinMaxFilter M0{map_min=\<RECO_map_min\>;map_max=\<RECO_map_max\>;}>) (<compute>, 2, <RecoBufferSource Q0{procDim=1;frameDim=2;bufferId="PREPPASS0";memId="in0"}>) (<compute>, 2, <RecoSharedQueueSink S0{initQueue=true;queueId=RecoComp_Out;appendPsId=true;}>) (<compute>, 2, <RecoMapFilter MAP0{symmetricMode=true;minima=\<RECO_minima\>;maxima=\<RECO_maxima\>;slope=\<RECO_map_slope\>;offset=\<RECO_map_offset\>;map_min=\<RECO_map_min\>;map_max=\<RECO_map_max\>;rangeMin=-32766.500000;rangeMax=32766.500000;perObjectMode=false;cutoffMode=true;}>) (<compute>, 2, <RecoCastFilter CAST0{dataRep=SIGNED;wordSize=2}>) (<output>, 2, <RecoSharedQueueSource Q{queueId=RecoComp_Out;appendPsId=true;procDim=1;initFromRECO=true;}>) (<output>, 2, <RecoProfileDisplayFilter DISP{isRecoDisp=true;dim=1;modalityType=1;procnoPath="/opt/PV-360.3.5/data/cristina/20250711_084756_Toi_dMRS_20250711_RatFem_dSPECIAL_dMRI_1_4/39/pdata/1/";}>) (<output>, 2, <RecoFileSink S{writePars=true;shuffle=false;filename="2dseq";numChans=1;}>) (<compute>, 0, <RecoAverageFilter AVE0{avList=\<AverageList\>;avListSize=1;nObj=1;newSize=\<RECO_inp_size\>;}>) (<compute>, 0, <RecoAverageFilter AVE1{avList=\<AverageList\>;avListSize=1;nObj=1;newSize=\<RECO_inp_size\>;}>) (<compute>, 0, <RecoAverageFilter AVE2{avList=\<AverageList\>;avListSize=1;nObj=1;newSize=\<RECO_inp_size\>;}>) (<compute>, 0, <RecoAverageFilter AVE3{avList=\<AverageList\>;avListSize=1;nObj=1;newSize=\<RECO_inp_size\>;}>) (<compute>, 0, <RecoSpectCorrFilter SPECTCORR0{useNav  = 0;refPoint = 0;digShift = 76.125;refcor = 1;refData = \<PVM_RefScan[0]\>;filterWidth = 0;relNavBw = 4}>) (<compute>, 0, <RecoSpectCorrFilter SPECTCORR1{useNav  = 0;refPoint = 0;digShift = 76.125;refcor = 1;refData = \<PVM_RefScan[1]\>;filterWidth = 0;relNavBw = 4}>) (<compute>, 0, <RecoSpectCorrFilter SPECTCORR2{useNav  = 0;refPoint = 0;digShift = 76.125;refcor = 1;refData = \<PVM_RefScan[2]\>;filterWidth = 0;relNavBw = 4}>) (<compute>, 0, <RecoSpectCorrFilter SPECTCORR3{useNav  = 0;refPoint = 0;digShift = 76.125;refcor = 1;refData = \<PVM_RefScan[3]\>;filterWidth = 0;relNavBw = 4}>) (<compute>, 1, <RecoFTShiftFilter FTS0{shift=0.5; winDirection=0; exponent=1}>) (<compute>, 1, <RecoFTFilter FT0{direction=0; exponent=1}>) (<compute>, 1, <RecoTeeFilter T0>) (<compute>, 1, <RecoCastFilter FILECAST0{wordSize=4; dataRep=SIGNED}>) (<compute>, 1, <RecoFileSink FSINK0{filename="/opt/PV-360.3.5/data/cristina/20250711_084756_Toi_dMRS_20250711_RatFem_dSPECIAL_dMRI_1_4/39/fid";shuffle=true}>) (<compute>, 1, <RecoZfillFilter ZFILL0{fillingPosition=1.0;fixedSize=4096}>) (<compute>, 1, <RecoDivideFilter DIV0{divisor=4}>)
##$RecoStageNrEdges=60
##$RecoStageEdges=( 60 )
(<job0>, 0, <Q0-\>PM>) (<job0>, 0, <PM-\>TeeStorage>) (<job0>, 0, 
<TeeStorage-\>CastToFloatMain>) (<job0>, 0, <CastToFloatMain-\>TeeAverage>) 
(<job0>, 0, <TeeAverage-\>Av>) (<job0>, 0, <Av-\>DummyAverage>) (<job0>, 0, 
<TeeAverage-\>CastToIntMain>) (<job0>, 0, <CastToIntMain-\>QS>) (<job0>, 0, 
<TeeStorage-\>FS>) (<job1>, 0, <Q0-\>CastToFloatMain>) (<job1>, 0, 
<CastToFloatMain-\>DB>) (<job1>, 0, <DB-\>B0>) (<job1>, 0, <B0-\>Av>) (<job1>,
 0, <Av-\>CastToIntMain>) (<job1>, 0, <CastToIntMain-\>TeeStorage>) (<job1>, 
0, <TeeStorage-\>QS>) (<job1>, 0, <TeeStorage-\>FS>) (<input>, 0, <FS0-\>JQ0>)
 (<input>, 0, <FS1-\>JQ1>) (<compute>, 0, <JQ1-\>JS1>) (<compute>, 0, 
<Q0-\>SP0>) (<compute>, 0, <SP0-\>CAST0>) (<compute>, 0, <SP0-\>CAST1>) 
(<compute>, 0, <SP0-\>CAST2>) (<compute>, 0, <SP0-\>CAST3>) (<compute>, 0, 
<AVE0-\>S0>) (<compute>, 0, <AVE1-\>S1>) (<compute>, 0, <AVE2-\>S2>) 
(<compute>, 0, <AVE3-\>S3>) (<compute>, 1, <Q0-\>SCALE0>) (<compute>, 1, 
<Q1-\>SCALE1>) (<compute>, 1, <Q2-\>SCALE2>) (<compute>, 1, <Q3-\>SCALE3>) 
(<compute>, 1, <SCALE0-\>SOS0.0>) (<compute>, 1, <SCALE1-\>SOS0.1>) (<compute>
, 1, <SCALE2-\>SOS0.2>) (<compute>, 1, <SCALE3-\>SOS0.3>) (<compute>, 1, 
<FT0-\>G0>) (<compute>, 1, <G0-\>M0>) (<compute>, 1, <M0-\>S0>) (<compute>, 2,
 <Q0-\>MAP0>) (<compute>, 2, <MAP0-\>CAST0>) (<compute>, 2, <CAST0-\>S0>) 
(<output>, 2, <Q-\>DISP>) (<output>, 2, <DISP-\>S>) (<compute>, 0, 
<SPECTCORR0-\>AVE0>) (<compute>, 0, <SPECTCORR1-\>AVE1>) (<compute>, 0, 
<SPECTCORR2-\>AVE2>) (<compute>, 0, <SPECTCORR3-\>AVE3>) (<compute>, 0, 
<CAST0-\>SPECTCORR0>) (<compute>, 0, <CAST1-\>SPECTCORR1>) (<compute>, 0, 
<CAST2-\>SPECTCORR2>) (<compute>, 0, <CAST3-\>SPECTCORR3>) (<compute>, 1, 
<T0-\>FTS0>) (<compute>, 1, <FTS0-\>FT0>) (<compute>, 1, <SOS0-\>T0>) 
(<compute>, 1, <T0-\>DIV0>) (<compute>, 1, <FILECAST0-\>ZFILL0>) (<compute>, 
1, <ZFILL0-\>FSINK0>) (<compute>, 1, <DIV0-\>FILECAST0>)
##$ACQ_SetupRecoDisplay=Yes
##$ACQ_SetupImageType=MAGNITUDE_IMAGE
##$RecoDisplay=Yes
##$RecoEachNR=No
##$RecoPrototype=No
##$RecoGradientLinearityCorrection=No
##$RecoGradientLinearityCorrectionDebug=1
##$RecoGradientLinearityCorrectionApprox=No
$$ @vis= RECO RECO_INSTANCE RECO_fov RECO_size RecoAutoDerive RecoDim
$$ @vis= RecoSpatDim RecoObjectsPerRepetition RecoObjectsPerSetupStep
$$ @vis= RecoSortObjectsPerRepetition RecoNumRepetitions RecoNumOutputChan
$$ @vis= RecoEncodingFrames RecoRepetitionGroupSize RECO_inp_order
$$ @vis= RECO_inp_size RECO_ft_size RECO_wdw_mode RECO_ft_mode RECO_pc_mode
$$ @vis= RECO_rotate RECO_transposition RECO_image_type RECO_wordtype
$$ @vis= RECO_map_mode RECO_byte_order RecoModeUser RecoUserUpdate
$$ @vis= RecoB0DemodOff RecoWindow RecoFTOrder RecoHalfFT RecoHalfFTPos
$$ @vis= RecoHalfFTAcq RecoNoFT RecoExportSortedData RecoCorrPhase
$$ @vis= RecoCorrPhaseRef RecoMap RecoNumInputChan RecoScaleChan RecoPhaseChan
$$ @vis= RecoCombineMode RecoEncGenInt RecoSortGroup RecoSortDim
$$ @vis= RecoGrappaGroup RecoGrappaAccelFactor RecoGrappaAccelFactor2
$$ @vis= RecoGrappaFirstRepOnly RecoGrappaCoefReps RecoSliceGrappaAccelFactor
$$ @vis= RecoSliceGrappaBlipValue RecoSliceGrappaOff RecoGrappa3D
$$ @vis= RecoGrappaCaipirinha RecoGrappaTCaipirinha RecoGrappaOne
$$ @vis= RecoSegGrappa RecoSegGrappaCalibrateFromB0 RecoSegGrappaInt
$$ @vis= RecoSegGrappaSegments RecoItGrappa RecoCSGroup RecoCS
$$ @vis= RecoRegridNGroup RecoRegridN RecoStageGroup RecoStageNrPasses
$$ @vis= RecoStagePasses RecoStageNrNodes RecoStageNodes RecoStageNrEdges
$$ @vis= RecoStageEdges RECO_GS ACQ_SetupRecoDisplay ACQ_SetupImageType
$$ @vis= RECO_GO RecoDisplay RecoEachNR RecoPrototype
$$ @vis= RecoGradientLinearityCorrection RecoGradientLinearityCorrectionDebug
$$ @vis= RecoGradientLinearityCorrectionApprox
##END=
$$ File finished by PARX at 2025-07-11 11:24:04.897 +0200
