##TITLE=Parameter List, ParaVision 360 V3.5
##JCAMPDX=4.24
##DATATYPE=Parameter Values
##ORIGIN=Bruker BioSpin MRI GmbH
##OWNER=cristina
$$ Write Options: Symbolic Enums, RLE encoded arrays, symbol visibility
$$ 2025-07-11 11:24:04.929 +0200  cristina@cibmsafe94t1
$$ /opt/PV-360.3.5/data/cristina/20250711_084756_Toi_dMRS_20250711_RatFem_dSPECIAL_dMRI_1_4/39/pdata/1/visu_pars
$$ process /opt/PV-360.3.5/prog/bin/parxserver
##$VisuVersion=8
##$VisuUid=( 65 )
<2.16.756.5.5.200.8323328.1372159.1752224331.2137>
##$VisuCreator=( 65 )
<ParaVision>
##$VisuCreatorVersion=( 195 )
<360.3.5>
##$VisuCreationDate=<2025-07-11T11:24:04,872+0200>
##$VisuInstanceType=STANDARD_INSTANCE
##$VisuInstanceModality=( 65 )
<MR>
##$VisuInstanceDeIdentified=No
##$VisuCoreFrameCount=96
##$VisuCoreDim=1
##$VisuCoreSize=( 1 )
4096
##$VisuCoreDimDesc=( 1 )
spectroscopic
##$VisuCoreExtent=( 1 )
12.4918802778194
##$VisuCoreUnits=( 1, 65 )
<[ppm]>
##$VisuCoreAtsCenterDistance=0
##$VisuCoreDataMin=( 96 )
131.171649160438 12.8902272315503 17.2511214612875 68.8350064485917 
103.013572504347 65.6768644566246 49.9898513826492 52.3937499135222 
163.937318248591 59.2000852755167 139.782021174015 93.2602826225113 
96.5644722743814 48.2936588853358 19.943789514483 24.9131062416569 
27.9411597563097 51.1209807391987 80.8701498079681 79.2415548684046 
75.3189881521101 78.2349018410432 55.6008917662734 26.3918218760531 
33.7874230765926 70.562317653359 116.3219619033 32.6040943673815 
42.1379201360715 129.630005750611 78.1654895913287 44.2265383541501 
151.596038751918 43.8589374691625 86.84769592047 44.2139749005961 
90.9182174681942 21.347207066404 60.2740175647105 11.5446758115486 
48.0626742798474 49.049641395912 96.2513328447291 28.1905366015329 
47.638590799209 49.3144922463057 126.371891834793 31.4501330906119 
30.5805467590195 42.9615222154679 55.1937254988312 34.3302719864029 
50.4314395930608 43.9304634753693 64.4044976865532 124.927383094109 
23.4738728749879 8.91222507520891 75.1334947345003 40.1915588584834 
7.68765140167513 15.3040448034585 18.2173677291615 46.5692429329916 
128.097256753905 24.8894790972962 37.8221821949094 145.55423163282 
75.6186964696292 40.465625391451 57.0267672097202 64.4557074881307 
49.5085768945649 63.912475197671 31.4077059318179 23.1716565691525 
126.721455734756 28.2657144187492 22.4740916186252 39.6982688704443 
204.200315978103 44.9529729921911 61.6019848344761 74.1034068603503 
65.061966242526 91.078679883221 43.803791090895 51.0538409475773 
50.3482806790085 80.3946840670832 70.0692411616264 23.3244107988249 
125.960243030829 37.3392539799207 100.588727933239 47.3979468693509
##$VisuCoreDataMax=( 96 )
30863.270039322 17923.061990127 32766.5 19660.2970393363 25753.9467004017 
13003.4632733423 26200.2152251702 14970.5005109032 28368.3498830538 
20793.3916281525 30558.6987171618 13459.4101115466 29454.5755830583 
17053.9126796828 29743.8862860126 12199.3784446029 26140.8883431272 
16692.4750356636 24517.3176790237 22759.5551081561 26985.8443834254 
13300.3330282305 28880.7069983202 15337.5787659065 28847.1802267249 
20682.6919708648 27775.6796068181 19544.8591520622 26450.7307834349 
23411.1980074109 28669.2412971206 14548.0747509371 30699.2542230952 
11752.17666764 27840.92507602 18557.4634942555 29003.8135518841 
17700.638505063 24562.3592989482 18222.6223847772 21739.1328027042 
18644.9093657577 25152.9939441838 21391.4530569025 32005.1288194784 
15462.9266038543 24952.2598155971 21684.4330455315 24801.8901801021 
19056.2434216374 29121.1444149696 13044.1550595497 26882.5520057056 
12588.610555354 28316.9333544169 17949.6891449399 23123.0403726493 
19016.7994319886 28954.1744677166 21599.6227405381 24738.7335737391 
16589.0252020514 23796.4711208948 15270.1295117898 26216.2812789235 
23526.7041713182 27087.7931394511 14115.0513761244 31757.3935423192 
13520.6714060481 27324.6174041874 20009.0780029054 20431.1911558168 
21736.4380109755 26633.04175935 19301.9266168943 30002.5837083478 
18355.9405787534 27038.8750025688 19583.0588762796 30667.8760340812 
19649.1488887751 25904.6956930697 17943.2995571789 27577.3815201522 
21641.1872810125 25725.8141558572 15154.7110216564 31808.2221668505 
12390.9652917201 28369.2340110911 18973.6944194157 30872.1499945824 
18021.9998164231 27868.0786834839 15353.5414304019
##$VisuCoreDataOffs=( 96 )
@96*(0)
##$VisuCoreDataSlope=( 96 )
@96*(0.206922067905916)
##$VisuCoreFrameType=( 1 )
MAGNITUDE_IMAGE
##$VisuCoreWordType=_16BIT_SGN_INT
##$VisuCoreByteOrder=littleEndian
##$VisuFGOrderDescDim=1
##$VisuFGOrderDesc=( 1 )
(96, <FG_CYCLE>, <>, 0, 0)
##$VisuSubjectName=( 65 )
<Rat^^^^>
##$VisuSubjectId=( 65 )
<Toi_dMRS>
##$VisuSubjectUid=( 65 )
<2.16.756.5.5.200.8323328.13785.1751265749.13>
##$VisuSubjectInstanceCreationDate=(1751265749, 531, 120)
##$VisuSubjectBirthDate=( 9 )
<20250630>
##$VisuSubjectSex=UNKNOWN
##$VisuSubjectType=Quadruped
##$VisuStudyUid=( 65 )
<2.16.756.5.5.200.8323328.1372159.1752216476.13>
##$VisuStudyDate=<2025-07-11T08:47:56,829+0200>
##$VisuStudyId=( 65 )
<20250711_RatFem_dSPECIAL_dMRI>
##$VisuStudyNumber=4
##$VisuSubjectWeight=0.2064
##$VisuStudyReferringPhysician=( 65 )
<Toi>
##$VisuExperimentNumber=39
##$VisuProcessingNumber=1
##$VisuSeriesDate=<2025-07-11T11:24:04,872+0200>
##$VisuSubjectPosition=Head_Prone
##$VisuSeriesTypeId=( 65 )
<ACQ_USER_PVM>
##$VisuSeriesCreationId=VCMN_ACQUISITION
##$VisuSeriesExperimentComment=( 65 )
<m_tm150_b4_rep96>
##$VisuSeriesFrameOfReferenceUid=( 65 )
<2.16.756.5.5.200.8323328.1372159.1752216476.13>
##$VisuManufacturer=( 65 )
<Bruker BioSpin MRI GmbH>
##$VisuAcqSoftwareVersion=( 65 )
<PV-360.3.5>
##$VisuInstitution=( 65 )
<EPFL AVP CP CIBM, Lausanne>
##$VisuStation=( 65 )
<BAP94/31>
##$VisuSystemOrderNumber=( 65 )
<5074720>
##$VisuAcqDate=<2025-07-11T11:19:04,057+0200>
##$VisuAcqSequenceName=( 40 )
<User:specialjmDWspIRnoXtt>
##$VisuAcquisitionProtocol=( 65 )
<specialjmDWspIRnoXtt_metHippo_150425>
##$VisuAcqScanTime=288000
##$VisuAcqFrameNumbers=( 96 )
0 1 2 3 4 5 6 7 8 9 10 11 12 13 14 15 16 17 18 19 20 21 22 23 24 25 26 27 28 
29 30 31 32 33 34 35 36 37 38 39 40 41 42 43 44 45 46 47 48 49 50 51 52 53 54 
55 56 57 58 59 60 61 62 63 64 65 66 67 68 69 70 71 72 73 74 75 76 77 78 79 80 
81 82 83 84 85 86 87 88 89 90 91 92 93 94 95
##$VisuCardiacSynchUsed=No
##$VisuRespSynchUsed=No
##$VisuAcqNumberOfAverages=1
##$VisuCoilReceiveName=( 65 )
<RF CP F2.5 400 1H R.BR1 ARR[2X2] S RO>
##$VisuCoilReceiveManufacturer=( 65 )
<BCH>
##$VisuCoilReceiveType=MULTICOIL
##$VisuCoilReceiveIsQuadrature=No
##$VisuCoilReceiveMultiName=( 4 )
(<Element 1>, Yes) (<Element 2>, Yes) (<Element 3>, Yes) (<Element 4>, Yes)
##$VisuCoilTransmitName=( 65 )
<RF RES 400 1H 112/086 QSN TR AD>
##$VisuCoilTransmitManufacturer=( 65 )
<BMRIDE>
##$VisuCoilTransmitType=MULTICOIL
##$VisuCoilTransmitIsQuadrature=Yes
##$VisuCoilTransmitMultiName=( 2 )
(<Element 1>, Yes) (<Element 2>, Yes)
##$VisuAcqEchoTrainLength=1
##$VisuAcqImagingFrequency=400.264108174495
##$VisuAcqImagedNucleus=( 8 )
<1H>
##$VisuAcqPixelBandwidth=390.625
##$VisuAcqFlipAngle=180
##$VisuMrAcqFlipAngleVariable=No
##$VisuAcqSize=( 1 )
4096
##$VisuAcqImageSizeAccellerated=No
##$VisuAcqGradEncoding=( 1 )
no_gradient_enc
##$VisuAcqEchoTime=( 1 )
0
##$VisuAcqAntiAlias=( 1 )
1
##$VisuAcqEchoSequenceType=SpinEcho
##$VisuAcqSpinsVelocityEncoded=No
##$VisuAcqHasTimeOfFlightContrast=No
##$VisuAcqIsEpiSequence=No
##$VisuAcqSpectralSuppression=WaterSuppression
##$VisuAcqKSpaceTraversal=RectilinearTraversal
##$VisuAcqEncodingOrder=( 1 )
LinearEncoding
##$VisuAcqKSpaceTrajectoryCnt=0
##$VisuAcqKSpaceFiltering=( 1 )
DICOM_NONE
##$VisuAcqFlowCompensation=FlowNone
##$VisuAcqSpoiling=GradientSpoiled
##$VisuAcqMagnetizationTransfer=No
##$VisuAcqBloodSignalNulling=No
##$VisuMagneticFieldStrength=9.40116751631189
##$VisuMrMultiSpinEcho=No
##$VisuMrMultiPlanar=No
##$VisuMrSteadyStatePulse=MR_ST_NONE
##$VisuMrSegmentedKSpaceTraversal=MR_SKST_SINGLE
##$VisuMrCoverageOfKSpace=MR_CKS_FULL
##$VisuMrPercentSampling=100
##$VisuMrsTransmitterFreq=( 1 )
400.264108174495
##$VisuMrsResonantNuclei=( 1, 8 )
<1H>
##$VisuMrsSpectralWidth=( 1 )
5000
##$VisuMrsChemicalShiftReference=( 1 )
4.7
##$VisuMrsZeroFillsCnt=( 1 )
0
##$VisuMrsFrequencyCorrection=No
##$VisuMrsFirstOrderPhaseCorrection=No
##$VisuMrsBaselineCorrection=MRS_BLC_NONE
##$VisuMrsLocalizationTechnique=MRS_VLT_NONE
##$VisuMrsDecoupling=No
##$VisuMrsWaterReferencePhaseCorrection=Yes
##$VisuMrsWaterReferenceAcquisition=MRS_WR_USED_DISCARDED
##$VisuMrsAcquisitionType=MRS_ACQ_SINGLE_VOXEL
##$VisuMrsEchoPeakPosition=1
$$ @vis= Visu VisuInstance VisuVersion VisuUid VisuCreator VisuCreatorVersion
$$ @vis= VisuCreationDate VisuInstanceType VisuInstanceModality
$$ @vis= VisuInstanceDeIdentified VisuCore VisuCoreFrameCount VisuCoreDim
$$ @vis= VisuCoreSize VisuCoreDimDesc VisuCoreExtent VisuCoreUnits
$$ @vis= VisuCoreAtsCenterDistance VisuCoreDataMin VisuCoreDataMax
$$ @vis= VisuCoreDataOffs VisuCoreDataSlope VisuCoreFrameType VisuPixel
$$ @vis= VisuCoreWordType VisuCoreByteOrder VisuFrameOrderDesc
$$ @vis= VisuFGOrderDescDim VisuFGOrderDesc VisuSubject VisuSubjectName
$$ @vis= VisuSubjectId VisuSubjectUid VisuSubjectInstanceCreationDate
$$ @vis= VisuSubjectBirthDate VisuSubjectSex VisuSubjectType VisuStudy
$$ @vis= VisuStudyUid VisuStudyDate VisuStudyId VisuStudyNumber
$$ @vis= VisuSubjectWeight VisuStudyReferringPhysician VisuSeries
$$ @vis= VisuExperimentNumber VisuProcessingNumber VisuSeriesDate
$$ @vis= VisuSubjectPosition VisuSeriesTypeId VisuSeriesCreationId
$$ @vis= VisuSeriesExperimentComment VisuSeriesFrameOfReferenceUid
$$ @vis= VisuContrastAgent VisuEquipment VisuManufacturer
$$ @vis= VisuAcqSoftwareVersion VisuInstitution VisuStation
$$ @vis= VisuSystemOrderNumber VisuAcq VisuAcqDate VisuAcqSequenceName
$$ @vis= VisuAcquisitionProtocol VisuAcqScanTime VisuAcqFrameNumbers
$$ @vis= VisuCardiacSynchUsed VisuRespSynchUsed VisuAcqNumberOfAverages
$$ @vis= VisuMxi VisuCoilReceive VisuCoilReceiveName
$$ @vis= VisuCoilReceiveManufacturer VisuCoilReceiveType
$$ @vis= VisuCoilReceiveIsQuadrature VisuCoilReceiveMultiName VisuCoilTransmit
$$ @vis= VisuCoilTransmitName VisuCoilTransmitManufacturer
$$ @vis= VisuCoilTransmitType VisuCoilTransmitIsQuadrature
$$ @vis= VisuCoilTransmitMultiName VisuMri VisuAcqEchoTrainLength
$$ @vis= VisuAcqImagingFrequency VisuAcqImagedNucleus VisuAcqPixelBandwidth
$$ @vis= VisuAcqFlipAngle VisuMrAcqFlipAngleVariable VisuAcqSize
$$ @vis= VisuAcqImageSizeAccellerated VisuAcqGradEncoding VisuAcqEchoTime
$$ @vis= VisuAcqAntiAlias VisuAcqEchoSequenceType VisuAcqSpinsVelocityEncoded
$$ @vis= VisuAcqHasTimeOfFlightContrast VisuAcqIsEpiSequence
$$ @vis= VisuAcqSpectralSuppression VisuAcqKSpaceTraversal
$$ @vis= VisuAcqEncodingOrder VisuAcqKSpaceTrajectoryCnt
$$ @vis= VisuAcqKSpaceFiltering VisuAcqFlowCompensation VisuAcqSpoiling
$$ @vis= VisuAcqMagnetizationTransfer VisuAcqBloodSignalNulling
$$ @vis= VisuMagneticFieldStrength VisuMrMultiSpinEcho VisuMrMultiPlanar
$$ @vis= VisuMrSteadyStatePulse VisuMrSegmentedKSpaceTraversal
$$ @vis= VisuMrCoverageOfKSpace VisuMrPercentSampling VisuMrs
$$ @vis= VisuMrsTransmitterFreq VisuMrsResonantNuclei VisuMrsSpectralWidth
$$ @vis= VisuMrsChemicalShiftReference VisuMrsZeroFillsCnt
$$ @vis= VisuMrsFrequencyCorrection VisuMrsFirstOrderPhaseCorrection
$$ @vis= VisuMrsBaselineCorrection VisuMrsLocalizationTechnique
$$ @vis= VisuMrsDecoupling VisuMrsWaterReferencePhaseCorrection
$$ @vis= VisuMrsWaterReferenceAcquisition VisuMrsAcquisitionType
$$ @vis= VisuMrsEchoPeakPosition
##END=
$$ File finished by PARX at 2025-07-11 11:24:04.930 +0200
