##TITLE=Parameter List, ParaVision 360 V3.3
##JCAMPDX=4.24
##DATATYPE=Parameter Values
##ORIGIN=Bruker BioSpin MRI GmbH
##OWNER=cristina
$$ Write Options: Symbolic Enums, RLE encoded arrays, symbol visibility
$$ 2024-05-30 10:53:24.322 +0200  cristina@cibmscannerd
$$ /opt/nmrdata/PV-360.3.3/data/cristina/20240530_092213_BDL776_sham_male_30052024_BDL776_sham_male_30052024_1_1/23/pdata/1/reco
$$ process /opt/PV-360.3.3/prog/bin/parxserver
##$RECO_time=<2024-05-30T10:53:24,223+0200>
##$RECO_abs_time=(1717059204, 223, 120)
##$RECO_base_image_uid=( 65 )
<2.16.756.5.5.200.8323328.53286.1717058148.1733>
##$RECO_fov=( 1 )
5.8
##$RECO_size=( 1 )
4096
##$RecoAutoDerive=No
##$RecoDim=1
##$RecoSpatDim=0
##$RecoObjectsPerRepetition=1
##$RecoObjectsPerSetupStep=1
##$RecoSortObjectsPerRepetition=1
##$RecoNumRepetitions=160
##$RecoNumOutputChan=1
##$RecoEncodingFrames=1
##$RecoRepetitionGroupSize=1
##$RecoPreppassProcDim=0
##$RECO_inp_order=NO_REORDERING
##$RECO_inp_size=( 1 )
4096
##$RECO_ft_size=( 1 )
4096
##$RECO_offset=( 1, 1 )
0
##$RECO_qopts=( 1 )
NO_QOPTS
##$RECO_wdw_mode=( 1 )
NO_WDW
##$RECO_lb=( 1 )
-0.5
##$RECO_sw=( 1 )
7142.85714285714
##$RECO_gb=( 1 )
0.5
##$RECO_sbs=( 1 )
1
##$RECO_tm1=( 1 )
0.25
##$RECO_tm2=( 1 )
0.75
##$RECO_ft_mode=( 1 )
COMPLEX_FT
##$RECO_pc_mode=( 1 )
NO_PC
##$RECO_pc_lin=( 1 )
(0, 0)
##$RECO_rotate=( 1, 1 )
0.5
##$RECO_ppc_mode=NO_PPC
##$RECO_ppc_degree=1
##$RECO_transposition=( 1 )
0
##$RECO_image_type=MAGNITUDE_IMAGE
##$RECO_image_threshold=0.15
##$RECO_wordtype=_16BIT_SGN_INT
##$RECO_map_mode=ABSOLUTE_MAPPING
##$RECO_map_range=( 2 )
-2147483647 2147483647
##$RECO_map_percentile=( 2 )
1 99.9
##$RECO_map_error=0.025
##$RECO_minima=( 160 )
74.7595738855306 30.046242289745 14.6684929535782 51.8248261936977 
25.6361925844671 27.2474799345205 23.3431447166743 41.4643587659545 
25.2625696956337 104.441535919752 30.1376737807658 43.0011051466248 
77.3636876555662 47.8454790054571 58.4229310280601 23.3839468593488 
13.7659469507059 65.1849688324081 24.2347295913405 50.0295938883158 
76.3655000212673 32.3172893404772 41.8506935571724 46.7164785797026 
23.759650816272 70.5025536022854 55.1689363378823 58.6372158493039 
29.0340979167571 74.7972274184255 18.9628026055905 64.2223824735528 
71.0408984957539 53.7007892519605 65.5201119743441 59.6366073196342 
34.0772167777921 86.457943274286 25.3748336594403 7.4669556124142 
25.3487345062074 21.5663486031413 28.4137471562359 54.5965368623678 
63.0453071700198 85.0750614691344 48.916164721364 23.6194423088469 
18.3147078606348 60.7060828255755 49.0540508398364 18.2628075452544 
51.4276350284472 64.6574658261203 17.338160779603 56.2437408355751 
78.478137214565 46.1476599141387 14.8046950660415 41.2701764286439 
24.3003338634284 53.2117934102358 19.8886356655454 48.8340642361355 
48.796650752695 18.7676472174456 58.1899385095251 48.1946976292195 
18.6762583226051 49.0804752245475 35.614140350719 14.1397174287218 
90.5880576664019 23.9393874460269 55.5279396583348 40.2700491209917 
60.4767012536155 34.0048199975536 91.1559066325127 58.7247892163122 
45.6500322445916 24.5342813621208 43.9268844204877 24.4944803008263 
11.8013953606636 30.9273563874963 47.3898602665763 22.3362154316097 
29.9201661950793 58.198681240896 18.5835769825334 24.1347206880482 
61.1437231416399 52.3099345664063 78.0415468775735 9.28576881484537 
52.0934148084306 80.6319592562285 89.8388918457984 26.8431577700631 
47.810922103436 44.5608969649581 60.4070196726678 72.6082051774475 
11.8686928059671 68.361852018381 65.1831783591051 40.0398837442529 
28.1675496978796 63.1162803261118 68.0784722456124 17.6070291576136 
15.0182114710579 58.4316262077539 55.5620041651259 29.0752801217666 
24.828706324507 67.3049893558044 114.909438375081 37.1553519072025 
73.3706615968482 12.482788327166 17.7257152754077 19.7174470548915 
34.962818641621 75.9831129770403 33.9037597007703 30.4678503593941 
70.2390001099634 33.8986446028531 39.9765268750854 47.7344155186713 
29.3037560042447 73.1369070941538 48.1443044059591 74.1075364432634 
21.2592659664505 45.7874099341689 35.5498785723948 73.2600422431486 
53.8333551961522 27.189665589491 14.6160182947687 30.4541963124603 
34.9163597513406 20.2290881901429 79.0051750482447 43.4987436845321 
13.7752775641524 42.469973701865 30.6074807612212 33.8288023249233 
37.9543175777254 56.2904440564415 57.5284454725713 86.630179062833 
90.2628145727292 24.4581650251196 36.6539668657162 83.2240051537518
##$RECO_maxima=( 160 )
29536.3765307585 26957.7536734906 26201.3239819803 25553.852859779 
29748.2584702869 25870.3001715818 31888.1663473461 26161.0782534799 
27728.5339855839 23583.7592569703 29300.9433031301 28215.2501241486 
28516.1834523552 26512.4712494982 30374.1350847285 27594.0804913817 
27585.1917061824 25220.2120438598 29728.9777553834 23392.454246402 
26084.4756482124 22386.0818391625 29023.8930245255 25092.5459526547 
26151.7024306896 24499.1943490502 28525.0159235853 26134.8921935749 
27182.9321954996 21642.0907778359 26292.5657630739 23230.8941186857 
29296.6854997037 25450.0111982886 31380.612106038 26928.7879816989 
29582.0609049518 27462.7149537533 29595.0426901845 27024.5012061764 
29793.5954072864 28003.1223827506 29693.3214658179 25954.1840305683 
29601.2467230014 27463.8711497372 31075.0966891438 24986.6732630668 
24515.9214277964 25859.9669685066 29526.5148396314 26683.4423919763 
29177.3313140593 21917.4089380043 26082.9696029969 26925.0556823449 
27528.7589476085 23577.6700236356 28672.9382214884 26331.0692679727 
29027.2984779383 25036.1731505274 30317.7104471911 26499.207786057 
29567.6788976686 24346.8410884966 27273.0822034859 25554.1710006726 
29956.5924600242 27486.0916296644 28736.8580089713 23292.4391342257 
29452.2570229399 25586.4273072368 29290.3455389232 25655.1928839381 
30341.2087481242 27633.655571287 28680.865865765 26022.1520251546 
28010.0296246905 26521.6026180366 29015.567831265 27287.8306727185 
31164.2670761764 23840.9062559109 28415.8798809733 28473.949050136 
30607.4548839238 26392.6174405676 29803.8808529001 26895.9956769627 
30665.6789451654 26128.9209397821 27805.8387260568 26198.7159595432 
29041.8872154278 24865.55939113 28869.0558994047 25032.7942626836 
29562.6454491754 26151.6175273942 29311.0773483782 26290.2351050762 
29771.8429142562 25410.5449157777 29087.1663806243 24836.6069382701 
30368.0057498851 28585.9800996531 29107.7933548073 24907.6456848955 
24854.9062511286 24641.2264470858 32271.2212064174 24917.7023976535 
29436.3515718787 22382.8123313664 29981.7792984769 24872.0051326431 
29357.3547789524 21597.8628223479 28717.4161630127 26645.7130573329 
30216.9939988064 24257.4486149878 24841.5052831426 25804.9229822972 
29001.1815371229 26155.0479940608 27461.6331042991 25746.919526225 
27730.4781282013 26261.6637602283 28093.3062810136 27782.6168637805 
30028.4764879687 24563.8810096392 32766.5 23983.2531828877 29303.7175345773 
26663.0026502926 26820.7938969398 26561.8328250408 29219.6103549934 
26019.3087851601 27531.2838273279 27730.8514663101 29231.0884910659 
26386.3063604592 27101.0943533846 27467.7456177981 26846.723275964 
25104.9368023148 30627.3205141011 24636.1646811324 28668.6489040668 
24166.7604849266 29105.3458352888 26268.7514588029
##$RECO_map_min=( 160 )
@160*(-17991.5515347661)
##$RECO_map_max=( 160 )
@160*(17991.5515347661)
##$RECO_map_offset=( 160 )
@160*(0)
##$RECO_map_slope=( 160 )
@160*(1.82121591551921)
##$RECO_byte_order=littleEndian
##$RecoUserUpdate=Yes
##$RecoReverseSegment=0
##$RecoB0DemodOff=0
##$RecoB0DemodDelay=0
##$RecoFTOrder=( 1 )
-1
##$RecoHalfFTAlgorithm=ZEROFILLING
##$RecoHalfFT=( 1 )
No
##$RecoHalfFTPos=( 1 )
2048
##$RecoHalfFTAcq=No
##$RecoNoFT=No
##$RecoExportSortedData=No
##$RecoCorrPhase=RecoCorrPhaseOff
##$RecoCorrPhaseRef=-1
##$RECO_map_user_slope=1
##$RECO_map_user_offset=0
##$RecoNumInputChan=2
##$RecoScaleChan=( 2 )
1 1
##$RecoPhaseChan=( 2 )
0 0
##$RecoCombineMode=AddImages
##$RecoEncGenInt=0
##$RecoSortDim=0
##$RecoSortSize=( 1 )
0
##$RecoSortRange=( 1 )
0
##$RecoSortSegment=( 1 )
0
##$RecoSortMaps=( 1 )
0
##$RecoGrappaAccelFactor=1
##$RecoGrappaAccelFactor2=1
##$RecoGrappaKernelRead=5
##$RecoGrappaKernelPhase=4
##$RecoGrappaKernelPhase2=4
##$RecoGrappaKernelTime=3
##$RecoGrappaNumRefRead=64
##$RecoGrappaNumRefPhase=0
##$RecoGrappaNumRefPhase2=0
##$RecoGrappaIncludeRefLines=Yes
##$RecoGrappaFirstRepOnly=No
##$RecoGrappaReadCenter=0
##$RecoGrappaPhaseCenter=0
##$RecoGrappaPhaseCenter2=0
##$RecoGrappaTruncThresh=0.01
##$RecoGrappaLambda=0.01
##$RecoGrappaCoefReps=1
##$RecoSliceGrappaAccelFactor=1
##$RecoSliceGrappaBlipValue=1
##$RecoSliceGrappaKernelRead=5
##$RecoSliceGrappaKernelPhase=4
##$RecoSliceGrappaNumRefRead=0
##$RecoSliceGrappaNumRefPhase=0
##$RecoSliceGrappaReadCenter=0
##$RecoSliceGrappaPhaseCenter=0
##$RecoSliceGrappaTruncThresh=0.01
##$RecoSliceGrappaLambda=0.01
##$RecoSliceGrappaOff=No
##$RecoGrappa3D=No
##$RecoGrappaCaipirinha=No
##$RecoGrappaTCaipirinha=No
##$RecoGrappaVirtualCoils=No
##$RecoGrappaVirtualCoilsLambda=2
##$RecoGrappaPeak=No
##$RecoGrappaOne=No
##$RecoGrappaOneLambda=0.1
##$RecoSegGrappa=No
##$RecoSegGrappaCalibrateFromB0=No
##$RecoSegGrappaInt=0
##$RecoSegGrappaSegments=1
##$RecoSegGrappaTruncThresh=0.01
##$RecoSegGrappaLambda=0.01
##$RecoSegGrappaLambdaSeg=2
##$RecoItGrappa=1
##$RecoCS=No
##$RecoRegridN=Off
##$RecoStageNrPasses=3
##$RecoStagePasses=( 3 )
(<FIRSTPASS>, 0) (<PREPPASS>, 1) (<MAPPASS>, 2)
##$RecoStageNrNodes=55
##$RecoStageNodes=( 55 )
(<job0>, 0, <RecoSharedQueueSource 
Q0{queueId=Job_In0;initQueue=true;appendPsId=true;dim=2;procDim=1;sizes={8192,
1};nr=160;dataRep=SIGNED;baseField=COMPLEX;wordSize=4}>) (<job0>, 0, 
<RecoSharedQueueSink QS{queueId=Job_Out0;initQueue=true;appendPsId=true}>) 
(<job0>, 0, <RecoFileSink 
FS{jobNdx=0;writeAcqPars=true;filename="/opt/nmrdata/PV-360.3.3/data/cristina/20240530_092213_BDL776_sham_male_30052024_BDL776_sham_male_30052024_1_1/23/rawdata.job0"}>) (<job0>, 0, <RecoProgressMonitorFilter PM{reportScanProgress="1/1"}>) (<job0>, 0, <RecoTeeFilter TeeStorage>) (<job0>, 0, <RecoCastFilter CastToFloatMain{dataRep=FLOAT;wordSize=8}>) (<job0>, 0, <RecoTeeFilter TeeAverage>) (<job0>, 0, <RecoDummySink DummyAverage>) (<job0>, 0, <RecoAcqOutFilter Av{displayEachAccumulation=1;displayEachScan=0;displayEachPeStep=0;displayFt=0;magnitudeImage=1;shuffle=0;ftSize=4096;size=4096;offset=0;cnt=2;ndx=0;procnoPath="/opt/nmrdata/PV-360.3.3/data/cristina/20240530_092213_BDL776_sham_male_30052024_BDL776_sham_male_30052024_1_1/23/pdata/1/";displayObjects=1;modalityType=1;innerObjects=1;outerObjects=1;average=1;numRecs=2;}>) (<job0>, 0, <RecoCastFilter CastToIntMain{dataRep=SIGNED;wordSize=4}>) (<job1>, 0, <RecoSharedQueueSource Q0{queueId=Job_In1;initQueue=true;appendPsId=true;dim=2;procDim=1;sizes={256,1};nr=160;dataRep=SIGNED;baseField=COMPLEX;wordSize=4}>) (<job1>, 0, <RecoSharedQueueSink QS{queueId=Job_Out1;initQueue=true;appendPsId=true}>) (<job1>, 0, <RecoFileSink FS{jobNdx=1;writeAcqPars=false;filename="/opt/nmrdata/PV-360.3.3/data/cristina/20240530_092213_BDL776_sham_male_30052024_BDL776_sham_male_30052024_1_1/23/rawdata.Navigator"}>) (<job1>, 0, <RecoCastFilter CastToFloatMain{dataRep=FLOAT;wordSize=8}>) (<job1>, 0, <RecoDetermineB0Filter DB{width=\<ACQ_DriftCompFilterWidth\>;step=\<ACQ_DriftCompStep\>;sampleBW=20000.000000;B0Value=\<ACQ_DriftCompOffset\>;activeReceivers=2;debugFiles=0;}>) (<job1>, 0, <RecoReloadB0Filter B0{B0Value=\<ACQ_DriftCompOffset\>;B0CC=625000.000000;simulationMode=false}>) (<job1>, 0, <RecoAcqOutFilter Av{displayEachAccumulation=0;displayEachScan=1;displayEachPeStep=0;displayFt=0;magnitudeImage=1;shuffle=0;ftSize=4096;size=4096;offset=0;cnt=2;ndx=1;procnoPath="/opt/nmrdata/PV-360.3.3/data/cristina/20240530_092213_BDL776_sham_male_30052024_BDL776_sham_male_30052024_1_1/23/pdata/1/";displayObjects=1;modalityType=1;innerObjects=1;outerObjects=1;average=1;numRecs=2;}>) (<job1>, 0, <RecoCastFilter CastToIntMain{dataRep=SIGNED;wordSize=4}>) (<job1>, 0, <RecoTeeFilter TeeStorage>) (<input>, 0, <RecoFileSource FS0{initFromRawJob=0;procDim=1;numChan=2;contData=true;}>) (<input>, 0, <RecoSharedQueueSink JQ0{queueId=Job_Out0;appendPsId=true;initQueue=true;}>) (<input>, 0, <RecoFileSource FS1{initFromRawJob=1;procDim=1;numChan=2;contData=true;}>) (<input>, 0, <RecoSharedQueueSink JQ1{queueId=Job_Out1;appendPsId=true;initQueue=true;}>) (<compute>, 0, <RecoSharedQueueSource Q0{initFromJob=0;queueId=Job_Out0;appendPsId=true;}>) (<compute>, 0, <RecoSharedQueueSource JQ1{initFromJob=1;queueId=Job_Out1;appendPsId=true;}>) (<compute>, 0, <RecoDummySink JS1{verbose=false}>) (<compute>, 0, <RecoBufferSink S0{procDim=1;frameDim=2;bufferId="FIRSTPASS0";memId="out0"}>) (<compute>, 0, <RecoBufferSink S1{procDim=1;frameDim=2;bufferId="FIRSTPASS1";memId="out1"}>) (<compute>, 0, <RecoSplitFilter SP0{dim=1; keepBlocksize=1}>) (<compute>, 0, <RecoCastFilter CAST0{dataRep=FLOAT; wordSize=8}>) (<compute>, 0, <RecoCastFilter CAST1{dataRep=FLOAT; wordSize=8}>) (<compute>, 1, <RecoBufferSource Q0{procDim=1;frameDim=2;bufferId="FIRSTPASS0";memId="out0"}>) (<compute>, 1, <RecoBufferSource Q1{procDim=1;frameDim=2;bufferId="FIRSTPASS1";memId="out1"}>) (<compute>, 1, <RecoBufferSink S0{procDim=1;frameDim=2;bufferId="PREPPASS0";memId="in0"}>) (<compute>, 1, <RecoAddFilter SOS0>) (<compute>, 1, <RecoMagnitudeFilter G0>) (<compute>, 1, <RecoMinMaxFilter M0{map_min=\<RECO_map_min\>;map_max=\<RECO_map_max\>;}>) (<compute>, 2, <RecoBufferSource Q0{procDim=1;frameDim=2;bufferId="PREPPASS0";memId="in0"}>) (<compute>, 2, <RecoSharedQueueSink S0{initQueue=true;queueId=RecoComp_Out;appendPsId=true;}>) (<compute>, 2, <RecoMapFilter MAP0{symmetricMode=true;minima=\<RECO_minima\>;maxima=\<RECO_maxima\>;slope=\<RECO_map_slope\>;offset=\<RECO_map_offset\>;map_min=\<RECO_map_min\>;map_max=\<RECO_map_max\>;rangeMin=-32766.500000;rangeMax=32766.500000;perObjectMode=false;cutoffMode=true;}>) (<compute>, 2, <RecoCastFilter CAST0{dataRep=SIGNED;wordSize=2}>) (<output>, 2, <RecoSharedQueueSource Q{queueId=RecoComp_Out;appendPsId=true;procDim=1;initFromRECO=true;}>) (<output>, 2, <RecoProfileDisplayFilter DISP{isRecoDisp=true;dim=1;modalityType=1;procnoPath="/opt/nmrdata/PV-360.3.3/data/cristina/20240530_092213_BDL776_sham_male_30052024_BDL776_sham_male_30052024_1_1/23/pdata/1/";}>) (<output>, 2, <RecoFileSink S{writePars=true;shuffle=false;filename="2dseq";numChans=1;}>) (<compute>, 0, <RecoAverageFilter AVE0{avList=\<AverageList\>;avListSize=1;nObj=1;newSize=\<RECO_inp_size\>;}>) (<compute>, 0, <RecoAverageFilter AVE1{avList=\<AverageList\>;avListSize=1;nObj=1;newSize=\<RECO_inp_size\>;}>) (<compute>, 0, <RecoSpectCorrFilter SPECTCORR0{useNav  = 0;refPoint = 0;digShift = 76.125;refcor = 1;refData = \<PVM_RefScan[0]\>;filterWidth = 0;relNavBw = 2.8}>) (<compute>, 0, <RecoSpectCorrFilter SPECTCORR1{useNav  = 0;refPoint = 0;digShift = 76.125;refcor = 1;refData = \<PVM_RefScan[1]\>;filterWidth = 0;relNavBw = 2.8}>) (<compute>, 1, <RecoFTShiftFilter FTS0{shift=0.5; winDirection=0; exponent=1}>) (<compute>, 1, <RecoFTFilter FT0{direction=0; exponent=1}>) (<compute>, 1, <RecoTeeFilter T0>) (<compute>, 1, <RecoCastFilter FILECAST0{wordSize=4; dataRep=SIGNED}>) (<compute>, 1, <RecoFileSink FSINK0{filename="/opt/nmrdata/PV-360.3.3/data/cristina/20240530_092213_BDL776_sham_male_30052024_BDL776_sham_male_30052024_1_1/23/fid";shuffle=true}>) (<compute>, 1, <RecoZfillFilter ZFILL0{fillingPosition=1.0;fixedSize=4096}>) (<compute>, 1, <RecoDivideFilter DIV0{divisor=2}>)
##$RecoStageNrEdges=46
##$RecoStageEdges=( 46 )
(<job0>, 0, <Q0-\>PM>) (<job0>, 0, <PM-\>TeeStorage>) (<job0>, 0, 
<TeeStorage-\>CastToFloatMain>) (<job0>, 0, <CastToFloatMain-\>TeeAverage>) 
(<job0>, 0, <TeeAverage-\>Av>) (<job0>, 0, <Av-\>DummyAverage>) (<job0>, 0, 
<TeeAverage-\>CastToIntMain>) (<job0>, 0, <CastToIntMain-\>QS>) (<job0>, 0, 
<TeeStorage-\>FS>) (<job1>, 0, <Q0-\>CastToFloatMain>) (<job1>, 0, 
<CastToFloatMain-\>DB>) (<job1>, 0, <DB-\>B0>) (<job1>, 0, <B0-\>Av>) (<job1>,
 0, <Av-\>CastToIntMain>) (<job1>, 0, <CastToIntMain-\>TeeStorage>) (<job1>, 
0, <TeeStorage-\>QS>) (<job1>, 0, <TeeStorage-\>FS>) (<input>, 0, <FS0-\>JQ0>)
 (<input>, 0, <FS1-\>JQ1>) (<compute>, 0, <JQ1-\>JS1>) (<compute>, 0, 
<Q0-\>SP0>) (<compute>, 0, <SP0-\>CAST0>) (<compute>, 0, <SP0-\>CAST1>) 
(<compute>, 0, <AVE0-\>S0>) (<compute>, 0, <AVE1-\>S1>) (<compute>, 1, 
<Q0-\>SOS0.0>) (<compute>, 1, <Q1-\>SOS0.1>) (<compute>, 1, <FT0-\>G0>) 
(<compute>, 1, <G0-\>M0>) (<compute>, 1, <M0-\>S0>) (<compute>, 2, <Q0-\>MAP0>
) (<compute>, 2, <MAP0-\>CAST0>) (<compute>, 2, <CAST0-\>S0>) (<output>, 2, 
<Q-\>DISP>) (<output>, 2, <DISP-\>S>) (<compute>, 0, <SPECTCORR0-\>AVE0>) 
(<compute>, 0, <SPECTCORR1-\>AVE1>) (<compute>, 0, <CAST0-\>SPECTCORR0>) 
(<compute>, 0, <CAST1-\>SPECTCORR1>) (<compute>, 1, <T0-\>FTS0>) (<compute>, 
1, <FTS0-\>FT0>) (<compute>, 1, <SOS0-\>T0>) (<compute>, 1, <T0-\>DIV0>) 
(<compute>, 1, <FILECAST0-\>ZFILL0>) (<compute>, 1, <ZFILL0-\>FSINK0>) 
(<compute>, 1, <DIV0-\>FILECAST0>)
##$ACQ_SetupRecoDisplay=Yes
##$ACQ_SetupImageType=MAGNITUDE_IMAGE
##$RecoDisplay=Yes
##$RecoEachNR=No
##$RecoPrototype=No
##$RecoGradientLinearityCorrection=No
##$RecoGradientLinearityCorrectionDebug=1
##$RecoGradientLinearityCorrectionApprox=No
$$ @vis= RECO RECO_INSTANCE RECO_fov RECO_size RecoAutoDerive RecoDim
$$ @vis= RecoSpatDim RecoObjectsPerRepetition RecoObjectsPerSetupStep
$$ @vis= RecoSortObjectsPerRepetition RecoNumRepetitions RecoNumOutputChan
$$ @vis= RecoEncodingFrames RecoRepetitionGroupSize RECO_inp_order
$$ @vis= RECO_inp_size RECO_ft_size RECO_wdw_mode RECO_ft_mode RECO_pc_mode
$$ @vis= RECO_rotate RECO_transposition RECO_image_type RECO_wordtype
$$ @vis= RECO_map_mode RECO_byte_order RecoModeUser RecoUserUpdate
$$ @vis= RecoB0DemodOff RecoWindow RecoFTOrder RecoHalfFT RecoHalfFTPos
$$ @vis= RecoHalfFTAcq RecoNoFT RecoExportSortedData RecoCorrPhase
$$ @vis= RecoCorrPhaseRef RecoMap RecoNumInputChan RecoScaleChan RecoPhaseChan
$$ @vis= RecoCombineMode RecoEncGenInt RecoSortGroup RecoSortDim
$$ @vis= RecoGrappaGroup RecoGrappaAccelFactor RecoGrappaAccelFactor2
$$ @vis= RecoGrappaFirstRepOnly RecoGrappaCoefReps RecoSliceGrappaAccelFactor
$$ @vis= RecoSliceGrappaBlipValue RecoSliceGrappaOff RecoGrappa3D
$$ @vis= RecoGrappaCaipirinha RecoGrappaTCaipirinha RecoGrappaOne
$$ @vis= RecoSegGrappa RecoSegGrappaCalibrateFromB0 RecoSegGrappaInt
$$ @vis= RecoSegGrappaSegments RecoItGrappa RecoCSGroup RecoCS
$$ @vis= RecoRegridNGroup RecoRegridN RecoStageGroup RecoStageNrPasses
$$ @vis= RecoStagePasses RecoStageNrNodes RecoStageNodes RecoStageNrEdges
$$ @vis= RecoStageEdges RECO_GS ACQ_SetupRecoDisplay ACQ_SetupImageType
$$ @vis= RECO_GO RecoDisplay RecoEachNR RecoPrototype
$$ @vis= RecoGradientLinearityCorrectionDebug
$$ @vis= RecoGradientLinearityCorrectionApprox
##END=
$$ File finished by PARX at 2024-05-30 10:53:24.324 +0200
