##TITLE=Parameter List, ParaVision 360 V3.5
##JCAMPDX=4.24
##DATATYPE=Parameter Values
##ORIGIN=Bruker BioSpin MRI GmbH
##OWNER=cristina
$$ Write Options: Symbolic Enums, RLE encoded arrays, symbol visibility
$$ 2025-07-16 13:59:27.997 +0200  cristina@cibmsafe94t1
$$ /opt/PV-360.3.5/data/cristina/20250716_090103_MAR_003121_MAR_003121_1_1/36/pdata/2/reco
$$ process /opt/PV-360.3.5/prog/bin/parxserver
##$RECO_abs_time=(1752667167, 966, 120)
##$RECO_base_image_uid=( 65 )
<2.16.756.5.5.200.8323328.2963398.1752667167.3699>
##$RECO_fov=( 3 )
2.4 2.4 2.4
##$RECO_size=( 3 )
768 31 31
##$RecoAutoDerive=No
##$RecoDim=3
##$RecoSpatDim=2
##$RecoObjectsPerRepetition=1
##$RecoObjectsPerSetupStep=1
##$RecoSortObjectsPerRepetition=1
##$RecoNumRepetitions=1
##$RecoNumOutputChan=1
##$RecoEncodingFrames=1
##$RecoRepetitionGroupSize=1
##$RecoPreppassProcDim=0
##$RECO_inp_order=NO_REORDERING
##$RECO_inp_size=( 3 )
768 31 31
##$RECO_ft_size=( 3 )
768 31 31
##$RECO_offset=( 3, 1 )
0 0 0
##$RECO_qopts=( 3 )
NO_QOPTS NO_QOPTS NO_QOPTS
##$RECO_wdw_mode=( 3 )
NO_WDW USER_DEF_WDW USER_DEF_WDW
##$RECO_lb=( 3 )
-0.5 -0.5 -0.5
##$RECO_sw=( 3 )
0 1 1
##$RECO_gb=( 3 )
0.5 0.5 0.5
##$RECO_sbs=( 3 )
1 1 1
##$RECO_tm1=( 3 )
0.25 0.25 0.25
##$RECO_tm2=( 3 )
0.75 0.75 0.75
##$RECO_usr_wdw=( 3, 768 )
@768*(0) 171798691 193385419 257202161 360459817 498645533 665719930 
854381056 1056383513 1262898825 1464901282 1653562408 1820636805 1958822521 
2062080177 2125896918 2147483647 2125896918 2062080177 1958822521 1820636805 
1653562408 1464901282 1262898825 1056383513 854381056 665719930 498645533 
360459817 257202161 193385419 @738*(0) 171798691 193385419 257202161 
360459817 498645533 665719930 854381056 1056383513 1262898825 1464901282 
1653562408 1820636805 1958822521 2062080177 2125896918 2147483647 2125896918 
2062080177 1958822521 1820636805 1653562408 1464901282 1262898825 1056383513 
854381056 665719930 498645533 360459817 257202161 193385419 @738*(0)
##$RECO_ft_mode=( 3 )
COMPLEX_FT COMPLEX_FT COMPLEX_FT
##$RECO_pc_mode=( 3 )
FIRST_ORDER_PC FIRST_ORDER_PC FIRST_ORDER_PC
##$RECO_pc_lin=( 3 )
(0, 0) (0, 180) (0, 180)
##$RECO_rotate=( 3, 1 )
0.5 0.584075023405381 0.499425377915496
##$RECO_ppc_mode=NO_PPC
##$RECO_ppc_degree=1
##$RECO_transposition=( 1 )
2
##$RECO_image_type=MAGNITUDE_IMAGE
##$RECO_image_threshold=0.15
##$RECO_wordtype=_32BIT_SGN_INT
##$RECO_map_mode=ABSOLUTE_MAPPING
##$RECO_map_range=( 2 )
-2147483647 2147483647
##$RECO_map_percentile=( 2 )
1 99.9
##$RECO_map_error=0.025
##$RECO_minima=( 1 )
18533.5372681169
##$RECO_maxima=( 1 )
2147483646.5
##$RECO_map_min=( 1 )
-5171.1155062758
##$RECO_map_max=( 1 )
5171.1155062758
##$RECO_map_offset=( 1 )
0
##$RECO_map_slope=( 1 )
415284.408923715
##$RECO_byte_order=littleEndian
##$RecoUserUpdate=Yes
##$RecoReverseSegment=0
##$RecoB0DemodOff=0
##$RecoB0DemodDelay=0
##$RecoFTOrder=( 3 )
1 2 -1
##$RecoHalfFTAlgorithm=ZEROFILLING
##$RecoHalfFT=( 3 )
No No No
##$RecoHalfFTPos=( 3 )
384 15 15
##$RecoHalfFTAcq=No
##$RecoNoFT=No
##$RecoExportSortedData=No
##$RecoCorrPhase=RecoCorrPhaseOff
##$RecoCorrPhaseRef=-1
##$RECO_map_user_slope=1
##$RECO_map_user_offset=0
##$RecoNumInputChan=4
##$RecoScaleChan=( 4 )
0.530920052 0.548250066 0.671002 0.520566084
##$RecoPhaseChan=( 4 )
0 342.702881998723 65.974643495043 342.337151615873
##$RecoCombineMode=AddImages
##$RecoEncGenInt=3
##$RecoSortDim=2
##$RecoSortSize=( 2 )
961 1
##$RecoSortRange=( 2 )
961 1
##$RecoSortSegment=( 2 )
0 0
##$RecoSortMaps=( 962 )
0 1 2 3 4 5 6 7 8 9 10 11 12 13 14 15 16 17 18 19 20 21 22 23 24 25 26 27 28 
29 30 31 32 33 34 35 36 37 38 39 40 41 42 43 44 45 46 47 48 49 50 51 52 53 54 
55 56 57 58 59 60 61 62 63 64 65 66 67 68 69 70 71 72 73 74 75 76 77 78 79 80 
81 82 83 84 85 86 87 88 89 90 91 92 93 94 95 96 97 98 99 100 101 102 103 104 
105 106 107 108 109 110 111 112 113 114 115 116 117 118 119 120 121 122 123 
124 125 126 127 128 129 130 131 132 133 134 135 136 137 138 139 140 141 142 
143 144 145 146 147 148 149 150 151 152 153 154 155 156 157 158 159 160 161 
162 163 164 165 166 167 168 169 170 171 172 173 174 175 176 177 178 179 180 
181 182 183 184 185 186 187 188 189 190 191 192 193 194 195 196 197 198 199 
200 201 202 203 204 205 206 207 208 209 210 211 212 213 214 215 216 217 218 
219 220 221 222 223 224 225 226 227 228 229 230 231 232 233 234 235 236 237 
238 239 240 241 242 243 244 245 246 247 248 249 250 251 252 253 254 255 256 
257 258 259 260 261 262 263 264 265 266 267 268 269 270 271 272 273 274 275 
276 277 278 279 280 281 282 283 284 285 286 287 288 289 290 291 292 293 294 
295 296 297 298 299 300 301 302 303 304 305 306 307 308 309 310 311 312 313 
314 315 316 317 318 319 320 321 322 323 324 325 326 327 328 329 330 331 332 
333 334 335 336 337 338 339 340 341 342 343 344 345 346 347 348 349 350 351 
352 353 354 355 356 357 358 359 360 361 362 363 364 365 366 367 368 369 370 
371 372 373 374 375 376 377 378 379 380 381 382 383 384 385 386 387 388 389 
390 391 392 393 394 395 396 397 398 399 400 401 402 403 404 405 406 407 408 
409 410 411 412 413 414 415 416 417 418 419 420 421 422 423 424 425 426 427 
428 429 430 431 432 433 434 435 436 437 438 439 440 441 442 443 444 445 446 
447 448 449 450 451 452 453 454 455 456 457 458 459 460 461 462 463 464 465 
466 467 468 469 470 471 472 473 474 475 476 477 478 479 480 481 482 483 484 
485 486 487 488 489 490 491 492 493 494 495 496 497 498 499 500 501 502 503 
504 505 506 507 508 509 510 511 512 513 514 515 516 517 518 519 520 521 522 
523 524 525 526 527 528 529 530 531 532 533 534 535 536 537 538 539 540 541 
542 543 544 545 546 547 548 549 550 551 552 553 554 555 556 557 558 559 560 
561 562 563 564 565 566 567 568 569 570 571 572 573 574 575 576 577 578 579 
580 581 582 583 584 585 586 587 588 589 590 591 592 593 594 595 596 597 598 
599 600 601 602 603 604 605 606 607 608 609 610 611 612 613 614 615 616 617 
618 619 620 621 622 623 624 625 626 627 628 629 630 631 632 633 634 635 636 
637 638 639 640 641 642 643 644 645 646 647 648 649 650 651 652 653 654 655 
656 657 658 659 660 661 662 663 664 665 666 667 668 669 670 671 672 673 674 
675 676 677 678 679 680 681 682 683 684 685 686 687 688 689 690 691 692 693 
694 695 696 697 698 699 700 701 702 703 704 705 706 707 708 709 710 711 712 
713 714 715 716 717 718 719 720 721 722 723 724 725 726 727 728 729 730 731 
732 733 734 735 736 737 738 739 740 741 742 743 744 745 746 747 748 749 750 
751 752 753 754 755 756 757 758 759 760 761 762 763 764 765 766 767 768 769 
770 771 772 773 774 775 776 777 778 779 780 781 782 783 784 785 786 787 788 
789 790 791 792 793 794 795 796 797 798 799 800 801 802 803 804 805 806 807 
808 809 810 811 812 813 814 815 816 817 818 819 820 821 822 823 824 825 826 
827 828 829 830 831 832 833 834 835 836 837 838 839 840 841 842 843 844 845 
846 847 848 849 850 851 852 853 854 855 856 857 858 859 860 861 862 863 864 
865 866 867 868 869 870 871 872 873 874 875 876 877 878 879 880 881 882 883 
884 885 886 887 888 889 890 891 892 893 894 895 896 897 898 899 900 901 902 
903 904 905 906 907 908 909 910 911 912 913 914 915 916 917 918 919 920 921 
922 923 924 925 926 927 928 929 930 931 932 933 934 935 936 937 938 939 940 
941 942 943 944 945 946 947 948 949 950 951 952 953 954 955 956 957 958 959 
960 0
##$RecoGrappaAccelFactor=1
##$RecoGrappaAccelFactor2=1
##$RecoGrappaKernelRead=5
##$RecoGrappaKernelPhase=4
##$RecoGrappaKernelPhase2=4
##$RecoGrappaKernelTime=3
##$RecoGrappaNumRefRead=64
##$RecoGrappaNumRefPhase=0
##$RecoGrappaNumRefPhase2=0
##$RecoGrappaIncludeRefLines=Yes
##$RecoGrappaFirstRepOnly=No
##$RecoGrappaReadCenter=0
##$RecoGrappaPhaseCenter=0
##$RecoGrappaPhaseCenter2=0
##$RecoGrappaTruncThresh=0.01
##$RecoGrappaLambda=0.01
##$RecoGrappaCoefReps=1
##$RecoSliceGrappaAccelFactor=1
##$RecoSliceGrappaBlipValue=1
##$RecoSliceGrappaKernelRead=5
##$RecoSliceGrappaKernelPhase=4
##$RecoSliceGrappaNumRefRead=0
##$RecoSliceGrappaNumRefPhase=0
##$RecoSliceGrappaReadCenter=0
##$RecoSliceGrappaPhaseCenter=0
##$RecoSliceGrappaTruncThresh=0.01
##$RecoSliceGrappaLambda=0.01
##$RecoSliceGrappaOff=No
##$RecoGrappa3D=No
##$RecoGrappaCaipirinha=No
##$RecoGrappaTCaipirinha=No
##$RecoGrappaVirtualCoils=No
##$RecoGrappaVirtualCoilsLambda=2
##$RecoGrappaPeak=No
##$RecoGrappaTimeLoop=No
##$RecoGrappaOne=No
##$RecoGrappaOneLambda=0.1
##$RecoSegGrappa=No
##$RecoSegGrappaCalibrateFromB0=No
##$RecoSegGrappaInt=0
##$RecoSegGrappaSegments=1
##$RecoSegGrappaTruncThresh=0.01
##$RecoSegGrappaLambda=0.01
##$RecoSegGrappaLambdaSeg=2
##$RecoItGrappa=1
##$RecoCS=No
##$RecoRegridN=Off
##$RecoStageNrPasses=5
##$RecoStagePasses=( 5 )
(<FIRSTPASS>, 0) (<FTPASS1>, 1) (<FTPASS2>, 2) (<PREPPASS>, 3) (<MAPPASS>, 4)
##$RecoStageNrNodes=105
##$RecoStageNodes=( 105 )
(<input>, 0, <RecoFileSource 
FS0{initFromRawJob=0;procDim=1;numChan=4;contData=true;}>) (<input>, 0, 
<RecoSharedQueueSink JQ0{queueId=Job_Out0;appendPsId=true;initQueue=true;}>) 
(<input>, 0, <RecoFileSource 
FS1{initFromRawJob=1;procDim=1;numChan=4;contData=true;}>) (<input>, 0, 
<RecoSharedQueueSink JQ1{queueId=Job_Out1;appendPsId=true;initQueue=true;}>) 
(<compute>, 0, <RecoSharedQueueSource 
Q0{initFromJob=0;queueId=Job_Out0;appendPsId=true;}>) (<compute>, 0, 
<RecoSharedQueueSource JQ1{initFromJob=1;queueId=Job_Out1;appendPsId=true;}>) 
(<compute>, 0, <RecoDummySink JS1{verbose=false}>) (<compute>, 0, 
<RecoBufferSink S0{procDim=1;frameDim=3;bufferId="FIRSTPASS0";memId="out0"}>) 
(<compute>, 0, <RecoBufferSink 
S1{procDim=1;frameDim=3;bufferId="FIRSTPASS1";memId="out1"}>) (<compute>, 0, 
<RecoBufferSink S2{procDim=1;frameDim=3;bufferId="FIRSTPASS2";memId="out2"}>) 
(<compute>, 0, <RecoBufferSink 
S3{procDim=1;frameDim=3;bufferId="FIRSTPASS3";memId="out3"}>) (<compute>, 0, 
<RecoSplitFilter SP0{dim=1; keepBlocksize=1}>) (<compute>, 0, <RecoCastFilter 
CAST0{dataRep=FLOAT; wordSize=8}>) (<compute>, 0, <RecoSortFilter 
REORD0{sortDim=\<RecoSortDim\>; sortSize=\<RecoSortSize\>; 
sortRange=\<RecoSortRange\>; sortSegment=\<RecoSortSegment\>; 
sortMaps=\<RecoSortMaps\>; frameDim = 3}>) (<compute>, 0, <RecoReformatFilter 
REFORM3D0{newSizes={768,31,31};frameDim=3; procDim=3; }>) (<compute>, 0, 
<RecoCastFilter CAST1{dataRep=FLOAT; wordSize=8}>) (<compute>, 0, 
<RecoSortFilter REORD1{sortDim=\<RecoSortDim\>; sortSize=\<RecoSortSize\>; 
sortRange=\<RecoSortRange\>; sortSegment=\<RecoSortSegment\>; 
sortMaps=\<RecoSortMaps\>; frameDim = 3}>) (<compute>, 0, <RecoReformatFilter 
REFORM3D1{newSizes={768,31,31};frameDim=3; procDim=3; }>) (<compute>, 0, 
<RecoCastFilter CAST2{dataRep=FLOAT; wordSize=8}>) (<compute>, 0, 
<RecoSortFilter REORD2{sortDim=\<RecoSortDim\>; sortSize=\<RecoSortSize\>; 
sortRange=\<RecoSortRange\>; sortSegment=\<RecoSortSegment\>; 
sortMaps=\<RecoSortMaps\>; frameDim = 3}>) (<compute>, 0, <RecoReformatFilter 
REFORM3D2{newSizes={768,31,31};frameDim=3; procDim=3; }>) (<compute>, 0, 
<RecoCastFilter CAST3{dataRep=FLOAT; wordSize=8}>) (<compute>, 0, 
<RecoSortFilter REORD3{sortDim=\<RecoSortDim\>; sortSize=\<RecoSortSize\>; 
sortRange=\<RecoSortRange\>; sortSegment=\<RecoSortSegment\>; 
sortMaps=\<RecoSortMaps\>; frameDim = 3}>) (<compute>, 0, <RecoReformatFilter 
REFORM3D3{newSizes={768,31,31};frameDim=3; procDim=3; }>) (<compute>, 1, 
<RecoBufferSource Q0{procDim=2;frameDim=3;bufferId="FIRSTPASS0";memId="out0"}>
) (<compute>, 1, <RecoBufferSource 
Q1{procDim=2;frameDim=3;bufferId="FIRSTPASS1";memId="out1"}>) (<compute>, 1, 
<RecoBufferSource Q2{procDim=2;frameDim=3;bufferId="FIRSTPASS2";memId="out2"}>
) (<compute>, 1, <RecoBufferSource 
Q3{procDim=2;frameDim=3;bufferId="FIRSTPASS3";memId="out3"}>) (<compute>, 1, 
<RecoBufferSink S0{procDim=2;frameDim=3;bufferId="FTPASS10";memId="in0"}>) 
(<compute>, 1, <RecoBufferSink 
S1{procDim=2;frameDim=3;bufferId="FTPASS11";memId="in1"}>) (<compute>, 1, 
<RecoBufferSink S2{procDim=2;frameDim=3;bufferId="FTPASS12";memId="in2"}>) 
(<compute>, 1, <RecoBufferSink 
S3{procDim=2;frameDim=3;bufferId="FTPASS13";memId="in3"}>) (<compute>, 1, 
<RecoUserWinMultFilter W0{winDirection=1;winFunction=\<RECO_usr_wdw[1]\>;}>) 
(<compute>, 1, <RecoFTShiftFilter FTS0{frameDim=3; winDirection=1; 
shift=\<RECO_rotate[1]\>; exponent=1}>) (<compute>, 1, <RecoFTFilter 
FT0{direction=1;exponent=1;}>) (<compute>, 1, <RecoUserWinMultFilter 
W1{winDirection=1;winFunction=\<RECO_usr_wdw[1]\>;}>) (<compute>, 1, 
<RecoFTShiftFilter FTS1{frameDim=3; winDirection=1; shift=\<RECO_rotate[1]\>; 
exponent=1}>) (<compute>, 1, <RecoFTFilter FT1{direction=1;exponent=1;}>) 
(<compute>, 1, <RecoUserWinMultFilter 
W2{winDirection=1;winFunction=\<RECO_usr_wdw[1]\>;}>) (<compute>, 1, 
<RecoFTShiftFilter FTS2{frameDim=3; winDirection=1; shift=\<RECO_rotate[1]\>; 
exponent=1}>) (<compute>, 1, <RecoFTFilter FT2{direction=1;exponent=1;}>) 
(<compute>, 1, <RecoUserWinMultFilter 
W3{winDirection=1;winFunction=\<RECO_usr_wdw[1]\>;}>) (<compute>, 1, 
<RecoFTShiftFilter FTS3{frameDim=3; winDirection=1; shift=\<RECO_rotate[1]\>; 
exponent=1}>) (<compute>, 1, <RecoFTFilter FT3{direction=1;exponent=1;}>) 
(<compute>, 2, <RecoBufferSource 
Q0{procDim=3;frameDim=3;bufferId="FTPASS10";memId="in0"}>) (<compute>, 2, 
<RecoBufferSource Q1{procDim=3;frameDim=3;bufferId="FTPASS11";memId="in1"}>) 
(<compute>, 2, <RecoBufferSource 
Q2{procDim=3;frameDim=3;bufferId="FTPASS12";memId="in2"}>) (<compute>, 2, 
<RecoBufferSource Q3{procDim=3;frameDim=3;bufferId="FTPASS13";memId="in3"}>) 
(<compute>, 2, <RecoBufferSink 
S0{procDim=3;frameDim=3;bufferId="FTPASS20";memId="out0"}>) (<compute>, 2, 
<RecoBufferSink S1{procDim=3;frameDim=3;bufferId="FTPASS21";memId="out1"}>) 
(<compute>, 2, <RecoBufferSink 
S2{procDim=3;frameDim=3;bufferId="FTPASS22";memId="out2"}>) (<compute>, 2, 
<RecoBufferSink S3{procDim=3;frameDim=3;bufferId="FTPASS23";memId="out3"}>) 
(<compute>, 2, <RecoUserWinMultFilter 
W0{winDirection=2;winFunction=\<RECO_usr_wdw[2]\>;}>) (<compute>, 2, 
<RecoFTShiftFilter FTS0{frameDim=3; winDirection=2; shift=\<RECO_rotate[2]\>; 
exponent=1}>) (<compute>, 2, <RecoFTFilter FT0{direction=2;exponent=1;}>) 
(<compute>, 2, <RecoUserWinMultFilter 
W1{winDirection=2;winFunction=\<RECO_usr_wdw[2]\>;}>) (<compute>, 2, 
<RecoFTShiftFilter FTS1{frameDim=3; winDirection=2; shift=\<RECO_rotate[2]\>; 
exponent=1}>) (<compute>, 2, <RecoFTFilter FT1{direction=2;exponent=1;}>) 
(<compute>, 2, <RecoUserWinMultFilter 
W2{winDirection=2;winFunction=\<RECO_usr_wdw[2]\>;}>) (<compute>, 2, 
<RecoFTShiftFilter FTS2{frameDim=3; winDirection=2; shift=\<RECO_rotate[2]\>; 
exponent=1}>) (<compute>, 2, <RecoFTFilter FT2{direction=2;exponent=1;}>) 
(<compute>, 2, <RecoUserWinMultFilter 
W3{winDirection=2;winFunction=\<RECO_usr_wdw[2]\>;}>) (<compute>, 2, 
<RecoFTShiftFilter FTS3{frameDim=3; winDirection=2; shift=\<RECO_rotate[2]\>; 
exponent=1}>) (<compute>, 2, <RecoFTFilter FT3{direction=2;exponent=1;}>) 
(<compute>, 3, <RecoBufferSource 
Q0{procDim=3;frameDim=3;bufferId="FTPASS20";memId="out0"}>) (<compute>, 3, 
<RecoBufferSource Q1{procDim=3;frameDim=3;bufferId="FTPASS21";memId="out1"}>) 
(<compute>, 3, <RecoBufferSource 
Q2{procDim=3;frameDim=3;bufferId="FTPASS22";memId="out2"}>) (<compute>, 3, 
<RecoBufferSource Q3{procDim=3;frameDim=3;bufferId="FTPASS23";memId="out3"}>) 
(<compute>, 3, <RecoBufferSink 
S0{procDim=3;frameDim=3;bufferId="PREPPASS0";memId="in0"}>) (<compute>, 3, 
<RecoPhasCorrFilter PHCORR00{winDirection=0; ph0=0.000000; ph1=0.000000}>) 
(<compute>, 3, <RecoPhasCorrFilter PHCORR01{winDirection=0; ph0=0.000000; 
ph1=0.000000}>) (<compute>, 3, <RecoPhasCorrFilter PHCORR02{winDirection=0; 
ph0=0.000000; ph1=0.000000}>) (<compute>, 3, <RecoPhasCorrFilter 
PHCORR03{winDirection=0; ph0=0.000000; ph1=0.000000}>) (<compute>, 3, 
<RecoPhasCorrFilter PHCORR10{winDirection=1; ph0=0.000000; ph1=180.000000}>) 
(<compute>, 3, <RecoPhasCorrFilter PHCORR11{winDirection=1; ph0=0.000000; 
ph1=180.000000}>) (<compute>, 3, <RecoPhasCorrFilter PHCORR12{winDirection=1; 
ph0=0.000000; ph1=180.000000}>) (<compute>, 3, <RecoPhasCorrFilter 
PHCORR13{winDirection=1; ph0=0.000000; ph1=180.000000}>) (<compute>, 3, 
<RecoPhasCorrFilter PHCORR20{winDirection=2; ph0=0.000000; ph1=180.000000}>) 
(<compute>, 3, <RecoPhasCorrFilter PHCORR21{winDirection=2; ph0=0.000000; 
ph1=180.000000}>) (<compute>, 3, <RecoPhasCorrFilter PHCORR22{winDirection=2; 
ph0=0.000000; ph1=180.000000}>) (<compute>, 3, <RecoPhasCorrFilter 
PHCORR23{winDirection=2; ph0=0.000000; ph1=180.000000}>) (<compute>, 3, 
<RecoScaleFilter SCALE0{scaleFactor=\<RecoScaleChan[0]\>; 
phaseOffset=\<RecoPhaseChan[0]\>}>) (<compute>, 3, <RecoScaleFilter 
SCALE1{scaleFactor=\<RecoScaleChan[1]\>; phaseOffset=\<RecoPhaseChan[1]\>}>) 
(<compute>, 3, <RecoScaleFilter SCALE2{scaleFactor=\<RecoScaleChan[2]\>; 
phaseOffset=\<RecoPhaseChan[2]\>}>) (<compute>, 3, <RecoScaleFilter 
SCALE3{scaleFactor=\<RecoScaleChan[3]\>; phaseOffset=\<RecoPhaseChan[3]\>}>) 
(<compute>, 3, <RecoAddFilter SOS0>) (<compute>, 3, <RecoMagnitudeFilter G0>) 
(<compute>, 3, <RecoTransposeFilter TP0{transpose=\<RECO_transposition\>;}>) 
(<compute>, 3, <RecoMinMaxFilter 
M0{map_min=\<RECO_map_min\>;map_max=\<RECO_map_max\>;}>) (<compute>, 4, 
<RecoBufferSource Q0{procDim=2;frameDim=3;bufferId="PREPPASS0";memId="in0"}>) 
(<compute>, 4, <RecoSharedQueueSink 
S0{initQueue=true;queueId=RecoComp_Out;appendPsId=true;}>) (<compute>, 4, 
<RecoMapFilter 
MAP0{symmetricMode=true;minima=\<RECO_minima\>;maxima=\<RECO_maxima\>;slope=\<RECO_map_slope\>;offset=\<RECO_map_offset\>;map_min=\<RECO_map_min\>;map_max=\<RECO_map_max\>;rangeMin=-2147483646.500000;rangeMax=2147483646.500000;perObjectMode=false;cutoffMode=true;}>) (<compute>, 4, <RecoCastFilter CAST0{dataRep=SIGNED;wordSize=4}>) (<output>, 4, <RecoSharedQueueSource Q{queueId=RecoComp_Out;appendPsId=true;procDim=2;initFromRECO=true;}>) (<output>, 4, <RecoImageDisplayFilter DISP{showAll=1;selectedFrame=\<RecoDisplayFrame\>;modalityType=1;procnoPath="/opt/PV-360.3.5/data/cristina/20250716_090103_MAR_003121_MAR_003121_1_1/36/pdata/2/";}>) (<output>, 4, <RecoFileSink S{writePars=true;shuffle=false;filename="2dseq";numChans=1;}>) (<compute>, 0, <RecoAverageFilter AVE0{avList=\<AverageList\>; avListSize=961; nObj=1}>) (<compute>, 0, <RecoAverageFilter AVE1{avList=\<AverageList\>; avListSize=961; nObj=1}>) (<compute>, 0, <RecoAverageFilter AVE2{avList=\<AverageList\>; avListSize=961; nObj=1}>) (<compute>, 0, <RecoAverageFilter AVE3{avList=\<AverageList\>; avListSize=961; nObj=1}>) (<compute>, 3, <RecoTeeFilter T0>) (<compute>, 3, <RecoFileSink FSINK0{filename="/opt/PV-360.3.5/data/cristina/20250716_090103_MAR_003121_MAR_003121_1_1/36/pdata/2/fid_proc.64";shuffle=true}>) (<compute>, 3, <RecoDivideFilter DIV0{divisor=4}>) (<compute>, 3, <RecoFTShiftFilter FTS0{shift=0.5; winDirection=0; exponent=1}>) (<compute>, 3, <RecoFTFilter FT0{direction=0; exponent=1}>)
##$RecoStageNrEdges=90
##$RecoStageEdges=( 90 )
(<input>, 0, <FS0-\>JQ0>) (<input>, 0, <FS1-\>JQ1>) (<compute>, 0, <JQ1-\>JS1>
) (<compute>, 0, <Q0-\>SP0>) (<compute>, 0, <SP0-\>CAST0>) (<compute>, 0, 
<SP0-\>CAST1>) (<compute>, 0, <SP0-\>CAST2>) (<compute>, 0, <SP0-\>CAST3>) 
(<compute>, 0, <AVE0-\>REORD0>) (<compute>, 0, <REFORM3D0-\>S0>) (<compute>, 
0, <REORD0-\>REFORM3D0>) (<compute>, 0, <AVE1-\>REORD1>) (<compute>, 0, 
<REFORM3D1-\>S1>) (<compute>, 0, <REORD1-\>REFORM3D1>) (<compute>, 0, 
<AVE2-\>REORD2>) (<compute>, 0, <REFORM3D2-\>S2>) (<compute>, 0, 
<REORD2-\>REFORM3D2>) (<compute>, 0, <AVE3-\>REORD3>) (<compute>, 0, 
<REFORM3D3-\>S3>) (<compute>, 0, <REORD3-\>REFORM3D3>) (<compute>, 1, 
<Q0-\>W0>) (<compute>, 1, <Q1-\>W1>) (<compute>, 1, <Q2-\>W2>) (<compute>, 1, 
<Q3-\>W3>) (<compute>, 1, <W0-\>FTS0>) (<compute>, 1, <FTS0-\>FT0>) (<compute>
, 1, <FT0-\>S0>) (<compute>, 1, <W1-\>FTS1>) (<compute>, 1, <FTS1-\>FT1>) 
(<compute>, 1, <FT1-\>S1>) (<compute>, 1, <W2-\>FTS2>) (<compute>, 1, 
<FTS2-\>FT2>) (<compute>, 1, <FT2-\>S2>) (<compute>, 1, <W3-\>FTS3>) 
(<compute>, 1, <FTS3-\>FT3>) (<compute>, 1, <FT3-\>S3>) (<compute>, 2, 
<Q0-\>W0>) (<compute>, 2, <Q1-\>W1>) (<compute>, 2, <Q2-\>W2>) (<compute>, 2, 
<Q3-\>W3>) (<compute>, 2, <W0-\>FTS0>) (<compute>, 2, <FTS0-\>FT0>) (<compute>
, 2, <FT0-\>S0>) (<compute>, 2, <W1-\>FTS1>) (<compute>, 2, <FTS1-\>FT1>) 
(<compute>, 2, <FT1-\>S1>) (<compute>, 2, <W2-\>FTS2>) (<compute>, 2, 
<FTS2-\>FT2>) (<compute>, 2, <FT2-\>S2>) (<compute>, 2, <W3-\>FTS3>) 
(<compute>, 2, <FTS3-\>FT3>) (<compute>, 2, <FT3-\>S3>) (<compute>, 3, 
<Q0-\>PHCORR00>) (<compute>, 3, <Q1-\>PHCORR01>) (<compute>, 3, 
<Q2-\>PHCORR02>) (<compute>, 3, <Q3-\>PHCORR03>) (<compute>, 3, 
<PHCORR00-\>PHCORR10>) (<compute>, 3, <PHCORR01-\>PHCORR11>) (<compute>, 3, 
<PHCORR02-\>PHCORR12>) (<compute>, 3, <PHCORR03-\>PHCORR13>) (<compute>, 3, 
<PHCORR10-\>PHCORR20>) (<compute>, 3, <PHCORR11-\>PHCORR21>) (<compute>, 3, 
<PHCORR12-\>PHCORR22>) (<compute>, 3, <PHCORR13-\>PHCORR23>) (<compute>, 3, 
<PHCORR20-\>SCALE0>) (<compute>, 3, <PHCORR21-\>SCALE1>) (<compute>, 3, 
<PHCORR22-\>SCALE2>) (<compute>, 3, <PHCORR23-\>SCALE3>) (<compute>, 3, 
<SCALE0-\>SOS0.0>) (<compute>, 3, <SCALE1-\>SOS0.1>) (<compute>, 3, 
<SCALE2-\>SOS0.2>) (<compute>, 3, <SCALE3-\>SOS0.3>) (<compute>, 3, 
<SOS0-\>T0>) (<compute>, 3, <G0-\>TP0>) (<compute>, 3, <TP0-\>M0>) (<compute>,
 3, <M0-\>S0>) (<compute>, 4, <Q0-\>MAP0>) (<compute>, 4, <MAP0-\>CAST0>) 
(<compute>, 4, <CAST0-\>S0>) (<output>, 4, <Q-\>DISP>) (<output>, 4, 
<DISP-\>S>) (<compute>, 0, <CAST0-\>AVE0>) (<compute>, 0, <CAST1-\>AVE1>) 
(<compute>, 0, <CAST2-\>AVE2>) (<compute>, 0, <CAST3-\>AVE3>) (<compute>, 3, 
<T0-\>FTS0>) (<compute>, 3, <T0-\>DIV0>) (<compute>, 3, <DIV0-\>FSINK0>) 
(<compute>, 3, <FT0-\>G0>) (<compute>, 3, <FTS0-\>FT0>)
##$ACQ_SetupRecoDisplay=No
##$ACQ_SetupImageType=MAGNITUDE_IMAGE
##$RecoDisplay=Yes
##$RecoEachNR=No
##$RecoPrototype=No
##$RecoGradientLinearityCorrection=No
##$RecoGradientLinearityCorrectionDebug=1
##$RecoGradientLinearityCorrectionApprox=No
$$ @vis= RECO RECO_INSTANCE RECO_time RECO_abs_time RECO_base_image_uid
$$ @vis= RECO_fov RECO_size RecoAutoDerive RecoDim RecoSpatDim
$$ @vis= RecoObjectsPerRepetition RecoObjectsPerSetupStep
$$ @vis= RecoSortObjectsPerRepetition RecoNumRepetitions RecoNumOutputChan
$$ @vis= RecoEncodingFrames RecoRepetitionGroupSize RECO_inp_order
$$ @vis= RECO_inp_size RECO_ft_size RECO_wdw_mode RECO_ft_mode RECO_pc_mode
$$ @vis= RECO_pc_lin RECO_rotate RECO_transposition RECO_image_type
$$ @vis= RECO_wordtype RECO_map_mode RECO_minima RECO_maxima RECO_map_min
$$ @vis= RECO_map_max RECO_map_offset RECO_map_slope RECO_byte_order
$$ @vis= RecoModeUser RecoUserUpdate RecoB0DemodOff RecoWindow RecoFTOrder
$$ @vis= RecoHalfFT RecoHalfFTPos RecoHalfFTAcq RecoNoFT RecoExportSortedData
$$ @vis= RecoCorrPhase RecoCorrPhaseRef RecoMap RecoNumInputChan RecoScaleChan
$$ @vis= RecoPhaseChan RecoCombineMode RecoEncGenInt RecoSortGroup RecoSortDim
$$ @vis= RecoSortSize RecoSortRange RecoSortSegment RecoSortMaps
$$ @vis= RecoGrappaGroup RecoGrappaAccelFactor RecoGrappaAccelFactor2
$$ @vis= RecoGrappaFirstRepOnly RecoGrappaCoefReps RecoSliceGrappaAccelFactor
$$ @vis= RecoSliceGrappaBlipValue RecoSliceGrappaOff RecoGrappa3D
$$ @vis= RecoGrappaCaipirinha RecoGrappaTCaipirinha RecoGrappaOne
$$ @vis= RecoSegGrappa RecoSegGrappaCalibrateFromB0 RecoSegGrappaInt
$$ @vis= RecoSegGrappaSegments RecoItGrappa RecoCSGroup RecoCS
$$ @vis= RecoRegridNGroup RecoRegridN RecoStageGroup RecoStageNrPasses
$$ @vis= RecoStagePasses RecoStageNrNodes RecoStageNodes RecoStageNrEdges
$$ @vis= RecoStageEdges RECO_GS ACQ_SetupRecoDisplay ACQ_SetupImageType
$$ @vis= RECO_GO RecoDisplay RecoEachNR RecoPrototype
$$ @vis= RecoGradientLinearityCorrection RecoGradientLinearityCorrectionDebug
$$ @vis= RecoGradientLinearityCorrectionApprox
##END=
$$ File finished by PARX at 2025-07-16 13:59:27.998 +0200
