##TITLE=Parameter List, ParaVision 360 V3.5
##JCAMPDX=4.24
##DATATYPE=Parameter Values
##ORIGIN=Bruker BioSpin MRI GmbH
##OWNER=cristina
$$ Write Options: Symbolic Enums, RLE encoded arrays, symbol visibility
$$ 2025-02-28 10:15:52.972 +0100  cristina@cibmsafe94t1
$$ /opt/PV-360.3.5/data/cristina/20250228_092135_28022025_RatMRSI_HighResAnd3D_BA_28022025_RatMRSI_HighResAnd3D_BA_1_1/8/pdata/1/visu_pars
$$ process /opt/PV-360.3.5/prog/bin/parxserver
##$VisuVersion=8
##$VisuUid=( 65 )
<2.16.756.5.5.200.8323328.110284.1740733129.648>
##$VisuCreator=( 65 )
<ParaVision>
##$VisuCreatorVersion=( 195 )
<360.3.5>
##$VisuCreationDate=<2025-02-28T10:15:52,920+0100>
##$VisuInstanceType=STANDARD_INSTANCE
##$VisuInstanceModality=( 65 )
<MR>
##$VisuInstanceDeIdentified=No
##$VisuCoreFrameCount=40
##$VisuCoreDim=2
##$VisuCoreSize=( 2 )
128 128
##$VisuCoreDimDesc=( 2 )
spatial spatial
##$VisuCoreExtent=( 2 )
24 24
##$VisuCoreFrameThickness=( 1 )
0.3
##$VisuCoreUnits=( 2, 65 )
<mm> <mm>
##$VisuCoreOrientation=( 40, 9 )
-1 0 0 0 0 1 0 1 0 -1 0 0 0 0 1 0 1 0 -1 0 0 0 0 1 0 1 0 -1 0 0 0 0 1 0 1 0 
-1 0 0 0 0 1 0 1 0 -1 0 0 0 0 1 0 1 0 -1 0 0 0 0 1 0 1 0 -1 0 0 0 0 1 0 1 0 
-1 0 0 0 0 1 0 1 0 -1 0 0 0 0 1 0 1 0 -1 0 0 0 0 1 0 1 0 -1 0 0 0 0 1 0 1 0 
-1 0 0 0 0 1 0 1 0 -1 0 0 0 0 1 0 1 0 -1 0 0 0 0 1 0 1 0 -1 0 0 0 0 1 0 1 0 
-1 0 0 0 0 1 0 1 0 -1 0 0 0 0 1 0 1 0 -1 0 0 0 0 1 0 1 0 -1 0 0 0 0 1 0 1 0 
-1 0 0 0 0 1 0 1 0 -1 0 0 0 0 1 0 1 0 -1 0 0 0 0 1 0 1 0 -1 0 0 0 0 1 0 1 0 
-1 0 0 0 0 1 0 1 0 -1 0 0 0 0 1 0 1 0 -1 0 0 0 0 1 0 1 0 -1 0 0 0 0 1 0 1 0 
-1 0 0 0 0 1 0 1 0 -1 0 0 0 0 1 0 1 0 -1 0 0 0 0 1 0 1 0 -1 0 0 0 0 1 0 1 0 
-1 0 0 0 0 1 0 1 0 -1 0 0 0 0 1 0 1 0 -1 0 0 0 0 1 0 1 0 -1 0 0 0 0 1 0 1 0 
-1 0 0 0 0 1 0 1 0 -1 0 0 0 0 1 0 1 0 -1 0 0 0 0 1 0 1 0 -1 0 0 0 0 1 0 1 0
##$VisuCorePosition=( 40, 3 )
11.7652140358026 3.11548532510679 -12.2136628883532 11.7652140358026 
2.81548532510679 -12.2136628883532 11.7652140358026 2.51548532510679 
-12.2136628883532 11.7652140358026 2.21548532510679 -12.2136628883532 
11.7652140358026 1.91548532510679 -12.2136628883532 11.7652140358026 
1.61548532510679 -12.2136628883532 11.7652140358026 1.31548532510679 
-12.2136628883532 11.7652140358026 1.01548532510679 -12.2136628883532 
11.7652140358026 0.71548532510679 -12.2136628883532 11.7652140358026 
0.41548532510679 -12.2136628883532 11.7652140358026 0.11548532510679 
-12.2136628883532 11.7652140358026 -0.18451467489321 -12.2136628883532 
11.7652140358026 -0.48451467489321 -12.2136628883532 11.7652140358026 
-0.78451467489321 -12.2136628883532 11.7652140358026 -1.08451467489321 
-12.2136628883532 11.7652140358026 -1.38451467489321 -12.2136628883532 
11.7652140358026 -1.68451467489321 -12.2136628883532 11.7652140358026 
-1.98451467489321 -12.2136628883532 11.7652140358026 -2.28451467489321 
-12.2136628883532 11.7652140358026 -2.58451467489321 -12.2136628883532 
11.7652140358026 -2.88451467489321 -12.2136628883532 11.7652140358026 
-3.18451467489321 -12.2136628883532 11.7652140358026 -3.48451467489321 
-12.2136628883532 11.7652140358026 -3.78451467489321 -12.2136628883532 
11.7652140358026 -4.08451467489321 -12.2136628883532 11.7652140358026 
-4.38451467489321 -12.2136628883532 11.7652140358026 -4.68451467489321 
-12.2136628883532 11.7652140358026 -4.98451467489321 -12.2136628883532 
11.7652140358026 -5.28451467489321 -12.2136628883532 11.7652140358026 
-5.58451467489321 -12.2136628883532 11.7652140358026 -5.88451467489321 
-12.2136628883532 11.7652140358026 -6.18451467489321 -12.2136628883532 
11.7652140358026 -6.48451467489321 -12.2136628883532 11.7652140358026 
-6.78451467489321 -12.2136628883532 11.7652140358026 -7.08451467489321 
-12.2136628883532 11.7652140358026 -7.38451467489321 -12.2136628883532 
11.7652140358026 -7.68451467489321 -12.2136628883532 11.7652140358026 
-7.98451467489321 -12.2136628883532 11.7652140358026 -8.28451467489321 
-12.2136628883532 11.7652140358026 -8.58451467489321 -12.2136628883532
##$VisuCoreModalityOffset=( 1, 3 )
0 0 0
##$VisuCoreAtsCenterDistance=0
##$VisuCoreDataMin=( 40 )
64.7781088404056 65.6497367356781 59.3489190746009 69.4099197523683 
68.335368594127 63.1846532444199 67.1050786743711 88.341323749737 
78.0787251983268 90.263728361446 84.5311485382342 98.6655861173402 
96.2034362146767 93.5002955403095 92.9508070278589 64.6549997347032 
56.7667493533237 70.7210242912424 94.1769409477538 60.7677248347274 
83.5607945414931 89.4764710140127 87.3931061379256 80.797117226077 
75.4799376334446 76.5793444554082 80.0365203152798 81.0345452129458 
76.8619987141235 46.0636083713981 48.7254756173311 64.2537169509713 
81.779409702237 62.7425488961213 65.5091816916672 73.9257168805696 
35.1745987932636 75.933339933195 64.8086455124915 80.2167190897188
##$VisuCoreDataMax=( 40 )
32766.5 27788.4847572621 26970.3514436712 27338.1260005938 24427.7441459931 
23619.3773379729 21735.4556670447 23909.6564704025 23160.6197142738 
27782.2072473548 24485.7620960907 23552.9311798052 22719.3320762693 
19400.5114315487 19139.3538989336 19744.9587585703 18404.3647210304 
17389.0250331906 17370.8116508949 16675.4467109553 15832.7318350078 
14542.1663397737 14460.4644528657 13760.0157041749 13606.7597598218 
13312.3259772535 11806.7579391399 11097.8361335711 11141.421174939 
10084.6675095574 10158.3403595741 8754.80901617448 8938.64944121577 
9556.36184224662 12388.7003098983 14857.3938617986 10328.6874444085 
10294.3978871844 13914.4125008316 13492.3975768277
##$VisuCoreDataOffs=( 40 )
@40*(0)
##$VisuCoreDataSlope=( 40 )
@40*(1.28570872733383)
##$VisuCoreFrameType=( 1 )
MAGNITUDE_IMAGE
##$VisuCoreSlicePacksDef=(0, 1)
##$VisuCoreSlicePacksSlices=( 1 )
(0, 40)
##$VisuCoreSlicePacksSliceDist=( 1 )
0.3
##$VisuCoreWordType=_16BIT_SGN_INT
##$VisuCoreByteOrder=littleEndian
##$VisuFGOrderDescDim=1
##$VisuFGOrderDesc=( 1 )
(40, <FG_SLICE>, <>, 0, 2)
##$VisuGroupDepVals=( 2 )
(<VisuCoreOrientation>, 0) (<VisuCorePosition>, 0)
##$VisuSubjectName=( 65 )
<28022025_RatMRSI_HighResAnd3D_BA^^^^>
##$VisuSubjectId=( 65 )
<28022025_RatMRSI_HighResAnd3D_BA>
##$VisuSubjectUid=( 65 )
<2.16.756.5.5.200.8323328.110284.1740730895.13>
##$VisuSubjectInstanceCreationDate=(1740730895, 654, 60)
##$VisuSubjectBirthDate=( 9 )
<20250228>
##$VisuSubjectSex=UNKNOWN
##$VisuSubjectType=Quadruped
##$VisuStudyUid=( 65 )
<2.16.756.5.5.200.8323328.110284.1740730895.14>
##$VisuStudyDate=<2025-02-28T09:21:35,654+0100>
##$VisuStudyId=( 65 )
<28022025_RatMRSI_HighResAnd3D_BA>
##$VisuStudyNumber=1
##$VisuSubjectWeight=0.001
##$VisuStudyReferringPhysician=( 65 )
<brayan>
##$VisuExperimentNumber=8
##$VisuProcessingNumber=1
##$VisuSeriesDate=<2025-02-28T10:15:52,920+0100>
##$VisuSubjectPosition=Head_Prone
##$VisuSeriesTypeId=( 65 )
<ACQ_BRUKER_PVM>
##$VisuSeriesCreationId=VCMN_ACQUISITION
##$VisuSeriesExperimentComment=( 65 )
<5_T2_TurboRARE_6_52K_Cor_250924_atlas_03_RC>
##$VisuSeriesFrameOfReferenceUid=( 65 )
<2.16.756.5.5.200.8323328.110284.1740730895.14>
##$VisuManufacturer=( 65 )
<Bruker BioSpin MRI GmbH>
##$VisuAcqSoftwareVersion=( 65 )
<PV-360.3.5>
##$VisuInstitution=( 65 )
<EPFL AVP CP CIBM, Lausanne>
##$VisuStation=( 65 )
<BAP94/31>
##$VisuSystemOrderNumber=( 65 )
<5074720>
##$VisuAcqDate=<2025-02-28T10:02:18,984+0100>
##$VisuAcqSequenceName=( 40 )
<Bruker:RARE>
##$VisuAcquisitionProtocol=( 65 )
<5_T2_TurboRARE_6_52K_Cor_250924_atlas_03_RC>
##$VisuAcqScanTime=800000
##$VisuAcqFrameNumbers=( 40 )
0 20 1 21 2 22 3 23 4 24 5 25 6 26 7 27 8 28 9 29 10 30 11 31 12 32 13 33 14 
34 15 35 16 36 17 37 18 38 19 39
##$VisuCardiacSynchUsed=No
##$VisuRespSynchUsed=No
##$VisuAcqNumberOfAverages=10
##$VisuAcqRepetitionTime=( 1 )
4000
##$VisuCoilReceiveName=( 65 )
<RF CP F2.5 400 1H R.BR1 ARR[2X2] S RO>
##$VisuCoilReceiveManufacturer=( 65 )
<BCH>
##$VisuCoilReceiveType=MULTICOIL
##$VisuCoilReceiveIsQuadrature=No
##$VisuCoilReceiveMultiName=( 4 )
(<Element 1>, Yes) (<Element 2>, Yes) (<Element 3>, Yes) (<Element 4>, Yes)
##$VisuCoilTransmitName=( 65 )
<RF RES 400 1H 112/086 QSN TR AD>
##$VisuCoilTransmitManufacturer=( 65 )
<BMRIDE>
##$VisuCoilTransmitType=MULTICOIL
##$VisuCoilTransmitIsQuadrature=Yes
##$VisuCoilTransmitMultiName=( 2 )
(<Element 1>, Yes) (<Element 2>, Yes)
##$VisuAcqEchoTrainLength=6
##$VisuAcqImagingFrequency=400.264128905802
##$VisuAcqImagedNucleus=( 8 )
<1H>
##$VisuAcqPixelBandwidth=406.901041666667
##$VisuAcqFlipAngle=180
##$VisuMrAcqFlipAngleVariable=No
##$VisuAcqSize=( 2 )
120 128
##$VisuAcqImageSizeAccellerated=Yes
##$VisuAcqGradEncoding=( 2 )
phase_enc read_enc
##$VisuAcqEchoTime=( 1 )
32
##$VisuAcqAntiAlias=( 2 )
1 1
##$VisuAcqEchoSequenceType=SpinEcho
##$VisuAcqSpinsVelocityEncoded=No
##$VisuAcqHasTimeOfFlightContrast=No
##$VisuAcqIsEpiSequence=No
##$VisuAcqSpectralSuppression=FatSuppression
##$VisuAcqKSpaceTraversal=RectilinearTraversal
##$VisuAcqEncodingOrder=( 2 )
LinearEncoding LinearEncoding
##$VisuAcqKSpaceTrajectoryCnt=0
##$VisuAcqKSpaceFiltering=( 2 )
DICOM_NONE DICOM_NONE
##$VisuAcqFlowCompensation=FlowNone
##$VisuAcqSpoiling=GradientSpoiled
##$VisuAcqSaturation=( 2 )
(FovSaturation, 6, 1 -0 0, 12.0262436889329 -0 0) (FovSaturation, 6, 1 -0 0, 
-11.9794013381598 0 -0)
##$VisuAcqPartialFourier=( 2 )
1.0666666667 1
##$VisuAcqParallelReductionFactor=( 2 )
1 1
##$VisuAcqMagnetizationTransfer=No
##$VisuAcqBloodSignalNulling=No
##$VisuMagneticFieldStrength=9.40116800323661
##$VisuMrMultiSpinEcho=Yes
##$VisuMrMultiPlanar=No
##$VisuMrSteadyStatePulse=MR_ST_TRANSVERSE
##$VisuMrSegmentedKSpaceTraversal=MR_SKST_PARTIAL
##$VisuMrCoverageOfKSpace=MR_CKS_FULL
##$VisuMrPercentSampling=93.75
$$ @vis= Visu VisuInstance VisuVersion VisuUid VisuCreator VisuCreatorVersion
$$ @vis= VisuCreationDate VisuInstanceType VisuInstanceModality
$$ @vis= VisuInstanceDeIdentified VisuCore VisuCoreFrameCount VisuCoreDim
$$ @vis= VisuCoreSize VisuCoreDimDesc VisuCoreExtent VisuCoreFrameThickness
$$ @vis= VisuCoreUnits VisuCoreOrientation VisuCorePosition
$$ @vis= VisuCoreModalityOffset VisuCoreAtsCenterDistance VisuCoreDataMin
$$ @vis= VisuCoreDataMax VisuCoreDataOffs VisuCoreDataSlope VisuCoreFrameType
$$ @vis= VisuCoreSlicePacksDef VisuCoreSlicePacksSlices
$$ @vis= VisuCoreSlicePacksSliceDist VisuPixel VisuCoreWordType
$$ @vis= VisuCoreByteOrder VisuFrameOrderDesc VisuFGOrderDescDim
$$ @vis= VisuFGOrderDesc VisuGroupDepVals VisuSubject VisuSubjectName
$$ @vis= VisuSubjectId VisuSubjectUid VisuSubjectInstanceCreationDate
$$ @vis= VisuSubjectBirthDate VisuSubjectSex VisuSubjectType VisuStudy
$$ @vis= VisuStudyUid VisuStudyDate VisuStudyId VisuStudyNumber
$$ @vis= VisuSubjectWeight VisuStudyReferringPhysician VisuSeries
$$ @vis= VisuExperimentNumber VisuProcessingNumber VisuSeriesDate
$$ @vis= VisuSubjectPosition VisuSeriesTypeId VisuSeriesCreationId
$$ @vis= VisuSeriesExperimentComment VisuSeriesFrameOfReferenceUid
$$ @vis= VisuContrastAgent VisuEquipment VisuManufacturer
$$ @vis= VisuAcqSoftwareVersion VisuInstitution VisuStation
$$ @vis= VisuSystemOrderNumber VisuAcq VisuAcqDate VisuAcqSequenceName
$$ @vis= VisuAcquisitionProtocol VisuAcqScanTime VisuAcqFrameNumbers
$$ @vis= VisuCardiacSynchUsed VisuRespSynchUsed VisuAcqNumberOfAverages
$$ @vis= VisuMxi VisuAcqRepetitionTime VisuCoilReceive VisuCoilReceiveName
$$ @vis= VisuCoilReceiveManufacturer VisuCoilReceiveType
$$ @vis= VisuCoilReceiveIsQuadrature VisuCoilReceiveMultiName VisuCoilTransmit
$$ @vis= VisuCoilTransmitName VisuCoilTransmitManufacturer
$$ @vis= VisuCoilTransmitType VisuCoilTransmitIsQuadrature
$$ @vis= VisuCoilTransmitMultiName VisuMri VisuAcqEchoTrainLength
$$ @vis= VisuAcqImagingFrequency VisuAcqImagedNucleus VisuAcqPixelBandwidth
$$ @vis= VisuAcqFlipAngle VisuMrAcqFlipAngleVariable VisuAcqSize
$$ @vis= VisuAcqImageSizeAccellerated VisuAcqGradEncoding VisuAcqEchoTime
$$ @vis= VisuAcqAntiAlias VisuAcqEchoSequenceType VisuAcqSpinsVelocityEncoded
$$ @vis= VisuAcqHasTimeOfFlightContrast VisuAcqIsEpiSequence
$$ @vis= VisuAcqSpectralSuppression VisuAcqKSpaceTraversal
$$ @vis= VisuAcqEncodingOrder VisuAcqKSpaceTrajectoryCnt
$$ @vis= VisuAcqKSpaceFiltering VisuAcqFlowCompensation VisuAcqSpoiling
$$ @vis= VisuAcqSaturation VisuAcqPartialFourier
$$ @vis= VisuAcqParallelReductionFactor VisuAcqMagnetizationTransfer
$$ @vis= VisuAcqBloodSignalNulling VisuMagneticFieldStrength
$$ @vis= VisuMrMultiSpinEcho VisuMrMultiPlanar VisuMrSteadyStatePulse
$$ @vis= VisuMrSegmentedKSpaceTraversal VisuMrCoverageOfKSpace
$$ @vis= VisuMrPercentSampling VisuMrs
##END=
$$ File finished by PARX at 2025-02-28 10:15:52.973 +0100
