##TITLE=Parameter List, ParaVision 360 V1.1
##JCAMPDX=4.24
##DATATYPE=Parameter Values
##ORIGIN=Bruker BioSpin MRI GmbH
##OWNER=cristina
$$ Write Options: Symbolic Enums, RLE encoded arrays, symbol visibility
$$ 2022-05-31 13:27:04.170 +0200  cristina@cibmscannerd
$$ /opt/nmrdata/user/Cristina/data/20220531_122600_MRSI_Rat_Reproducibility_31052022_MRSI_Rat_Reproducibility_31052022_1_1/12/method
$$ process /opt/PV-360.1.1/prog/bin/parxserver
##$Method=<Bruker:RARE>
##$PVM_GeoObj=( 2, 65 )
<PVM_SliceGeoObj> <PVM_MapShimVolDescr>
##$PVM_ExportHandler=( 4 )
(<BRUKER_PARIMPORT_SLICEGEO>, <>, <Slice Geometry>) (<BRUKER_PARIMPORT_FOVSAT>
, <>, <FOV Saturation>) (<BRUKER_PARIMPORT_SLICEORIENT>, <>, <Slice 
Orientation>) (<BRUKER_PARIMPORT_MAPSHIM>, <>, <Shim Volume>)
##$PVM_AtsCenteredAtsPos=No
##$PVM_EchoTime=9
##$EffectiveTE=( 1 )
27
##$PVM_RareFactor=6
##$PVM_RepetitionTime=3000
##$PVM_NAverages=2
##$PVM_NRepetitions=1
##$PVM_NEchoImages=1
##$PVM_ScanTime=252000
##$PVM_DeriveGains=Yes
##$ExcPulse1Enum=<Calculated>
##$ExcPulse1=(1.3125, 3200, 90, Yes, 3, 4200, 0.236151639875348, 
0.200434548747244, 0, 50, 0.235459598239083, <$ExcPulse1Shape>)
##$ExcPulse1Ampl=(0.235459598239083, 3.43117762757251, 6.2808360134652)
##$RefPulse1Enum=<Calculated>
##$RefPulse1=(1.0625, 3200, 180, Yes, 3, 3400, 0.160330341052974, 
0.14782164131072, 1, 0, 2.81716816468825, <$RefPulse1Shape>)
##$RefPulse1Ampl=(2.81716816468825, 11.8683785006383, -4.49812772018199)
##$PVM_GradCalConst=42252.2
##$PVM_Nucleus1Enum=<1H>
##$PVM_Nucleus1=( 8 )
<1H>
##$PVM_RefPowMod1=AutoAdj
##$PVM_RefPowCh1=0.0226202267607558
##$PVM_RefPowStat1=( 1024 )
<Study: Adj by Bruker:AdjRefPow protocol ADJ_REF_POW_TxSuc>
##$PVM_Nucleus2Enum=<1H>
##$PVM_Nucleus3Enum=<1H>
##$PVM_Nucleus4Enum=<1H>
##$PVM_Nucleus5Enum=<1H>
##$PVM_Nucleus6Enum=<1H>
##$PVM_Nucleus7Enum=<1H>
##$PVM_Nucleus8Enum=<1H>
##$PVM_FrqRef=( 8 )
599.419436667854 0 0 0 0 0 0 0
##$PVM_FrqWorkOffset=( 8 )
0 0 0 0 0 0 0 0
##$PVM_FrqWork=( 8 )
599.419436667854 0 0 0 0 0 0 0
##$PVM_FrqRefPpm=( 8 )
4.7 0 0 0 0 0 0 0
##$PVM_FrqWorkOffsetPpm=( 8 )
0 0 0 0 0 0 0 0
##$PVM_FrqWorkPpm=( 8 )
4.7 0 0 0 0 0 0 0
##$PVM_NucleiPpmWork=( 20 )
(<1H>, 4.7) (<none>, 0) (<none>, 0) (<none>, 0) (<none>, 0) (<none>, 0) 
(<none>, 0) (<none>, 0) (<none>, 0) (<none>, 0) (<none>, 0) (<none>, 0) 
(<none>, 0) (<none>, 0) (<none>, 0) (<none>, 0) (<none>, 0) (<none>, 0) 
(<none>, 0) (<none>, 0)
##$PVM_TxCoilScMode1=AutoAdj
##$PVM_TxCoilAdjStat1=( 1024 )
<System (Coil)>
##$PVM_TxCoilAmpScaling1=( 2 )
100 100
##$PVM_TxCoilPhaseOffset1=( 2 )
0 90
##$PVM_SpatDimEnum=<2D>
##$PVM_IsotropicFovRes=Isot_None
##$PVM_Matrix=( 2 )
256 256
##$PVM_MinMatrix=( 2 )
32 32
##$PVM_MaxMatrix=( 2 )
2048 2048
##$PVM_DefMatrix=( 3 )
256 256 64
##$PVM_AntiAlias=( 2 )
1 1
##$PVM_MaxAntiAlias=( 2 )
2 8
##$PVM_EncSpectroscopy=No
##$PVM_EncUseMultiRec=Yes
##$PVM_EncActReceivers=( 1 )
On
##$PVM_EncZf=( 2 )
1 1
##$PVM_EncPft=( 2 )
1 1
##$PVM_EncPftOverscans=( 2 )
128 126
##$PVM_EncPpi=( 2 )
1 1
##$PVM_EncPpiRefLines=( 2 )
0 0
##$PVM_EncOrder=( 2 )
LINEAR_ENC LINEAR_ENC
##$PVM_EncStart=( 2 )
0 -1
##$PVM_EncNReceivers=2
##$PVM_EncAvailReceivers=7
##$PVM_EncChanScaling=( 2 )
1 1
##$PVM_EncChanPhase=( 2 )
0 0
##$PVM_EncMatrix=( 2 )
256 252
##$PVM_EncTotalAccel=1.01587301587302
##$PVM_EncSteps1=( 252 )
-106 -64 -22 20 62 104 -105 -63 -21 21 63 105 -104 -62 -20 22 64 106 -103 -61 
-19 23 65 107 -102 -60 -18 24 66 108 -101 -59 -17 25 67 109 -100 -58 -16 26 
68 110 -99 -57 -15 27 69 111 -98 -56 -14 28 70 112 -97 -55 -13 29 71 113 -96 
-54 -12 30 72 114 -95 -53 -11 31 73 115 -94 -52 -10 32 74 116 -93 -51 -9 33 
75 117 -92 -50 -8 34 76 118 -91 -49 -7 35 77 119 -90 -48 -6 36 78 120 -89 -47 
-5 37 79 121 -88 -46 -4 38 80 122 -87 -45 -3 39 81 123 -86 -44 -2 40 82 124 
-85 -43 -1 41 83 125 -84 -42 0 42 84 -126 -83 -41 1 43 85 -125 -82 -40 2 44 
86 -124 -81 -39 3 45 87 -123 -80 -38 4 46 88 -122 -79 -37 5 47 89 -121 -78 
-36 6 48 90 -120 -77 -35 7 49 91 -119 -76 -34 8 50 92 -118 -75 -33 9 51 93 
-117 -74 -32 10 52 94 -116 -73 -31 11 53 95 -115 -72 -30 12 54 96 -114 -71 
-29 13 55 97 -113 -70 -28 14 56 98 -112 -69 -27 15 57 99 -111 -68 -26 16 58 
100 -110 -67 -25 17 59 101 -109 -66 -24 18 60 102 -108 -65 -23 19 61 103 -107
##$PVM_EncSteps2=( 1 )
0
##$PVM_EncCentralStep1=3
##$PVM_EncValues1=( 252 )
-0.828125 -0.5 -0.171875 0.15625 0.484375 0.8125 -0.8203125 -0.4921875 
-0.1640625 0.1640625 0.4921875 0.8203125 -0.8125 -0.484375 -0.15625 0.171875 
0.5 0.828125 -0.8046875 -0.4765625 -0.1484375 0.1796875 0.5078125 0.8359375 
-0.796875 -0.46875 -0.140625 0.1875 0.515625 0.84375 -0.7890625 -0.4609375 
-0.1328125 0.1953125 0.5234375 0.8515625 -0.78125 -0.453125 -0.125 0.203125 
0.53125 0.859375 -0.7734375 -0.4453125 -0.1171875 0.2109375 0.5390625 
0.8671875 -0.765625 -0.4375 -0.109375 0.21875 0.546875 0.875 -0.7578125 
-0.4296875 -0.1015625 0.2265625 0.5546875 0.8828125 -0.75 -0.421875 -0.09375 
0.234375 0.5625 0.890625 -0.7421875 -0.4140625 -0.0859375 0.2421875 0.5703125 
0.8984375 -0.734375 -0.40625 -0.078125 0.25 0.578125 0.90625 -0.7265625 
-0.3984375 -0.0703125 0.2578125 0.5859375 0.9140625 -0.71875 -0.390625 
-0.0625 0.265625 0.59375 0.921875 -0.7109375 -0.3828125 -0.0546875 0.2734375 
0.6015625 0.9296875 -0.703125 -0.375 -0.046875 0.28125 0.609375 0.9375 
-0.6953125 -0.3671875 -0.0390625 0.2890625 0.6171875 0.9453125 -0.6875 
-0.359375 -0.03125 0.296875 0.625 0.953125 -0.6796875 -0.3515625 -0.0234375 
0.3046875 0.6328125 0.9609375 -0.671875 -0.34375 -0.015625 0.3125 0.640625 
0.96875 -0.6640625 -0.3359375 -0.0078125 0.3203125 0.6484375 0.9765625 
-0.65625 -0.328125 0 0.328125 0.65625 -0.984375 -0.6484375 -0.3203125 
0.0078125 0.3359375 0.6640625 -0.9765625 -0.640625 -0.3125 0.015625 0.34375 
0.671875 -0.96875 -0.6328125 -0.3046875 0.0234375 0.3515625 0.6796875 
-0.9609375 -0.625 -0.296875 0.03125 0.359375 0.6875 -0.953125 -0.6171875 
-0.2890625 0.0390625 0.3671875 0.6953125 -0.9453125 -0.609375 -0.28125 
0.046875 0.375 0.703125 -0.9375 -0.6015625 -0.2734375 0.0546875 0.3828125 
0.7109375 -0.9296875 -0.59375 -0.265625 0.0625 0.390625 0.71875 -0.921875 
-0.5859375 -0.2578125 0.0703125 0.3984375 0.7265625 -0.9140625 -0.578125 
-0.25 0.078125 0.40625 0.734375 -0.90625 -0.5703125 -0.2421875 0.0859375 
0.4140625 0.7421875 -0.8984375 -0.5625 -0.234375 0.09375 0.421875 0.75 
-0.890625 -0.5546875 -0.2265625 0.1015625 0.4296875 0.7578125 -0.8828125 
-0.546875 -0.21875 0.109375 0.4375 0.765625 -0.875 -0.5390625 -0.2109375 
0.1171875 0.4453125 0.7734375 -0.8671875 -0.53125 -0.203125 0.125 0.453125 
0.78125 -0.859375 -0.5234375 -0.1953125 0.1328125 0.4609375 0.7890625 
-0.8515625 -0.515625 -0.1875 0.140625 0.46875 0.796875 -0.84375 -0.5078125 
-0.1796875 0.1484375 0.4765625 0.8046875 -0.8359375
##$PVM_EffSWh=54644.8087431694
##$EncGradDur=1.12635
##$PVM_AcquisitionTime=4.6848
##$ReadDephDur=2.8125
##$PVM_MinEchoTime=7.2873
##$RepetitionSpoiler=(Yes, 4, 1.35, 8.76570617317845)
##$EchoSpoilingAuto=Yes
##$EchoSpoilingSlice=1
##$EchoSpoilingSliceEff=1
##$EchoSpoilingRead=0.25
##$EchoSpoilingReadEff=0.25
##$SlabSel=Yes
##$PVM_Isotropic=Isotropic_None
##$PVM_Fov=( 2 )
24 24
##$PVM_FovCm=( 2 )
2.4 2.4
##$PVM_SpatResol=( 2 )
0.09375 0.09375
##$PVM_SliceThick=0.8
##$PVM_ObjOrderScheme=Interlaced
##$PVM_ObjOrderList=( 20 )
0 2 4 6 8 10 12 14 16 18 1 3 5 7 9 11 13 15 17 19
##$PVM_NSPacks=1
##$PVM_SPackArrNSlices=( 1 )
20
##$PVM_MajSliceOri=No
##$PVM_SPackArrSliceOrient=( 1 )
coronal
##$PVM_SPackArrReadOrient=( 1 )
H_F
##$PVM_SPackArrReadOffset=( 1 )
-1.05178
##$PVM_SPackArrPhase1Offset=( 1 )
-0.143461
##$PVM_SPackArrPhase2Offset=( 1 )
0
##$PVM_SPackArrSliceOffset=( 1 )
-0.931316
##$PVM_SPackArrSliceGapMode=( 1 )
non_contiguous
##$PVM_SPackArrSliceGap=( 1 )
0
##$PVM_SPackArrSliceDistance=( 1 )
0.8
##$PVM_SPackArrGradOrient=( 1, 3, 3 )
0 0 1 1 0 0 0 1 0
##$PVM_SliceGeo=( 1 )
(((0 0 1 -1 0 0 0 -1 0, 0.143461 0.931316 -1.05178, 0 0 0), 24 24 16, 
<+R;read> <+P;phase> <+S;slice>, 0), 20, 1, 256, 0.8, 0, No)
##$PVM_SliceGeoObj=(<BRUKER_SLICEPACKAGE>, GeoCuboidPackId, Standard_GobjShape,
 <PVM_SliceGeo>, <PVM_ObjOrderList>, 0, <R;read> <P;phase> <S;slice>, Yes, 
4195848)
##$PVM_EffPhase0Offset=( 20 )
@20*(-1.05178)
##$PVM_EffPhase1Offset=( 20 )
@20*(-0.143461)
##$PVM_EffPhase2Offset=( 20 )
@20*(0)
##$PVM_EffSliceOffset=( 20 )
-8.531316 -7.731316 -6.931316 -6.131316 -5.331316 -4.531316 -3.731316 
-2.931316 -2.131316 -1.331316 -0.531316000000001 0.268683999999999 1.068684 
1.868684 2.668684 3.468684 4.268684 5.068684 5.868684 6.668684
##$PVM_EffReadOffset=( 20 )
@20*(-1.05178)
##$PVM_Phase0Offset=( 20 )
@20*(-1.05178)
##$PVM_Phase1Offset=( 20 )
@20*(-0.143461)
##$PVM_Phase2Offset=( 20 )
@20*(0)
##$PVM_SliceOffset=( 20 )
-8.531316 -7.731316 -6.931316 -6.131316 -5.331316 -4.531316 -3.731316 
-2.931316 -2.131316 -1.331316 -0.531316000000001 0.268683999999999 1.068684 
1.868684 2.668684 3.468684 4.268684 5.068684 5.868684 6.668684
##$PVM_ReadOffset=( 20 )
@20*(-1.05178)
##$PVM_DummyScans=4
##$PVM_DummyScansDur=12000
##$PVM_TriggerModule=Off
##$PVM_TriggerMode=per_PhaseStep
##$PVM_TriggerDelay=1
##$PVM_TriggerDur=0.01
##$PVM_TriggerModuleTime=0
##$PVM_EvolutionOnOff=Off
##$PVM_NEvolutionCycles=2
##$PVM_EvolutionCycles=1
##$PVM_EvolutionMode=Constant_Delay
##$PVM_EvolutionTime=( 2 )
1 0
##$PVM_EvolutionDelay=1
##$PVM_EvolutionModuleTime=0
##$PVM_SelIrOnOff=Off
##$PVM_BlBloodOnOff=Off
##$PVM_FatSupOnOff=On
##$PVM_FatSupPulEnum=<gauss512>
##$PVM_FatSupPul=(1.20175438596491, 2280, 90, No, 4, 2740, 0.4150688, 
0.295357137487272, 0, 50, 0.0909128649052249, <gauss512.exc>)
##$PVM_FatSupPulAmpl=(0.0909128649052249, 2.13205141712419, 10.413746562498)
##$PVM_FatSupBandWidth=2280
##$PVM_FatSupSpoil=(Yes, 3, 0.81, 10.9571327164731)
##$PVM_FatSupModuleTime=2.03175438596491
##$PVM_FatSupPerform=Yes
##$PVM_FatSupRampTime=0.27
##$PVM_FatSupGradWait=0.01
##$PVM_FatSupFL=( 1 )
-2188.97908396705
##$PVM_FatSupRfLength=1201.75438596491
##$PVM_FatSupSpoilDur=0.54
##$PVM_FatSupSpoilAmp=10.9571327164731
##$PVM_FwsOnOff=Off
##$PVM_FwsChemShift=3.5
##$PVM_FwsAngle=140
##$PVM_FwsEchoShift=0
##$PVM_FwsLoop=1
##$PVM_SatTransOnOff=Off
##$PVM_SatTransType=MTC
##$PVM_SatTransPulse=(1.82666666666667, 1500, 117.1, No, 3, 2740, 0.4181723, 
0.298723764675971, 0, 50, 0.0656291221238559, <gauss.exc>)
##$PVM_SatTransPulseEnum=<gauss>
##$PVM_SatTransPulseAmpl=(0.0656291221238559, 1.81147898309442, 
11.8290340496622)
##$PVM_SatTransPulseAmpl_uT=10.0017644460368
##$PVM_SatTransFreqInput=by_value
##$PVM_SatTransFreqUnit=unit_hz
##$PVM_SatTransFreqValues=( 1 )
1500
##$PVM_SatTransFreqRanges=( 1, 3 )
0 0 0
##$PVM_SatTransInterPulseDelay=0.01
##$PVM_SatTransNPulses=1
##$PVM_SatTransSpoil=(Yes, 5, 2, 7.39606458361932)
##$PVM_SatTransModuleTime=0
##$PVM_SatTransModuleMeanRFPower=8.69921310235066
##$PVM_SatTransPowerList=( 1 )
0.0656291221238559
##$PVM_SatTransRepetitions=1
##$PVM_SatTransRefScan=Off
##$PVM_SatTransFL=( 1 )
1500
##$PVM_StD0=1e-06
##$PVM_StD1=1e-06
##$PVM_StD2=1e-06
##$PVM_StD3=1e-06
##$PVM_StP0=10
##$PVM_FovSatOnOff=Off
##$PVM_FovSatPulEnum=<Calculated>
##$PVM_FovSatPul=(1.2, 5000, 90, Yes, 4, 6000, 0.155352536733369, 
0.135449017488208, 0, 50, 0.650875259445919, <$PVM_FovSatPulShape>)
##$PVM_FovSatPulAmpl=(0.650875259445919, 5.70471410083765, 1.86502236201738)
##$PVM_FovSatNSlices=1
##$PVM_FovSatThick=( 1 )
4
##$PVM_FovSatOffset=( 1 )
0
##$PVM_FovSatSpoil=(Yes, 10, 1.08, 5.47856635823653)
##$PVM_FovSatSpoilDur=0.81
##$PVM_FovSatSpoilAmp=5.47856635823653
##$PVM_FovSatModuleTime=0
##$PVM_FovSatGrad=( 1, 3 )
2.95842583344773 0 0
##$PVM_FovSatRampTime=0.27
##$PVM_FovSatGradWait=0.01
##$PVM_FovSatSliceOri=( 1 )
sagittal
##$PVM_FovSatSliceVec=( 1, 3 )
-1 0 0
##$PVM_FovSatFL=( 1 )
0
##$PVM_FovSatRfLength=1200
##$PVM_FovSatGeoObj=(<BRUKER_FOVSAT>, GeoPlanarId, Standard_GobjShape, 
<PVM_FovSatGeoCub>, <>, 0, <1;first> <2;second> <S;slice>, Yes, 524384)
##$PVM_FovSatGeoCub=( 1 )
(((0 -1 0 0 0 -1 1 0 0, 0 0 0, 0 0 0), 58 58 4, <+R;read> <+P;phase> 
<+S;slice>, 0), 1, 1, 1, 4, 0, No)
##$PVM_InFlowSatOnOff=Off
##$PVM_InFlowSatNSlices=1
##$PVM_InFlowSatThick=( 1 )
4
##$PVM_InFlowSatMinThick=0.118337033337909
##$PVM_InFlowSatSliceGap=1
##$PVM_FlowSatGeoObj=(<BRUKER_FLOWSAT>, GeoPlanarId, Standard_GobjShape, 
<PVM_FlowSatGeoCub>, <>, 0, <1;first> <2;second> <S;slice>, Yes, 553191)
##$PVM_FlowSatGeoCub=( 1 )
(((1 0 0 0 -1 0 0 0 -1, 0 0 -6.45, 0 0 0), 24 24 4, <+1;first> <+2;second> 
<+S;slice>, 0), 1, 1, 1, 4, 0, No)
##$PVM_FlowSatPulEnum=<Calculated>
##$PVM_FlowSatPul=(1.2, 5000, 90, Yes, 4, 6000, 0.155352536733369, 
0.135449017488208, 0, 50, 0.650875259445919, <$PVM_FlowSatPulShape>)
##$PVM_FlowSatPulAmpl=(0.650875259445919, 5.70471410083765, 1.86502236201738)
##$PVM_InFlowSatSpoil=(Yes, 5, 0.81, 3.65237757215769)
##$PVM_InFlowSatPos=up
##$PVM_InFlowSatModuleTime=0
##$PVM_InFlowSatFL=( 20 )
-6414.145 -4414.145 -2414.145 -414.145000000001 1585.855 3585.855 5585.855 
7585.855 9585.855 11585.855 -5414.145 -3414.145 -1414.145 585.854999999999 
2585.855 4585.855 6585.855 8585.855 10585.855 12585.855
##$PVM_SfD0=0.00027
##$PVM_SfD2=0.00081
##$PVM_SfP0=1200
##$PVM_SfLp0=1
##$PVM_TaggingOnOff=Off
##$PVM_TaggingPulEnum=<bp>
##$PVM_TaggingPul=(0.2, 6400, 90, No, 3, 1280, 1, 1, 0, 50, 0.565505669018895, 
<bp.exc>)
##$PVM_TaggingPulAmpl=(0.565505669018895, 5.31745084142249, 2.47563037049254)
##$PVM_TaggingMode=SPAMM
##$PVM_TaggingDir=Tagging_grid
##$PVM_TaggingDistance=1
##$PVM_TaggingMinDistance=0.001
##$PVM_TaggingThick=0.2
##$PVM_TaggingOffset1=0
##$PVM_TaggingOffset2=0
##$PVM_TaggingAngle=0
##$PVM_TaggingDelay=0.01
##$PVM_TaggingModuleTime=0
##$PVM_TaggingInterPulseDelay=0.783348133351636
##$PVM_TaggingPulseNumber=5
##$PVM_TaggingPulseElement=0.04
##$PVM_TaggingGradientStrength=5
##$PVM_TaggingGridDelay=0.01
##$PVM_TaggingFL=( 2 )
0 0
##$PVM_TaggingD0=1e-05
##$PVM_TaggingD1=1e-05
##$PVM_TaggingD2=0.000473348133351636
##$PVM_TaggingD3=0.00054
##$PVM_TaggingD4=0.00027
##$PVM_TaggingP0=40
##$PVM_TaggingLp0=4
##$PVM_TaggingGradAmp1=5
##$PVM_TaggingGradAmp2=-0
##$PVM_TaggingGradAmp3=0
##$PVM_TaggingGradAmp4=5
##$PVM_TaggingSpoiler=(Yes, 1, 0.81, 31.1669552824123)
##$PVM_DriftCompYesNo=No
##$PVM_DriftCompStore=No
##$PVM_DriftCompUpdateTime=12000
##$PVM_DriftCompNavOnOff=On
##$PVM_DriftCompModuleTime=0
##$PVM_DriftCompNavPoints=96
##$PVM_DriftCompNavPulse=(0.548, 5000, 1, No, 3, 2740, 0.4181723, 
0.298723764675971, 0, 50, 5.31790157997641e-05, <gauss.exc>)
##$PVM_DriftCompNavPulseEnum=<gauss>
##$PVM_DriftCompNavSWh=10000
##$PVM_DriftCompNavSpoilYesNo=No
##$PVM_DriftCompNavSpoil=(Yes, 1, 1, 10)
##$PVM_DriftCompStickFreq=No
##$PVM_DriftCompNavD1=9.6
##$PVM_DriftCompNavD2=0
##$PVM_DriftCompNavD3=0.045
##$PVM_DriftCompNavD4=0.065
##$PVM_DriftCompNavD5=0
##$PVM_DriftCompNavP0=1
##$PVM_MotionSupOnOff=On
##$PVM_FlipBackOnOff=On
##$PVM_MapShimReady=Yes
##$PVM_MapShimLocShim=No
##$PVM_MapShimStatus=( 128 )
<Mapshim ready.>
##$PVM_MapShimCalcStat=( 256 )
<Succeeded>
##$PVM_DynamicShim=( 1, 9 )
0 0 0 0 0 0 0 0 0
##$PVM_MapShimNVolumes=1
##$PVM_MapShimVolDescr=(<BRUKER_SHIMVOL>, GeoCuboidPackId, 
Ellipsoid_In_GobjShape, <PVM_MapShimVolumes>, <>, 0, <+1; 1st dir> <+2; 2nd 
dir> <+3; 3rd dir>, Yes, 524288)
##$PVM_MapShimVolumes=( 1 )
(((1 0 0 0 1 0 0 0 1, -0.0167794 0.963485 -0.449721, 0 0 0), 13.8 8 15, <+1; 
1st dir> <+2; 2nd dir> <+3; 3rd dir>, 0), 1, 1, 1, 15, 0, Yes)
##$PVM_MapShimVolShape=Ellipsoid
##$PVM_StudyB0Map=(</opt/nmrdata/user/Cristina/data>, 
<20220531_122600_MRSI_Rat_Reproducibility_31052022_MRSI_Rat_Reproducibility_31052022_1_1>, 900001, 1)
##$PVM_B0MapShimset=( 9 )
-0.000107288373385474 -0.228885328450446 1.34279392690929 -1.56176089112688 
7.4013885709926 2.06912336919203 -5.86480506599527 3.75371938658732 
1.82040131227588
##$PVM_ReqShimEnum=Map_Shim
##$PVM_MapShimUseShims=AllShims
##$PVM_MapShimVolDerive=No
##$PVM_MapShimVolMargin=( 3 )
0 0 0
##$PVM_MapShimVolMaster=( 65 )
<PVM_SliceGeoObj>
##$PVM_DynamicShimEnable=No
##$PVM_DynamicShimConstrainToFast=No
##$PVM_DynamicShimSliceMargin=1
##$PVM_DynamicShimEventDuration=15
##$PVM_AtsNpos=1
##$PVM_AtsOverlap=0
##$PVM_AtsShifts=( 1 )
0
##$PVM_AtsPositions=( 1 )
0
##$PVM_AtsCentralSetup=Yes
##$PVM_AtsScanPosition=0
##$PVM_AtsCentralEndPos=Yes
##$PVM_AtsCenterPos=0
##$PVM_AtsFov=24
##$PVM_AtsResol=0.09375
##$PVM_AutoRg=( 1 )
(<job0>, 80.6)
##$PVM_RampTime=0.22
##$PVM_RiseTime=0.27
##$PVM_DynamicShimRisetime=5
##$PVM_RgJob=<job0>
##$PVM_RgValue=80.6
$$ @vis= MethodFileGroup MethodClass Method MethManagGroup PVM_GeoObj
$$ @vis= PVM_ExportHandler PVM_SysConfigHandler PVM_EchoTime EffectiveTE
$$ @vis= PVM_RareFactor PVM_RepetitionTime PVM_NAverages PVM_NRepetitions
$$ @vis= PVM_NEchoImages PVM_ScanTimeStr PVM_DeriveGains RF_Pulses
$$ @vis= ExcPulse1Enum ExcPulse1 RefPulse1Enum RefPulse1 Nuclei
$$ @vis= PVM_GradCalConst PVM_Nucleus1Enum PVM_Nucleus1 PVM_RefPowMod1
$$ @vis= PVM_RefPowCh1 PVM_RefPowStat1 PVM_FrqRef PVM_FrqWorkOffset
$$ @vis= PVM_FrqWork PVM_FrqRefPpm PVM_FrqWorkOffsetPpm PVM_FrqWorkPpm
$$ @vis= PVM_NucleiPpmWork PVM_TxCoilScMode1 PVM_TxCoilAdjStat1
$$ @vis= PVM_TxCoilAmpScaling1 PVM_TxCoilPhaseOffset1 Encoding PVM_SpatDimEnum
$$ @vis= PVM_IsotropicFovRes PVM_Matrix PVM_MinMatrix PVM_MaxMatrix
$$ @vis= PVM_DefMatrix PVM_AntiAlias PVM_MaxAntiAlias PVM_EncSpectroscopy
$$ @vis= PVM_EncUseMultiRec PVM_EncActReceivers PVM_EncZf PVM_EncPft
$$ @vis= PVM_EncPftOverscans PVM_EncPpi PVM_EncOrder PVM_EncStart
$$ @vis= Encoding_Output PVM_EncNReceivers PVM_EncAvailReceivers
$$ @vis= PVM_EncChanScaling PVM_EncChanPhase PVM_EncMatrix PVM_EncTotalAccel
$$ @vis= PVM_EncSteps1 PVM_EncCentralStep1 PVM_EncValues1 Sequence_Details
$$ @vis= PVM_EffSWh EncGradDur PVM_AcquisitionTime ReadDephDur PVM_MinEchoTime
$$ @vis= PVM_MinFov PVM_MinSliceThick RepetitionSpoiler EchoSpoilingAuto
$$ @vis= EchoSpoilingSlice EchoSpoilingSliceEff EchoSpoilingRead
$$ @vis= EchoSpoilingReadEff SlabSel ImageGeometry PVM_Isotropic PVM_Fov
$$ @vis= PVM_SpatResol PVM_SliceThick PVM_ObjOrderScheme PVM_ObjOrderList
$$ @vis= PVM_NSPacks PVM_SPackArrNSlices PVM_MajSliceOri
$$ @vis= PVM_SPackArrSliceOrient PVM_SPackArrReadOrient PVM_SPackArrReadOffset
$$ @vis= PVM_SPackArrPhase1Offset PVM_SPackArrSliceOffset
$$ @vis= PVM_SPackArrSliceGapMode PVM_SPackArrSliceGap
$$ @vis= PVM_SPackArrSliceDistance PVM_SliceGeo PVM_SliceGeoObj
$$ @vis= SliceOffsetPars Preparation DummyScans_Parameters PVM_DummyScans
$$ @vis= PVM_DummyScansDur PVM_TriggerModule PVM_EvolutionOnOff PVM_SelIrOnOff
$$ @vis= PVM_SelIrInvTime PVM_SelIrNSlabs PVM_SelIrSlabThick PVM_SelIrMinThick
$$ @vis= PVM_SelIrSlabOffset PVM_SelIrPulEnum PVM_SelIrPul PVM_SelIrPulAmpl
$$ @vis= PVM_SelIrSpoiler PVM_SelIrModuleTime PVM_SelIrOffsetHz PVM_SelIrGrad
$$ @vis= PVM_SelIrFL PVM_SelIrD0 PVM_SelIrD1 PVM_SelIrD2 PVM_SelIrD4
$$ @vis= PVM_SelIrP0 PVM_SelIrL0 PVM_BlBloodOnOff PVM_BlBloodInvTime
$$ @vis= PVM_BlBloodNSlabs PVM_BlBloodSlabThick PVM_BlBloodMinThick
$$ @vis= PVM_BlBloodSlabOffset PVM_BlBloodPulEnum PVM_BlBloodPul
$$ @vis= PVM_BlBloodPulAmpl PVM_BlBloodSpoiler PVM_BlBloodModuleTime
$$ @vis= PVM_BlBloodOffsetHz PVM_BlBloodGrad PVM_BlBloodFL PVM_BlbD0 PVM_BlbD1
$$ @vis= PVM_BlbD2 PVM_BlbP0 PVM_FatSupOnOff Fat_Sup_Parameters
$$ @vis= PVM_FatSupPulEnum PVM_FatSupPul PVM_FatSupBandWidth PVM_FatSupSpoil
$$ @vis= PVM_FatSupModuleTime PVM_FatSupPerform PVM_FatSupRampTime
$$ @vis= PVM_FatSupGradWait PVM_FatSupFL PVM_FatSupRfLength PVM_FatSupSpoilDur
$$ @vis= PVM_FatSupSpoilAmp Fws_Parameters PVM_FwsOnOff PVM_FwsLoop
$$ @vis= PVM_SatTransOnOff PVM_FovSatOnOff Fov_Sat_Parameters
$$ @vis= PVM_InFlowSatOnOff PVM_TaggingOnOff DriftComp_Parameters
$$ @vis= PVM_DriftCompYesNo PVM_DriftCompNavOnOff PVM_DriftCompNavD1
$$ @vis= PVM_DriftCompNavD2 PVM_DriftCompNavD3 PVM_DriftCompNavD4
$$ @vis= PVM_DriftCompNavD5 PVM_DriftCompNavP0 PVM_MotionSupOnOff
$$ @vis= PVM_FlipBackOnOff MapShim PVM_MapShimReady PVM_MapShimLocShim
$$ @vis= PVM_MapShimStatus PVM_MapShimCalcStat PVM_DynamicShim
$$ @vis= PVM_MapShimNVolumes PVM_MapShimVolDescr PVM_MapShimVolumes
$$ @vis= PVM_MapShimVolShape PVM_StudyB0Map PVM_B0MapShimset PVM_ReqShimEnum
$$ @vis= PVM_MapShimUseShims PVM_MapShimVolDerive PVM_MapShimVolMaster
$$ @vis= PVM_DynamicShimConstrainToFast MethodAtsGroup PVM_AtsScanPosition
$$ @vis= PVM_AtsCenterPos PVM_AutoRg PVM_RampTime PVM_RiseTime
$$ @vis= PVM_DynamicShimRisetime RgGroup PVM_RgJob PVM_RgValue
##END=
$$ File finished by PARX at 2022-05-31 13:27:04.174 +0200
