##TITLE=Parameter List, ParaVision 360 V3.5
##JCAMPDX=4.24
##DATATYPE=Parameter Values
##ORIGIN=Bruker BioSpin MRI GmbH
##OWNER=cristina
$$ Write Options: Symbolic Enums, RLE encoded arrays, symbol visibility
$$ 2025-07-11 11:03:45.038 +0200  cristina@cibmsafe94t1
$$ /opt/PV-360.3.5/data/cristina/20250711_084756_Toi_dMRS_20250711_RatFem_dSPECIAL_dMRI_1_4/35/pdata/1/visu_pars
$$ process /opt/PV-360.3.5/prog/bin/parxserver
##$VisuVersion=8
##$VisuUid=( 65 )
<2.16.756.5.5.200.8323328.1372159.1752223789.1952>
##$VisuCreator=( 65 )
<ParaVision>
##$VisuCreatorVersion=( 195 )
<360.3.5>
##$VisuCreationDate=<2025-07-11T11:03:44,937+0200>
##$VisuInstanceType=STANDARD_INSTANCE
##$VisuInstanceModality=( 65 )
<MR>
##$VisuInstanceDeIdentified=No
##$VisuCoreFrameCount=196
##$VisuCoreDim=1
##$VisuCoreSize=( 1 )
4096
##$VisuCoreDimDesc=( 1 )
spectroscopic
##$VisuCoreExtent=( 1 )
12.4918802778194
##$VisuCoreUnits=( 1, 65 )
<[ppm]>
##$VisuCoreAtsCenterDistance=0
##$VisuCoreDataMin=( 196 )
111.227680242023 181.955482761798 127.597997190625 58.3041358180904 
47.4121931103174 78.6564883862945 32.2071052593634 64.1028491140844 
155.380885601723 125.716279038129 153.047157015804 15.8896968703159 
210.058319453474 79.4436902180027 119.235879803006 57.7277675112335 
124.546766655541 30.2245786864053 73.8849425301226 73.9349247158653 
68.7351970539959 65.6323579262181 131.222742699984 146.433656044364 
30.6382370777323 106.134431715906 152.693284927476 81.8969280346159 
222.382501515516 95.0639295266089 73.5613601038208 130.167190221015 
43.7430165496503 85.324036977945 8.44577440820522 26.6910430372992 
65.435428585557 162.515058501396 26.7516359374901 125.712558118439 
71.6378056848929 128.076683451184 33.7911434774745 135.95424342893 
44.3010169526239 61.6912893331386 148.160560936394 39.4497798936429 
22.7188838113009 115.40345371316 49.2013644193949 100.752995484203 
50.9583334163278 49.6646996107082 102.578922694539 123.686878054894 
112.297769256201 149.964052145927 66.7092193121102 97.3952790117696 
147.436423668601 21.860027715399 28.0851017823588 44.3348795901447 
40.4785382103358 60.2331158098203 122.626033335569 42.3945048246989 
123.111937073398 56.3143002131419 146.887233048745 46.1650487193342 
103.26982538679 37.4918257260749 39.8977646379535 15.7851718525613 
134.476956666325 127.429004125271 135.206494532556 85.9559020793723 
186.211714646541 24.993756669813 113.696536759464 61.6722188215514 
151.196079713632 155.1490886383 40.2290173011 27.5786082201722 
125.808076849033 58.7169751844829 113.271402402013 65.836870003833 
170.022183228724 22.5403608973607 74.7978203063505 94.2493390774447 
150.421384537533 74.0597462450394 63.7269509139698 101.829827316178 
199.764707243385 49.918681250399 122.544888735342 50.9367785603208 
63.2779794579114 127.839174900388 129.960278410193 118.756900578039 
123.617019651114 106.736307010551 53.0161433970697 30.1935544361007 
84.9508668250629 159.31723949739 117.816902691322 87.9054013661607 
69.6498738009585 70.1089337264473 126.621609506772 97.876740759266 
28.1925670620605 53.652750254133 118.744346823655 39.1609372970843 
111.805506941622 103.879538670697 114.548665516639 68.2000577134764 
144.670627852522 72.0656788038652 118.766640750606 65.4521636123527 
53.4566696203529 125.376221257919 50.1416633190739 40.6984156466459 
48.4162557539349 130.52452316393 59.3845018060985 57.4615937657945 
180.113274875646 60.0949180963337 59.9048180377198 61.5485186154643 
27.1180178243147 80.5759749081045 105.268627235515 59.911002419541 
23.2774537237947 76.4645603515072 136.403894377744 13.8305518393734 
122.935469432378 24.5907596187651 57.6038729576246 139.137696444281 
98.5060031923263 105.604520819647 67.8562853616519 61.641150237946 
83.2674938030692 92.1608483562474 81.2747698846415 73.0972420109825 
51.9925936577607 29.3080843378674 123.593479338439 55.8184744556771 
125.31379397242 42.989783446605 117.852588846437 96.8158619256128 
66.0828455664897 37.0986005150384 22.7169818680772 61.8463468662619 
50.0423178653963 86.9429079197556 53.1410744268686 79.5628965377135 
91.5989413065713 111.524909375715 72.4535465411905 33.1266028752999 
45.3799243970598 20.5564217698727 105.368417623263 50.1926140827876 
175.622457682421 63.7569742464694 99.0732246738318 89.3496936805341 
22.4206874938197 27.3297449456985 78.5361051910175 159.566114412833
##$VisuCoreDataMax=( 196 )
28708.4295913706 22690.0512862343 27100.0978925773 21945.5856925564 
29373.6207159392 21732.8259449403 24656.4497520587 17521.905282178 
26747.5966672691 22211.6279554163 21708.1635637863 19574.2383649513 
26515.7540133212 20600.8556314378 23756.6422717268 18448.690814874 
22011.4451421936 19008.6621038042 28302.9513687558 20322.7702685343 
25484.9400705799 18082.7599795127 28242.1046371544 21221.8207704913 
25248.8678475773 18918.8634217723 27673.968525317 20639.1526420311 
28720.5996793568 18039.3590476729 23966.956266676 21886.4841439956 
26762.4724665445 21648.9363426398 27771.5473654892 22612.2808919556 
28128.2439520846 21747.4272833816 27051.1065588642 20529.1182910274 
32198.7467492277 21570.480612445 25029.4169466767 19866.3232250033 
22497.3893779438 18566.692943453 24002.3971792726 21567.810301506 
26543.8216875003 21964.2840277084 25582.3115354775 20580.6838000896 
20943.1423017066 21255.2021011707 21492.5080653675 21351.7085936878 
27271.2006848754 21152.4759284774 25282.7389549381 17351.7827265086 
25756.216840632 16860.9745205191 19313.7800301104 17859.8240691265 
23481.402140286 18292.1351911529 24972.2648728658 20321.1325347539 
26260.3023485313 17991.2668128433 23110.9749164109 21050.8164002311 
23195.7402394893 20147.3353545936 28861.9484387444 18077.1406152441 
27096.650296142 20380.3749595194 26197.5429199293 20602.1178546505 
21080.1363077212 18940.7060263652 23718.0756870434 19283.4280657214 
25627.1362026736 27582.321353804 23631.9905040416 21264.4579885051 
27421.8249511363 20604.7707425458 24433.5477815748 18819.474761712 
26037.0138815487 25092.8318435616 24600.429138234 20332.8725668389 
29618.5310111269 17212.2649206794 24290.4654681294 20516.8330752375 
27991.606046768 16853.8100879292 21571.3581996109 22171.9069882305 
26899.5727677998 18397.5143317767 25632.7384306535 24746.9482602263 
25574.931625474 19000.6309579198 28442.45035647 17603.0473148905 
26376.5525907396 23800.0847543872 27101.9006689674 19405.1238533282 
29481.6614763175 17238.2908240582 22427.7137351241 21930.5210644028 
27678.4391100335 23286.7058795795 30957.5852678728 20337.038671775 
25537.8701733808 16997.5836200463 26106.8097750575 17701.5681476058 
27789.7079316456 18921.5645420373 26418.6042307136 20217.6677471791 
29036.6378580648 16164.1688124122 28192.2247662813 19815.6675970976 
27971.343911397 20388.6959564326 21062.7474596342 20040.7619852494 
29078.1682384946 20713.6201701192 24287.3807146768 19841.4574038114 
28959.7553014619 19371.2818825253 32406.8091722058 24683.5518504985 
28307.7328552824 20739.4751864172 22457.6683940422 19337.5534520783 
22568.9551478466 20595.6512885136 24002.5357181472 17608.7891379772 
28417.746674807 22849.0559693559 21243.4511473086 20820.090108603 
21502.9484260105 22615.0665015544 26290.1677492724 16875.6706568722 
29068.0560779579 18889.7936732666 28566.6335952787 20277.9162196661 
28212.6919130378 17905.74381823 25881.277558094 18527.6895412993 
29004.9922476542 23861.4094409866 26709.0737158473 18428.1458834264 
25317.867804188 22347.3913647496 24848.6171518382 18348.2201700724 
24021.9186391466 20651.4937050071 27675.751465788 24412.0239051094 
23028.1517156463 20619.4937296039 20857.7669475354 18879.843699174 
28583.465681113 19350.6434519285 26008.2747924709 16322.2415573464 
24611.6781838603 22500.8488269615 32766.5 21502.9174772338
##$VisuCoreDataOffs=( 196 )
@196*(0)
##$VisuCoreDataSlope=( 196 )
@196*(0.139652319203781)
##$VisuCoreFrameType=( 1 )
MAGNITUDE_IMAGE
##$VisuCoreWordType=_16BIT_SGN_INT
##$VisuCoreByteOrder=littleEndian
##$VisuFGOrderDescDim=1
##$VisuFGOrderDesc=( 1 )
(196, <FG_CYCLE>, <>, 0, 0)
##$VisuSubjectName=( 65 )
<Rat^^^^>
##$VisuSubjectId=( 65 )
<Toi_dMRS>
##$VisuSubjectUid=( 65 )
<2.16.756.5.5.200.8323328.13785.1751265749.13>
##$VisuSubjectInstanceCreationDate=(1751265749, 531, 120)
##$VisuSubjectBirthDate=( 9 )
<20250630>
##$VisuSubjectSex=UNKNOWN
##$VisuSubjectType=Quadruped
##$VisuStudyUid=( 65 )
<2.16.756.5.5.200.8323328.1372159.1752216476.13>
##$VisuStudyDate=<2025-07-11T08:47:56,829+0200>
##$VisuStudyId=( 65 )
<20250711_RatFem_dSPECIAL_dMRI>
##$VisuStudyNumber=4
##$VisuSubjectWeight=0.2064
##$VisuStudyReferringPhysician=( 65 )
<Toi>
##$VisuExperimentNumber=35
##$VisuProcessingNumber=1
##$VisuSeriesDate=<2025-07-11T11:03:44,937+0200>
##$VisuSubjectPosition=Head_Prone
##$VisuSeriesTypeId=( 65 )
<ACQ_USER_PVM>
##$VisuSeriesCreationId=VCMN_ACQUISITION
##$VisuSeriesExperimentComment=( 65 )
<m_tm150_b30_rep196>
##$VisuSeriesFrameOfReferenceUid=( 65 )
<2.16.756.5.5.200.8323328.1372159.1752216476.13>
##$VisuManufacturer=( 65 )
<Bruker BioSpin MRI GmbH>
##$VisuAcqSoftwareVersion=( 65 )
<PV-360.3.5>
##$VisuInstitution=( 65 )
<EPFL AVP CP CIBM, Lausanne>
##$VisuStation=( 65 )
<BAP94/31>
##$VisuSystemOrderNumber=( 65 )
<5074720>
##$VisuAcqDate=<2025-07-11T10:53:43,686+0200>
##$VisuAcqSequenceName=( 40 )
<User:specialjmDWspIRnoXtt>
##$VisuAcquisitionProtocol=( 65 )
<specialjmDWspIRnoXtt_metHippo_150425>
##$VisuAcqScanTime=588000
##$VisuAcqFrameNumbers=( 196 )
0 1 2 3 4 5 6 7 8 9 10 11 12 13 14 15 16 17 18 19 20 21 22 23 24 25 26 27 28 
29 30 31 32 33 34 35 36 37 38 39 40 41 42 43 44 45 46 47 48 49 50 51 52 53 54 
55 56 57 58 59 60 61 62 63 64 65 66 67 68 69 70 71 72 73 74 75 76 77 78 79 80 
81 82 83 84 85 86 87 88 89 90 91 92 93 94 95 96 97 98 99 100 101 102 103 104 
105 106 107 108 109 110 111 112 113 114 115 116 117 118 119 120 121 122 123 
124 125 126 127 128 129 130 131 132 133 134 135 136 137 138 139 140 141 142 
143 144 145 146 147 148 149 150 151 152 153 154 155 156 157 158 159 160 161 
162 163 164 165 166 167 168 169 170 171 172 173 174 175 176 177 178 179 180 
181 182 183 184 185 186 187 188 189 190 191 192 193 194 195
##$VisuCardiacSynchUsed=No
##$VisuRespSynchUsed=No
##$VisuAcqNumberOfAverages=1
##$VisuCoilReceiveName=( 65 )
<RF CP F2.5 400 1H R.BR1 ARR[2X2] S RO>
##$VisuCoilReceiveManufacturer=( 65 )
<BCH>
##$VisuCoilReceiveType=MULTICOIL
##$VisuCoilReceiveIsQuadrature=No
##$VisuCoilReceiveMultiName=( 4 )
(<Element 1>, Yes) (<Element 2>, Yes) (<Element 3>, Yes) (<Element 4>, Yes)
##$VisuCoilTransmitName=( 65 )
<RF RES 400 1H 112/086 QSN TR AD>
##$VisuCoilTransmitManufacturer=( 65 )
<BMRIDE>
##$VisuCoilTransmitType=MULTICOIL
##$VisuCoilTransmitIsQuadrature=Yes
##$VisuCoilTransmitMultiName=( 2 )
(<Element 1>, Yes) (<Element 2>, Yes)
##$VisuAcqEchoTrainLength=1
##$VisuAcqImagingFrequency=400.264108174495
##$VisuAcqImagedNucleus=( 8 )
<1H>
##$VisuAcqPixelBandwidth=390.625
##$VisuAcqFlipAngle=180
##$VisuMrAcqFlipAngleVariable=No
##$VisuAcqSize=( 1 )
4096
##$VisuAcqImageSizeAccellerated=No
##$VisuAcqGradEncoding=( 1 )
no_gradient_enc
##$VisuAcqEchoTime=( 1 )
0
##$VisuAcqAntiAlias=( 1 )
1
##$VisuAcqEchoSequenceType=SpinEcho
##$VisuAcqSpinsVelocityEncoded=No
##$VisuAcqHasTimeOfFlightContrast=No
##$VisuAcqIsEpiSequence=No
##$VisuAcqSpectralSuppression=WaterSuppression
##$VisuAcqKSpaceTraversal=RectilinearTraversal
##$VisuAcqEncodingOrder=( 1 )
LinearEncoding
##$VisuAcqKSpaceTrajectoryCnt=0
##$VisuAcqKSpaceFiltering=( 1 )
DICOM_NONE
##$VisuAcqFlowCompensation=FlowNone
##$VisuAcqSpoiling=GradientSpoiled
##$VisuAcqMagnetizationTransfer=No
##$VisuAcqBloodSignalNulling=No
##$VisuMagneticFieldStrength=9.40116751631189
##$VisuMrMultiSpinEcho=No
##$VisuMrMultiPlanar=No
##$VisuMrSteadyStatePulse=MR_ST_NONE
##$VisuMrSegmentedKSpaceTraversal=MR_SKST_SINGLE
##$VisuMrCoverageOfKSpace=MR_CKS_FULL
##$VisuMrPercentSampling=100
##$VisuMrsTransmitterFreq=( 1 )
400.264108174495
##$VisuMrsResonantNuclei=( 1, 8 )
<1H>
##$VisuMrsSpectralWidth=( 1 )
5000
##$VisuMrsChemicalShiftReference=( 1 )
4.7
##$VisuMrsZeroFillsCnt=( 1 )
0
##$VisuMrsFrequencyCorrection=No
##$VisuMrsFirstOrderPhaseCorrection=No
##$VisuMrsBaselineCorrection=MRS_BLC_NONE
##$VisuMrsLocalizationTechnique=MRS_VLT_NONE
##$VisuMrsDecoupling=No
##$VisuMrsWaterReferencePhaseCorrection=Yes
##$VisuMrsWaterReferenceAcquisition=MRS_WR_USED_DISCARDED
##$VisuMrsAcquisitionType=MRS_ACQ_SINGLE_VOXEL
##$VisuMrsEchoPeakPosition=1
$$ @vis= Visu VisuInstance VisuVersion VisuUid VisuCreator VisuCreatorVersion
$$ @vis= VisuCreationDate VisuInstanceType VisuInstanceModality
$$ @vis= VisuInstanceDeIdentified VisuCore VisuCoreFrameCount VisuCoreDim
$$ @vis= VisuCoreSize VisuCoreDimDesc VisuCoreExtent VisuCoreUnits
$$ @vis= VisuCoreAtsCenterDistance VisuCoreDataMin VisuCoreDataMax
$$ @vis= VisuCoreDataOffs VisuCoreDataSlope VisuCoreFrameType VisuPixel
$$ @vis= VisuCoreWordType VisuCoreByteOrder VisuFrameOrderDesc
$$ @vis= VisuFGOrderDescDim VisuFGOrderDesc VisuSubject VisuSubjectName
$$ @vis= VisuSubjectId VisuSubjectUid VisuSubjectInstanceCreationDate
$$ @vis= VisuSubjectBirthDate VisuSubjectSex VisuSubjectType VisuStudy
$$ @vis= VisuStudyUid VisuStudyDate VisuStudyId VisuStudyNumber
$$ @vis= VisuSubjectWeight VisuStudyReferringPhysician VisuSeries
$$ @vis= VisuExperimentNumber VisuProcessingNumber VisuSeriesDate
$$ @vis= VisuSubjectPosition VisuSeriesTypeId VisuSeriesCreationId
$$ @vis= VisuSeriesExperimentComment VisuSeriesFrameOfReferenceUid
$$ @vis= VisuContrastAgent VisuEquipment VisuManufacturer
$$ @vis= VisuAcqSoftwareVersion VisuInstitution VisuStation
$$ @vis= VisuSystemOrderNumber VisuAcq VisuAcqDate VisuAcqSequenceName
$$ @vis= VisuAcquisitionProtocol VisuAcqScanTime VisuAcqFrameNumbers
$$ @vis= VisuCardiacSynchUsed VisuRespSynchUsed VisuAcqNumberOfAverages
$$ @vis= VisuMxi VisuCoilReceive VisuCoilReceiveName
$$ @vis= VisuCoilReceiveManufacturer VisuCoilReceiveType
$$ @vis= VisuCoilReceiveIsQuadrature VisuCoilReceiveMultiName VisuCoilTransmit
$$ @vis= VisuCoilTransmitName VisuCoilTransmitManufacturer
$$ @vis= VisuCoilTransmitType VisuCoilTransmitIsQuadrature
$$ @vis= VisuCoilTransmitMultiName VisuMri VisuAcqEchoTrainLength
$$ @vis= VisuAcqImagingFrequency VisuAcqImagedNucleus VisuAcqPixelBandwidth
$$ @vis= VisuAcqFlipAngle VisuMrAcqFlipAngleVariable VisuAcqSize
$$ @vis= VisuAcqImageSizeAccellerated VisuAcqGradEncoding VisuAcqEchoTime
$$ @vis= VisuAcqAntiAlias VisuAcqEchoSequenceType VisuAcqSpinsVelocityEncoded
$$ @vis= VisuAcqHasTimeOfFlightContrast VisuAcqIsEpiSequence
$$ @vis= VisuAcqSpectralSuppression VisuAcqKSpaceTraversal
$$ @vis= VisuAcqEncodingOrder VisuAcqKSpaceTrajectoryCnt
$$ @vis= VisuAcqKSpaceFiltering VisuAcqFlowCompensation VisuAcqSpoiling
$$ @vis= VisuAcqMagnetizationTransfer VisuAcqBloodSignalNulling
$$ @vis= VisuMagneticFieldStrength VisuMrMultiSpinEcho VisuMrMultiPlanar
$$ @vis= VisuMrSteadyStatePulse VisuMrSegmentedKSpaceTraversal
$$ @vis= VisuMrCoverageOfKSpace VisuMrPercentSampling VisuMrs
$$ @vis= VisuMrsTransmitterFreq VisuMrsResonantNuclei VisuMrsSpectralWidth
$$ @vis= VisuMrsChemicalShiftReference VisuMrsZeroFillsCnt
$$ @vis= VisuMrsFrequencyCorrection VisuMrsFirstOrderPhaseCorrection
$$ @vis= VisuMrsBaselineCorrection VisuMrsLocalizationTechnique
$$ @vis= VisuMrsDecoupling VisuMrsWaterReferencePhaseCorrection
$$ @vis= VisuMrsWaterReferenceAcquisition VisuMrsAcquisitionType
$$ @vis= VisuMrsEchoPeakPosition
##END=
$$ File finished by PARX at 2025-07-11 11:03:45.040 +0200
