##TITLE=Parameter List, ParaVision 360 V3.5
##JCAMPDX=4.24
##DATATYPE=Parameter Values
##ORIGIN=Bruker BioSpin MRI GmbH
##OWNER=cristina
$$ Write Options: Symbolic Enums, RLE encoded arrays, symbol visibility
$$ 2025-07-11 14:43:44.187 +0200  cristina@cibmsafe94t1
$$ /opt/PV-360.3.5/data/cristina/20250711_084756_Toi_dMRS_20250711_RatFem_dSPECIAL_dMRI_1_4/39/pdata/2/reco
$$ process /opt/PV-360.3.5/prog/bin/parxserver
##$RECO_abs_time=(1752237824, 164, 120)
##$RECO_base_image_uid=( 65 )
<2.16.756.5.5.200.8323328.1593527.1752237752.217>
##$RECO_fov=( 1 )
5.8
##$RECO_size=( 1 )
4096
##$RecoAutoDerive=No
##$RecoDim=1
##$RecoSpatDim=0
##$RecoObjectsPerRepetition=1
##$RecoObjectsPerSetupStep=1
##$RecoSortObjectsPerRepetition=1
##$RecoNumRepetitions=96
##$RecoNumOutputChan=1
##$RecoEncodingFrames=1
##$RecoRepetitionGroupSize=1
##$RecoPreppassProcDim=0
##$RECO_inp_order=NO_REORDERING
##$RECO_inp_size=( 1 )
4096
##$RECO_ft_size=( 1 )
4096
##$RECO_offset=( 1, 1 )
0
##$RECO_qopts=( 1 )
NO_QOPTS
##$RECO_wdw_mode=( 1 )
NO_WDW
##$RECO_lb=( 1 )
-0.5
##$RECO_sw=( 1 )
0
##$RECO_gb=( 1 )
0.5
##$RECO_sbs=( 1 )
1
##$RECO_tm1=( 1 )
0.25
##$RECO_tm2=( 1 )
0.75
##$RECO_ft_mode=( 1 )
COMPLEX_FT
##$RECO_pc_mode=( 1 )
NO_PC
##$RECO_pc_lin=( 1 )
(0, 0)
##$RECO_rotate=( 1, 1 )
0.5
##$RECO_ppc_mode=NO_PPC
##$RECO_ppc_degree=1
##$RECO_transposition=( 1 )
0
##$RECO_image_type=MAGNITUDE_IMAGE
##$RECO_image_threshold=0.15
##$RECO_wordtype=_16BIT_SGN_INT
##$RECO_map_mode=ABSOLUTE_MAPPING
##$RECO_map_range=( 2 )
-2147483647 2147483647
##$RECO_map_percentile=( 2 )
1 99.9
##$RECO_map_error=0.025
##$RECO_minima=( 96 )
71.3352044572892 47.5368904244314 24.914102727401 33.2618357020705 
53.3615256520416 29.0251019260619 29.3016797554315 47.0257666501817 
110.282077075098 70.4974255484817 28.1337084658353 102.39886726365 
54.8494007771021 15.8256876951173 99.7986543192515 38.8215411065026 
66.5213686195012 32.4192741979083 132.44822764308 53.2548340124458 
20.374528061869 36.0797773108833 175.204236604354 43.2952115930476 
24.855376004168 51.86950104613 106.569157622744 53.0065708821664 
30.1770645340184 62.3403596078498 99.4378434185209 7.95878082808195 
63.8329466480086 49.8447671997692 13.2633898785528 30.4349067450738 
24.4092163017543 45.6510372979374 29.0211810135513 49.5684318841226 
23.1625901787942 51.7573176575833 98.1888082223509 100.615766150713 
84.7410428833555 73.1074563991829 47.1523890225054 100.376280128701 
35.963093889998 18.1389162948667 65.1472280062269 42.5532153109302 
32.3390729000553 23.3727566127014 114.095142427099 54.929473254587 
53.2377012810245 65.001194888147 47.6298515122532 33.5016060417088 
81.6027302063171 73.4045076063521 18.7097298504118 72.0739811059291 
51.7442766797326 103.138132858178 63.3969432275401 6.29897289691253 
102.588205444571 62.1853722859662 74.274617326919 14.4397736049199 
10.5399670101721 44.13448738619 30.7045666846063 80.9108991298058 
62.1593761307995 51.7005388067347 6.20983911198567 50.4124526220945 
141.142193035456 61.6775879064865 6.8231555251913 2.23184916433887 
115.200228382425 31.4995283037864 95.3805132431334 76.2471921275029 
72.4094290207984 8.18544230449577 73.2452548837298 75.9902966178378 
25.9668484937293 42.9749332008099 32.0145777592073 48.6610379439399
##$RECO_maxima=( 96 )
29649.3948387818 15551.3026137125 26861.0796185062 18638.5484964187 
24798.5154405585 13977.7333419404 25484.2874332721 13915.7028866835 
26506.4105833301 16476.4837330175 27603.2428889542 15038.7579128656 
25916.907411345 13727.1178787787 32766.5 13107.4907124198 25674.3229567362 
14093.6627917241 23759.942928137 15878.6272412969 24599.2577438539 
11589.7911789199 26131.8516558987 12686.3377779304 27247.4415896125 
14585.5565914035 26567.7246743627 16947.7175375697 27831.7903586065 
15520.4883642047 24785.5874637447 13544.825747497 30903.639211507 
10699.5239396489 23248.0014227012 17381.9916680358 28158.1143921251 
14754.3603661244 24706.0528890507 14916.0845817419 22914.3837953864 
16410.8974159236 24451.4981675077 17987.1433281047 29917.4589957361 
12399.7710373576 23558.19301353 17954.9418524248 25291.473925911 
16034.8680931091 27570.9689239887 11969.7291194378 24055.3477958828 
11643.8243404436 25760.2641819151 14603.0627987225 24865.6963748198 
14783.7563985201 24733.5309166196 16862.62116401 22337.4469803202 
14883.170787838 19712.9354007222 11880.1408535457 27389.155080423 
18596.9034715585 28020.0892658891 14348.2205399557 31292.2742893305 
12271.9568064997 27753.0979270204 15201.600687526 22617.9540862189 
17416.3764104194 22782.8759918231 14869.7201671187 30987.2856749675 
15777.8956242798 30162.6418699188 15432.8500305109 29129.4372427566 
15435.8176036985 24990.0764365289 16458.1000019097 27864.3160500934 
14471.009971206 25080.1061146818 12824.2036554848 28185.136374097 
11221.0060390333 28407.1753655239 14628.6878466339 29152.7539595663 
15333.793734119 26142.599681039 14312.9904336642
##$RECO_map_min=( 96 )
@96*(-9535.78308245836)
##$RECO_map_max=( 96 )
@96*(9535.78308245836)
##$RECO_map_offset=( 96 )
@96*(0)
##$RECO_map_slope=( 96 )
@96*(3.43616247524295)
##$RECO_byte_order=littleEndian
##$RecoUserUpdate=Yes
##$RecoReverseSegment=0
##$RecoB0DemodOff=0
##$RecoB0DemodDelay=0
##$RecoFTOrder=( 1 )
-1
##$RecoHalfFTAlgorithm=ZEROFILLING
##$RecoHalfFT=( 1 )
No
##$RecoHalfFTPos=( 1 )
2048
##$RecoHalfFTAcq=No
##$RecoNoFT=No
##$RecoExportSortedData=No
##$RecoCorrPhase=RecoCorrPhaseOff
##$RecoCorrPhaseRef=-1
##$RECO_map_user_slope=1
##$RECO_map_user_offset=0
##$RecoNumInputChan=4
##$RecoScaleChan=( 4 )
0.530920052 0.548250066 0.671002 0.520566084
##$RecoPhaseChan=( 4 )
0 333.577624509749 70.3286442877188 332.606885030727
##$RecoCombineMode=AddImages
##$RecoEncGenInt=0
##$RecoSortDim=0
##$RecoSortSize=( 1 )
0
##$RecoSortRange=( 1 )
0
##$RecoSortSegment=( 1 )
0
##$RecoSortMaps=( 1 )
0
##$RecoGrappaAccelFactor=1
##$RecoGrappaAccelFactor2=1
##$RecoGrappaKernelRead=5
##$RecoGrappaKernelPhase=4
##$RecoGrappaKernelPhase2=4
##$RecoGrappaKernelTime=3
##$RecoGrappaNumRefRead=64
##$RecoGrappaNumRefPhase=0
##$RecoGrappaNumRefPhase2=0
##$RecoGrappaIncludeRefLines=Yes
##$RecoGrappaFirstRepOnly=No
##$RecoGrappaReadCenter=0
##$RecoGrappaPhaseCenter=0
##$RecoGrappaPhaseCenter2=0
##$RecoGrappaTruncThresh=0.01
##$RecoGrappaLambda=0.01
##$RecoGrappaCoefReps=1
##$RecoSliceGrappaAccelFactor=1
##$RecoSliceGrappaBlipValue=1
##$RecoSliceGrappaKernelRead=5
##$RecoSliceGrappaKernelPhase=4
##$RecoSliceGrappaNumRefRead=0
##$RecoSliceGrappaNumRefPhase=0
##$RecoSliceGrappaReadCenter=0
##$RecoSliceGrappaPhaseCenter=0
##$RecoSliceGrappaTruncThresh=0.01
##$RecoSliceGrappaLambda=0.01
##$RecoSliceGrappaOff=No
##$RecoGrappa3D=No
##$RecoGrappaCaipirinha=No
##$RecoGrappaTCaipirinha=No
##$RecoGrappaVirtualCoils=No
##$RecoGrappaVirtualCoilsLambda=2
##$RecoGrappaPeak=No
##$RecoGrappaTimeLoop=No
##$RecoGrappaOne=No
##$RecoGrappaOneLambda=0.1
##$RecoSegGrappa=No
##$RecoSegGrappaCalibrateFromB0=No
##$RecoSegGrappaInt=0
##$RecoSegGrappaSegments=1
##$RecoSegGrappaTruncThresh=0.01
##$RecoSegGrappaLambda=0.01
##$RecoSegGrappaLambdaSeg=2
##$RecoItGrappa=1
##$RecoCS=No
##$RecoRegridN=Off
##$RecoStageNrPasses=3
##$RecoStagePasses=( 3 )
(<FIRSTPASS>, 0) (<PREPPASS>, 1) (<MAPPASS>, 2)
##$RecoStageNrNodes=65
##$RecoStageNodes=( 65 )
(<job0>, 0, <RecoSharedQueueSource 
Q0{queueId=Job_In0;initQueue=true;appendPsId=true;dim=2;procDim=1;sizes={16384,1};nr=96;dataRep=SIGNED;baseField=COMPLEX;wordSize=4}>) (<job0>, 0, <RecoSharedQueueSink QS{queueId=Job_Out0;initQueue=true;appendPsId=true}>) (<job0>, 0, <RecoFileSink FS{jobNdx=0;writeAcqPars=true;filename="/opt/PV-360.3.5/data/cristina/20250711_084756_Toi_dMRS_20250711_RatFem_dSPECIAL_dMRI_1_4/39/rawdata.job0"}>) (<job0>, 0, <RecoProgressMonitorFilter PM{reportScanProgress="1/1"}>) (<job0>, 0, <RecoTeeFilter TeeStorage>) (<job0>, 0, <RecoCastFilter CastToFloatMain{dataRep=FLOAT;wordSize=8}>) (<job0>, 0, <RecoTeeFilter TeeAverage>) (<job0>, 0, <RecoDummySink DummyAverage>) (<job0>, 0, <RecoAcqOutFilter Av{displayEachAccumulation=1;displayEachScan=0;displayEachPeStep=0;displayFt=0;magnitudeImage=1;shuffle=0;ftSize=4096;size=4096;offset=0;cnt=2;ndx=0;procnoPath="/opt/PV-360.3.5/data/cristina/20250711_084756_Toi_dMRS_20250711_RatFem_dSPECIAL_dMRI_1_4/39/pdata/1/";displayObjects=1;modalityType=1;innerObjects=1;outerObjects=1;average=1;numRecs=4;overlayCurves=0;}>) (<job0>, 0, <RecoCastFilter CastToIntMain{dataRep=SIGNED;wordSize=4}>) (<job1>, 0, <RecoSharedQueueSource Q0{queueId=Job_In1;initQueue=true;appendPsId=true;dim=2;procDim=1;sizes={512,1};nr=96;dataRep=SIGNED;baseField=COMPLEX;wordSize=4}>) (<job1>, 0, <RecoSharedQueueSink QS{queueId=Job_Out1;initQueue=true;appendPsId=true}>) (<job1>, 0, <RecoFileSink FS{jobNdx=1;writeAcqPars=false;filename="/opt/PV-360.3.5/data/cristina/20250711_084756_Toi_dMRS_20250711_RatFem_dSPECIAL_dMRI_1_4/39/rawdata.Navigator"}>) (<job1>, 0, <RecoCastFilter CastToFloatMain{dataRep=FLOAT;wordSize=8}>) (<job1>, 0, <RecoDetermineB0Filter DB{width=\<ACQ_DriftCompFilterWidth\>;step=\<ACQ_DriftCompStep\>;sampleBW=20000.000000;B0Value=\<ACQ_DriftCompOffset\>;activeReceivers=4;debugFiles=0;}>) (<job1>, 0, <RecoReloadB0Filter B0{B0Value=\<ACQ_DriftCompOffset\>;B0CC=625000.000000;simulationMode=false}>) (<job1>, 0, <RecoAcqOutFilter Av{displayEachAccumulation=0;displayEachScan=1;displayEachPeStep=0;displayFt=0;magnitudeImage=1;shuffle=0;ftSize=4096;size=4096;offset=0;cnt=2;ndx=1;procnoPath="/opt/PV-360.3.5/data/cristina/20250711_084756_Toi_dMRS_20250711_RatFem_dSPECIAL_dMRI_1_4/39/pdata/1/";displayObjects=1;modalityType=1;innerObjects=1;outerObjects=1;average=1;numRecs=4;overlayCurves=0;}>) (<job1>, 0, <RecoCastFilter CastToIntMain{dataRep=SIGNED;wordSize=4}>) (<job1>, 0, <RecoTeeFilter TeeStorage>) (<input>, 0, <RecoFileSource FS0{initFromRawJob=0;procDim=1;numChan=4;contData=true;}>) (<input>, 0, <RecoSharedQueueSink JQ0{queueId=Job_Out0;appendPsId=true;initQueue=true;}>) (<input>, 0, <RecoFileSource FS1{initFromRawJob=1;procDim=1;numChan=4;contData=true;}>) (<input>, 0, <RecoSharedQueueSink JQ1{queueId=Job_Out1;appendPsId=true;initQueue=true;}>) (<compute>, 0, <RecoSharedQueueSource Q0{initFromJob=0;queueId=Job_Out0;appendPsId=true;}>) (<compute>, 0, <RecoSharedQueueSource JQ1{initFromJob=1;queueId=Job_Out1;appendPsId=true;}>) (<compute>, 0, <RecoDummySink JS1{verbose=false}>) (<compute>, 0, <RecoBufferSink S0{procDim=1;frameDim=2;bufferId="FIRSTPASS0";memId="out0"}>) (<compute>, 0, <RecoBufferSink S1{procDim=1;frameDim=2;bufferId="FIRSTPASS1";memId="out1"}>) (<compute>, 0, <RecoBufferSink S2{procDim=1;frameDim=2;bufferId="FIRSTPASS2";memId="out2"}>) (<compute>, 0, <RecoBufferSink S3{procDim=1;frameDim=2;bufferId="FIRSTPASS3";memId="out3"}>) (<compute>, 0, <RecoSplitFilter SP0{dim=1; keepBlocksize=1}>) (<compute>, 0, <RecoCastFilter CAST0{dataRep=FLOAT; wordSize=8}>) (<compute>, 0, <RecoCastFilter CAST1{dataRep=FLOAT; wordSize=8}>) (<compute>, 0, <RecoCastFilter CAST2{dataRep=FLOAT; wordSize=8}>) (<compute>, 0, <RecoCastFilter CAST3{dataRep=FLOAT; wordSize=8}>) (<compute>, 1, <RecoBufferSource Q0{procDim=1;frameDim=2;bufferId="FIRSTPASS0";memId="out0"}>) (<compute>, 1, <RecoBufferSource Q1{procDim=1;frameDim=2;bufferId="FIRSTPASS1";memId="out1"}>) (<compute>, 1, <RecoBufferSource Q2{procDim=1;frameDim=2;bufferId="FIRSTPASS2";memId="out2"}>) (<compute>, 1, <RecoBufferSource Q3{procDim=1;frameDim=2;bufferId="FIRSTPASS3";memId="out3"}>) (<compute>, 1, <RecoBufferSink S0{procDim=1;frameDim=2;bufferId="PREPPASS0";memId="in0"}>) (<compute>, 1, <RecoScaleFilter SCALE0{scaleFactor=\<RecoScaleChan[0]\>; phaseOffset=\<RecoPhaseChan[0]\>}>) (<compute>, 1, <RecoScaleFilter SCALE1{scaleFactor=\<RecoScaleChan[1]\>; phaseOffset=\<RecoPhaseChan[1]\>}>) (<compute>, 1, <RecoScaleFilter SCALE2{scaleFactor=\<RecoScaleChan[2]\>; phaseOffset=\<RecoPhaseChan[2]\>}>) (<compute>, 1, <RecoScaleFilter SCALE3{scaleFactor=\<RecoScaleChan[3]\>; phaseOffset=\<RecoPhaseChan[3]\>}>) (<compute>, 1, <RecoAddFilter SOS0>) (<compute>, 1, <RecoMagnitudeFilter G0>) (<compute>, 1, <RecoMinMaxFilter M0{map_min=\<RECO_map_min\>;map_max=\<RECO_map_max\>;}>) (<compute>, 2, <RecoBufferSource Q0{procDim=1;frameDim=2;bufferId="PREPPASS0";memId="in0"}>) (<compute>, 2, <RecoSharedQueueSink S0{initQueue=true;queueId=RecoComp_Out;appendPsId=true;}>) (<compute>, 2, <RecoMapFilter MAP0{symmetricMode=true;minima=\<RECO_minima\>;maxima=\<RECO_maxima\>;slope=\<RECO_map_slope\>;offset=\<RECO_map_offset\>;map_min=\<RECO_map_min\>;map_max=\<RECO_map_max\>;rangeMin=-32766.500000;rangeMax=32766.500000;perObjectMode=false;cutoffMode=true;}>) (<compute>, 2, <RecoCastFilter CAST0{dataRep=SIGNED;wordSize=2}>) (<output>, 2, <RecoSharedQueueSource Q{queueId=RecoComp_Out;appendPsId=true;procDim=1;initFromRECO=true;}>) (<output>, 2, <RecoProfileDisplayFilter DISP{isRecoDisp=true;dim=1;modalityType=1;procnoPath="/opt/PV-360.3.5/data/cristina/20250711_084756_Toi_dMRS_20250711_RatFem_dSPECIAL_dMRI_1_4/39/pdata/2/";}>) (<output>, 2, <RecoFileSink S{writePars=true;shuffle=false;filename="2dseq";numChans=1;}>) (<compute>, 0, <RecoAverageFilter AVE0{avList=\<AverageList\>;avListSize=1;nObj=1;newSize=\<RECO_inp_size\>;}>) (<compute>, 0, <RecoAverageFilter AVE1{avList=\<AverageList\>;avListSize=1;nObj=1;newSize=\<RECO_inp_size\>;}>) (<compute>, 0, <RecoAverageFilter AVE2{avList=\<AverageList\>;avListSize=1;nObj=1;newSize=\<RECO_inp_size\>;}>) (<compute>, 0, <RecoAverageFilter AVE3{avList=\<AverageList\>;avListSize=1;nObj=1;newSize=\<RECO_inp_size\>;}>) (<compute>, 1, <RecoFTShiftFilter FTS0{shift=0.5; winDirection=0; exponent=1}>) (<compute>, 1, <RecoFTFilter FT0{direction=0; exponent=1}>) (<compute>, 1, <RecoTeeFilter T0>) (<compute>, 1, <RecoCastFilter FILECAST0{wordSize=4; dataRep=SIGNED}>) (<compute>, 1, <RecoFileSink FSINK0{filename="/opt/PV-360.3.5/data/cristina/20250711_084756_Toi_dMRS_20250711_RatFem_dSPECIAL_dMRI_1_4/39/fid";shuffle=true}>) (<compute>, 1, <RecoZfillFilter ZFILL0{fillingPosition=1.0;fixedSize=4096}>) (<compute>, 1, <RecoDivideFilter DIV0{divisor=4}>)
##$RecoStageNrEdges=56
##$RecoStageEdges=( 56 )
(<job0>, 0, <Q0-\>PM>) (<job0>, 0, <PM-\>TeeStorage>) (<job0>, 0, 
<TeeStorage-\>CastToFloatMain>) (<job0>, 0, <CastToFloatMain-\>TeeAverage>) 
(<job0>, 0, <TeeAverage-\>Av>) (<job0>, 0, <Av-\>DummyAverage>) (<job0>, 0, 
<TeeAverage-\>CastToIntMain>) (<job0>, 0, <CastToIntMain-\>QS>) (<job0>, 0, 
<TeeStorage-\>FS>) (<job1>, 0, <Q0-\>CastToFloatMain>) (<job1>, 0, 
<CastToFloatMain-\>DB>) (<job1>, 0, <DB-\>B0>) (<job1>, 0, <B0-\>Av>) (<job1>,
 0, <Av-\>CastToIntMain>) (<job1>, 0, <CastToIntMain-\>TeeStorage>) (<job1>, 
0, <TeeStorage-\>QS>) (<job1>, 0, <TeeStorage-\>FS>) (<input>, 0, <FS0-\>JQ0>)
 (<input>, 0, <FS1-\>JQ1>) (<compute>, 0, <JQ1-\>JS1>) (<compute>, 0, 
<Q0-\>SP0>) (<compute>, 0, <SP0-\>CAST0>) (<compute>, 0, <SP0-\>CAST1>) 
(<compute>, 0, <SP0-\>CAST2>) (<compute>, 0, <SP0-\>CAST3>) (<compute>, 0, 
<AVE0-\>S0>) (<compute>, 0, <AVE1-\>S1>) (<compute>, 0, <AVE2-\>S2>) 
(<compute>, 0, <AVE3-\>S3>) (<compute>, 1, <Q0-\>SCALE0>) (<compute>, 1, 
<Q1-\>SCALE1>) (<compute>, 1, <Q2-\>SCALE2>) (<compute>, 1, <Q3-\>SCALE3>) 
(<compute>, 1, <SCALE0-\>SOS0.0>) (<compute>, 1, <SCALE1-\>SOS0.1>) (<compute>
, 1, <SCALE2-\>SOS0.2>) (<compute>, 1, <SCALE3-\>SOS0.3>) (<compute>, 1, 
<FT0-\>G0>) (<compute>, 1, <G0-\>M0>) (<compute>, 1, <M0-\>S0>) (<compute>, 2,
 <Q0-\>MAP0>) (<compute>, 2, <MAP0-\>CAST0>) (<compute>, 2, <CAST0-\>S0>) 
(<output>, 2, <Q-\>DISP>) (<output>, 2, <DISP-\>S>) (<compute>, 0, 
<CAST0-\>AVE0>) (<compute>, 0, <CAST1-\>AVE1>) (<compute>, 0, <CAST2-\>AVE2>) 
(<compute>, 0, <CAST3-\>AVE3>) (<compute>, 1, <T0-\>FTS0>) (<compute>, 1, 
<FTS0-\>FT0>) (<compute>, 1, <SOS0-\>T0>) (<compute>, 1, <T0-\>DIV0>) 
(<compute>, 1, <FILECAST0-\>ZFILL0>) (<compute>, 1, <ZFILL0-\>FSINK0>) 
(<compute>, 1, <DIV0-\>FILECAST0>)
##$ACQ_SetupRecoDisplay=Yes
##$ACQ_SetupImageType=MAGNITUDE_IMAGE
##$RecoDisplay=Yes
##$RecoEachNR=No
##$RecoPrototype=No
##$RecoGradientLinearityCorrection=No
##$RecoGradientLinearityCorrectionDebug=1
##$RecoGradientLinearityCorrectionApprox=No
$$ @vis= RECO RECO_INSTANCE RECO_time RECO_abs_time RECO_base_image_uid
$$ @vis= RECO_fov RECO_size RecoAutoDerive RecoDim RecoSpatDim
$$ @vis= RecoObjectsPerRepetition RecoObjectsPerSetupStep
$$ @vis= RecoSortObjectsPerRepetition RecoNumRepetitions RecoNumOutputChan
$$ @vis= RecoEncodingFrames RecoRepetitionGroupSize RECO_inp_order
$$ @vis= RECO_inp_size RECO_ft_size RECO_wdw_mode RECO_ft_mode RECO_pc_mode
$$ @vis= RECO_rotate RECO_transposition RECO_image_type RECO_wordtype
$$ @vis= RECO_map_mode RECO_minima RECO_maxima RECO_map_min RECO_map_max
$$ @vis= RECO_map_offset RECO_map_slope RECO_byte_order RecoModeUser
$$ @vis= RecoUserUpdate RecoB0DemodOff RecoWindow RecoFTOrder RecoHalfFT
$$ @vis= RecoHalfFTPos RecoHalfFTAcq RecoNoFT RecoExportSortedData
$$ @vis= RecoCorrPhase RecoCorrPhaseRef RecoMap RecoNumInputChan RecoScaleChan
$$ @vis= RecoPhaseChan RecoCombineMode RecoEncGenInt RecoSortGroup RecoSortDim
$$ @vis= RecoGrappaGroup RecoGrappaAccelFactor RecoGrappaAccelFactor2
$$ @vis= RecoGrappaFirstRepOnly RecoGrappaCoefReps RecoSliceGrappaAccelFactor
$$ @vis= RecoSliceGrappaBlipValue RecoSliceGrappaOff RecoGrappa3D
$$ @vis= RecoGrappaCaipirinha RecoGrappaTCaipirinha RecoGrappaOne
$$ @vis= RecoSegGrappa RecoSegGrappaCalibrateFromB0 RecoSegGrappaInt
$$ @vis= RecoSegGrappaSegments RecoItGrappa RecoCSGroup RecoCS
$$ @vis= RecoRegridNGroup RecoRegridN RecoStageGroup RecoStageNrPasses
$$ @vis= RecoStagePasses RecoStageNrNodes RecoStageNodes RecoStageNrEdges
$$ @vis= RecoStageEdges RECO_GS ACQ_SetupRecoDisplay ACQ_SetupImageType
$$ @vis= RECO_GO RecoDisplay RecoEachNR RecoPrototype
$$ @vis= RecoGradientLinearityCorrection RecoGradientLinearityCorrectionDebug
$$ @vis= RecoGradientLinearityCorrectionApprox
##END=
$$ File finished by PARX at 2025-07-11 14:43:44.188 +0200
