##TITLE=Parameter List, ParaVision 360 V3.5
##JCAMPDX=4.24
##DATATYPE=Parameter Values
##ORIGIN=Bruker BioSpin MRI GmbH
##OWNER=cristina
$$ Write Options: Symbolic Enums, RLE encoded arrays, symbol visibility
$$ 2025-07-11 14:43:44.181 +0200  cristina@cibmsafe94t1
$$ /opt/PV-360.3.5/data/cristina/20250711_084756_Toi_dMRS_20250711_RatFem_dSPECIAL_dMRI_1_4/39/pdata/2/visu_pars
$$ process /opt/PV-360.3.5/prog/bin/parxserver
##$VisuVersion=8
##$VisuUid=( 65 )
<2.16.756.5.5.200.8323328.1593527.1752237752.217>
##$VisuCreator=( 65 )
<ParaVision>
##$VisuCreatorVersion=( 195 )
<360.3.5>
##$VisuCreationDate=<2025-07-11T14:43:44,164+0200>
##$VisuInstanceType=STANDARD_INSTANCE
##$VisuInstanceModality=( 65 )
<MR>
##$VisuInstanceDeIdentified=No
##$VisuCoreFrameCount=96
##$VisuCoreDim=1
##$VisuCoreSize=( 1 )
4096
##$VisuCoreDimDesc=( 1 )
spectroscopic
##$VisuCoreExtent=( 1 )
12.4918802778194
##$VisuCoreUnits=( 1, 65 )
<[ppm]>
##$VisuCoreAtsCenterDistance=0
##$VisuCoreDataMin=( 96 )
71.3352044572892 47.5368904244314 24.914102727401 33.2618357020705 
53.3615256520416 29.0251019260619 29.3016797554315 47.0257666501817 
110.282077075098 70.4974255484817 28.1337084658353 102.39886726365 
54.8494007771021 15.8256876951173 99.7986543192515 38.8215411065026 
66.5213686195012 32.4192741979083 132.44822764308 53.2548340124458 
20.374528061869 36.0797773108833 175.204236604354 43.2952115930476 
24.855376004168 51.86950104613 106.569157622744 53.0065708821664 
30.1770645340184 62.3403596078498 99.4378434185209 7.95878082808195 
63.8329466480086 49.8447671997692 13.2633898785528 30.4349067450738 
24.4092163017543 45.6510372979374 29.0211810135513 49.5684318841226 
23.1625901787942 51.7573176575833 98.1888082223509 100.615766150713 
84.7410428833555 73.1074563991829 47.1523890225054 100.376280128701 
35.963093889998 18.1389162948667 65.1472280062269 42.5532153109302 
32.3390729000553 23.3727566127014 114.095142427099 54.929473254587 
53.2377012810245 65.001194888147 47.6298515122532 33.5016060417088 
81.6027302063171 73.4045076063521 18.7097298504118 72.0739811059291 
51.7442766797326 103.138132858178 63.3969432275401 6.29897289691253 
102.588205444571 62.1853722859662 74.274617326919 14.4397736049199 
10.5399670101721 44.13448738619 30.7045666846063 80.9108991298058 
62.1593761307995 51.7005388067347 6.20983911198567 50.4124526220945 
141.142193035456 61.6775879064865 6.8231555251913 2.23184916433887 
115.200228382425 31.4995283037864 95.3805132431334 76.2471921275029 
72.4094290207984 8.18544230449577 73.2452548837298 75.9902966178378 
25.9668484937293 42.9749332008099 32.0145777592073 48.6610379439399
##$VisuCoreDataMax=( 96 )
29649.3948387818 15551.3026137125 26861.0796185062 18638.5484964187 
24798.5154405585 13977.7333419404 25484.2874332721 13915.7028866835 
26506.4105833301 16476.4837330175 27603.2428889542 15038.7579128656 
25916.907411345 13727.1178787787 32766.5 13107.4907124198 25674.3229567362 
14093.6627917241 23759.942928137 15878.6272412969 24599.2577438539 
11589.7911789199 26131.8516558987 12686.3377779304 27247.4415896125 
14585.5565914035 26567.7246743627 16947.7175375697 27831.7903586065 
15520.4883642047 24785.5874637447 13544.825747497 30903.639211507 
10699.5239396489 23248.0014227012 17381.9916680358 28158.1143921251 
14754.3603661244 24706.0528890507 14916.0845817419 22914.3837953864 
16410.8974159236 24451.4981675077 17987.1433281047 29917.4589957361 
12399.7710373576 23558.19301353 17954.9418524248 25291.473925911 
16034.8680931091 27570.9689239887 11969.7291194378 24055.3477958828 
11643.8243404436 25760.2641819151 14603.0627987225 24865.6963748198 
14783.7563985201 24733.5309166196 16862.62116401 22337.4469803202 
14883.170787838 19712.9354007222 11880.1408535457 27389.155080423 
18596.9034715585 28020.0892658891 14348.2205399557 31292.2742893305 
12271.9568064997 27753.0979270204 15201.600687526 22617.9540862189 
17416.3764104194 22782.8759918231 14869.7201671187 30987.2856749675 
15777.8956242798 30162.6418699188 15432.8500305109 29129.4372427566 
15435.8176036985 24990.0764365289 16458.1000019097 27864.3160500934 
14471.009971206 25080.1061146818 12824.2036554848 28185.136374097 
11221.0060390333 28407.1753655239 14628.6878466339 29152.7539595663 
15333.793734119 26142.599681039 14312.9904336642
##$VisuCoreDataOffs=( 96 )
@96*(0)
##$VisuCoreDataSlope=( 96 )
@96*(0.291022327146884)
##$VisuCoreFrameType=( 1 )
MAGNITUDE_IMAGE
##$VisuCoreWordType=_16BIT_SGN_INT
##$VisuCoreByteOrder=littleEndian
##$VisuFGOrderDescDim=1
##$VisuFGOrderDesc=( 1 )
(96, <FG_CYCLE>, <>, 0, 0)
##$VisuSubjectName=( 65 )
<Rat^^^^>
##$VisuSubjectId=( 65 )
<Toi_dMRS>
##$VisuSubjectUid=( 65 )
<2.16.756.5.5.200.8323328.13785.1751265749.13>
##$VisuSubjectInstanceCreationDate=(1751265749, 531, 120)
##$VisuSubjectBirthDate=( 9 )
<20250630>
##$VisuSubjectSex=UNKNOWN
##$VisuSubjectType=Quadruped
##$VisuStudyUid=( 65 )
<2.16.756.5.5.200.8323328.1372159.1752216476.13>
##$VisuStudyDate=<2025-07-11T08:47:56,829+0200>
##$VisuStudyId=( 65 )
<20250711_RatFem_dSPECIAL_dMRI>
##$VisuStudyNumber=4
##$VisuSubjectWeight=0.2064
##$VisuStudyReferringPhysician=( 65 )
<Toi>
##$VisuExperimentNumber=39
##$VisuProcessingNumber=2
##$VisuSeriesDate=<2025-07-11T14:43:44,164+0200>
##$VisuSubjectPosition=Head_Prone
##$VisuSeriesTypeId=( 65 )
<ACQ_USER_PVM>
##$VisuSeriesCreationId=VCMN_ACQUISITION
##$VisuSeriesExperimentComment=( 65 )
<m_tm150_b4_rep96>
##$VisuSeriesFrameOfReferenceUid=( 65 )
<2.16.756.5.5.200.8323328.1372159.1752216476.13>
##$VisuManufacturer=( 65 )
<Bruker BioSpin MRI GmbH>
##$VisuAcqSoftwareVersion=( 65 )
<PV-360.3.5>
##$VisuInstitution=( 65 )
<EPFL AVP CP CIBM, Lausanne>
##$VisuStation=( 65 )
<BAP94/31>
##$VisuSystemOrderNumber=( 65 )
<5074720>
##$VisuAcqDate=<2025-07-11T11:19:04,057+0200>
##$VisuAcqSequenceName=( 40 )
<User:specialjmDWspIRnoXtt>
##$VisuAcquisitionProtocol=( 65 )
<specialjmDWspIRnoXtt_metHippo_150425>
##$VisuAcqScanTime=288000
##$VisuAcqFrameNumbers=( 96 )
0 1 2 3 4 5 6 7 8 9 10 11 12 13 14 15 16 17 18 19 20 21 22 23 24 25 26 27 28 
29 30 31 32 33 34 35 36 37 38 39 40 41 42 43 44 45 46 47 48 49 50 51 52 53 54 
55 56 57 58 59 60 61 62 63 64 65 66 67 68 69 70 71 72 73 74 75 76 77 78 79 80 
81 82 83 84 85 86 87 88 89 90 91 92 93 94 95
##$VisuCardiacSynchUsed=No
##$VisuRespSynchUsed=No
##$VisuAcqNumberOfAverages=1
##$VisuCoilReceiveName=( 65 )
<RF CP F2.5 400 1H R.BR1 ARR[2X2] S RO>
##$VisuCoilReceiveManufacturer=( 65 )
<BCH>
##$VisuCoilReceiveType=MULTICOIL
##$VisuCoilReceiveIsQuadrature=No
##$VisuCoilReceiveMultiName=( 4 )
(<Element 1>, Yes) (<Element 2>, Yes) (<Element 3>, Yes) (<Element 4>, Yes)
##$VisuCoilTransmitName=( 65 )
<RF RES 400 1H 112/086 QSN TR AD>
##$VisuCoilTransmitManufacturer=( 65 )
<BMRIDE>
##$VisuCoilTransmitType=MULTICOIL
##$VisuCoilTransmitIsQuadrature=Yes
##$VisuCoilTransmitMultiName=( 2 )
(<Element 1>, Yes) (<Element 2>, Yes)
##$VisuAcqEchoTrainLength=1
##$VisuAcqImagingFrequency=400.264108174495
##$VisuAcqImagedNucleus=( 8 )
<1H>
##$VisuAcqPixelBandwidth=390.625
##$VisuAcqFlipAngle=180
##$VisuMrAcqFlipAngleVariable=No
##$VisuAcqSize=( 1 )
4096
##$VisuAcqImageSizeAccellerated=No
##$VisuAcqGradEncoding=( 1 )
no_gradient_enc
##$VisuAcqEchoTime=( 1 )
0
##$VisuAcqAntiAlias=( 1 )
1
##$VisuAcqEchoSequenceType=SpinEcho
##$VisuAcqSpinsVelocityEncoded=No
##$VisuAcqHasTimeOfFlightContrast=No
##$VisuAcqIsEpiSequence=No
##$VisuAcqSpectralSuppression=WaterSuppression
##$VisuAcqKSpaceTraversal=RectilinearTraversal
##$VisuAcqEncodingOrder=( 1 )
LinearEncoding
##$VisuAcqKSpaceTrajectoryCnt=0
##$VisuAcqKSpaceFiltering=( 1 )
DICOM_NONE
##$VisuAcqFlowCompensation=FlowNone
##$VisuAcqSpoiling=GradientSpoiled
##$VisuAcqMagnetizationTransfer=No
##$VisuAcqBloodSignalNulling=No
##$VisuMagneticFieldStrength=9.40116751631189
##$VisuMrMultiSpinEcho=No
##$VisuMrMultiPlanar=No
##$VisuMrSteadyStatePulse=MR_ST_NONE
##$VisuMrSegmentedKSpaceTraversal=MR_SKST_SINGLE
##$VisuMrCoverageOfKSpace=MR_CKS_FULL
##$VisuMrPercentSampling=100
##$VisuMrsTransmitterFreq=( 1 )
400.264108174495
##$VisuMrsResonantNuclei=( 1, 8 )
<1H>
##$VisuMrsSpectralWidth=( 1 )
5000
##$VisuMrsChemicalShiftReference=( 1 )
4.7
##$VisuMrsZeroFillsCnt=( 1 )
0
##$VisuMrsFrequencyCorrection=No
##$VisuMrsFirstOrderPhaseCorrection=No
##$VisuMrsBaselineCorrection=MRS_BLC_NONE
##$VisuMrsLocalizationTechnique=MRS_VLT_NONE
##$VisuMrsDecoupling=No
##$VisuMrsWaterReferencePhaseCorrection=Yes
##$VisuMrsWaterReferenceAcquisition=MRS_WR_USED_DISCARDED
##$VisuMrsAcquisitionType=MRS_ACQ_SINGLE_VOXEL
##$VisuMrsEchoPeakPosition=1
$$ @vis= Visu VisuInstance VisuVersion VisuUid VisuCreator VisuCreatorVersion
$$ @vis= VisuCreationDate VisuInstanceType VisuInstanceModality
$$ @vis= VisuInstanceDeIdentified VisuCore VisuCoreFrameCount VisuCoreDim
$$ @vis= VisuCoreSize VisuCoreDimDesc VisuCoreExtent VisuCoreUnits
$$ @vis= VisuCoreAtsCenterDistance VisuCoreDataMin VisuCoreDataMax
$$ @vis= VisuCoreDataOffs VisuCoreDataSlope VisuCoreFrameType VisuPixel
$$ @vis= VisuCoreWordType VisuCoreByteOrder VisuFrameOrderDesc
$$ @vis= VisuFGOrderDescDim VisuFGOrderDesc VisuSubject VisuSubjectName
$$ @vis= VisuSubjectId VisuSubjectUid VisuSubjectInstanceCreationDate
$$ @vis= VisuSubjectBirthDate VisuSubjectSex VisuSubjectType VisuStudy
$$ @vis= VisuStudyUid VisuStudyDate VisuStudyId VisuStudyNumber
$$ @vis= VisuSubjectWeight VisuStudyReferringPhysician VisuSeries
$$ @vis= VisuExperimentNumber VisuProcessingNumber VisuSeriesDate
$$ @vis= VisuSubjectPosition VisuSeriesTypeId VisuSeriesCreationId
$$ @vis= VisuSeriesExperimentComment VisuSeriesFrameOfReferenceUid
$$ @vis= VisuContrastAgent VisuEquipment VisuManufacturer
$$ @vis= VisuAcqSoftwareVersion VisuInstitution VisuStation
$$ @vis= VisuSystemOrderNumber VisuAcq VisuAcqDate VisuAcqSequenceName
$$ @vis= VisuAcquisitionProtocol VisuAcqScanTime VisuAcqFrameNumbers
$$ @vis= VisuCardiacSynchUsed VisuRespSynchUsed VisuAcqNumberOfAverages
$$ @vis= VisuMxi VisuCoilReceive VisuCoilReceiveName
$$ @vis= VisuCoilReceiveManufacturer VisuCoilReceiveType
$$ @vis= VisuCoilReceiveIsQuadrature VisuCoilReceiveMultiName VisuCoilTransmit
$$ @vis= VisuCoilTransmitName VisuCoilTransmitManufacturer
$$ @vis= VisuCoilTransmitType VisuCoilTransmitIsQuadrature
$$ @vis= VisuCoilTransmitMultiName VisuMri VisuAcqEchoTrainLength
$$ @vis= VisuAcqImagingFrequency VisuAcqImagedNucleus VisuAcqPixelBandwidth
$$ @vis= VisuAcqFlipAngle VisuMrAcqFlipAngleVariable VisuAcqSize
$$ @vis= VisuAcqImageSizeAccellerated VisuAcqGradEncoding VisuAcqEchoTime
$$ @vis= VisuAcqAntiAlias VisuAcqEchoSequenceType VisuAcqSpinsVelocityEncoded
$$ @vis= VisuAcqHasTimeOfFlightContrast VisuAcqIsEpiSequence
$$ @vis= VisuAcqSpectralSuppression VisuAcqKSpaceTraversal
$$ @vis= VisuAcqEncodingOrder VisuAcqKSpaceTrajectoryCnt
$$ @vis= VisuAcqKSpaceFiltering VisuAcqFlowCompensation VisuAcqSpoiling
$$ @vis= VisuAcqMagnetizationTransfer VisuAcqBloodSignalNulling
$$ @vis= VisuMagneticFieldStrength VisuMrMultiSpinEcho VisuMrMultiPlanar
$$ @vis= VisuMrSteadyStatePulse VisuMrSegmentedKSpaceTraversal
$$ @vis= VisuMrCoverageOfKSpace VisuMrPercentSampling VisuMrs
$$ @vis= VisuMrsTransmitterFreq VisuMrsResonantNuclei VisuMrsSpectralWidth
$$ @vis= VisuMrsChemicalShiftReference VisuMrsZeroFillsCnt
$$ @vis= VisuMrsFrequencyCorrection VisuMrsFirstOrderPhaseCorrection
$$ @vis= VisuMrsBaselineCorrection VisuMrsLocalizationTechnique
$$ @vis= VisuMrsDecoupling VisuMrsWaterReferencePhaseCorrection
$$ @vis= VisuMrsWaterReferenceAcquisition VisuMrsAcquisitionType
$$ @vis= VisuMrsEchoPeakPosition
##END=
$$ File finished by PARX at 2025-07-11 14:43:44.181 +0200
