##TITLE=Parameter List, ParaVision 360 V3.5
##JCAMPDX=4.24
##DATATYPE=Parameter Values
##ORIGIN=Bruker BioSpin MRI GmbH
##OWNER=cristina
$$ Write Options: Symbolic Enums, RLE encoded arrays, symbol visibility
$$ 2025-07-11 14:43:30.640 +0200  cristina@cibmsafe94t1
$$ /opt/PV-360.3.5/data/cristina/20250711_084756_Toi_dMRS_20250711_RatFem_dSPECIAL_dMRI_1_4/35/pdata/2/visu_pars
$$ process /opt/PV-360.3.5/prog/bin/parxserver
##$VisuVersion=8
##$VisuUid=( 65 )
<2.16.756.5.5.200.8323328.1593527.1752237752.206>
##$VisuCreator=( 65 )
<ParaVision>
##$VisuCreatorVersion=( 195 )
<360.3.5>
##$VisuCreationDate=<2025-07-11T14:43:30,622+0200>
##$VisuInstanceType=STANDARD_INSTANCE
##$VisuInstanceModality=( 65 )
<MR>
##$VisuInstanceDeIdentified=No
##$VisuCoreFrameCount=196
##$VisuCoreDim=1
##$VisuCoreSize=( 1 )
4096
##$VisuCoreDimDesc=( 1 )
spectroscopic
##$VisuCoreExtent=( 1 )
12.4918802778194
##$VisuCoreUnits=( 1, 65 )
<[ppm]>
##$VisuCoreAtsCenterDistance=0
##$VisuCoreDataMin=( 196 )
34.7575713412163 70.3179741458172 149.199083652954 86.5372254387917 
169.91212493367 135.429688136971 71.0322490766154 54.8439440009076 
137.568214688303 45.0772093414805 121.3927256634 52.5972428917995 
3.54759882272694 68.5913180441008 221.818423757955 123.909062189669 
45.55364173476 102.6832406955 110.573464699422 91.7376545887892 
50.355183468323 54.3095084636551 60.0932109569252 80.8144851316406 
51.7471325580741 122.592560303706 77.1058436711366 36.9757061707864 
121.71806414882 48.6722167889513 41.6374632112098 103.657246290772 
33.3795820151546 45.0088581467321 129.353835293253 41.8272617804085 
86.2875253915092 34.1098051986853 18.7602069766772 90.4385490105226 
48.6038513797055 18.5242809530541 111.907963876304 14.547686962785 
81.3014095085551 44.73541314796 67.3336287381106 47.3337464019692 
123.008953025225 55.0842497721995 241.181026498258 90.9951817311088 
59.7610078883127 115.855535166306 98.6325452200347 36.5024197276816 
157.454282742485 137.081274219574 73.0383400402847 67.9813936663378 
81.5676149972811 90.3676800918735 91.8900341261294 112.769186870239 
54.5679513672982 83.3264691321721 70.2826178537238 115.288318192666 
60.1491103588069 29.0993132270732 49.1931686775066 95.5805574295796 
37.0821879434709 59.283013879984 97.8290753183663 53.2458232292949 
123.351402639692 118.20188539586 41.976435927332 72.9669348594047 
101.81847378886 53.7579544378139 53.5879496033848 66.7146677163972 
42.7787193412189 153.769508936477 60.3347550756269 38.9633027262919 
116.833970059317 25.8285253617571 56.235790203672 65.2485568447239 
104.062527066651 109.867590338323 87.2044608432147 48.9508904322192 
21.0435772934837 163.256902473312 133.174734752427 28.5619816510322 
204.715382962828 22.8911762292198 38.4415016607363 29.5937308054646 
13.5042642377734 84.6746201245405 40.7445005627742 39.1866835307562 
98.0617662217529 16.6745349307838 80.4299562618014 102.672334861052 
83.9257304763607 53.0690506156093 70.9686317029815 52.1390395660209 
47.109109516143 36.5113462386666 81.8329219309455 94.3200644974616 
152.252568090011 59.4814911161881 10.1139739999337 8.67524082336306 
22.7200706802791 74.3521443364495 124.414240070766 60.994816211868 
57.9193711466667 113.936005362618 111.866805218978 86.232244418712 
79.2549467540735 50.3636585144143 10.5914135077433 105.815956144587 
108.235263597609 160.727359765467 138.76951152985 73.8510729378081 
85.676332866934 70.0185483955248 138.839042140617 29.4964792061875 
227.208090151466 118.082407260286 71.6902598713305 65.1005943275799 
112.958143313179 194.030167026036 118.096186297149 58.3308817389194 
50.2671695730685 90.8339950509951 74.4825410901959 44.7156757169957 
79.4163737155119 49.4159809569539 34.8976584966316 106.650474819374 
42.4576308840012 34.9760576635185 38.4019169168053 82.0448965546023 
19.7188550827681 117.854340415458 51.1048053467023 55.1345675659988 
50.8752447305336 145.730966398591 127.867194457198 12.3061206136716 
160.009230312115 95.2557989884858 139.829147081958 62.5769789199155 
50.25910712372 52.7104314207485 110.627932204737 101.54646267364 
32.5434579497413 91.2041280233385 65.9989778263715 97.2095359542648 
57.8953887835422 74.0123868400247 95.1470795074289 98.5985332660383 
58.5386887831771 29.7437923235072 188.219896186737 104.956529228273 
45.760712550731 85.3836377313924 85.6661847723666 51.4300870260795
##$VisuCoreDataMax=( 196 )
26162.6610261416 19688.9466695367 24543.4801450439 21644.1893512457 
27903.6723125339 19813.7130611498 25584.4826169871 20669.7616307852 
27694.4804503027 24465.2433978517 25732.9146752262 19692.0137608462 
30899.9072492401 20490.1157113265 25667.6041978872 20605.0989539386 
21783.4198030048 19666.6165487114 28667.7580636745 20588.7621360898 
27229.8025223536 17555.5717307494 26962.1032686898 20046.3067439334 
23369.4968536152 18923.1662600146 27433.2057036758 21863.3586126853 
32714.2175567503 22477.9769535087 23576.4839976125 23368.6702507613 
26535.6214218032 18852.4436333134 26909.4518499966 23469.0388394856 
26977.2644085314 20892.0480869126 25079.1057665979 20853.2126366963 
29680.5051819141 21913.2934772036 29882.2823133586 20761.2003036006 
22869.9925545889 19058.564490451 25385.2416765855 22863.0260299901 
26244.2778168462 25466.4809763708 27317.9499613815 18435.1134475601 
22685.0162702569 21801.6487987866 22703.963715907 20611.0197312198 
25671.4777040164 19153.3538125082 25506.275211544 20625.5956489432 
28383.2258600987 16054.5819351343 26425.3091763935 16349.4096011587 
23359.7509867939 19641.9501187704 30373.7773357662 22599.5985857297 
28581.9989431564 16227.6983814929 24765.5772376313 17715.3495327932 
23344.3808044086 18378.5151888184 25660.8214679299 23399.0325726719 
25294.3081037568 19740.9741649302 28380.089431713 21005.3462512547 
23951.3161470633 18191.5783734219 24116.249670916 18032.2362070317 
28418.6637646496 21249.3846825277 24126.3479585432 21810.2557349627 
24003.0649380688 20175.2902911071 26630.87776562 19123.2253743964 
25281.718740751 24826.1513311692 26379.4554024119 20338.812098787 
30317.3780105668 20398.2889408732 21025.6906830642 22849.7283312842 
27554.8361320532 17009.492070607 22105.3448315731 21846.1301667559 
25960.2975523305 17746.7598122766 30015.8630559854 20806.2143102252 
28473.2163790597 20248.698134798 25253.8103000344 18485.0651310678 
27668.1251736272 22774.3841572313 26968.206245744 19305.0224214414 
32763.4445280625 17602.3418174643 23937.0646692178 19478.0989162285 
31116.737800073 23386.1700881244 30545.9556825186 20377.711323545 
26766.549636075 18791.6192751744 27016.0900336901 19459.5751354502 
29385.4583800797 20268.8779494254 29140.2951452358 19763.1067169047 
27614.8640282895 19043.730121582 24868.0737483311 20404.9216432968 
30346.9597476032 22766.372704812 24514.7497130939 18256.2190040406 
29901.8796397322 19441.9075409152 22473.2870414107 21120.8756041057 
27021.2828395281 19768.2527448787 31804.042272042 21444.7603343735 
29816.4837455275 16802.7460780034 25485.6660554263 19732.7174019508 
28136.0380162254 22484.0815655056 24169.5894852825 18035.6948707975 
28803.3381901867 23799.4695483892 27126.7556162749 21342.9917918648 
23871.4804152668 20642.5051358587 28990.9655724545 16183.4083645895 
28503.3638626127 18365.4114887338 28426.3900691542 19813.447098936 
25291.6226318289 17218.5248283121 32766.5 19072.4232638936 26372.2326401318 
22503.0222060261 23873.7314181321 20564.6354136952 26537.6824720785 
18927.8008861549 25358.5050571831 17439.3792031374 29785.7645009912 
20713.715391743 28542.7026756134 23168.7198351145 26939.7219632588 
23356.0335883515 22185.4236538482 19311.7653439971 28633.7353157945 
16898.0324237014 27882.9834564223 15139.2719583899 26819.9169923384 
19329.5462096067 32208.0768190084 22553.2626567579
##$VisuCoreDataOffs=( 196 )
@196*(0)
##$VisuCoreDataSlope=( 196 )
@196*(0.172188269353561)
##$VisuCoreFrameType=( 1 )
MAGNITUDE_IMAGE
##$VisuCoreWordType=_16BIT_SGN_INT
##$VisuCoreByteOrder=littleEndian
##$VisuFGOrderDescDim=1
##$VisuFGOrderDesc=( 1 )
(196, <FG_CYCLE>, <>, 0, 0)
##$VisuSubjectName=( 65 )
<Rat^^^^>
##$VisuSubjectId=( 65 )
<Toi_dMRS>
##$VisuSubjectUid=( 65 )
<2.16.756.5.5.200.8323328.13785.1751265749.13>
##$VisuSubjectInstanceCreationDate=(1751265749, 531, 120)
##$VisuSubjectBirthDate=( 9 )
<20250630>
##$VisuSubjectSex=UNKNOWN
##$VisuSubjectType=Quadruped
##$VisuStudyUid=( 65 )
<2.16.756.5.5.200.8323328.1372159.1752216476.13>
##$VisuStudyDate=<2025-07-11T08:47:56,829+0200>
##$VisuStudyId=( 65 )
<20250711_RatFem_dSPECIAL_dMRI>
##$VisuStudyNumber=4
##$VisuSubjectWeight=0.2064
##$VisuStudyReferringPhysician=( 65 )
<Toi>
##$VisuExperimentNumber=35
##$VisuProcessingNumber=2
##$VisuSeriesDate=<2025-07-11T14:43:30,622+0200>
##$VisuSubjectPosition=Head_Prone
##$VisuSeriesTypeId=( 65 )
<ACQ_USER_PVM>
##$VisuSeriesCreationId=VCMN_ACQUISITION
##$VisuSeriesExperimentComment=( 65 )
<m_tm150_b30_rep196>
##$VisuSeriesFrameOfReferenceUid=( 65 )
<2.16.756.5.5.200.8323328.1372159.1752216476.13>
##$VisuManufacturer=( 65 )
<Bruker BioSpin MRI GmbH>
##$VisuAcqSoftwareVersion=( 65 )
<PV-360.3.5>
##$VisuInstitution=( 65 )
<EPFL AVP CP CIBM, Lausanne>
##$VisuStation=( 65 )
<BAP94/31>
##$VisuSystemOrderNumber=( 65 )
<5074720>
##$VisuAcqDate=<2025-07-11T10:53:43,686+0200>
##$VisuAcqSequenceName=( 40 )
<User:specialjmDWspIRnoXtt>
##$VisuAcquisitionProtocol=( 65 )
<specialjmDWspIRnoXtt_metHippo_150425>
##$VisuAcqScanTime=588000
##$VisuAcqFrameNumbers=( 196 )
0 1 2 3 4 5 6 7 8 9 10 11 12 13 14 15 16 17 18 19 20 21 22 23 24 25 26 27 28 
29 30 31 32 33 34 35 36 37 38 39 40 41 42 43 44 45 46 47 48 49 50 51 52 53 54 
55 56 57 58 59 60 61 62 63 64 65 66 67 68 69 70 71 72 73 74 75 76 77 78 79 80 
81 82 83 84 85 86 87 88 89 90 91 92 93 94 95 96 97 98 99 100 101 102 103 104 
105 106 107 108 109 110 111 112 113 114 115 116 117 118 119 120 121 122 123 
124 125 126 127 128 129 130 131 132 133 134 135 136 137 138 139 140 141 142 
143 144 145 146 147 148 149 150 151 152 153 154 155 156 157 158 159 160 161 
162 163 164 165 166 167 168 169 170 171 172 173 174 175 176 177 178 179 180 
181 182 183 184 185 186 187 188 189 190 191 192 193 194 195
##$VisuCardiacSynchUsed=No
##$VisuRespSynchUsed=No
##$VisuAcqNumberOfAverages=1
##$VisuCoilReceiveName=( 65 )
<RF CP F2.5 400 1H R.BR1 ARR[2X2] S RO>
##$VisuCoilReceiveManufacturer=( 65 )
<BCH>
##$VisuCoilReceiveType=MULTICOIL
##$VisuCoilReceiveIsQuadrature=No
##$VisuCoilReceiveMultiName=( 4 )
(<Element 1>, Yes) (<Element 2>, Yes) (<Element 3>, Yes) (<Element 4>, Yes)
##$VisuCoilTransmitName=( 65 )
<RF RES 400 1H 112/086 QSN TR AD>
##$VisuCoilTransmitManufacturer=( 65 )
<BMRIDE>
##$VisuCoilTransmitType=MULTICOIL
##$VisuCoilTransmitIsQuadrature=Yes
##$VisuCoilTransmitMultiName=( 2 )
(<Element 1>, Yes) (<Element 2>, Yes)
##$VisuAcqEchoTrainLength=1
##$VisuAcqImagingFrequency=400.264108174495
##$VisuAcqImagedNucleus=( 8 )
<1H>
##$VisuAcqPixelBandwidth=390.625
##$VisuAcqFlipAngle=180
##$VisuMrAcqFlipAngleVariable=No
##$VisuAcqSize=( 1 )
4096
##$VisuAcqImageSizeAccellerated=No
##$VisuAcqGradEncoding=( 1 )
no_gradient_enc
##$VisuAcqEchoTime=( 1 )
0
##$VisuAcqAntiAlias=( 1 )
1
##$VisuAcqEchoSequenceType=SpinEcho
##$VisuAcqSpinsVelocityEncoded=No
##$VisuAcqHasTimeOfFlightContrast=No
##$VisuAcqIsEpiSequence=No
##$VisuAcqSpectralSuppression=WaterSuppression
##$VisuAcqKSpaceTraversal=RectilinearTraversal
##$VisuAcqEncodingOrder=( 1 )
LinearEncoding
##$VisuAcqKSpaceTrajectoryCnt=0
##$VisuAcqKSpaceFiltering=( 1 )
DICOM_NONE
##$VisuAcqFlowCompensation=FlowNone
##$VisuAcqSpoiling=GradientSpoiled
##$VisuAcqMagnetizationTransfer=No
##$VisuAcqBloodSignalNulling=No
##$VisuMagneticFieldStrength=9.40116751631189
##$VisuMrMultiSpinEcho=No
##$VisuMrMultiPlanar=No
##$VisuMrSteadyStatePulse=MR_ST_NONE
##$VisuMrSegmentedKSpaceTraversal=MR_SKST_SINGLE
##$VisuMrCoverageOfKSpace=MR_CKS_FULL
##$VisuMrPercentSampling=100
##$VisuMrsTransmitterFreq=( 1 )
400.264108174495
##$VisuMrsResonantNuclei=( 1, 8 )
<1H>
##$VisuMrsSpectralWidth=( 1 )
5000
##$VisuMrsChemicalShiftReference=( 1 )
4.7
##$VisuMrsZeroFillsCnt=( 1 )
0
##$VisuMrsFrequencyCorrection=No
##$VisuMrsFirstOrderPhaseCorrection=No
##$VisuMrsBaselineCorrection=MRS_BLC_NONE
##$VisuMrsLocalizationTechnique=MRS_VLT_NONE
##$VisuMrsDecoupling=No
##$VisuMrsWaterReferencePhaseCorrection=Yes
##$VisuMrsWaterReferenceAcquisition=MRS_WR_USED_DISCARDED
##$VisuMrsAcquisitionType=MRS_ACQ_SINGLE_VOXEL
##$VisuMrsEchoPeakPosition=1
$$ @vis= Visu VisuInstance VisuVersion VisuUid VisuCreator VisuCreatorVersion
$$ @vis= VisuCreationDate VisuInstanceType VisuInstanceModality
$$ @vis= VisuInstanceDeIdentified VisuCore VisuCoreFrameCount VisuCoreDim
$$ @vis= VisuCoreSize VisuCoreDimDesc VisuCoreExtent VisuCoreUnits
$$ @vis= VisuCoreAtsCenterDistance VisuCoreDataMin VisuCoreDataMax
$$ @vis= VisuCoreDataOffs VisuCoreDataSlope VisuCoreFrameType VisuPixel
$$ @vis= VisuCoreWordType VisuCoreByteOrder VisuFrameOrderDesc
$$ @vis= VisuFGOrderDescDim VisuFGOrderDesc VisuSubject VisuSubjectName
$$ @vis= VisuSubjectId VisuSubjectUid VisuSubjectInstanceCreationDate
$$ @vis= VisuSubjectBirthDate VisuSubjectSex VisuSubjectType VisuStudy
$$ @vis= VisuStudyUid VisuStudyDate VisuStudyId VisuStudyNumber
$$ @vis= VisuSubjectWeight VisuStudyReferringPhysician VisuSeries
$$ @vis= VisuExperimentNumber VisuProcessingNumber VisuSeriesDate
$$ @vis= VisuSubjectPosition VisuSeriesTypeId VisuSeriesCreationId
$$ @vis= VisuSeriesExperimentComment VisuSeriesFrameOfReferenceUid
$$ @vis= VisuContrastAgent VisuEquipment VisuManufacturer
$$ @vis= VisuAcqSoftwareVersion VisuInstitution VisuStation
$$ @vis= VisuSystemOrderNumber VisuAcq VisuAcqDate VisuAcqSequenceName
$$ @vis= VisuAcquisitionProtocol VisuAcqScanTime VisuAcqFrameNumbers
$$ @vis= VisuCardiacSynchUsed VisuRespSynchUsed VisuAcqNumberOfAverages
$$ @vis= VisuMxi VisuCoilReceive VisuCoilReceiveName
$$ @vis= VisuCoilReceiveManufacturer VisuCoilReceiveType
$$ @vis= VisuCoilReceiveIsQuadrature VisuCoilReceiveMultiName VisuCoilTransmit
$$ @vis= VisuCoilTransmitName VisuCoilTransmitManufacturer
$$ @vis= VisuCoilTransmitType VisuCoilTransmitIsQuadrature
$$ @vis= VisuCoilTransmitMultiName VisuMri VisuAcqEchoTrainLength
$$ @vis= VisuAcqImagingFrequency VisuAcqImagedNucleus VisuAcqPixelBandwidth
$$ @vis= VisuAcqFlipAngle VisuMrAcqFlipAngleVariable VisuAcqSize
$$ @vis= VisuAcqImageSizeAccellerated VisuAcqGradEncoding VisuAcqEchoTime
$$ @vis= VisuAcqAntiAlias VisuAcqEchoSequenceType VisuAcqSpinsVelocityEncoded
$$ @vis= VisuAcqHasTimeOfFlightContrast VisuAcqIsEpiSequence
$$ @vis= VisuAcqSpectralSuppression VisuAcqKSpaceTraversal
$$ @vis= VisuAcqEncodingOrder VisuAcqKSpaceTrajectoryCnt
$$ @vis= VisuAcqKSpaceFiltering VisuAcqFlowCompensation VisuAcqSpoiling
$$ @vis= VisuAcqMagnetizationTransfer VisuAcqBloodSignalNulling
$$ @vis= VisuMagneticFieldStrength VisuMrMultiSpinEcho VisuMrMultiPlanar
$$ @vis= VisuMrSteadyStatePulse VisuMrSegmentedKSpaceTraversal
$$ @vis= VisuMrCoverageOfKSpace VisuMrPercentSampling VisuMrs
$$ @vis= VisuMrsTransmitterFreq VisuMrsResonantNuclei VisuMrsSpectralWidth
$$ @vis= VisuMrsChemicalShiftReference VisuMrsZeroFillsCnt
$$ @vis= VisuMrsFrequencyCorrection VisuMrsFirstOrderPhaseCorrection
$$ @vis= VisuMrsBaselineCorrection VisuMrsLocalizationTechnique
$$ @vis= VisuMrsDecoupling VisuMrsWaterReferencePhaseCorrection
$$ @vis= VisuMrsWaterReferenceAcquisition VisuMrsAcquisitionType
$$ @vis= VisuMrsEchoPeakPosition
##END=
$$ File finished by PARX at 2025-07-11 14:43:30.642 +0200
