##TITLE=Parameter List, ParaVision 360 V3.5
##JCAMPDX=4.24
##DATATYPE=Parameter Values
##ORIGIN=Bruker BioSpin MRI GmbH
##OWNER=cristina
$$ Write Options: Symbolic Enums, RLE encoded arrays, symbol visibility
$$ 2024-10-11 10:17:57.248 +0200  cristina@cibmsafe94t1
$$ /opt/PV-360.3.5/data/cristina/20241011_094009_11102024_crp_RatMRSI3D_BA_11102024_crp_RatMRSI3D_BA_1_1/6/pdata/1/visu_pars
$$ process /opt/PV-360.3.5/prog/bin/parxserver
##$VisuVersion=8
##$VisuUid=( 65 )
<2.16.756.5.5.200.8323328.2724306.1728633647.411>
##$VisuCreator=( 65 )
<ParaVision>
##$VisuCreatorVersion=( 195 )
<360.3.5>
##$VisuCreationDate=<2024-10-11T10:17:57,196+0200>
##$VisuInstanceType=STANDARD_INSTANCE
##$VisuInstanceModality=( 65 )
<MR>
##$VisuInstanceDeIdentified=No
##$VisuCoreFrameCount=40
##$VisuCoreDim=2
##$VisuCoreSize=( 2 )
128 128
##$VisuCoreDimDesc=( 2 )
spatial spatial
##$VisuCoreExtent=( 2 )
24 24
##$VisuCoreFrameThickness=( 1 )
0.3
##$VisuCoreUnits=( 2, 65 )
<mm> <mm>
##$VisuCoreOrientation=( 40, 9 )
-1 0 0 0 0 1 0 1 0 -1 0 0 0 0 1 0 1 0 -1 0 0 0 0 1 0 1 0 -1 0 0 0 0 1 0 1 0 
-1 0 0 0 0 1 0 1 0 -1 0 0 0 0 1 0 1 0 -1 0 0 0 0 1 0 1 0 -1 0 0 0 0 1 0 1 0 
-1 0 0 0 0 1 0 1 0 -1 0 0 0 0 1 0 1 0 -1 0 0 0 0 1 0 1 0 -1 0 0 0 0 1 0 1 0 
-1 0 0 0 0 1 0 1 0 -1 0 0 0 0 1 0 1 0 -1 0 0 0 0 1 0 1 0 -1 0 0 0 0 1 0 1 0 
-1 0 0 0 0 1 0 1 0 -1 0 0 0 0 1 0 1 0 -1 0 0 0 0 1 0 1 0 -1 0 0 0 0 1 0 1 0 
-1 0 0 0 0 1 0 1 0 -1 0 0 0 0 1 0 1 0 -1 0 0 0 0 1 0 1 0 -1 0 0 0 0 1 0 1 0 
-1 0 0 0 0 1 0 1 0 -1 0 0 0 0 1 0 1 0 -1 0 0 0 0 1 0 1 0 -1 0 0 0 0 1 0 1 0 
-1 0 0 0 0 1 0 1 0 -1 0 0 0 0 1 0 1 0 -1 0 0 0 0 1 0 1 0 -1 0 0 0 0 1 0 1 0 
-1 0 0 0 0 1 0 1 0 -1 0 0 0 0 1 0 1 0 -1 0 0 0 0 1 0 1 0 -1 0 0 0 0 1 0 1 0 
-1 0 0 0 0 1 0 1 0 -1 0 0 0 0 1 0 1 0 -1 0 0 0 0 1 0 1 0 -1 0 0 0 0 1 0 1 0
##$VisuCorePosition=( 40, 3 )
11.9927546216684 3.86939602644316 -11.8072742459397 11.9927546216684 
3.56939602644316 -11.8072742459397 11.9927546216684 3.26939602644316 
-11.8072742459397 11.9927546216684 2.96939602644316 -11.8072742459397 
11.9927546216684 2.66939602644316 -11.8072742459397 11.9927546216684 
2.36939602644316 -11.8072742459397 11.9927546216684 2.06939602644316 
-11.8072742459397 11.9927546216684 1.76939602644316 -11.8072742459397 
11.9927546216684 1.46939602644316 -11.8072742459397 11.9927546216684 
1.16939602644316 -11.8072742459397 11.9927546216684 0.86939602644316 
-11.8072742459397 11.9927546216684 0.56939602644316 -11.8072742459397 
11.9927546216684 0.26939602644316 -11.8072742459397 11.9927546216684 
-0.0306039735568402 -11.8072742459397 11.9927546216684 -0.33060397355684 
-11.8072742459397 11.9927546216684 -0.63060397355684 -11.8072742459397 
11.9927546216684 -0.93060397355684 -11.8072742459397 11.9927546216684 
-1.23060397355684 -11.8072742459397 11.9927546216684 -1.53060397355684 
-11.8072742459397 11.9927546216684 -1.83060397355684 -11.8072742459397 
11.9927546216684 -2.13060397355684 -11.8072742459397 11.9927546216684 
-2.43060397355684 -11.8072742459397 11.9927546216684 -2.73060397355684 
-11.8072742459397 11.9927546216684 -3.03060397355684 -11.8072742459397 
11.9927546216684 -3.33060397355684 -11.8072742459397 11.9927546216684 
-3.63060397355684 -11.8072742459397 11.9927546216684 -3.93060397355684 
-11.8072742459397 11.9927546216684 -4.23060397355684 -11.8072742459397 
11.9927546216684 -4.53060397355684 -11.8072742459397 11.9927546216684 
-4.83060397355684 -11.8072742459397 11.9927546216684 -5.13060397355684 
-11.8072742459397 11.9927546216684 -5.43060397355684 -11.8072742459397 
11.9927546216684 -5.73060397355684 -11.8072742459397 11.9927546216684 
-6.03060397355684 -11.8072742459397 11.9927546216684 -6.33060397355684 
-11.8072742459397 11.9927546216684 -6.63060397355684 -11.8072742459397 
11.9927546216684 -6.93060397355684 -11.8072742459397 11.9927546216684 
-7.23060397355684 -11.8072742459397 11.9927546216684 -7.53060397355684 
-11.8072742459397 11.9927546216684 -7.83060397355684 -11.8072742459397
##$VisuCoreModalityOffset=( 1, 3 )
0 0 0
##$VisuCoreAtsCenterDistance=0
##$VisuCoreDataMin=( 40 )
82.7728470798589 66.2881488914981 63.5652214127612 78.2566069462044 
73.3493372149095 88.4244943161319 72.2128260954435 95.5851083667894 
77.1818196486241 87.9745248774474 98.5269239013843 94.9539763361426 
77.8445308961587 91.8245019820067 65.4554892853231 86.1746752444824 
92.1542877537534 94.2082732317344 83.1892387284806 52.6766201851942 
76.0653752717054 100.888130932627 82.558163041525 88.2780557493348 
81.1072443041129 70.4277968698705 86.1726133389372 66.8783815541477 
53.9666401200237 69.6352224525912 61.1782371760245 61.922456680623 
45.1533165025149 73.0255125989438 82.2887326666339 36.6131765130912 
58.7121766262381 73.0604242031168 44.820742652778 65.3163552092357
##$VisuCoreDataMax=( 40 )
30349.5706798067 29493.0088779306 32766.5 30519.8722988909 30340.8241636542 
27052.5124692177 24485.9045768722 19446.0879847655 24223.962766579 
20865.2792668636 19994.3338625151 18076.5562255713 16950.8536356544 
16441.3310321423 16842.76019881 17569.8205463033 15746.6649028445 
15626.2628625543 14940.7717523982 14525.4002039578 11752.0395298399 
11635.3963750955 9920.03846863501 10102.6350783925 10339.3050886318 
11000.4589278532 9441.76600837378 11079.9960345844 14480.8589198225 
8489.15248329837 10153.8680560675 10174.0717520996 14678.1153924549 
9360.8910316786 8220.18315982206 6635.23367156355 4699.33648692457 
5744.22837721508 7073.36415566482 7819.11674226422
##$VisuCoreDataOffs=( 40 )
@40*(0)
##$VisuCoreDataSlope=( 40 )
@40*(1.48308798654515)
##$VisuCoreFrameType=( 1 )
MAGNITUDE_IMAGE
##$VisuCoreSlicePacksDef=(0, 1)
##$VisuCoreSlicePacksSlices=( 1 )
(0, 40)
##$VisuCoreSlicePacksSliceDist=( 1 )
0.3
##$VisuCoreWordType=_16BIT_SGN_INT
##$VisuCoreByteOrder=littleEndian
##$VisuFGOrderDescDim=1
##$VisuFGOrderDesc=( 1 )
(40, <FG_SLICE>, <>, 0, 2)
##$VisuGroupDepVals=( 2 )
(<VisuCoreOrientation>, 0) (<VisuCorePosition>, 0)
##$VisuSubjectName=( 65 )
<11102024_crp_RatMRSI3D_BA^^^^>
##$VisuSubjectId=( 65 )
<11102024_crp_RatMRSI3D_BA>
##$VisuSubjectUid=( 65 )
<2.16.756.5.5.200.8323328.2724306.1728632408.52>
##$VisuSubjectInstanceCreationDate=(1728632409, 1, 120)
##$VisuSubjectBirthDate=( 9 )
<20241011>
##$VisuSubjectSex=UNKNOWN
##$VisuSubjectType=Quadruped
##$VisuStudyUid=( 65 )
<2.16.756.5.5.200.8323328.2724306.1728632409.53>
##$VisuStudyDate=<2024-10-11T09:40:09,001+0200>
##$VisuStudyId=( 65 )
<11102024_crp_RatMRSI3D_BA>
##$VisuStudyNumber=1
##$VisuSubjectWeight=0.2408
##$VisuStudyReferringPhysician=( 65 )
<cristina>
##$VisuExperimentNumber=6
##$VisuProcessingNumber=1
##$VisuSeriesDate=<2024-10-11T10:17:57,196+0200>
##$VisuSubjectPosition=Head_Prone
##$VisuSeriesTypeId=( 65 )
<ACQ_BRUKER_PVM>
##$VisuSeriesCreationId=VCMN_ACQUISITION
##$VisuSeriesExperimentComment=( 65 )
<5_T2_TurboRARE_6_52K_Cor_250924_atlas_03_RC>
##$VisuSeriesFrameOfReferenceUid=( 65 )
<2.16.756.5.5.200.8323328.2724306.1728632409.53>
##$VisuManufacturer=( 65 )
<Bruker BioSpin MRI GmbH>
##$VisuAcqSoftwareVersion=( 65 )
<PV-360.3.5>
##$VisuInstitution=( 65 )
<EPFL AVP CP CIBM, Lausanne>
##$VisuStation=( 65 )
<BAP94/31>
##$VisuSystemOrderNumber=( 65 )
<5074720>
##$VisuAcqDate=<2024-10-11T10:04:23,209+0200>
##$VisuAcqSequenceName=( 40 )
<Bruker:RARE>
##$VisuAcquisitionProtocol=( 65 )
<5_T2_TurboRARE_6_52K_Cor_250924_atlas_03_RC>
##$VisuAcqScanTime=800000
##$VisuAcqFrameNumbers=( 40 )
0 20 1 21 2 22 3 23 4 24 5 25 6 26 7 27 8 28 9 29 10 30 11 31 12 32 13 33 14 
34 15 35 16 36 17 37 18 38 19 39
##$VisuCardiacSynchUsed=No
##$VisuRespSynchUsed=No
##$VisuAcqNumberOfAverages=10
##$VisuAcqRepetitionTime=( 1 )
4000
##$VisuCoilReceiveName=( 65 )
<RF CP F2.5 400 1H R.BR1 ARR[2X2] S RO>
##$VisuCoilReceiveManufacturer=( 65 )
<BCH>
##$VisuCoilReceiveType=MULTICOIL
##$VisuCoilReceiveIsQuadrature=No
##$VisuCoilReceiveMultiName=( 4 )
(<Element 1>, Yes) (<Element 2>, Yes) (<Element 3>, Yes) (<Element 4>, Yes)
##$VisuCoilTransmitName=( 65 )
<RF RES 400 1H 112/086 QSN TR AD>
##$VisuCoilTransmitManufacturer=( 65 )
<BMRIDE>
##$VisuCoilTransmitType=MULTICOIL
##$VisuCoilTransmitIsQuadrature=Yes
##$VisuCoilTransmitMultiName=( 2 )
(<Element 1>, Yes) (<Element 2>, Yes)
##$VisuAcqEchoTrainLength=6
##$VisuAcqImagingFrequency=400.264139899931
##$VisuAcqImagedNucleus=( 8 )
<1H>
##$VisuAcqPixelBandwidth=406.901041666667
##$VisuAcqFlipAngle=180
##$VisuMrAcqFlipAngleVariable=No
##$VisuAcqSize=( 2 )
120 128
##$VisuAcqImageSizeAccellerated=Yes
##$VisuAcqGradEncoding=( 2 )
phase_enc read_enc
##$VisuAcqEchoTime=( 1 )
32
##$VisuAcqAntiAlias=( 2 )
1 1
##$VisuAcqEchoSequenceType=SpinEcho
##$VisuAcqSpinsVelocityEncoded=No
##$VisuAcqHasTimeOfFlightContrast=No
##$VisuAcqIsEpiSequence=No
##$VisuAcqSpectralSuppression=FatSuppression
##$VisuAcqKSpaceTraversal=RectilinearTraversal
##$VisuAcqEncodingOrder=( 2 )
LinearEncoding LinearEncoding
##$VisuAcqKSpaceTrajectoryCnt=0
##$VisuAcqKSpaceFiltering=( 2 )
DICOM_NONE DICOM_NONE
##$VisuAcqFlowCompensation=FlowNone
##$VisuAcqSpoiling=GradientSpoiled
##$VisuAcqSaturation=( 2 )
(FovSaturation, 6, 1.22464679914735e-16 -0 1, -1.72615537633827e-15 0 
-14.0951283058927) (FovSaturation, 6, 1.22464679914735e-16 -0 1, 
1.74036225426954e-15 -0 14.2111362678713)
##$VisuAcqPartialFourier=( 2 )
1.0666666667 1
##$VisuAcqParallelReductionFactor=( 2 )
1 1
##$VisuAcqMagnetizationTransfer=No
##$VisuAcqBloodSignalNulling=No
##$VisuMagneticFieldStrength=9.40116826146024
##$VisuMrMultiSpinEcho=Yes
##$VisuMrMultiPlanar=No
##$VisuMrSteadyStatePulse=MR_ST_TRANSVERSE
##$VisuMrSegmentedKSpaceTraversal=MR_SKST_PARTIAL
##$VisuMrCoverageOfKSpace=MR_CKS_FULL
##$VisuMrPercentSampling=93.75
$$ @vis= Visu VisuInstance VisuVersion VisuUid VisuCreator VisuCreatorVersion
$$ @vis= VisuCreationDate VisuInstanceType VisuInstanceModality
$$ @vis= VisuInstanceDeIdentified VisuCore VisuCoreFrameCount VisuCoreDim
$$ @vis= VisuCoreSize VisuCoreDimDesc VisuCoreExtent VisuCoreFrameThickness
$$ @vis= VisuCoreUnits VisuCoreOrientation VisuCorePosition
$$ @vis= VisuCoreModalityOffset VisuCoreAtsCenterDistance VisuCoreDataMin
$$ @vis= VisuCoreDataMax VisuCoreDataOffs VisuCoreDataSlope VisuCoreFrameType
$$ @vis= VisuCoreSlicePacksDef VisuCoreSlicePacksSlices
$$ @vis= VisuCoreSlicePacksSliceDist VisuPixel VisuCoreWordType
$$ @vis= VisuCoreByteOrder VisuFrameOrderDesc VisuFGOrderDescDim
$$ @vis= VisuFGOrderDesc VisuGroupDepVals VisuSubject VisuSubjectName
$$ @vis= VisuSubjectId VisuSubjectUid VisuSubjectInstanceCreationDate
$$ @vis= VisuSubjectBirthDate VisuSubjectSex VisuSubjectType VisuStudy
$$ @vis= VisuStudyUid VisuStudyDate VisuStudyId VisuStudyNumber
$$ @vis= VisuSubjectWeight VisuStudyReferringPhysician VisuSeries
$$ @vis= VisuExperimentNumber VisuProcessingNumber VisuSeriesDate
$$ @vis= VisuSubjectPosition VisuSeriesTypeId VisuSeriesCreationId
$$ @vis= VisuSeriesExperimentComment VisuSeriesFrameOfReferenceUid
$$ @vis= VisuContrastAgent VisuEquipment VisuManufacturer
$$ @vis= VisuAcqSoftwareVersion VisuInstitution VisuStation
$$ @vis= VisuSystemOrderNumber VisuAcq VisuAcqDate VisuAcqSequenceName
$$ @vis= VisuAcquisitionProtocol VisuAcqScanTime VisuAcqFrameNumbers
$$ @vis= VisuCardiacSynchUsed VisuRespSynchUsed VisuAcqNumberOfAverages
$$ @vis= VisuMxi VisuAcqRepetitionTime VisuCoilReceive VisuCoilReceiveName
$$ @vis= VisuCoilReceiveManufacturer VisuCoilReceiveType
$$ @vis= VisuCoilReceiveIsQuadrature VisuCoilReceiveMultiName VisuCoilTransmit
$$ @vis= VisuCoilTransmitName VisuCoilTransmitManufacturer
$$ @vis= VisuCoilTransmitType VisuCoilTransmitIsQuadrature
$$ @vis= VisuCoilTransmitMultiName VisuMri VisuAcqEchoTrainLength
$$ @vis= VisuAcqImagingFrequency VisuAcqImagedNucleus VisuAcqPixelBandwidth
$$ @vis= VisuAcqFlipAngle VisuMrAcqFlipAngleVariable VisuAcqSize
$$ @vis= VisuAcqImageSizeAccellerated VisuAcqGradEncoding VisuAcqEchoTime
$$ @vis= VisuAcqAntiAlias VisuAcqEchoSequenceType VisuAcqSpinsVelocityEncoded
$$ @vis= VisuAcqHasTimeOfFlightContrast VisuAcqIsEpiSequence
$$ @vis= VisuAcqSpectralSuppression VisuAcqKSpaceTraversal
$$ @vis= VisuAcqEncodingOrder VisuAcqKSpaceTrajectoryCnt
$$ @vis= VisuAcqKSpaceFiltering VisuAcqFlowCompensation VisuAcqSpoiling
$$ @vis= VisuAcqSaturation VisuAcqPartialFourier
$$ @vis= VisuAcqParallelReductionFactor VisuAcqMagnetizationTransfer
$$ @vis= VisuAcqBloodSignalNulling VisuMagneticFieldStrength
$$ @vis= VisuMrMultiSpinEcho VisuMrMultiPlanar VisuMrSteadyStatePulse
$$ @vis= VisuMrSegmentedKSpaceTraversal VisuMrCoverageOfKSpace
$$ @vis= VisuMrPercentSampling VisuMrs
##END=
$$ File finished by PARX at 2024-10-11 10:17:57.249 +0200
