##TITLE=Parameter List, ParaVision 360 V3.5
##JCAMPDX=4.24
##DATATYPE=Parameter Values
##ORIGIN=Bruker BioSpin MRI GmbH
##OWNER=cristina
$$ Write Options: Symbolic Enums, RLE encoded arrays, symbol visibility
$$ 2025-02-28 11:25:51.165 +0100  cristina@cibmsafe94t1
$$ /opt/PV-360.3.5/data/cristina/20250228_092135_28022025_RatMRSI_HighResAnd3D_BA_28022025_RatMRSI_HighResAnd3D_BA_1_1/15/method
$$ process /opt/PV-360.3.5/prog/bin/parxserver
##$Method=<Bruker:CSI>
##$PVM_GeoObj=( 2, 65 )
<PVM_SliceGeoObj> <PVM_FovSatGeoObj>
##$PVM_StudyInstrumentPosition=Head_Prone
##$PVM_ExportHandler=( 6 )
(<BRUKER_PARIMPORT_SLICEGEO>, <>, <Slice Geometry>) (<BRUKER_PARIMPORT_OVS>, 
<>, <OVS>) (<BRUKER_PARIMPORT_FOVSAT>, <>, <FOV Saturation>) 
(<BRUKER_PARIMPORT_WATERSUPPRESSION>, <>, <Water Suppression>) 
(<BRUKER_PARIMPORT_VOXELGEO>, <>, <Voxel Geometry>) 
(<BRUKER_PARIMPORT_SLICEORIENT>, <>, <Slice Orientation>)
##$PVM_EchoTime=1.3
##$PVM_RepetitionTime=822
##$PVM_NEchoImages=1
##$PVM_NAverages=1
##$PVM_NRepetitions=1
##$PVM_ScanTime=789942
##$PVM_DeriveGains=Yes
##$ExcPulse1Enum=<Calculated>
##$ExcPulse1=(0.5, 8400, 55, Yes, 3, 4200, 0.245701650993118, 0.20811787382156,
 0, 50, 40.4293203016463, <$ExcPulse1Shape>)
##$ExcPulse1Ampl=(40.4293203016463, 44.9607163541943, -16.0669644002955)
##$PVM_GradCalConst=28940.6
##$PVM_Nucleus1Enum=<1H>
##$PVM_Nucleus1=( 8 )
<1H>
##$PVM_RefPowMod1=AutoAdj
##$PVM_RefPowCh1=1.63385020919524
##$PVM_RefPowStat1=( 1024 )
<Study: Adj by Bruker:AdjRefPowADJ_REF_POW>
##$PVM_Nucleus2Enum=<1H>
##$PVM_Nucleus2=( 8 )
<>
##$PVM_Nucleus3Enum=<1H>
##$PVM_Nucleus4Enum=<1H>
##$PVM_Nucleus5Enum=<1H>
##$PVM_Nucleus6Enum=<1H>
##$PVM_Nucleus7Enum=<1H>
##$PVM_Nucleus8Enum=<1H>
##$PVM_FrqRef=( 8 )
400.264132965125 0 0 0 0 0 0 0
##$PVM_FrqWorkOffset=( 8 )
-800.52826593025 0 0 0 0 0 0 0
##$PVM_FrqWork=( 8 )
400.263332436859 0 0 0 0 0 0 0
##$PVM_FrqRefPpm=( 8 )
4.7 0 0 0 0 0 0 0
##$PVM_FrqWorkOffsetPpm=( 8 )
-2 0 0 0 0 0 0 0
##$PVM_FrqWorkPpm=( 8 )
2.7 0 0 0 0 0 0 0
##$PVM_NucleiPpmWork=( 20 )
(<1H>, 2.7) (<13C>, 0) (<none>, 0) (<none>, 0) (<none>, 0) (<none>, 0) (<none>
, 0) (<none>, 0) (<none>, 0) (<none>, 0) (<none>, 0) (<none>, 0) (<none>, 0) 
(<none>, 0) (<none>, 0) (<none>, 0) (<none>, 0) (<none>, 0) (<none>, 0) 
(<none>, 0)
##$PVM_TxCoilScMode1=AutoAdj
##$PVM_TxCoilAdjStat1=( 1024 )
<System (Coil)>
##$PVM_TxCoilAmpScaling1=( 2 )
100 100
##$PVM_TxCoilPhaseOffset1=( 2 )
0 90
##$PVM_SpecDimEnum=<1D>
##$PVM_SpecDim=1
##$PVM_SpecAcquisitionTime=153.6
##$PVM_SpecOffsetHz=0
##$PVM_SpecOffsetppm=0
##$PVM_SpecMatrix=( 1 )
768
##$PVM_SpecSWH=( 1 )
5000
##$PVM_SpecSW=( 1 )
12.4918802778194
##$PVM_SpecDwellTime=( 1 )
100
##$PVM_SpecNomRes=( 1 )
3.25520833333333
##$PVM_EncGenOpt=Yes
##$PVM_EncGenEllipse=No
##$PVM_MbEncNBands=1
##$PVM_MbEncAccelFactor=1
##$PVM_MbEncBlipFactor=1
##$PVM_EncGen3D=Yes
##$PVM_EncGen4D=No
##$PVM_EncGenPpi=No
##$PVM_EncGenCaipirinha=No
##$PVM_EncGenTCaipirinha=No
##$PVM_EncVirtualCoils=No
##$PVM_EncCS=No
##$PVM_EncCSUndersampling=100
##$PVM_EncCSCenterRatio=10
##$PVM_EncCSNumRef=( 2 )
30 30
##$PVM_EncCSGradOpt=No
##$PVM_EncCSEllipse=No
##$PVM_EncPftAlgorithm=Zerofilling
##$PVM_EncPpiRefScan=No
##$PVM_IsEpiScan=No
##$PVM_SpatDimEnum=<2D>
##$PVM_IsotropicFovRes=Isot_None
##$PVM_Matrix=( 2 )
31 31
##$PVM_MinMatrix=( 2 )
8 8
##$PVM_MaxMatrix=( 2 )
64 64
##$PVM_DefMatrix=( 3 )
32 32 16
##$PVM_AntiAlias=( 2 )
1 1
##$PVM_MaxAntiAlias=( 2 )
2 8
##$PVM_EncSpectroscopy=No
##$PVM_EncUseMultiRec=Yes
##$PVM_EncActReceivers=( 1 )
On
##$PVM_EncZf=( 2 )
1 1
##$PVM_EncPft=( 2 )
1 1
##$PVM_EncPftOverscans=( 2 )
15 15
##$PVM_EncPpi=( 2 )
1 1
##$PVM_EncPpiRefLines=( 2 )
0 0
##$PVM_EncPpiGopRefLines=( 3 )
32 24 24
##$PVM_EncOrder=( 2 )
LINEAR_ENC LINEAR_ENC
##$PVM_EncStart=( 2 )
-1 -1
##$PVM_EncNReceivers=4
##$PVM_EncAvailReceivers=9
##$PVM_EncChanScaling=( 4 )
0.530920052 0.548250066 0.671002 0.520566084
##$PVM_EncChanPhase=( 4 )
254.084 310.0975 331.5845 314.3915
##$PVM_EncMatrix=( 2 )
31 31
##$PVM_EncTotalAccel=1
##$PVM_EncSteps0=( 31 )
-15 -14 -13 -12 -11 -10 -9 -8 -7 -6 -5 -4 -3 -2 -1 0 1 2 3 4 5 6 7 8 9 10 11 
12 13 14 15
##$PVM_EncSteps1=( 31 )
-15 -14 -13 -12 -11 -10 -9 -8 -7 -6 -5 -4 -3 -2 -1 0 1 2 3 4 5 6 7 8 9 10 11 
12 13 14 15
##$PVM_EncSteps2=( 1 )
0
##$PVM_EncCentralStep0=1
##$PVM_EncCentralStep1=1
##$PVM_EncValues0=( 31 )
-0.967741935483871 -0.903225806451613 -0.838709677419355 -0.774193548387097 
-0.709677419354839 -0.645161290322581 -0.580645161290323 -0.516129032258065 
-0.451612903225806 -0.387096774193548 -0.32258064516129 -0.258064516129032 
-0.193548387096774 -0.129032258064516 -0.0645161290322581 0 
0.0645161290322581 0.129032258064516 0.193548387096774 0.258064516129032 
0.32258064516129 0.387096774193548 0.451612903225806 0.516129032258065 
0.580645161290323 0.645161290322581 0.709677419354839 0.774193548387097 
0.838709677419355 0.903225806451613 0.967741935483871
##$PVM_EncValues1=( 31 )
-0.967741935483871 -0.903225806451613 -0.838709677419355 -0.774193548387097 
-0.709677419354839 -0.645161290322581 -0.580645161290323 -0.516129032258065 
-0.451612903225806 -0.387096774193548 -0.32258064516129 -0.258064516129032 
-0.193548387096774 -0.129032258064516 -0.0645161290322581 0 
0.0645161290322581 0.129032258064516 0.193548387096774 0.258064516129032 
0.32258064516129 0.387096774193548 0.451612903225806 0.516129032258065 
0.580645161290323 0.645161290322581 0.709677419354839 0.774193548387097 
0.838709677419355 0.903225806451613 0.967741935483871
##$PVM_EncGenSteps0=( 961 )
-15 -14 -13 -12 -11 -10 -9 -8 -7 -6 -5 -4 -3 -2 -1 0 1 2 3 4 5 6 7 8 9 10 11 
12 13 14 15 -15 -14 -13 -12 -11 -10 -9 -8 -7 -6 -5 -4 -3 -2 -1 0 1 2 3 4 5 6 
7 8 9 10 11 12 13 14 15 -15 -14 -13 -12 -11 -10 -9 -8 -7 -6 -5 -4 -3 -2 -1 0 
1 2 3 4 5 6 7 8 9 10 11 12 13 14 15 -15 -14 -13 -12 -11 -10 -9 -8 -7 -6 -5 -4 
-3 -2 -1 0 1 2 3 4 5 6 7 8 9 10 11 12 13 14 15 -15 -14 -13 -12 -11 -10 -9 -8 
-7 -6 -5 -4 -3 -2 -1 0 1 2 3 4 5 6 7 8 9 10 11 12 13 14 15 -15 -14 -13 -12 
-11 -10 -9 -8 -7 -6 -5 -4 -3 -2 -1 0 1 2 3 4 5 6 7 8 9 10 11 12 13 14 15 -15 
-14 -13 -12 -11 -10 -9 -8 -7 -6 -5 -4 -3 -2 -1 0 1 2 3 4 5 6 7 8 9 10 11 12 
13 14 15 -15 -14 -13 -12 -11 -10 -9 -8 -7 -6 -5 -4 -3 -2 -1 0 1 2 3 4 5 6 7 8 
9 10 11 12 13 14 15 -15 -14 -13 -12 -11 -10 -9 -8 -7 -6 -5 -4 -3 -2 -1 0 1 2 
3 4 5 6 7 8 9 10 11 12 13 14 15 -15 -14 -13 -12 -11 -10 -9 -8 -7 -6 -5 -4 -3 
-2 -1 0 1 2 3 4 5 6 7 8 9 10 11 12 13 14 15 -15 -14 -13 -12 -11 -10 -9 -8 -7 
-6 -5 -4 -3 -2 -1 0 1 2 3 4 5 6 7 8 9 10 11 12 13 14 15 -15 -14 -13 -12 -11 
-10 -9 -8 -7 -6 -5 -4 -3 -2 -1 0 1 2 3 4 5 6 7 8 9 10 11 12 13 14 15 -15 -14 
-13 -12 -11 -10 -9 -8 -7 -6 -5 -4 -3 -2 -1 0 1 2 3 4 5 6 7 8 9 10 11 12 13 14 
15 -15 -14 -13 -12 -11 -10 -9 -8 -7 -6 -5 -4 -3 -2 -1 0 1 2 3 4 5 6 7 8 9 10 
11 12 13 14 15 -15 -14 -13 -12 -11 -10 -9 -8 -7 -6 -5 -4 -3 -2 -1 0 1 2 3 4 5 
6 7 8 9 10 11 12 13 14 15 -15 -14 -13 -12 -11 -10 -9 -8 -7 -6 -5 -4 -3 -2 -1 
0 1 2 3 4 5 6 7 8 9 10 11 12 13 14 15 -15 -14 -13 -12 -11 -10 -9 -8 -7 -6 -5 
-4 -3 -2 -1 0 1 2 3 4 5 6 7 8 9 10 11 12 13 14 15 -15 -14 -13 -12 -11 -10 -9 
-8 -7 -6 -5 -4 -3 -2 -1 0 1 2 3 4 5 6 7 8 9 10 11 12 13 14 15 -15 -14 -13 -12 
-11 -10 -9 -8 -7 -6 -5 -4 -3 -2 -1 0 1 2 3 4 5 6 7 8 9 10 11 12 13 14 15 -15 
-14 -13 -12 -11 -10 -9 -8 -7 -6 -5 -4 -3 -2 -1 0 1 2 3 4 5 6 7 8 9 10 11 12 
13 14 15 -15 -14 -13 -12 -11 -10 -9 -8 -7 -6 -5 -4 -3 -2 -1 0 1 2 3 4 5 6 7 8 
9 10 11 12 13 14 15 -15 -14 -13 -12 -11 -10 -9 -8 -7 -6 -5 -4 -3 -2 -1 0 1 2 
3 4 5 6 7 8 9 10 11 12 13 14 15 -15 -14 -13 -12 -11 -10 -9 -8 -7 -6 -5 -4 -3 
-2 -1 0 1 2 3 4 5 6 7 8 9 10 11 12 13 14 15 -15 -14 -13 -12 -11 -10 -9 -8 -7 
-6 -5 -4 -3 -2 -1 0 1 2 3 4 5 6 7 8 9 10 11 12 13 14 15 -15 -14 -13 -12 -11 
-10 -9 -8 -7 -6 -5 -4 -3 -2 -1 0 1 2 3 4 5 6 7 8 9 10 11 12 13 14 15 -15 -14 
-13 -12 -11 -10 -9 -8 -7 -6 -5 -4 -3 -2 -1 0 1 2 3 4 5 6 7 8 9 10 11 12 13 14 
15 -15 -14 -13 -12 -11 -10 -9 -8 -7 -6 -5 -4 -3 -2 -1 0 1 2 3 4 5 6 7 8 9 10 
11 12 13 14 15 -15 -14 -13 -12 -11 -10 -9 -8 -7 -6 -5 -4 -3 -2 -1 0 1 2 3 4 5 
6 7 8 9 10 11 12 13 14 15 -15 -14 -13 -12 -11 -10 -9 -8 -7 -6 -5 -4 -3 -2 -1 
0 1 2 3 4 5 6 7 8 9 10 11 12 13 14 15 -15 -14 -13 -12 -11 -10 -9 -8 -7 -6 -5 
-4 -3 -2 -1 0 1 2 3 4 5 6 7 8 9 10 11 12 13 14 15 -15 -14 -13 -12 -11 -10 -9 
-8 -7 -6 -5 -4 -3 -2 -1 0 1 2 3 4 5 6 7 8 9 10 11 12 13 14 15
##$PVM_EncGenSteps1=( 961 )
@31*(-15) @31*(-14) @31*(-13) @31*(-12) @31*(-11) @31*(-10) @31*(-9) @31*(-8) 
@31*(-7) @31*(-6) @31*(-5) @31*(-4) @31*(-3) @31*(-2) @31*(-1) @31*(0) @31*(1)
 @31*(2) @31*(3) @31*(4) @31*(5) @31*(6) @31*(7) @31*(8) @31*(9) @31*(10) 
@31*(11) @31*(12) @31*(13) @31*(14) @31*(15)
##$PVM_EncGenSteps2=( 961 )
@961*(0)
##$PVM_EncGenValues0=( 961 )
-0.967741935483871 -0.903225806451613 -0.838709677419355 -0.774193548387097 
-0.709677419354839 -0.645161290322581 -0.580645161290323 -0.516129032258065 
-0.451612903225806 -0.387096774193548 -0.32258064516129 -0.258064516129032 
-0.193548387096774 -0.129032258064516 -0.0645161290322581 0 
0.0645161290322581 0.129032258064516 0.193548387096774 0.258064516129032 
0.32258064516129 0.387096774193548 0.451612903225806 0.516129032258065 
0.580645161290323 0.645161290322581 0.709677419354839 0.774193548387097 
0.838709677419355 0.903225806451613 0.967741935483871 -0.967741935483871 
-0.903225806451613 -0.838709677419355 -0.774193548387097 -0.709677419354839 
-0.645161290322581 -0.580645161290323 -0.516129032258065 -0.451612903225806 
-0.387096774193548 -0.32258064516129 -0.258064516129032 -0.193548387096774 
-0.129032258064516 -0.0645161290322581 0 0.0645161290322581 0.129032258064516 
0.193548387096774 0.258064516129032 0.32258064516129 0.387096774193548 
0.451612903225806 0.516129032258065 0.580645161290323 0.645161290322581 
0.709677419354839 0.774193548387097 0.838709677419355 0.903225806451613 
0.967741935483871 -0.967741935483871 -0.903225806451613 -0.838709677419355 
-0.774193548387097 -0.709677419354839 -0.645161290322581 -0.580645161290323 
-0.516129032258065 -0.451612903225806 -0.387096774193548 -0.32258064516129 
-0.258064516129032 -0.193548387096774 -0.129032258064516 -0.0645161290322581 
0 0.0645161290322581 0.129032258064516 0.193548387096774 0.258064516129032 
0.32258064516129 0.387096774193548 0.451612903225806 0.516129032258065 
0.580645161290323 0.645161290322581 0.709677419354839 0.774193548387097 
0.838709677419355 0.903225806451613 0.967741935483871 -0.967741935483871 
-0.903225806451613 -0.838709677419355 -0.774193548387097 -0.709677419354839 
-0.645161290322581 -0.580645161290323 -0.516129032258065 -0.451612903225806 
-0.387096774193548 -0.32258064516129 -0.258064516129032 -0.193548387096774 
-0.129032258064516 -0.0645161290322581 0 0.0645161290322581 0.129032258064516 
0.193548387096774 0.258064516129032 0.32258064516129 0.387096774193548 
0.451612903225806 0.516129032258065 0.580645161290323 0.645161290322581 
0.709677419354839 0.774193548387097 0.838709677419355 0.903225806451613 
0.967741935483871 -0.967741935483871 -0.903225806451613 -0.838709677419355 
-0.774193548387097 -0.709677419354839 -0.645161290322581 -0.580645161290323 
-0.516129032258065 -0.451612903225806 -0.387096774193548 -0.32258064516129 
-0.258064516129032 -0.193548387096774 -0.129032258064516 -0.0645161290322581 
0 0.0645161290322581 0.129032258064516 0.193548387096774 0.258064516129032 
0.32258064516129 0.387096774193548 0.451612903225806 0.516129032258065 
0.580645161290323 0.645161290322581 0.709677419354839 0.774193548387097 
0.838709677419355 0.903225806451613 0.967741935483871 -0.967741935483871 
-0.903225806451613 -0.838709677419355 -0.774193548387097 -0.709677419354839 
-0.645161290322581 -0.580645161290323 -0.516129032258065 -0.451612903225806 
-0.387096774193548 -0.32258064516129 -0.258064516129032 -0.193548387096774 
-0.129032258064516 -0.0645161290322581 0 0.0645161290322581 0.129032258064516 
0.193548387096774 0.258064516129032 0.32258064516129 0.387096774193548 
0.451612903225806 0.516129032258065 0.580645161290323 0.645161290322581 
0.709677419354839 0.774193548387097 0.838709677419355 0.903225806451613 
0.967741935483871 -0.967741935483871 -0.903225806451613 -0.838709677419355 
-0.774193548387097 -0.709677419354839 -0.645161290322581 -0.580645161290323 
-0.516129032258065 -0.451612903225806 -0.387096774193548 -0.32258064516129 
-0.258064516129032 -0.193548387096774 -0.129032258064516 -0.0645161290322581 
0 0.0645161290322581 0.129032258064516 0.193548387096774 0.258064516129032 
0.32258064516129 0.387096774193548 0.451612903225806 0.516129032258065 
0.580645161290323 0.645161290322581 0.709677419354839 0.774193548387097 
0.838709677419355 0.903225806451613 0.967741935483871 -0.967741935483871 
-0.903225806451613 -0.838709677419355 -0.774193548387097 -0.709677419354839 
-0.645161290322581 -0.580645161290323 -0.516129032258065 -0.451612903225806 
-0.387096774193548 -0.32258064516129 -0.258064516129032 -0.193548387096774 
-0.129032258064516 -0.0645161290322581 0 0.0645161290322581 0.129032258064516 
0.193548387096774 0.258064516129032 0.32258064516129 0.387096774193548 
0.451612903225806 0.516129032258065 0.580645161290323 0.645161290322581 
0.709677419354839 0.774193548387097 0.838709677419355 0.903225806451613 
0.967741935483871 -0.967741935483871 -0.903225806451613 -0.838709677419355 
-0.774193548387097 -0.709677419354839 -0.645161290322581 -0.580645161290323 
-0.516129032258065 -0.451612903225806 -0.387096774193548 -0.32258064516129 
-0.258064516129032 -0.193548387096774 -0.129032258064516 -0.0645161290322581 
0 0.0645161290322581 0.129032258064516 0.193548387096774 0.258064516129032 
0.32258064516129 0.387096774193548 0.451612903225806 0.516129032258065 
0.580645161290323 0.645161290322581 0.709677419354839 0.774193548387097 
0.838709677419355 0.903225806451613 0.967741935483871 -0.967741935483871 
-0.903225806451613 -0.838709677419355 -0.774193548387097 -0.709677419354839 
-0.645161290322581 -0.580645161290323 -0.516129032258065 -0.451612903225806 
-0.387096774193548 -0.32258064516129 -0.258064516129032 -0.193548387096774 
-0.129032258064516 -0.0645161290322581 0 0.0645161290322581 0.129032258064516 
0.193548387096774 0.258064516129032 0.32258064516129 0.387096774193548 
0.451612903225806 0.516129032258065 0.580645161290323 0.645161290322581 
0.709677419354839 0.774193548387097 0.838709677419355 0.903225806451613 
0.967741935483871 -0.967741935483871 -0.903225806451613 -0.838709677419355 
-0.774193548387097 -0.709677419354839 -0.645161290322581 -0.580645161290323 
-0.516129032258065 -0.451612903225806 -0.387096774193548 -0.32258064516129 
-0.258064516129032 -0.193548387096774 -0.129032258064516 -0.0645161290322581 
0 0.0645161290322581 0.129032258064516 0.193548387096774 0.258064516129032 
0.32258064516129 0.387096774193548 0.451612903225806 0.516129032258065 
0.580645161290323 0.645161290322581 0.709677419354839 0.774193548387097 
0.838709677419355 0.903225806451613 0.967741935483871 -0.967741935483871 
-0.903225806451613 -0.838709677419355 -0.774193548387097 -0.709677419354839 
-0.645161290322581 -0.580645161290323 -0.516129032258065 -0.451612903225806 
-0.387096774193548 -0.32258064516129 -0.258064516129032 -0.193548387096774 
-0.129032258064516 -0.0645161290322581 0 0.0645161290322581 0.129032258064516 
0.193548387096774 0.258064516129032 0.32258064516129 0.387096774193548 
0.451612903225806 0.516129032258065 0.580645161290323 0.645161290322581 
0.709677419354839 0.774193548387097 0.838709677419355 0.903225806451613 
0.967741935483871 -0.967741935483871 -0.903225806451613 -0.838709677419355 
-0.774193548387097 -0.709677419354839 -0.645161290322581 -0.580645161290323 
-0.516129032258065 -0.451612903225806 -0.387096774193548 -0.32258064516129 
-0.258064516129032 -0.193548387096774 -0.129032258064516 -0.0645161290322581 
0 0.0645161290322581 0.129032258064516 0.193548387096774 0.258064516129032 
0.32258064516129 0.387096774193548 0.451612903225806 0.516129032258065 
0.580645161290323 0.645161290322581 0.709677419354839 0.774193548387097 
0.838709677419355 0.903225806451613 0.967741935483871 -0.967741935483871 
-0.903225806451613 -0.838709677419355 -0.774193548387097 -0.709677419354839 
-0.645161290322581 -0.580645161290323 -0.516129032258065 -0.451612903225806 
-0.387096774193548 -0.32258064516129 -0.258064516129032 -0.193548387096774 
-0.129032258064516 -0.0645161290322581 0 0.0645161290322581 0.129032258064516 
0.193548387096774 0.258064516129032 0.32258064516129 0.387096774193548 
0.451612903225806 0.516129032258065 0.580645161290323 0.645161290322581 
0.709677419354839 0.774193548387097 0.838709677419355 0.903225806451613 
0.967741935483871 -0.967741935483871 -0.903225806451613 -0.838709677419355 
-0.774193548387097 -0.709677419354839 -0.645161290322581 -0.580645161290323 
-0.516129032258065 -0.451612903225806 -0.387096774193548 -0.32258064516129 
-0.258064516129032 -0.193548387096774 -0.129032258064516 -0.0645161290322581 
0 0.0645161290322581 0.129032258064516 0.193548387096774 0.258064516129032 
0.32258064516129 0.387096774193548 0.451612903225806 0.516129032258065 
0.580645161290323 0.645161290322581 0.709677419354839 0.774193548387097 
0.838709677419355 0.903225806451613 0.967741935483871 -0.967741935483871 
-0.903225806451613 -0.838709677419355 -0.774193548387097 -0.709677419354839 
-0.645161290322581 -0.580645161290323 -0.516129032258065 -0.451612903225806 
-0.387096774193548 -0.32258064516129 -0.258064516129032 -0.193548387096774 
-0.129032258064516 -0.0645161290322581 0 0.0645161290322581 0.129032258064516 
0.193548387096774 0.258064516129032 0.32258064516129 0.387096774193548 
0.451612903225806 0.516129032258065 0.580645161290323 0.645161290322581 
0.709677419354839 0.774193548387097 0.838709677419355 0.903225806451613 
0.967741935483871 -0.967741935483871 -0.903225806451613 -0.838709677419355 
-0.774193548387097 -0.709677419354839 -0.645161290322581 -0.580645161290323 
-0.516129032258065 -0.451612903225806 -0.387096774193548 -0.32258064516129 
-0.258064516129032 -0.193548387096774 -0.129032258064516 -0.0645161290322581 
0 0.0645161290322581 0.129032258064516 0.193548387096774 0.258064516129032 
0.32258064516129 0.387096774193548 0.451612903225806 0.516129032258065 
0.580645161290323 0.645161290322581 0.709677419354839 0.774193548387097 
0.838709677419355 0.903225806451613 0.967741935483871 -0.967741935483871 
-0.903225806451613 -0.838709677419355 -0.774193548387097 -0.709677419354839 
-0.645161290322581 -0.580645161290323 -0.516129032258065 -0.451612903225806 
-0.387096774193548 -0.32258064516129 -0.258064516129032 -0.193548387096774 
-0.129032258064516 -0.0645161290322581 0 0.0645161290322581 0.129032258064516 
0.193548387096774 0.258064516129032 0.32258064516129 0.387096774193548 
0.451612903225806 0.516129032258065 0.580645161290323 0.645161290322581 
0.709677419354839 0.774193548387097 0.838709677419355 0.903225806451613 
0.967741935483871 -0.967741935483871 -0.903225806451613 -0.838709677419355 
-0.774193548387097 -0.709677419354839 -0.645161290322581 -0.580645161290323 
-0.516129032258065 -0.451612903225806 -0.387096774193548 -0.32258064516129 
-0.258064516129032 -0.193548387096774 -0.129032258064516 -0.0645161290322581 
0 0.0645161290322581 0.129032258064516 0.193548387096774 0.258064516129032 
0.32258064516129 0.387096774193548 0.451612903225806 0.516129032258065 
0.580645161290323 0.645161290322581 0.709677419354839 0.774193548387097 
0.838709677419355 0.903225806451613 0.967741935483871 -0.967741935483871 
-0.903225806451613 -0.838709677419355 -0.774193548387097 -0.709677419354839 
-0.645161290322581 -0.580645161290323 -0.516129032258065 -0.451612903225806 
-0.387096774193548 -0.32258064516129 -0.258064516129032 -0.193548387096774 
-0.129032258064516 -0.0645161290322581 0 0.0645161290322581 0.129032258064516 
0.193548387096774 0.258064516129032 0.32258064516129 0.387096774193548 
0.451612903225806 0.516129032258065 0.580645161290323 0.645161290322581 
0.709677419354839 0.774193548387097 0.838709677419355 0.903225806451613 
0.967741935483871 -0.967741935483871 -0.903225806451613 -0.838709677419355 
-0.774193548387097 -0.709677419354839 -0.645161290322581 -0.580645161290323 
-0.516129032258065 -0.451612903225806 -0.387096774193548 -0.32258064516129 
-0.258064516129032 -0.193548387096774 -0.129032258064516 -0.0645161290322581 
0 0.0645161290322581 0.129032258064516 0.193548387096774 0.258064516129032 
0.32258064516129 0.387096774193548 0.451612903225806 0.516129032258065 
0.580645161290323 0.645161290322581 0.709677419354839 0.774193548387097 
0.838709677419355 0.903225806451613 0.967741935483871 -0.967741935483871 
-0.903225806451613 -0.838709677419355 -0.774193548387097 -0.709677419354839 
-0.645161290322581 -0.580645161290323 -0.516129032258065 -0.451612903225806 
-0.387096774193548 -0.32258064516129 -0.258064516129032 -0.193548387096774 
-0.129032258064516 -0.0645161290322581 0 0.0645161290322581 0.129032258064516 
0.193548387096774 0.258064516129032 0.32258064516129 0.387096774193548 
0.451612903225806 0.516129032258065 0.580645161290323 0.645161290322581 
0.709677419354839 0.774193548387097 0.838709677419355 0.903225806451613 
0.967741935483871 -0.967741935483871 -0.903225806451613 -0.838709677419355 
-0.774193548387097 -0.709677419354839 -0.645161290322581 -0.580645161290323 
-0.516129032258065 -0.451612903225806 -0.387096774193548 -0.32258064516129 
-0.258064516129032 -0.193548387096774 -0.129032258064516 -0.0645161290322581 
0 0.0645161290322581 0.129032258064516 0.193548387096774 0.258064516129032 
0.32258064516129 0.387096774193548 0.451612903225806 0.516129032258065 
0.580645161290323 0.645161290322581 0.709677419354839 0.774193548387097 
0.838709677419355 0.903225806451613 0.967741935483871 -0.967741935483871 
-0.903225806451613 -0.838709677419355 -0.774193548387097 -0.709677419354839 
-0.645161290322581 -0.580645161290323 -0.516129032258065 -0.451612903225806 
-0.387096774193548 -0.32258064516129 -0.258064516129032 -0.193548387096774 
-0.129032258064516 -0.0645161290322581 0 0.0645161290322581 0.129032258064516 
0.193548387096774 0.258064516129032 0.32258064516129 0.387096774193548 
0.451612903225806 0.516129032258065 0.580645161290323 0.645161290322581 
0.709677419354839 0.774193548387097 0.838709677419355 0.903225806451613 
0.967741935483871 -0.967741935483871 -0.903225806451613 -0.838709677419355 
-0.774193548387097 -0.709677419354839 -0.645161290322581 -0.580645161290323 
-0.516129032258065 -0.451612903225806 -0.387096774193548 -0.32258064516129 
-0.258064516129032 -0.193548387096774 -0.129032258064516 -0.0645161290322581 
0 0.0645161290322581 0.129032258064516 0.193548387096774 0.258064516129032 
0.32258064516129 0.387096774193548 0.451612903225806 0.516129032258065 
0.580645161290323 0.645161290322581 0.709677419354839 0.774193548387097 
0.838709677419355 0.903225806451613 0.967741935483871 -0.967741935483871 
-0.903225806451613 -0.838709677419355 -0.774193548387097 -0.709677419354839 
-0.645161290322581 -0.580645161290323 -0.516129032258065 -0.451612903225806 
-0.387096774193548 -0.32258064516129 -0.258064516129032 -0.193548387096774 
-0.129032258064516 -0.0645161290322581 0 0.0645161290322581 0.129032258064516 
0.193548387096774 0.258064516129032 0.32258064516129 0.387096774193548 
0.451612903225806 0.516129032258065 0.580645161290323 0.645161290322581 
0.709677419354839 0.774193548387097 0.838709677419355 0.903225806451613 
0.967741935483871 -0.967741935483871 -0.903225806451613 -0.838709677419355 
-0.774193548387097 -0.709677419354839 -0.645161290322581 -0.580645161290323 
-0.516129032258065 -0.451612903225806 -0.387096774193548 -0.32258064516129 
-0.258064516129032 -0.193548387096774 -0.129032258064516 -0.0645161290322581 
0 0.0645161290322581 0.129032258064516 0.193548387096774 0.258064516129032 
0.32258064516129 0.387096774193548 0.451612903225806 0.516129032258065 
0.580645161290323 0.645161290322581 0.709677419354839 0.774193548387097 
0.838709677419355 0.903225806451613 0.967741935483871 -0.967741935483871 
-0.903225806451613 -0.838709677419355 -0.774193548387097 -0.709677419354839 
-0.645161290322581 -0.580645161290323 -0.516129032258065 -0.451612903225806 
-0.387096774193548 -0.32258064516129 -0.258064516129032 -0.193548387096774 
-0.129032258064516 -0.0645161290322581 0 0.0645161290322581 0.129032258064516 
0.193548387096774 0.258064516129032 0.32258064516129 0.387096774193548 
0.451612903225806 0.516129032258065 0.580645161290323 0.645161290322581 
0.709677419354839 0.774193548387097 0.838709677419355 0.903225806451613 
0.967741935483871 -0.967741935483871 -0.903225806451613 -0.838709677419355 
-0.774193548387097 -0.709677419354839 -0.645161290322581 -0.580645161290323 
-0.516129032258065 -0.451612903225806 -0.387096774193548 -0.32258064516129 
-0.258064516129032 -0.193548387096774 -0.129032258064516 -0.0645161290322581 
0 0.0645161290322581 0.129032258064516 0.193548387096774 0.258064516129032 
0.32258064516129 0.387096774193548 0.451612903225806 0.516129032258065 
0.580645161290323 0.645161290322581 0.709677419354839 0.774193548387097 
0.838709677419355 0.903225806451613 0.967741935483871 -0.967741935483871 
-0.903225806451613 -0.838709677419355 -0.774193548387097 -0.709677419354839 
-0.645161290322581 -0.580645161290323 -0.516129032258065 -0.451612903225806 
-0.387096774193548 -0.32258064516129 -0.258064516129032 -0.193548387096774 
-0.129032258064516 -0.0645161290322581 0 0.0645161290322581 0.129032258064516 
0.193548387096774 0.258064516129032 0.32258064516129 0.387096774193548 
0.451612903225806 0.516129032258065 0.580645161290323 0.645161290322581 
0.709677419354839 0.774193548387097 0.838709677419355 0.903225806451613 
0.967741935483871 -0.967741935483871 -0.903225806451613 -0.838709677419355 
-0.774193548387097 -0.709677419354839 -0.645161290322581 -0.580645161290323 
-0.516129032258065 -0.451612903225806 -0.387096774193548 -0.32258064516129 
-0.258064516129032 -0.193548387096774 -0.129032258064516 -0.0645161290322581 
0 0.0645161290322581 0.129032258064516 0.193548387096774 0.258064516129032 
0.32258064516129 0.387096774193548 0.451612903225806 0.516129032258065 
0.580645161290323 0.645161290322581 0.709677419354839 0.774193548387097 
0.838709677419355 0.903225806451613 0.967741935483871
##$PVM_EncGenValues1=( 961 )
@31*(-0.967741935483871) @31*(-0.903225806451613) @31*(-0.838709677419355) 
@31*(-0.774193548387097) @31*(-0.709677419354839) @31*(-0.645161290322581) 
@31*(-0.580645161290323) @31*(-0.516129032258065) @31*(-0.451612903225806) 
@31*(-0.387096774193548) @31*(-0.32258064516129) @31*(-0.258064516129032) 
@31*(-0.193548387096774) @31*(-0.129032258064516) @31*(-0.0645161290322581) 
@31*(0) @31*(0.0645161290322581) @31*(0.129032258064516) 
@31*(0.193548387096774) @31*(0.258064516129032) @31*(0.32258064516129) 
@31*(0.387096774193548) @31*(0.451612903225806) @31*(0.516129032258065) 
@31*(0.580645161290323) @31*(0.645161290322581) @31*(0.709677419354839) 
@31*(0.774193548387097) @31*(0.838709677419355) @31*(0.903225806451613) 
@31*(0.967741935483871)
##$PVM_EncGenTotalSteps=961
##$PVM_EncGenLoopOuter=1
##$EncGradDur=0.5
##$Spoiler=(No, 24.310104, 1.2, 35)
##$PVM_Isotropic=Isotropic_None
##$PVM_Fov=( 2 )
24 24
##$PVM_FovCm=( 2 )
2.4 2.4
##$PVM_SpatResol=( 2 )
0.774193548387097 0.774193548387097
##$PVM_SliceThick=2
##$PVM_ObjOrderScheme=Interlaced
##$PVM_ObjOrderList=( 1 )
0
##$PVM_NSPacks=1
##$PVM_SPackArrNSlices=( 1 )
1
##$PVM_MajSliceOri=No
##$PVM_SPackArrSliceOrient=( 1 )
coronal
##$PVM_SPackArrReadOrient=( 1 )
H_F
##$PVM_SPackArrReadOffset=( 1 )
0.213662888353162
##$PVM_SPackArrPhase1Offset=( 1 )
-0.234785964197361
##$PVM_SPackArrPhase2Offset=( 1 )
0
##$PVM_SPackArrSliceOffset=( 1 )
0.477
##$PVM_SPackArrSliceGapMode=( 1 )
non_contiguous
##$PVM_SPackArrSliceGap=( 1 )
0
##$PVM_SPackArrSliceDistance=( 1 )
2
##$PVM_SPackArrGradOrient=( 1, 3, 3 )
0 0 -1 -1 0 0 0 1 0
##$PVM_SliceGeo=( 1 )
(((0 0 1 -1 0 0 0 -1 0, 0.234785964197361 -0.477 0.213662888353162, 0 0 0), 
24 24 2, <+R;read> <+P;phase> <+S;slice>, 0), 1, 1, 256, 2, 0, No)
##$PVM_SliceGeoObj=(<BRUKER_SLICEPACKAGE>, GeoCuboidPackId, Standard_GobjShape,
 <PVM_SliceGeo>, <PVM_ObjOrderList>, 0, <R;read> <P;phase> <S;slice>, Yes, 
4195848)
##$PVM_EffPhase0Offset=( 1 )
0.213662888353162
##$PVM_EffPhase1Offset=( 1 )
-0.234785964197361
##$PVM_EffPhase2Offset=( 1 )
0
##$PVM_EffSliceOffset=( 1 )
0.477
##$PVM_EffReadOffset=( 1 )
0.213662888353162
##$PVM_Phase0Offset=( 1 )
0.213662888353162
##$PVM_Phase1Offset=( 1 )
-0.234785964197361
##$PVM_Phase2Offset=( 1 )
0
##$PVM_SliceOffset=( 1 )
0.477
##$PVM_ReadOffset=( 1 )
0.213662888353162
##$PVM_DummyScans=8
##$PVM_DummyScansDur=6576
##$PVM_WsMode=NO_SUPPRESSION
##$PVM_WsOnOff=On
##$PVM_WsBandwidth=400
##$PVM_WsOffsetHz=( 1 )
800.524503457559
##$PVM_WsOffsetPPM=( 1 )
4.7
##$PVM_WsCalcSpoiler=On
##$PVM_WsSpoilerStrength=20
##$PVM_VpSpoilerStrength=( 7, 3 )
0.00413330716902147 0.00826661433804294 0.00413330716902147 
0.0163594470046084 0.000817972350230418 0.0163594470046084 
0.000378718864622541 0.0227231318773525 0.000378718864622541 
0.0654377880184334 0.000817972350230418 0.0654377880184334 
0.000634106691285677 0.0760928029542812 0.000634106691285677 
0.475738753999625 0.00297336721249766 0.475738753999625 20 15.625 20
##$PVM_ChSpoilerStrength=( 3, 3 )
12.2318699186992 12.2318699186992 0.5 11.7586557248925 0.5 11.7586557248925 
0.5 20 20
##$PVM_WsCalcTiming=On
##$PVM_WsMeanT1=1500
##$PVM_WsLockGains=No
##$PVM_VpInterPulseDelay=( 7, 1 )
150 80 160 80 100 30 28.5397142857143
##$PVM_VpSpoilerOnDuration=( 7, 1 )
136.5 68.975 148.975 68.975 88.975 18.975 0.902714285714289
##$PVM_ChInterPulseDelay=( 3, 1 )
75 75 65.25
##$PVM_ChSpoilerOnDuration=( 3, 1 )
61.5 63.975 37.613
##$PVM_VpPul1Enum=<hermite>
##$PVM_VpPul2Enum=<hermite>
##$PVM_VpPul1=(13.5, 400, 84, No, 3, 5400, 0.1794, 0.173622206901801, 0, 50, 
0.242646134368723, <hermite.exc>)
##$PVM_VpPul2=(8.55, 400, 150, No, 3, 3420, 0.1794, 0.173622206901801, 2, 0, 
1.9290017889989, <hermite.inv>)
##$PVM_VpPul1Ampl=(0.242646134368723, 3.48314609490273, 6.15026623102891)
##$PVM_VpPul2Ampl=(1.9290017889989, 9.82090064352273, -2.85332630418375)
##$PVM_ChPul1Enum=<hermite>
##$PVM_ChPul2Enum=<hermite>
##$PVM_ChPul3Enum=<hermite>
##$PVM_ChPul1=(13.5, 400, 90, No, 3, 5400, 0.1794, 0.173622206901801, 0, 50, 
0.278547858331442, <hermite.exc>)
##$PVM_ChPul2=(13.5, 400, 90, No, 3, 5400, 0.1794, 0.173622206901801, 0, 50, 
0.278547858331442, <hermite.exc>)
##$PVM_ChPul3=(8.55, 400, 180, No, 3, 3420, 0.1794, 0.173622206901801, 2, 0, 
2.77776257615842, <hermite.inv>)
##$PVM_ChPul1Ampl=(0.278547858331442, 3.73194224453864, 5.55100176348005)
##$PVM_ChPul2Ampl=(0.278547858331442, 3.73194224453864, 5.55100176348005)
##$PVM_ChPul3Ampl=(2.77776257615842, 11.7850807722273, -4.43695122513624)
##$PVM_WsDeriveGains=Yes
##$PVM_WsModuleDuration=0
##$PVM_OvsOnOff=Off
##$PVM_OvsConflict=No_Conflict
##$PVM_OvsSliceThickness=20
##$PVM_OvsGapToVoxel=1
##$PVM_OvsPulse1Enum=<sech>
##$PVM_OvsPulse1=(0.50625, 40000, 60.6809658249865, No, 3, 20250, 0.1064278, 
0.189614018306272, 0, 50, 255.853844, <sech.exc>)
##$PVM_OvsPulse1Ampl=(255.853844, 113.10478416053, -24.0799194628546)
##$PVM_OvsSpoilerDuration=3
##$PVM_OvsSpoilerStrength=( 3 )
30 30 30
##$PVM_OvsChemShiftDisplacement=0.700455
##$PVM_OvsModuleDuration=0
##$PVM_DecOnOff=Off
##$PVM_DecMode=Composite_Pulse
##$PVM_DecPulseEnum=dec_mlev16
##$PVM_DecUserPulse=( 15 )
<dec_mlev16>
##$PVM_DecTime=0
##$PVM_DecDuration=100
##$PVM_DeriveDecPowerYesNo=No
##$PVM_DecPower=1
##$PVM_DecNutationFreq=250
##$PVM_DecPulseElementDuration=0.5
##$PVM_DecOffsetppm=4.7
##$PVM_DecD0=1e-06
##$PVM_DecD1=1e-06
##$PVM_NoeOnOff=Off
##$PVM_NoeMode=Composite_Pulse_Noe
##$PVM_NoePulseEnum=noe_mlev16
##$PVM_NoeUserPulse=( 15 )
<noe_bb>
##$PVM_NoeTime=250
##$PVM_DeriveNoePowerYesNo=No
##$PVM_NoePower=1
##$PVM_NoeNutationFreq=250
##$PVM_NoePulseElementDuration=0.5
##$PVM_NoeModuleTime=0
##$PVM_NoeD0=1e-06
##$PVM_NoeD1=1e-06
##$PVM_TriggerModule=Off
##$PVM_TriggerMode=per_PhaseStep
##$PVM_TriggerDelay=1
##$PVM_TriggerDur=0.01
##$PVM_TriggerModuleTime=0
##$PVM_FatSupOnOff=Off
##$PVM_FatSupPulEnum=<Calculated>
##$PVM_FatSupPul=(1.86666666666667, 2250, 90, Yes, 3, 4200, 0.236151639875348, 
0.200434548747244, 0, 50, 8.4080785830729, <$PVM_FatSupPulShape>)
##$PVM_FatSupPulAmpl=(8.4080785830729, 20.5037540258765, -9.24696762015838)
##$PVM_FatSupBandWidth=2250
##$PVM_FatSupSpoil=(Yes, 3, 0.438, 11.8334019828427)
##$PVM_FatSupModuleTime=0
##$PVM_FatSupPerform=No
##$PVM_FatSupRampTime=0.146
##$PVM_FatSupGradWait=0.01
##$PVM_FatSupFL=( 1 )
-1024.93443706781
##$PVM_FatSupRfLength=1866.66666666667
##$PVM_FatSupSpoilDur=0.438
##$PVM_FatSupSpoilAmp=11.8334019828427
##$PVM_FovSatOnOff=On
##$PVM_FovSatPulEnum=<sech>
##$PVM_FovSatPul=(1, 20250, 90, No, 3, 20250, 0.1064278, 0.189614018306272, 0, 
50, 144.245431908663, <sech.exc>)
##$PVM_FovSatPulAmpl=(144.245431908663, 84.9250940266371, -21.5910206842552)
##$PVM_FovSatNSlices=12
##$PVM_FovSatThick=( 12 )
4 4 6 8 4 6 6 8 8 6 6 4
##$PVM_FovSatOffset=( 12 )
-6.02701683981528 -8.26943996624109 12.2893857386826 -12.6379613024318 
9.39654052341225 8.84998291089153 -9.65776945335833 12.2862914128942 
-12.8809059108378 -10.4953107313063 9.76627353620861 3.42604532325747
##$PVM_FovSatSpoil=(No, 27.782976, 0.800000000000001, 30)
##$PVM_FovSatSpoilDur=0.654000000000001
##$PVM_FovSatSpoilAmp=30
##$PVM_FovSatModuleTime=21.766
##$PVM_FovSatGrad=( 12, 3 )
0 17.4927264811372 0 0 0 -17.4927264811372 0 0 -11.6618176540915 0 0 
-8.74636324056861 0 0 -17.4927264811372 -11.6618176540915 0 0 
-11.6618176540915 0 0 -8.74636324056861 0 0 -8.74636324056861 0 0 
-10.3832565653251 0 5.30904643941943 -10.3600030997261 0 -5.35428116285897 0 
17.4927264811372 0
##$PVM_FovSatRampTime=0.146
##$PVM_FovSatGradWait=0.01
##$PVM_FovSatSliceOri=( 12 )
coronal axial axial axial axial sagittal sagittal sagittal sagittal sagittal 
sagittal coronal
##$PVM_FovSatSliceVec=( 12, 3 )
0 -1 0 0 0 1 0 0 1 0 0 1 0 0 1 -1 0 0 -1 0 0 -1 0 0 -1 0 0 -0.890363481346515 
0 -0.455250338917517 -0.888369498393872 0 0.459129213101737 0 -1 0
##$PVM_FovSatFL=( 12 )
-30511.7727515649 -41864.0398290955 41476.6768680538 -31989.8395467805 
47569.9863997745 29868.6923242589 -32594.9719050844 31099.6751388884 
-32604.7930868082 -35421.6737181586 32961.1731847041 17344.3544489909
##$PVM_FovSatRfLength=1000
##$PVM_FovSatGeoObj=(<BRUKER_FOVSAT>, GeoPlanarId, Standard_GobjShape, 
<PVM_FovSatGeoCub>, <>, 11, <D1;first> <D2;second> <S;slice>, Yes, 524384)
##$PVM_FovSatGeoCub=( 12 )
(((0 0 -1 -1 0 0 0 1 0, 0 -6.02701683981528 0, 0 0 0), 58 58 4, <+D1;first> 
<+D2;second> <+S;slice>, 0), 1, 1, 1, 4, 11, No) (((-1 0 0 0 1 0 0 0 -1, 
0.0695652173913043 0 8.26943996624109, 0 0 0), 58 58 4, <+D1;first> 
<+D2;second> <+S;slice>, 0), 1, 1, 1, 4, 12, No) (((-1 0 0 0 1 0 0 0 -1, 
0.904347826086957 0 -12.2893857386826, 0 0 0), 58 58 6, <+D1;first> 
<+D2;second> <+S;slice>, 0), 1, 1, 1, 6, 12, No) (((-1 0 0 0 1 0 0 0 -1, 
1.2773722410202 0 12.6379613024318, 0 0 0), 58 58 8, <+D1;first> <+D2;second> 
<+S;slice>, 0), 1, 1, 1, 8, 12, No) (((-1 0 0 0 1 0 0 0 -1, 1.2773722410202 0 
-9.39654052341225, 0 0 0), 58 58 4, <+D1;first> <+D2;second> <+S;slice>, 0), 
1, 1, 1, 4, 12, No) (((0 1 0 0 0 -1 -1 0 0, -8.84998291089153 
0.121953196641877 0, 0 0 0), 58 58 6, <+D1;first> <+D2;second> <+S;slice>, 0),
 1, 1, 1, 6, 12, No) (((0 1 0 0 0 -1 -1 0 0, 9.65776945335833 
0.121953196641877 -6.08453291457823e-15, 0 0 0), 58 58 6, <+D1;first> 
<+D2;second> <+S;slice>, 0), 1, 1, 1, 6, 12, No) (((0 1 0 0 0 -1 -1 0 0, 
-12.2862914128942 0.121953196641877 -0.364965461466443, 0 0 0), 58 58 8, 
<+D1;first> <+D2;second> <+S;slice>, 0), 1, 1, 1, 8, 12, No) (((0 1 0 0 0 -1 
-1 0 0, 12.8809059108378 0.121953196641877 -0.00175239679708389, 0 0 0), 58 
58 8, <+D1;first> <+D2;second> <+S;slice>, 0), 1, 1, 1, 8, 12, No) (((0 1 0 
-0.455250338917517 0 -0.890363481346515 -0.890363481346515 0 
0.455250338917517, 9.81643586895258 0.121953196641877 -3.85527382754752, 0 0 
0), 58 58 6, <+D1;first> <+D2;second> <+S;slice>, 0), 1, 1, 1, 6, 12, No) 
(((0 1 0 0.459129213101737 0 -0.888369498393872 -0.888369498393872 0 
-0.459129213101737, -9.77770459845016 0.121953196641877 -2.35240750494493, 0 
0 0), 58 58 6, <+D1;first> <+D2;second> <+S;slice>, 0), 1, 1, 1, 6, 12, No) 
(((0 0 -1 -1 0 0 0 1 0, -0.000151892966089862 3.42604532325747 
-0.204081632653061, 0 0 0), 58 58 4, <+D1;first> <+D2;second> <+S;slice>, 0), 
1, 1, 1, 4, 12, No)
##$AverageList=( 961 )
@961*(1)
##$AverageListSum=961
##$AverageMode=Standard_av
##$EffResolution=( 2 )
1.16129032258065 1.16129032258065
##$PVM_ArrayPhase=( 4 )
0 343.820131583438 63.6753718214336 332.191640892814
##$PVM_ArrayPhasePerObject=( 4, 1 )
0 0 0 0
##$PVM_ArrayPhaseAdjMode=ArrayPhase_Adj_Auto
##$LocalizationMode=Slice_FID
##$PVM_VoxArrSize=( 1, 3 )
6 6 2
##$PVM_VoxArrPosition=( 1, 3 )
5.31936690875827e-19 -3.00926553810506e-36 0
##$PVM_VoxArrPositionRPS=( 1, 3 )
5.31936690875827e-19 -3.00926553810506e-36 0
##$PVM_NVoxels=1
##$PVM_VoxMinDistance=0
##$PVM_VoxArrCSDisplacement=( 3 )
1.5734775 1.5734775 0.5244925
##$PVM_VoxArrGradOrient=( 1, 3, 3 )
0.999994814989234 0 0.00322024760666516 -0.00322024760666516 0 
0.999994814989234 0 -1 0
##$PVM_VoxelGeoCub=( 1 )
(((0.999994814989234 0 -0.00322024760666516 -0.00322024760666516 0 
-0.999994814989234 0 1 0, 5.31933932778358e-19 0 -1.71296785569026e-21, 0 0 0)
, 6 6 2, <+1;first pulse> <+2;second pulse> <+3;third pulse>, 0), 1, 1, 1, 2, 
0, No)
##$PVM_VoxelGeoObj=(<BRUKER_VOXEL>, GeoCuboidPackId, Standard_GobjShape, 
<PVM_VoxelGeoCub>, <>, 0, <1;first pulse> <2;second pulse> <3;third pulse>, 
Yes, 524288)
##$RefPulse1=(0.425, 8000, 105.11974357988, Yes, 3, 3400, 0.230082092617259, 
0.195682997269601, 1, 0, 233.105385580405, <$RefPulse1Shape>)
##$RefPulse1Enum=<Calculated>
##$RefPulse1Ampl=(233.105385580405, 107.959572428851, -23.6755230741518)
##$RefSpoiler=(No, 19.125, 2.20278777910617, 15)
##$PVM_NavPulseEnum=<gauss>
##$PVM_NavPulse=(1.37, 2000, 10, No, 3, 2740, 0.4181723, 0.298723764675971, 0, 
50, 0.0614575951042065, <gauss.exc>)
##$PVM_NavPoints=136
##$PVM_NavSWh=6060.60606060606
##$PVM_NavigatorModuleTime=23.872
##$PVM_NavGlobal=Yes
##$PVM_NavStickFreq=Yes
##$PVM_NavSpatEnc=No
##$PVM_NavOnOff=On
##$RetroFrequencyLock_OnOff=Off
##$PVM_DriftCompYesNo=Yes
##$PVM_DriftCompStore=Yes
##$PVM_DriftCompUpdateTime=3288
##$PVM_DriftCompNavOnOff=Off
##$PVM_DriftCompModuleTime=0
##$PVM_MapShimReady=Yes
##$PVM_MapShimLocShim=Yes
##$PVM_MapShimStatus=( 128 )
<Mapshim ready.>
##$PVM_MapShimCalcStat=( 256 )
<Not Calculated.>
##$PVM_DynamicShim=( 1, 9 )
0 0 0 0 0 0 0 0 0
##$PVM_MapShimNVolumes=1
##$PVM_MapShimVolDescr=(<BRUKER_SHIMVOL>, GeoCuboidPackId, Standard_GobjShape, 
<PVM_MapShimVolumes>, <>, 0, <+1; 1st dir> <+2; 2nd dir> <+3; 3rd dir>, Yes, 
524288)
##$PVM_MapShimVolumes=( 1 )
(((0 0 1 -1 0 0 0 -1 0, -1.10837 5.847 -0.184728, 0 0 0), 25 25 3, <+1; 1st 
dir> <+2; 2nd dir> <+3; 3rd dir>, 0), 1, 1, 1, 3, 0, No)
##$PVM_MapShimVolShape=Cuboid
##$PVM_StudyB0Map=(</opt/PV-360.3.5/data/cristina>, 
<20250228_092135_28022025_RatMRSI_HighResAnd3D_BA_28022025_RatMRSI_HighResAnd3D_BA_1_1>, 12, 1, <2.16.756.5.5.200.8323328.110284.1740735065.926>, <B0Map_Standard>, <>)
##$PVM_B0MapShimset=( 9 )
-0.0128388420151284 5.5214770733196 -3.30357824063478 -1.88830395971618 
-7.39757381551842 0.221255817502098 -2.35599298084993 0.19150072480354 
-0.310521095597772
##$PVM_ReqShimEnum=Current_Shim
##$PVM_MapShimUseShims=AllShims
##$PVM_MapShimVolDerive=Yes
##$PVM_MapShimVolMargin=( 3 )
1 1 1
##$PVM_MapShimVolMaster=( 65 )
<PVM_SliceGeoObj>
##$PVM_DynamicShimEnable=No
##$PVM_DynamicShimConstrainToFast=No
##$PVM_DynamicShimSliceMargin=0
##$PVM_DynamicShimEventDuration=30
##$PVM_AutoRg=( 2 )
(<job0>, 50.8) (<Navigator>, 32)
##$PVM_RampTime=0.11
##$PVM_RiseTime=0.146
##$PVM_DynamicShimRisetime=10
##$PVM_RgJob=<job0>
##$PVM_RgValue=50.8
$$ @vis= MethodFileGroup MethodClass Method MethManagGroup PVM_GeoObj
$$ @vis= PVM_StudyInstrumentPosition PVM_ExportHandler PVM_AtsBedPositionMode
$$ @vis= PVM_AtsChangeRefPos PVM_AtsRefPosTransferred PVM_EchoTime
$$ @vis= PVM_RepetitionTime PVM_NEchoImages PVM_NAverages PVM_NRepetitions
$$ @vis= PVM_ScanTimeStr PVM_DeriveGains RF_Pulses ExcPulse1Enum ExcPulse1
$$ @vis= Nuclei PVM_GradCalConst PVM_Nucleus1Enum PVM_Nucleus1 PVM_RefPowMod1
$$ @vis= PVM_RefPowCh1 PVM_RefPowStat1 PVM_FrqRef PVM_FrqWorkOffset
$$ @vis= PVM_FrqWork PVM_FrqRefPpm PVM_FrqWorkOffsetPpm PVM_FrqWorkPpm
$$ @vis= PVM_NucleiPpmWork PVM_TxCoilScMode1 PVM_TxCoilAdjStat1
$$ @vis= PVM_TxCoilAmpScaling1 PVM_TxCoilPhaseOffset1 Spectroscopy
$$ @vis= PVM_SpecDimEnum PVM_SpecDim PVM_SpecAcquisitionTime PVM_SpecOffsetHz
$$ @vis= PVM_SpecOffsetppm PVM_SpecMatrix PVM_SpecSWH PVM_SpecSW
$$ @vis= PVM_SpecDwellTime PVM_SpecNomRes Encoding PVM_EncGenOpt
$$ @vis= PVM_EncGenEllipse PVM_MbEncAccelFactor PVM_MbEncBlipFactor
$$ @vis= PVM_EncGen3D PVM_EncGen4D PVM_EncGenPpi PVM_EncGenCaipirinha
$$ @vis= PVM_EncGenTCaipirinha PVM_EncVirtualCoils PVM_EncCS PVM_EncCSNumRef
$$ @vis= PVM_EncCSGradOpt PVM_EncCSEllipse PVM_EncPftAlgorithm PVM_IsEpiScan
$$ @vis= PVM_SpatDimEnum PVM_IsotropicFovRes PVM_Matrix PVM_MinMatrix
$$ @vis= PVM_MaxMatrix PVM_DefMatrix PVM_AntiAlias PVM_MaxAntiAlias
$$ @vis= PVM_EncSpectroscopy PVM_EncUseMultiRec PVM_EncActReceivers PVM_EncZf
$$ @vis= PVM_EncPft PVM_EncPftOverscans PVM_EncPpi PVM_EncOrder PVM_EncStart
$$ @vis= Encoding_Output PVM_EncNReceivers PVM_EncAvailReceivers
$$ @vis= PVM_EncChanScaling PVM_EncChanPhase PVM_EncMatrix PVM_EncTotalAccel
$$ @vis= PVM_EncSteps0 PVM_EncSteps1 PVM_EncCentralStep0 PVM_EncCentralStep1
$$ @vis= PVM_EncValues0 PVM_EncValues1 PVM_EncGenSteps0 PVM_EncGenSteps1
$$ @vis= PVM_EncGenSteps2 PVM_EncGenValues0 PVM_EncGenValues1
$$ @vis= PVM_EncGenTotalSteps PVM_EncGenLoopOuter Sequence_Details EncGradDur
$$ @vis= Spoiler ImageGeometry PVM_Isotropic PVM_Fov PVM_MinFov PVM_SpatResol
$$ @vis= PVM_SliceThick PVM_MinSliceThick PVM_ObjOrderScheme PVM_ObjOrderList
$$ @vis= PVM_NSPacks PVM_SPackArrNSlices PVM_MajSliceOri
$$ @vis= PVM_SPackArrSliceOrient PVM_SPackArrReadOrient PVM_SPackArrReadOffset
$$ @vis= PVM_SPackArrPhase1Offset PVM_SPackArrSliceOffset
$$ @vis= PVM_SPackArrSliceGapMode PVM_SPackArrSliceGap
$$ @vis= PVM_SPackArrSliceDistance PVM_SliceGeo PVM_SliceGeoObj
$$ @vis= SliceOffsetPars Preparation DummyScans_Parameters PVM_DummyScans
$$ @vis= PVM_DummyScansDur Suppression PVM_WsMode PVM_DecOnOff PVM_NoeOnOff
$$ @vis= PVM_TriggerModule PVM_FatSupOnOff PVM_FovSatOnOff Fov_Sat_Parameters
$$ @vis= PVM_FovSatPulEnum PVM_FovSatPul PVM_FovSatNSlices PVM_FovSatThick
$$ @vis= PVM_FovSatOffset PVM_FovSatSpoil PVM_FovSatSpoilDur
$$ @vis= PVM_FovSatSpoilAmp PVM_FovSatModuleTime PVM_FovSatGrad
$$ @vis= PVM_FovSatRampTime PVM_FovSatGradWait PVM_FovSatSliceOri
$$ @vis= PVM_FovSatSliceVec PVM_FovSatFL PVM_FovSatRfLength PVM_FovSatGeoObj
$$ @vis= PVM_FovSatGeoCub AverageList AverageListSum AverageMode EffResolution
$$ @vis= ArrayPhaseParameters PVM_ArrayPhase PVM_ArrayPhasePerObject
$$ @vis= PVM_ArrayPhaseAdjMode Localization LocalizationMode Voxel_Geometry
$$ @vis= PVM_VoxMinDistance PVM_VoxArrGradOrient PVM_VoxelGeoCub
$$ @vis= PVM_VoxelGeoObj Optimize NavParameters PVM_NavPulseEnum PVM_NavPulse
$$ @vis= PVM_NavPoints PVM_NavSWh PVM_NavigatorModuleTime PVM_NavGlobal
$$ @vis= PVM_NavStickFreq PVM_NavSpatEnc PVM_NavOnOff RetroFrequencyLock_OnOff
$$ @vis= DriftComp_Parameters PVM_DriftCompYesNo PVM_DriftCompStore
$$ @vis= PVM_DriftCompUpdateTime PVM_DriftCompNavOnOff PVM_DriftCompModuleTime
$$ @vis= MapShim PVM_MapShimReady PVM_MapShimStatus PVM_DynamicShim
$$ @vis= PVM_MapShimNVolumes PVM_MapShimVolumes PVM_StudyB0Map
$$ @vis= PVM_B0MapShimset PVM_ReqShimEnum PVM_MapShimVolMaster
$$ @vis= PVM_DynamicShimConstrainToFast PVM_AutoRg PVM_RampTime PVM_RiseTime
$$ @vis= PVM_DynamicShimRisetime RgGroup PVM_RgJob PVM_RgValue
##END=
$$ File finished by PARX at 2025-02-28 11:25:51.166 +0100
