##TITLE=Parameter List, ParaVision 360 V1.1
##JCAMPDX=4.24
##DATATYPE=Parameter Values
##ORIGIN=Bruker BioSpin MRI GmbH
##OWNER=cristina
$$ Write Options: Symbolic Enums, RLE encoded arrays, symbol visibility
$$ 2022-05-31 14:46:10.361 +0200  cristina@cibmscannerd
$$ /opt/nmrdata/user/Cristina/data/20220531_122600_MRSI_Rat_Reproducibility_31052022_MRSI_Rat_Reproducibility_31052022_1_1/21/pdata/1/reco
$$ process /opt/PV-360.1.1/prog/bin/parxserver
##$RECO_time=<2022-05-31T14:46:10,315+0200>
##$RECO_abs_time=(1654001170, 315, 120)
##$RECO_base_image_uid=( 65 )
<2.16.756.5.5.100.8323328.18319.1654001170.1>
##$RECO_fov=( 3 )
2.4 2.4 2.4
##$RECO_size=( 3 )
1024 31 31
##$RecoAutoDerive=No
##$RecoDim=3
##$RecoObjectsPerRepetition=1
##$RecoObjectsPerSetupStep=1
##$RecoNumRepetitions=1
##$RecoNumOutputChan=1
##$RecoRepetitionGroupSize=1
##$RecoPreppassProcDim=0
##$RecoImageBasedUpdate=No
##$RecoImageBasedNrSources=0
##$RECO_inp_order=NO_REORDERING
##$RECO_inp_size=( 3 )
1024 31 31
##$RECO_ft_size=( 3 )
1024 31 31
##$RECO_offset=( 3, 1 )
0 0 0
##$RECO_qopts=( 3 )
NO_QOPTS NO_QOPTS NO_QOPTS
##$RECO_wdw_mode=( 3 )
NO_WDW NO_WDW NO_WDW
##$RECO_lb=( 3 )
-0.5 -0.5 -0.5
##$RECO_sw=( 3 )
7142.85714285714 1 1
##$RECO_gb=( 3 )
0.5 0.5 0.5
##$RECO_sbs=( 3 )
1 1 1
##$RECO_tm1=( 3 )
0.25 0.25 0.25
##$RECO_tm2=( 3 )
0.75 0.75 0.75
##$RECO_usr_wdw=( 3, 1 )
0 171798691 171798691
##$RECO_ft_mode=( 3 )
COMPLEX_FT COMPLEX_FT COMPLEX_FT
##$RECO_pc_mode=( 3 )
FIRST_ORDER_PC FIRST_ORDER_PC FIRST_ORDER_PC
##$RECO_pc_lin=( 3 )
(0, 0) (0, 180) (0, 180)
##$RECO_rotate=( 3, 1 )
0.5 0.456175833333333 0.494022458333333
##$RECO_ppc_mode=NO_PPC
##$RECO_ppc_degree=1
##$RECO_transposition=( 1 )
2
##$RECO_image_type=MAGNITUDE_IMAGE
##$RECO_image_threshold=0.15
##$RECO_wordtype=_16BIT_SGN_INT
##$RECO_map_mode=ABSOLUTE_MAPPING
##$RECO_map_range=( 2 )
-2147483647 2147483647
##$RECO_map_percentile=( 2 )
1 99.9
##$RECO_map_error=0.025
##$RECO_minima=( 1 )
0.00996982329031721
##$RECO_maxima=( 1 )
32766.5
##$RECO_map_min=( 1 )
-19710.6308271814
##$RECO_map_max=( 1 )
19710.6308271814
##$RECO_map_offset=( 1 )
0
##$RECO_map_slope=( 1 )
1.66237703335269
##$RECO_byte_order=littleEndian
##$RecoUserUpdate=Yes
##$RecoReverseSegment=0
##$RecoB0DemodOff=0
##$RecoB0DemodDelay=0
##$RecoFTOrder=( 3 )
1 2 -1
##$RecoHalfFT=( 3 )
No No No
##$RecoHalfFTPos=( 3 )
512 15 15
##$RecoCorrPhase=RecoCorrPhaseOff
##$RecoCorrPhaseRef=-1
##$RECO_map_user_slope=1
##$RECO_map_user_offset=0
##$RecoNumInputChan=2
##$RecoScaleChan=( 2 )
1 1
##$RecoPhaseChan=( 2 )
0 111.818349599955
##$RecoCombineMode=AddImages
##$RecoSortDim=2
##$RecoSortSize=( 2 )
31 31
##$RecoSortRange=( 2 )
31 31
##$RecoSortSegment=( 2 )
0 0
##$RecoSortMaps=( 62 )
0 1 2 3 4 5 6 7 8 9 10 11 12 13 14 15 16 17 18 19 20 21 22 23 24 25 26 27 28 
29 30 0 1 2 3 4 5 6 7 8 9 10 11 12 13 14 15 16 17 18 19 20 21 22 23 24 25 26 
27 28 29 30
##$RecoGrappaAccelFactor=1
##$RecoGrappaKernelRead=0
##$RecoGrappaKernelPhase=0
##$RecoGrappaNumRefRead=0
##$RecoGrappaNumRefPhase=0
##$RecoGrappaIncludeRefLines=Yes
##$RecoGrappaReadCenter=0
##$RecoGrappaPhaseCenter=0
##$RecoGrappaTruncThresh=-1
##$RecoRegridN=Off
##$RecoStageNrPasses=5
##$RecoStagePasses=( 5 )
(<FIRSTPASS>, 0) (<FTPASS1>, 1) (<FTPASS2>, 2) (<PREPPASS>, 3) (<MAPPASS>, 4)
##$RecoStageNrNodes=79
##$RecoStageNodes=( 79 )
(<job0>, 0, <RecoQueueSource 
Q0{initOnce=true;queueId=0;dim=2;procDim=1;sizes={2048,961}
;nr=1;dataRep=SIGNED;baseField=COMPLEX;wordSize=4}>) (<job0>, 0, 
<RecoQueueSink QS{queueId=0}>) (<job0>, 0, <RecoFileSink 
FS{jobNdx=0;writeAcqPars=true;filename="/opt/nmrdata/user/Cristina/data/20220531_122600_MRSI_Rat_Reproducibility_31052022_MRSI_Rat_Reproducibility_31052022_1_1/21/rawdata.job0"}>) (<job0>, 0, <RecoProgressMonitorFilter PM{reportScanProgress="1/1"}>) (<job0>, 0, <RecoTeeFilter TeeStorage>) (<job0>, 0, <RecoCastFilter CastToFloatMain{dataRep=FLOAT;wordSize=8}>) (<job0>, 0, <RecoTeeFilter TeeAverage>) (<job0>, 0, <RecoDummySink DummyAverage>) (<job0>, 0, <RecoAcqOutFilter Av{displayEachAccumulation=0;displayEachScan=1;displayEachPeStep=0;cnt=2;ndx=0;procnoPath="/opt/nmrdata/user/Cristina/data/20220531_122600_MRSI_Rat_Reproducibility_31052022_MRSI_Rat_Reproducibility_31052022_1_1/21/pdata/1/";displayObjects=1;modalityType=1;innerObjects=1;outerObjects=1;average=1;}>) (<job0>, 0, <RecoCastFilter CastToIntMain{dataRep=SIGNED;wordSize=4}>) (<job1>, 0, <RecoQueueSource Q0{initOnce=true;queueId=0;dim=2;procDim=1;sizes={272,961};nr=1;dataRep=SIGNED;baseField=COMPLEX;wordSize=4}>) (<job1>, 0, <RecoQueueSink QS{queueId=0}>) (<job1>, 0, <RecoFileSink FS{jobNdx=1;writeAcqPars=false;filename="/opt/nmrdata/user/Cristina/data/20220531_122600_MRSI_Rat_Reproducibility_31052022_MRSI_Rat_Reproducibility_31052022_1_1/21/rawdata.Navigator"}>) (<job1>, 0, <RecoCastFilter CastToFloatMain{dataRep=FLOAT;wordSize=8}>) (<job1>, 0, <RecoDetermineB0Filter DB{width=\<ACQ_DriftCompFilterWidth\>;step=\<ACQ_DriftCompStep\>;sampleBW=6060.606061;B0Value=\<ACQ_DriftCompOffset\>;activeReceivers=2;debugFiles=0;}>) (<job1>, 0, <RecoReloadB0Filter B0{B0Value=\<ACQ_DriftCompOffset\>;B0CC=625000.000000;simulationMode=false}>) (<job1>, 0, <RecoAcqOutFilter Av{displayEachAccumulation=0;displayEachScan=1;displayEachPeStep=0;cnt=2;ndx=1;procnoPath="/opt/nmrdata/user/Cristina/data/20220531_122600_MRSI_Rat_Reproducibility_31052022_MRSI_Rat_Reproducibility_31052022_1_1/21/pdata/1/";displayObjects=1;modalityType=1;innerObjects=1;outerObjects=1;average=1;}>) (<job1>, 0, <RecoCastFilter CastToIntMain{dataRep=SIGNED;wordSize=4}>) (<job1>, 0, <RecoTeeFilter TeeStorage>) (<input>, 0, <RecoFileSource FS0{initFromRawJob=0;procDim=1;numChan=2;contData=true;}>) (<input>, 0, <RecoQueueSink JQ0{queueId=0;initQueue=true;initOnce=true;}>) (<input>, 0, <RecoFileSource FS1{initFromRawJob=1;procDim=1;numChan=2;contData=true;}>) (<input>, 0, <RecoQueueSink JQ1{queueId=1;initQueue=true;initOnce=true;}>) (<compute>, 0, <RecoQueueSource Q0{initFromJob=0;queueId=0;initOnce=true;}>) (<compute>, 0, <RecoQueueSource JQ1{initFromJob=1;queueId=1;initOnce=true;}>) (<compute>, 0, <RecoDummySink JS1{verbose=false}>) (<compute>, 0, <RecoBufferSink S0{procDim=1;frameDim=3;bufferId="FIRSTPASS0";memId="out0"}>) (<compute>, 0, <RecoBufferSink S1{procDim=1;frameDim=3;bufferId="FIRSTPASS1";memId="out1"}>) (<compute>, 0, <RecoSplitFilter SP0{dim=1; keepBlocksize=1}>) (<compute>, 0, <RecoCastFilter CAST0{dataRep=FLOAT; wordSize=8}>) (<compute>, 0, <RecoSortFilter REORD0{sortDim=\<RecoSortDim\>; sortSize=\<RecoSortSize\>; sortRange=\<RecoSortRange\>; sortSegment=\<RecoSortSegment\>; sortMaps=\<RecoSortMaps\>; frameDim = 3}>) (<compute>, 0, <RecoCastFilter CAST1{dataRep=FLOAT; wordSize=8}>) (<compute>, 0, <RecoSortFilter REORD1{sortDim=\<RecoSortDim\>; sortSize=\<RecoSortSize\>; sortRange=\<RecoSortRange\>; sortSegment=\<RecoSortSegment\>; sortMaps=\<RecoSortMaps\>; frameDim = 3}>) (<compute>, 1, <RecoBufferSource Q0{procDim=2;frameDim=3;bufferId="FIRSTPASS0";memId="out0"}>) (<compute>, 1, <RecoBufferSource Q1{procDim=2;frameDim=3;bufferId="FIRSTPASS1";memId="out1"}>) (<compute>, 1, <RecoBufferSink S0{procDim=2;frameDim=3;bufferId="FTPASS10";memId="in0"}>) (<compute>, 1, <RecoBufferSink S1{procDim=2;frameDim=3;bufferId="FTPASS11";memId="in1"}>) (<compute>, 1, <RecoFTShiftFilter FTS0{frameDim=3; winDirection=1; shift=\<RECO_rotate[1]\>; exponent=1}>) (<compute>, 1, <RecoFTFilter FT0{direction=1;exponent=1;}>) (<compute>, 1, <RecoFTShiftFilter FTS1{frameDim=3; winDirection=1; shift=\<RECO_rotate[1]\>; exponent=1}>) (<compute>, 1, <RecoFTFilter FT1{direction=1;exponent=1;}>) (<compute>, 2, <RecoBufferSource Q0{procDim=3;frameDim=3;bufferId="FTPASS10";memId="in0"}>) (<compute>, 2, <RecoBufferSource Q1{procDim=3;frameDim=3;bufferId="FTPASS11";memId="in1"}>) (<compute>, 2, <RecoBufferSink S0{procDim=3;frameDim=3;bufferId="FTPASS20";memId="out0"}>) (<compute>, 2, <RecoBufferSink S1{procDim=3;frameDim=3;bufferId="FTPASS21";memId="out1"}>) (<compute>, 2, <RecoFTShiftFilter FTS0{frameDim=3; winDirection=2; shift=\<RECO_rotate[2]\>; exponent=1}>) (<compute>, 2, <RecoFTFilter FT0{direction=2;exponent=1;}>) (<compute>, 2, <RecoFTShiftFilter FTS1{frameDim=3; winDirection=2; shift=\<RECO_rotate[2]\>; exponent=1}>) (<compute>, 2, <RecoFTFilter FT1{direction=2;exponent=1;}>) (<compute>, 3, <RecoBufferSource Q0{procDim=3;frameDim=3;bufferId="FTPASS20";memId="out0"}>) (<compute>, 3, <RecoBufferSource Q1{procDim=3;frameDim=3;bufferId="FTPASS21";memId="out1"}>) (<compute>, 3, <RecoBufferSink S0{procDim=3;frameDim=3;bufferId="PREPPASS0";memId="in0"}>) (<compute>, 3, <RecoPhasCorrFilter PHCORR00{winDirection=0; ph0=0.000000; ph1=0.000000}>) (<compute>, 3, <RecoPhasCorrFilter PHCORR01{winDirection=0; ph0=0.000000; ph1=0.000000}>) (<compute>, 3, <RecoPhasCorrFilter PHCORR10{winDirection=1; ph0=0.000000; ph1=180.000000}>) (<compute>, 3, <RecoPhasCorrFilter PHCORR11{winDirection=1; ph0=0.000000; ph1=180.000000}>) (<compute>, 3, <RecoPhasCorrFilter PHCORR20{winDirection=2; ph0=0.000000; ph1=180.000000}>) (<compute>, 3, <RecoPhasCorrFilter PHCORR21{winDirection=2; ph0=0.000000; ph1=180.000000}>) (<compute>, 3, <RecoScaleFilter SCALE0{scaleFactor=\<RecoScaleChan[0]\>; phaseOffset=\<RecoPhaseChan[0]\>}>) (<compute>, 3, <RecoScaleFilter SCALE1{scaleFactor=\<RecoScaleChan[1]\>; phaseOffset=\<RecoPhaseChan[1]\>}>) (<compute>, 3, <RecoAddFilter SOS0>) (<compute>, 3, <RecoMagnitudeFilter G0>) (<compute>, 3, <RecoTransposeFilter TP0{transpose=\<RECO_transposition\>;}>) (<compute>, 3, <RecoMinMaxFilter M0{map_min=\<RECO_map_min\>;map_max=\<RECO_map_max\>;}>) (<compute>, 4, <RecoBufferSource Q0{procDim=2;frameDim=3;bufferId="PREPPASS0";memId="in0"}>) (<compute>, 4, <RecoQueueSink S0>) (<compute>, 4, <RecoMapFilter MAP0{symmetricMode=true;minima=\<RECO_minima\>;maxima=\<RECO_maxima\>;slope=\<RECO_map_slope\>;offset=\<RECO_map_offset\>;map_min=\<RECO_map_min\>;map_max=\<RECO_map_max\>;rangeMin=-32766.500000;rangeMax=32766.500000;perObjectMode=false;cutoffMode=true;}>) (<compute>, 4, <RecoCastFilter CAST0{dataRep=SIGNED;wordSize=2}>) (<output>, 4, <RecoQueueSource Q{procDim=2;initFromRECO=true;initOnce=true;}>) (<output>, 4, <RecoImageDisplayFilter DISP{showAll=true;modalityType=1;procnoPath="/opt/nmrdata/user/Cristina/data/20220531_122600_MRSI_Rat_Reproducibility_31052022_MRSI_Rat_Reproducibility_31052022_1_1/21/pdata/1/";}>) (<output>, 4, <RecoFileSink S{writePars=true;shuffle=false;filename="2dseq";numChans=1;}>) (<compute>, 0, <RecoAverageFilter AVE0{avList=\<AverageList\>; avListSize=961; nObj=1;}>) (<compute>, 0, <RecoAverageFilter AVE1{avList=\<AverageList\>; avListSize=961; nObj=1;}>) (<compute>, 3, <RecoFTShiftFilter FTS0{shift=0.5; winDirection=0; exponent=1}>) (<compute>, 3, <RecoFTFilter FT0{direction=0; exponent=1}>) (<compute>, 3, <RecoTeeFilter T0>) (<compute>, 3, <RecoFileSink FSINK0{filename="/opt/nmrdata/user/Cristina/data/20220531_122600_MRSI_Rat_Reproducibility_31052022_MRSI_Rat_Reproducibility_31052022_1_1/21/fid";shuffle=true}>) (<compute>, 3, <RecoZfillFilter ZFILL0{fillingPosition=1.0; fixedSize=1024}>) (<compute>, 3, <RecoDivideFilter DIV0{divisor=2}>)
##$RecoStageNrEdges=66
##$RecoStageEdges=( 66 )
(<job0>, 0, <Q0-\>PM>) (<job0>, 0, <PM-\>TeeStorage>) (<job0>, 0, 
<TeeStorage-\>CastToFloatMain>) (<job0>, 0, <CastToFloatMain-\>TeeAverage>) 
(<job0>, 0, <TeeAverage-\>Av>) (<job0>, 0, <Av-\>DummyAverage>) (<job0>, 0, 
<TeeAverage-\>CastToIntMain>) (<job0>, 0, <CastToIntMain-\>QS>) (<job0>, 0, 
<TeeStorage-\>FS>) (<job1>, 0, <Q0-\>CastToFloatMain>) (<job1>, 0, 
<CastToFloatMain-\>DB>) (<job1>, 0, <DB-\>B0>) (<job1>, 0, <B0-\>Av>) (<job1>,
 0, <Av-\>CastToIntMain>) (<job1>, 0, <CastToIntMain-\>TeeStorage>) (<job1>, 
0, <TeeStorage-\>QS>) (<job1>, 0, <TeeStorage-\>FS>) (<input>, 0, <FS0-\>JQ0>)
 (<input>, 0, <FS1-\>JQ1>) (<compute>, 0, <JQ1-\>JS1>) (<compute>, 0, 
<Q0-\>SP0>) (<compute>, 0, <SP0-\>CAST0>) (<compute>, 0, <SP0-\>CAST1>) 
(<compute>, 0, <AVE0-\>REORD0>) (<compute>, 0, <REORD0-\>S0>) (<compute>, 0, 
<AVE1-\>REORD1>) (<compute>, 0, <REORD1-\>S1>) (<compute>, 1, <Q0-\>FTS0>) 
(<compute>, 1, <Q1-\>FTS1>) (<compute>, 1, <FTS0-\>FT0>) (<compute>, 1, 
<FT0-\>S0>) (<compute>, 1, <FTS1-\>FT1>) (<compute>, 1, <FT1-\>S1>) (<compute>
, 2, <Q0-\>FTS0>) (<compute>, 2, <Q1-\>FTS1>) (<compute>, 2, <FTS0-\>FT0>) 
(<compute>, 2, <FT0-\>S0>) (<compute>, 2, <FTS1-\>FT1>) (<compute>, 2, 
<FT1-\>S1>) (<compute>, 3, <Q0-\>PHCORR00>) (<compute>, 3, <Q1-\>PHCORR01>) 
(<compute>, 3, <PHCORR00-\>PHCORR10>) (<compute>, 3, <PHCORR01-\>PHCORR11>) 
(<compute>, 3, <PHCORR10-\>PHCORR20>) (<compute>, 3, <PHCORR11-\>PHCORR21>) 
(<compute>, 3, <PHCORR20-\>SCALE0>) (<compute>, 3, <PHCORR21-\>SCALE1>) 
(<compute>, 3, <SCALE0-\>SOS0.0>) (<compute>, 3, <SCALE1-\>SOS0.1>) (<compute>
, 3, <FT0-\>G0>) (<compute>, 3, <G0-\>TP0>) (<compute>, 3, <TP0-\>M0>) 
(<compute>, 3, <M0-\>S0>) (<compute>, 4, <Q0-\>MAP0>) (<compute>, 4, 
<MAP0-\>CAST0>) (<compute>, 4, <CAST0-\>S0>) (<output>, 4, <Q-\>DISP>) 
(<output>, 4, <DISP-\>S>) (<compute>, 0, <CAST0-\>AVE0>) (<compute>, 0, 
<CAST1-\>AVE1>) (<compute>, 3, <T0-\>FTS0>) (<compute>, 3, <FTS0-\>FT0>) 
(<compute>, 3, <SOS0-\>T0>) (<compute>, 3, <T0-\>ZFILL0>) (<compute>, 3, 
<ZFILL0-\>DIV0>) (<compute>, 3, <DIV0-\>FSINK0>)
##$ACQ_SetupRecoDisplay=Yes
##$RecoDisplay=Yes
##$RecoEachNR=No
##$RecoPrototype=No
##$RecoGradientLinearityCorrection=No
##$RecoGradientLinearityCorrectionDebug=1
##$RecoGradientLinearityCorrectionApprox=No
$$ @vis= RECO RECO_INSTANCE RECO_fov RECO_size RecoAutoDerive RecoDim
$$ @vis= RecoObjectsPerRepetition RecoObjectsPerSetupStep RecoNumRepetitions
$$ @vis= RecoNumOutputChan RecoRepetitionGroupSize RecoImageBasedUpdate
$$ @vis= RecoImageBasedNrSources RECO_inp_order RECO_inp_size RECO_ft_size
$$ @vis= RECO_wdw_mode RECO_ft_mode RECO_pc_mode RECO_pc_lin RECO_rotate
$$ @vis= RECO_transposition RECO_image_type RECO_wordtype RECO_map_mode
$$ @vis= RECO_byte_order RecoModeUser RecoUserUpdate RecoB0DemodOff RecoWindow
$$ @vis= RecoFTOrder RecoHalfFT RecoHalfFTPos RecoCorrPhase RecoCorrPhaseRef
$$ @vis= RecoMap RecoNumInputChan RecoScaleChan RecoPhaseChan RecoCombineMode
$$ @vis= RecoSortGroup RecoSortDim RecoSortSize RecoSortRange RecoSortSegment
$$ @vis= RecoSortMaps RecoGrappaGroup RecoGrappaAccelFactor RecoRegridNGroup
$$ @vis= RecoRegridN RecoStageGroup RecoStageNrPasses RecoStagePasses
$$ @vis= RecoStageNrNodes RecoStageNodes RecoStageNrEdges RecoStageEdges
$$ @vis= RECO_GS ACQ_SetupRecoDisplay RECO_GO RecoDisplay RecoEachNR
$$ @vis= RecoPrototype RecoGradientLinearityCorrectionDebug
$$ @vis= RecoGradientLinearityCorrectionApprox
##END=
$$ File finished by PARX at 2022-05-31 14:46:10.362 +0200
