##TITLE=Parameter List, ParaVision 360 V3.5
##JCAMPDX=4.24
##DATATYPE=Parameter Values
##ORIGIN=Bruker BioSpin MRI GmbH
##OWNER=cristina
$$ Write Options: Symbolic Enums, RLE encoded arrays, symbol visibility
$$ 2025-02-13 09:48:29.301 +0100  cristina@cibmsafe94t1
$$ /opt/PV-360.3.5/data/cristina/20250213_091000_20250213_BDL809_sham_male_4w_MRSI_SVS_20250213_BDL809_sham_male_4w_MRSI_SVS_1_1/8/acqp
$$ process /opt/PV-360.3.5/prog/bin/parxserver
##$ACQ_protocol_name=( 64 )
<5_T2_TurboRARE_6_52K_Cor_250924_atlas_03_RC>
##$ACQ_scan_name=( 64 )
<5_T2_TurboRARE_6_52K_Cor_250924_atlas_03_RC (E8)>
##$ACQ_method=( 40 )
<Bruker:RARE>
##$ACQ_patient_pos=Head_Prone
##$ACQ_abs_time=(1739435694, 491, 60)
##$ACQ_operator=( 16 )
<cristina>
##$ACQ_institution=( 48 )
<EPFL AVP CP CIBM, Lausanne>
##$ACQ_station=( 64 )
<BAP94/31>
##$ACQ_system_order_number=( 24 )
<5074720>
##$ACQ_sw_version=( 65 )
<PV-360.3.5>
##$ACQ_contrast_agent=( 20 )
<>
##$ACQ_AtsOffsetsSize=0
##$PULPROG=( 32 )
<RARE.ppg>
##$ACQ_experiment_mode=SingleExperiment
##$ACQ_DS_enabled=Yes
##$ACQ_switch_pll_enabled=No
##$ACQ_GradRes=1
##$ACQ_dim_desc=( 2 )
Spatial Spatial
##$ACQ_size=( 2 )
1024 1
##$ACQ_ns_list_size=1
##$ACQ_ns=1
##$ACQ_ns_list=( 1 )
1
##$ACQ_phase_factor=1
##$ACQ_scan_size=One_scan
##$NI=40
##$NA=1
##$NAE=10
##$NR=1
##$DS=0
##$SW_h=0
##$ACQ_O1_list_size=40
##$ACQ_O1_list=( 40 )
-27572.6232558139 -23572.6232558139 -19572.6232558139 -15572.6232558139 
-11572.6232558139 -7572.62325581393 -3572.62325581393 427.37674418607 
4427.37674418607 8427.37674418607 12427.3767441861 16427.3767441861 
20427.3767441861 24427.3767441861 28427.3767441861 32427.3767441861 
36427.3767441861 40427.3767441861 44427.3767441861 48427.3767441861 
-25572.6232558139 -21572.6232558139 -17572.6232558139 -13572.6232558139 
-9572.62325581393 -5572.62325581393 -1572.62325581393 2427.37674418607 
6427.37674418607 10427.3767441861 14427.3767441861 18427.3767441861 
22427.3767441861 26427.3767441861 30427.3767441861 34427.3767441861 
38427.3767441861 42427.3767441861 46427.3767441861 50427.3767441861
##$ACQ_O1B_list_size=40
##$ACQ_O1B_list=( 40 )
@40*(3014.74641904184)
##$ACQ_O2_list_size=1
##$ACQ_O2_list=( 1 )
0
##$ACQ_O3_list_size=1
##$ACQ_O3_list=( 1 )
0
##$NUCLEUS=( 8 )
<1H>
##$ACQ_vd_list_size=0
##$ACQ_vp_list_size=0
##$ACQ_completed=Yes
##$ACQ_word_size=_32_BIT
##$NECHOES=6
##$ACQ_n_echo_images=1
##$ACQ_n_movie_frames=1
##$ACQ_echo_descr=( 1, 20 )
<>
##$ACQ_movie_descr=( 1, 20 )
<>
##$ACQ_fov=( 2 )
2.4 2.4
##$ACQ_read_ext=1
##$ACQ_slice_angle=( 1 )
0
##$ACQ_slice_orient=Arbitrary_Oblique
##$ACQ_read_offset=( 40 )
@40*(1.38919514989448)
##$ACQ_phase1_offset=( 40 )
@40*(0.170419596287703)
##$ACQ_phase2_offset=( 40 )
@40*(0)
##$ACQ_slice_sepn_mode=Contiguous
##$ACQ_slice_thick=0.3
##$ACQ_slice_offset=( 40 )
-4.13589348837209 -3.83589348837209 -3.53589348837209 -3.23589348837209 
-2.93589348837209 -2.63589348837209 -2.33589348837209 -2.03589348837209 
-1.73589348837209 -1.43589348837209 -1.13589348837209 -0.83589348837209 
-0.53589348837209 -0.23589348837209 0.0641065116279105 0.36410651162791 
0.66410651162791 0.96410651162791 1.26410651162791 1.56410651162791 
1.86410651162791 2.16410651162791 2.46410651162791 2.76410651162791 
3.06410651162791 3.36410651162791 3.66410651162791 3.96410651162791 
4.26410651162791 4.56410651162791 4.86410651162791 5.16410651162791 
5.46410651162791 5.76410651162791 6.06410651162791 6.36410651162791 
6.66410651162791 6.96410651162791 7.26410651162791 7.56410651162791
##$ACQ_obj_order=( 40 )
0 2 4 6 8 10 12 14 16 18 20 22 24 26 28 30 32 34 36 38 1 3 5 7 9 11 13 15 17 
19 21 23 25 27 29 31 33 35 37 39
##$ACQ_flip_angle=180
##$ACQ_echo_time=( 1 )
32
##$ACQ_inter_echo_time=( 1 )
8
##$ACQ_recov_time=( 1 )
3956
##$ACQ_temporal_delay=( 1 )
0
##$ACQ_time_points=( 1 )
0
##$ACQ_RF_power=0
##$ACQ_transmitter_coil=( 16 )
<>
##$ACQ_position_X=0
##$ACQ_position_Y=0
##$ACQ_position_Z=0
##$BYTORDA=little
##$ACQ_adc_overflow=( 1 )
No
##$GRPDLY=-1
##$FRQLO3=0
##$FQ1LIST=( 16 )
<ACQ_O1_list>
##$FQ2LIST=( 16 )
<ACQ_O2_list>
##$FQ3LIST=( 16 )
<ACQ_O3_list>
##$FQ8LIST=( 16 )
<ACQ_O1B_list>
##$HPPRGN=normal
##$LOCNUC=( 8 )
<off>
##$SOLVENT=( 16 )
<>
##$DE=5.25
##$ACQ_scaling_read=1
##$ACQ_scaling_phase=1
##$ACQ_scaling_slice=1
##$ACQ_grad_matrix_size=40
##$ACQ_grad_matrix=( 40, 3, 3 )
0 0 1 -1 0 0 0 -1 0 0 0 1 -1 0 0 0 -1 0 0 0 1 -1 0 0 0 -1 0 0 0 1 -1 0 0 0 -1 
0 0 0 1 -1 0 0 0 -1 0 0 0 1 -1 0 0 0 -1 0 0 0 1 -1 0 0 0 -1 0 0 0 1 -1 0 0 0 
-1 0 0 0 1 -1 0 0 0 -1 0 0 0 1 -1 0 0 0 -1 0 0 0 1 -1 0 0 0 -1 0 0 0 1 -1 0 0 
0 -1 0 0 0 1 -1 0 0 0 -1 0 0 0 1 -1 0 0 0 -1 0 0 0 1 -1 0 0 0 -1 0 0 0 1 -1 0 
0 0 -1 0 0 0 1 -1 0 0 0 -1 0 0 0 1 -1 0 0 0 -1 0 0 0 1 -1 0 0 0 -1 0 0 0 1 -1 
0 0 0 -1 0 0 0 1 -1 0 0 0 -1 0 0 0 1 -1 0 0 0 -1 0 0 0 1 -1 0 0 0 -1 0 0 0 1 
-1 0 0 0 -1 0 0 0 1 -1 0 0 0 -1 0 0 0 1 -1 0 0 0 -1 0 0 0 1 -1 0 0 0 -1 0 0 0 
1 -1 0 0 0 -1 0 0 0 1 -1 0 0 0 -1 0 0 0 1 -1 0 0 0 -1 0 0 0 1 -1 0 0 0 -1 0 0 
0 1 -1 0 0 0 -1 0 0 0 1 -1 0 0 0 -1 0 0 0 1 -1 0 0 0 -1 0 0 0 1 -1 0 0 0 -1 0 
0 0 1 -1 0 0 0 -1 0 0 0 1 -1 0 0 0 -1 0 0 0 1 -1 0 0 0 -1 0 0 0 1 -1 0 0 0 -1 
0 0 0 1 -1 0 0 0 -1 0
##$ACQ_GradientMatrixSize=40
##$ACQ_GradientMatrix=( 40, 3, 3 )
0 0 1 -1 0 0 0 -1 0 0 0 1 -1 0 0 0 -1 0 0 0 1 -1 0 0 0 -1 0 0 0 1 -1 0 0 0 -1 
0 0 0 1 -1 0 0 0 -1 0 0 0 1 -1 0 0 0 -1 0 0 0 1 -1 0 0 0 -1 0 0 0 1 -1 0 0 0 
-1 0 0 0 1 -1 0 0 0 -1 0 0 0 1 -1 0 0 0 -1 0 0 0 1 -1 0 0 0 -1 0 0 0 1 -1 0 0 
0 -1 0 0 0 1 -1 0 0 0 -1 0 0 0 1 -1 0 0 0 -1 0 0 0 1 -1 0 0 0 -1 0 0 0 1 -1 0 
0 0 -1 0 0 0 1 -1 0 0 0 -1 0 0 0 1 -1 0 0 0 -1 0 0 0 1 -1 0 0 0 -1 0 0 0 1 -1 
0 0 0 -1 0 0 0 1 -1 0 0 0 -1 0 0 0 1 -1 0 0 0 -1 0 0 0 1 -1 0 0 0 -1 0 0 0 1 
-1 0 0 0 -1 0 0 0 1 -1 0 0 0 -1 0 0 0 1 -1 0 0 0 -1 0 0 0 1 -1 0 0 0 -1 0 0 0 
1 -1 0 0 0 -1 0 0 0 1 -1 0 0 0 -1 0 0 0 1 -1 0 0 0 -1 0 0 0 1 -1 0 0 0 -1 0 0 
0 1 -1 0 0 0 -1 0 0 0 1 -1 0 0 0 -1 0 0 0 1 -1 0 0 0 -1 0 0 0 1 -1 0 0 0 -1 0 
0 0 1 -1 0 0 0 -1 0 0 0 1 -1 0 0 0 -1 0 0 0 1 -1 0 0 0 -1 0 0 0 1 -1 0 0 0 -1 
0 0 0 1 -1 0 0 0 -1 0
##$NSLICES=40
##$ACQ_rare_factor=6
##$ACQ_phase_encoding_mode=( 2 )
Read User_Defined_Encoding
##$ACQ_phase_enc_start=( 2 )
-1 -1
##$ACQ_spatial_size_1=120
##$ACQ_spatial_phase_1=( 120 )
-0.875 -0.703125 -0.421875 -0.140625 0.140625 0.421875 -0.859375 -0.6875 
-0.40625 -0.125 0.15625 0.4375 -0.84375 -0.671875 -0.390625 -0.109375 
0.171875 0.453125 -0.828125 -0.65625 -0.375 -0.09375 0.1875 0.46875 -0.8125 
-0.640625 -0.359375 -0.078125 0.203125 0.484375 -0.796875 -0.625 -0.34375 
-0.0625 0.21875 0.5 -0.78125 -0.609375 -0.328125 -0.046875 0.234375 0.515625 
-0.765625 -0.59375 -0.3125 -0.03125 0.25 0.53125 -0.75 -0.578125 -0.296875 
-0.015625 0.265625 0.546875 -0.734375 -0.5625 -0.28125 0 0.28125 0.5625 
-0.71875 -0.546875 -0.265625 0.015625 0.296875 0.578125 0.859375 -0.53125 
-0.25 0.03125 0.3125 0.59375 0.875 -0.515625 -0.234375 0.046875 0.328125 
0.609375 0.890625 -0.5 -0.21875 0.0625 0.34375 0.625 0.90625 -0.484375 
-0.203125 0.078125 0.359375 0.640625 0.921875 -0.46875 -0.1875 0.09375 0.375 
0.65625 0.9375 -0.453125 -0.171875 0.109375 0.390625 0.671875 0.953125 
-0.4375 -0.15625 0.125 0.40625 0.6875 0.96875 0.828125 0.796875 0.765625 
0.734375 0.703125 0.984375 0.84375 0.8125 0.78125 0.75 0.71875
##$ACQ_gradient_amplitude=( 100 )
23.0356891932671 50 7.83468433924214 22.5875565252976 5.56686544061554 
7.49859674259998 0 6.28017698834982 2.78343272030777 @91*(0)
##$ACQ_ScanPipeJobSettings=( 1 )
(STORE_processed, STORE_32bit_signed, DISPLAY_each_accumulation, LOG_none, 
ACCUM_average, 1, 4800, 0, 0, 4800, 4800, NORMALIZE_none, PIPELINE_processed, 
0, STREAMING_none, DISPLAY_CoilsSideBySide)
##$ACQ_SetupPipeJobSettings=( 1 )
(DISPLAY_each_accumulation, 240)
##$ACQ_ScanInnerAccumWeights=( 1, 1 )
10
##$ACQ_ScanOuterAccumWeights=( 1, 1 )
0
##$ACQ_ScanOnlineReco=Yes
##$ACQ_ScanTagFilterLength=( 8 )
0 0 0 0 0 0 0 0
##$ACQ_ScanFtDisplay=No
##$ACQ_jobs_size=1
##$ACQ_repetition_time=( 1 )
4000
##$ACQ_scan_type=Scan_Experiment
##$ACQ_DebugOptions=(20, 0, No)
##$ACQ_TriggerTimeout=(30, No, No)
##$ACQ_dim=2
##$ACQ_RxFilterDefaultOptions=( 1 )
(Yes, No)
##$ACQ_SetupRecoDisplay=Yes
##$ACQ_SetupDim=1
##$ACQ_SetupImageType=MAGNITUDE_IMAGE
##$ACQ_SetupOnlineReco=Yes
##$ACQ_SetupShowDigFilling=Yes
##$ACQ_SetupType=Spectrometer_Parameters
##$ACQ_SetupFtDisplay=No
##$ACQ_RxFilterSettings=( 1 )
(HwFilter_BypassFir, SwFilter_LowPassSharp_Decim, 192, 24, 2, 1824, 
SwDataExt_Zero, 0)
##$ACQ_RxFilterInfo=( 1 )
(0, 76.0833333333333, 9.6, 18.0849625007212, 31)
##$ACQ_jobs=( 1 )
(256, 240, 720, 48000, 101, 52083.3333333333, 4800, 1, <job0>)
##$ACQ_preload=0
##$ACQ_branch_preload=( 10, 2 )
@18*(1000000) 500 500
##$ACQ_ReceiverSelect=( 9 )
No No No Yes Yes Yes Yes No No
##$ACQ_ReceiverSelectPerChan=( 1, 9 )
No No No Yes Yes Yes Yes No No
##$ACQ_TxSguSelect=( 9 )
No Yes Yes No No No No No No
##$ACQ_RfShapes=( 64 )
(<$ExcPulse1Shape>, 6.52594351620532, 0, 0.5, 1, 0 100 100 @21*(0), 0 0 90 
@21*(0)) (<$RefPulse1Shape>, 78.0799782888432, 0, 0, 1, 0 100 100 @21*(0), 0 
0 90 @21*(0)) (<>, 0, 0, 0.5, 0, @24*(0), @24*(0)) (<>, 0, 0, 0.5, 0, @24*(0),
 @24*(0)) (<>, 0, 0, 0.5, 0, @24*(0), @24*(0)) (<>, 0, 0, 0.5, 0, @24*(0), 
@24*(0)) (<>, 0, 0, 0.5, 0, @24*(0), @24*(0)) (<>, 0, 0, 0.5, 0, @24*(0), 
@24*(0)) (<>, 0, 0, 0.5, 0, @24*(0), @24*(0)) (<>, 0, 0, 0.5, 0, @24*(0), 
@24*(0)) (<>, 0, 0, 0.5, 0, @24*(0), @24*(0)) (<>, 0, 0, 0.5, 0, @24*(0), 
@24*(0)) (<>, 0, 0, 0.5, 0, @24*(0), @24*(0)) (<>, 0, 0, 0.5, 0, @24*(0), 
@24*(0)) (<>, 0, 0, 0.5, 0, @24*(0), @24*(0)) (<>, 0, 0, 0.5, 0, @24*(0), 
@24*(0)) (<>, 0, 0, 0.5, 0, @24*(0), @24*(0)) (<>, 0, 0, 0.5, 0, @24*(0), 
@24*(0)) (<>, 0, 0, 0.5, 0, @24*(0), @24*(0)) (<>, 0, 0, 0.5, 0, @24*(0), 
@24*(0)) (<>, 0, 0, 0.5, 0, @24*(0), @24*(0)) (<>, 0, 0, 0.5, 0, @24*(0), 
@24*(0)) (<>, 0, 0, 0.5, 0, @24*(0), @24*(0)) (<>, 0, 0, 0.5, 0, @24*(0), 
@24*(0)) (<>, 0, 0, 0.5, 0, @24*(0), @24*(0)) (<>, 0, 0, 0.5, 0, @24*(0), 
@24*(0)) (<>, 0, 0, 0.5, 0, @24*(0), @24*(0)) (<>, 0, 0, 0.5, 0, @24*(0), 
@24*(0)) (<>, 0, 0, 0.5, 0, @24*(0), @24*(0)) (<>, 0, 0, 0.5, 0, @24*(0), 
@24*(0)) (<>, 0, 0, 0.5, 0, @24*(0), @24*(0)) (<>, 0, 0, 0.5, 0, @24*(0), 
@24*(0)) (<>, 0, 0, 0.5, 0, @24*(0), @24*(0)) (<>, 0, 0, 0.5, 0, @24*(0), 
@24*(0)) (<>, 0, 0, 0.5, 0, @24*(0), @24*(0)) (<>, 0, 0, 0.5, 0, @24*(0), 
@24*(0)) (<>, 0, 0, 0.5, 0, @24*(0), @24*(0)) (<>, 0, 0, 0.5, 0, @24*(0), 
@24*(0)) (<>, 0, 0, 0.5, 0, @24*(0), @24*(0)) (<>, 0, 0, 0.5, 0, @24*(0), 
@24*(0)) (<gauss512.exc>, 6.45048279112254, 0, 0.5, 1, 0 100 100 @21*(0), 0 0 
90 @21*(0)) (<$PVM_FovSatPulShape>, 46.1811391006118, 0, 0.5, 1, 0 100 100 
@21*(0), 0 0 90 @21*(0)) (<$PVM_SelIrPulShape>, 76.1476871333651, 0, 0, 1, 0 
100 100 @21*(0), 0 0 90 @21*(0)) (<>, 0, 0, 0.5, 0, @24*(0), @24*(0)) 
(<$PVM_FlowSatPulShape>, 46.1811391006118, 0, 0.5, 1, 0 100 100 @21*(0), 0 0 
90 @21*(0)) (<bp.exc>, 40.1239647446087, 0, 0.5, 1, 0 100 100 @21*(0), 0 0 90 
@21*(0)) (<$PVM_BlBloodPulShape>, 76.1476871333651, 0, 0, 1, 0 100 100 @21*(0)
, 0 0 90 @21*(0)) (<>, 0, 0, 0.5, 0, @24*(0), @24*(0)) (<>, 0, 0, 0.5, 0, 
@24*(0), @24*(0)) (<>, 0, 0, 0.5, 0, @24*(0), @24*(0)) (<>, 0, 0, 0.5, 0, 
@24*(0), @24*(0)) (<>, 0, 0, 0.5, 0, @24*(0), @24*(0)) (<>, 0, 0, 0.5, 0, 
@24*(0), @24*(0)) (<>, 0, 0, 0.5, 0, @24*(0), @24*(0)) (<>, 0, 0, 0.5, 0, 
@24*(0), @24*(0)) (<>, 0, 0, 0.5, 0, @24*(0), @24*(0)) (<>, 0, 0, 0.5, 0, 
@24*(0), @24*(0)) (<>, 0, 0, 0.5, 0, @24*(0), @24*(0)) (<>, 0, 0, 0.5, 0, 
@24*(0), @24*(0)) (<>, 0, 0, 0.5, 0, @24*(0), @24*(0)) (<>, 0, 0, 0.5, 0, 
@24*(0), @24*(0)) (<>, 0, 0, 0.5, 0, @24*(0), @24*(0)) (<>, 0, 0, 0.5, 0, 
@24*(0), @24*(0)) (<>, 0, 0, 0.5, 0, @24*(0), @24*(0))
##$ACQ_WriteServerIOR=( 445 )
<IOR:010000002600000049444c3a73632e6e6d722e6272756b65722e64652f6163712f41637157726974653a312e300000000100000000000000a0000000010102000d0000003134392e3233362e39392e31000061cb0e000000feadaead670000525b000000000300000400000000000000080000000100000000545441010000001c000000010000000100010501000000010001050901010001000000090101000300000016000000010000000b00000031302e34322e312e31310000c39100000300000014000000010000000a0000003132372e302e302e310099a1>
##$ACQ_WobbleElemTable=( 6 )
(<1H:RES:0deg>, <'RF RES 400 1H 112/086 QSN TR AD' - Element 1>, 0, 0, 0, 0, 
0, 0, 0) (<1H:RES:90deg>, <'RF RES 400 1H 112/086 QSN TR AD' - Element 2>, 0, 
1, 0, 0, 0, 0, 0) (<1H:SUC:1>, <'RF CP F2.5 400 1H R.BR1 ARR[2X2] S RO' - 
Element 1>, 1, 0, 1, 0, 7.35, -21.96, 0) (<1H:SUC:2>, <'RF CP F2.5 400 1H 
R.BR1 ARR[2X2] S RO' - Element 2>, 1, 1, 2, 0, 12.306, -23.832, 0) (<1H:SUC:3>
, <'RF CP F2.5 400 1H R.BR1 ARR[2X2] S RO' - Element 3>, 1, 2, 3, 0, 26.4208, 
-17.7584, 0) (<1H:SUC:4>, <'RF CP F2.5 400 1H R.BR1 ARR[2X2] S RO' - Element 
4>, 1, 3, 4, 0, 14.1, -27, 0)
##$D=( 64 )
0.0344217473705064 0.00012 0.001834 0.000146 0 0.0016552 0.00012 0 0 
0.000921427567730685 @54*(0)
##$P=( 64 )
2100 1700 @62*(0)
##$PLW=( 64 )
@64*(0)
##$PH_ref=0
##$BF1=400.264166442
##$SFO1=400.264166442
##$O1=0
##$BF2=400.26
##$SFO2=400.26
##$O2=0
##$BF3=400.26
##$SFO3=400.26
##$O3=0
##$BF4=400.26
##$SFO4=400.26
##$O4=0
##$BF5=400.26
##$SFO5=400.26
##$O5=0
##$BF6=400.26
##$SFO6=400.26
##$O6=0
##$BF7=400.26
##$SFO7=400.26
##$O7=0
##$BF8=400.26
##$SFO8=400.26
##$O8=0
##$NUC1=( 8 )
<1H>
##$NUC2=( 8 )
<off>
##$NUC3=( 8 )
<off>
##$NUC4=( 8 )
<off>
##$NUC5=( 8 )
<off>
##$NUC6=( 8 )
<off>
##$NUC7=( 8 )
<off>
##$NUC8=( 8 )
<off>
##$L=( 32 )
0 18 20 @29*(0)
##$ACQ_DriftCompActive=No
##$ACQ_DriftCompJob=1
##$ACQ_DriftCompFilterWidth=1
##$ACQ_DriftCompStep=1
##$ACQ_DriftCompOffset=0
##$ACQ_DriftCompDebug=No
##$GOSI_RepetitionTime=4000
##$GOSI_ExperimentDurationFactor=0.1
$$ @vis= ACQP ACQ_COMMON ACQ_protocol_name ACQ_scan_name ACQ_method
$$ @vis= ACQ_patient_pos ACQ_abs_time ACQ_operator ACQ_institution ACQ_station
$$ @vis= ACQ_system_order_number ACQ_sw_version ACQ_contrast_agent
$$ @vis= ACQ_contrast ACQ_ATS ACQ_AtsOffsetsSize PULPROG ACQ_experiment_mode
$$ @vis= ACQ_n_experiments ACQ_experiments ACQ_DS_enabled
$$ @vis= ACQ_switch_pll_enabled ACQ_GradRes ACQ_dim_desc ACQ_size
$$ @vis= ACQ_ns_list_size ACQ_ns ACQ_ns_list ACQ_phase_factor ACQ_scan_size NI
$$ @vis= NA NAE NR DS SW_h ACQ_O1_mode ACQ_O1_list_size ACQ_O1_list
$$ @vis= ACQ_O1B_list_size ACQ_O1B_list ACQ_O2_mode ACQ_O2_list_size
$$ @vis= ACQ_O2_list ACQ_O3_mode ACQ_O3_list_size ACQ_O3_list NUCLEUS
$$ @vis= ACQ_vd_list_size ACQ_vp_list_size ACQ_INFO ACQ_completed
$$ @vis= ACQ_word_size NECHOES ACQ_n_echo_images ACQ_n_movie_frames
$$ @vis= ACQ_echo_descr ACQ_movie_descr ACQ_fov ACQ_read_ext ACQ_slice_angle
$$ @vis= ACQ_slice_orient ACQ_read_offset ACQ_phase1_offset ACQ_phase2_offset
$$ @vis= ACQ_slice_sepn_mode ACQ_slice_thick ACQ_slice_offset ACQ_obj_order
$$ @vis= ACQ_flip_angle ACQ_echo_time ACQ_inter_echo_time ACQ_recov_time
$$ @vis= ACQ_temporal_delay ACQ_time_points ACQ_RF_power ACQ_transmitter_coil
$$ @vis= ACQ_position_X ACQ_position_Y ACQ_position_Z BYTORDA ACQ_adc_overflow
$$ @vis= GRPDLY FRQLO3 HIRES FQ1LIST FQ2LIST FQ3LIST FQ8LIST HPPRGN LOCNUC
$$ @vis= SOLVENT AVANCE_PARS DE GRAD_PARS ACQ_scaling_read ACQ_scaling_phase
$$ @vis= ACQ_scaling_slice ACQ_grad_matrix_size ACQ_grad_matrix
$$ @vis= ACQ_GradientMatrixSize ACQ_GradientMatrix NSLICES ACQ_rare_factor
$$ @vis= ACQ_phase_encoding_mode ACQ_phase_enc_start ACQ_spatial_size_0
$$ @vis= ACQ_spatial_phase_0 ACQ_spatial_size_1 ACQ_spatial_phase_1
$$ @vis= ACQ_spatial_size_2 ACQ_spatial_phase_2 ACQ_gradient_amplitude
$$ @vis= ACQ_SCAN ACQ_ScanPipeJobSettings ACQ_SetupPipeJobSettings
$$ @vis= ACQ_ScanInnerAccumWeights ACQ_ScanOuterAccumWeights
$$ @vis= ACQ_ScanOnlineReco ACQ_ScanTagFilterLength ACQ_ScanFtDisplay
$$ @vis= ACQ_jobs_size ACQ_repetition_time ACQ_scan_type ACQ_DebugOptions
$$ @vis= ACQ_TriggerTimeout ACQ_dim ACQ_RxFilterDefaultOptions ACQ_SETUP
$$ @vis= ACQ_SetupRecoDisplay ACQ_SetupDim ACQ_SetupImageType
$$ @vis= ACQ_SetupOnlineReco ACQ_SetupShowDigFilling ACQ_SetupType
$$ @vis= ACQ_SetupFtDisplay ACQ_CONTROL ACQ_RxFilterSettings ACQ_RxFilterInfo
$$ @vis= ACQ_jobs ACQ_preload ACQ_branch_preload ACQ_ReceiverSelect
$$ @vis= ACQ_ReceiverSelectPerChan ACQ_TxSguSelect ACQ_RfShapes
$$ @vis= ACQ_WriteServerIOR ACQ_WobbleElemTable D P PLW PH_ref BF1 SFO1 O1 BF2
$$ @vis= SFO2 O2 BF3 SFO3 O3 BF4 SFO4 O4 BF5 SFO5 O5 BF6 SFO6 O6 BF7 SFO7 O7
$$ @vis= BF8 SFO8 O8 NUC1 NUC2 NUC3 NUC4 NUC5 NUC6 NUC7 NUC8 L Drift
$$ @vis= ACQ_DriftCompActive ACQ_DriftCompJob ACQ_DriftCompFilterWidth
$$ @vis= ACQ_DriftCompStep ACQ_DriftCompOffset ACQ_DriftCompDebug GOSI
$$ @vis= GOSI_RepetitionTime GOSI_ExperimentDurationFactor
##END=
$$ File finished by PARX at 2025-02-13 09:48:29.302 +0100
